{
  "aor": 0.0031288479262672813,
  "aqi": 0.011332062304147466,
  "bids_meta": {
    "AcquisitionMatrixPE": 74,
    "AcquisitionNumber": 1,
    "AcquisitionTime": "",
    "BandwidthPerPixelPhaseEncode": 27.579,
    "BaseResolution": 74,
    "BodyPartExamined": "BRAIN",
    "CogAtlasID": "doi:TODO",
    "CoilString": "HE1-4;NE1_2",
    "ConsistencyInfo": "N4_VE11C_LATEST_20160120",
    "ConversionSoftware": "dcm2niix",
    "ConversionSoftwareVersion": "v1.0.20190410  GCC6.3.0",
    "DerivedVendorReportedEchoSpacing": 0.000489993,
    "DeviceSerialNumber": "166048",
    "DwellTime": 2.9e-06,
    "EchoTime": 0.023,
    "EchoTrainLength": 74,
    "EffectiveEchoSpacing": 0.000489993,
    "FlipAngle": 76,
    "ImageOrientationPatientDICOM": [
      1,
      0,
      0,
      0,
      0.951057,
      -0.309017
    ],
    "ImageType": [
      "ORIGINAL",
      "PRIMARY",
      "M",
      "ND",
      "NORM",
      "MOSAIC"
    ],
    "ImagingFrequency": 123.245,
    "InPlanePhaseEncodingDirectionDICOM": "COL",
    "InstitutionAddress": "North_13th_1701_Philadelphia_PA_US_19122",
    "InstitutionName": "Temple_University_-_Weiss_Hall",
    "InstitutionalDepartmentName": "Department",
    "MRAcquisitionType": "2D",
    "MagneticFieldStrength": 3,
    "Manufacturer": "Siemens",
    "ManufacturersModelName": "Prisma",
    "Modality": "MR",
    "PartialFourier": 1,
    "PatientPosition": "HFS",
    "PercentPhaseFOV": 100,
    "PhaseEncodingDirection": "j-",
    "PhaseEncodingSteps": 74,
    "PhaseResolution": 1,
    "PixelBandwidth": 2330,
    "ProcedureStepDescription": "SMITH_SRNDNA",
    "ProtocolName": "func-bold_trust_run0",
    "PulseSequenceDetails": "%SiemensSeq%_ep2d_bold",
    "ReceiveCoilActiveElements": "HE1-4;NE1,2",
    "ReceiveCoilName": "HeadNeck_20",
    "ReconMatrixPE": 74,
    "RepetitionTime": 2.02,
    "SAR": 0.137489,
    "ScanOptions": "FS",
    "ScanningSequence": "EP",
    "SequenceName": "_epfid2d1_74",
    "SequenceVariant": "SK",
    "SeriesDescription": "func-bold_trust_run0",
    "SeriesNumber": 9,
    "ShimSetting": [
      1400,
      -7439,
      6535,
      138,
      49,
      -18,
      -78,
      74
    ],
    "SliceThickness": 2.8,
    "SliceTiming": [
      1.945,
      1.89,
      1.8325,
      1.7775,
      1.7225,
      1.6675,
      1.61,
      1.555,
      1.5,
      1.445,
      1.39,
      1.3325,
      1.2775,
      1.2225,
      1.1675,
      1.11,
      1.055,
      1,
      0.945,
      0.89,
      0.8325,
      0.7775,
      0.7225,
      0.6675,
      0.6125,
      0.555,
      0.5,
      0.445,
      0.39,
      0.3325,
      0.2775,
      0.2225,
      0.1675,
      0.1125,
      0.055,
      0
    ],
    "SoftwareVersions": "syngo_MR_E11",
    "SpacingBetweenSlices": 3.22,
    "StationName": "AWP166048",
    "TaskName": "trust",
    "TotalReadoutTime": 0.0357695,
    "TxRefAmp": 354.935,
    "dataset": "ds003745",
    "modality": "bold",
    "run_id": 1,
    "subject_id": "140",
    "task_id": "trust"
  },
  "dummy_trs": 0,
  "dvars_nstd": 35.34374762453703,
  "dvars_std": 1.4814313074537027,
  "dvars_vstd": 0.9981338595833329,
  "efc": 0.5406681447717362,
  "fber": 1296.501953125,
  "fd_mean": 0.24977357616362197,
  "fd_num": 136,
  "fd_perc": 62.672811059907836,
  "fwhm_avg": 1.687387529056411,
  "fwhm_x": 1.6317336929506367,
  "fwhm_y": 1.7840189709590208,
  "fwhm_z": 1.646409923259576,
  "gcor": 0.0120292,
  "gsr_x": -0.010748492553830147,
  "gsr_y": 0.03512408584356308,
  "provenance": {
    "md5sum": "f9f5ae761c1f5d512c06f4deb4cb6ae7",
    "settings": {
      "fd_thres": 0.2,
      "testing": false
    },
    "software": "mriqc",
    "version": "22.0.6",
    "webapi_port": null,
    "webapi_url": "https://mriqc.nimh.nih.gov/api/v1"
  },
  "size_t": 217,
  "size_x": 74,
  "size_y": 74,
  "size_z": 36,
  "snr": 6.475497610288348,
  "spacing_tr": 2.0199999809265137,
  "spacing_x": 2.972972869873047,
  "spacing_y": 2.972972869873047,
  "spacing_z": 3.2200000286102295,
  "summary_bg_k": 24.997475895302383,
  "summary_bg_mad": 11.91547422631492,
  "summary_bg_mean": 50.441158294677734,
  "summary_bg_median": 19.84331703186035,
  "summary_bg_n": 122904.0,
  "summary_bg_p05": 10.041474342346191,
  "summary_bg_p95": 189.67395782470683,
  "summary_bg_stdv": 79.2679443359375,
  "summary_fg_k": 2.3443671946134,
  "summary_fg_mad": 103.20826227355604,
  "summary_fg_mean": 732.5928955078125,
  "summary_fg_median": 720.9447021484375,
  "summary_fg_n": 36216.0,
  "summary_fg_p05": 587.1278991699219,
  "summary_fg_p95": 920.5046234130859,
  "summary_fg_stdv": 111.33271789550781,
  "tsnr": 63.37262578541413
}