{
  "aor": 0.0013625462962962964,
  "aqi": 0.01464298287037037,
  "bids_meta": {
    "AcquisitionMatrixPE": 74,
    "AcquisitionNumber": 1,
    "AcquisitionTime": "",
    "BandwidthPerPixelPhaseEncode": 27.579,
    "BaseResolution": 74,
    "BodyPartExamined": "BRAIN",
    "CogAtlasID": "doi:TODO",
    "CoilString": "HE1-4;NE1_2",
    "ConsistencyInfo": "N4_VE11C_LATEST_20160120",
    "ConversionSoftware": "dcm2niix",
    "ConversionSoftwareVersion": "v1.0.20190410  GCC6.3.0",
    "DerivedVendorReportedEchoSpacing": 0.000489993,
    "DeviceSerialNumber": "166048",
    "DwellTime": 2.9e-06,
    "EchoTime": 0.023,
    "EchoTrainLength": 74,
    "EffectiveEchoSpacing": 0.000489993,
    "FlipAngle": 76,
    "ImageOrientationPatientDICOM": [
      1,
      0,
      0,
      0,
      0.951057,
      -0.309017
    ],
    "ImageType": [
      "ORIGINAL",
      "PRIMARY",
      "M",
      "ND",
      "NORM",
      "MOSAIC"
    ],
    "ImagingFrequency": 123.245,
    "InPlanePhaseEncodingDirectionDICOM": "COL",
    "InstitutionAddress": "North_13th_1701_Philadelphia_PA_US_19122",
    "InstitutionName": "Temple_University_-_Weiss_Hall",
    "InstitutionalDepartmentName": "Department",
    "MRAcquisitionType": "2D",
    "MagneticFieldStrength": 3,
    "Manufacturer": "Siemens",
    "ManufacturersModelName": "Prisma",
    "Modality": "MR",
    "PartialFourier": 1,
    "PatientPosition": "HFS",
    "PercentPhaseFOV": 100,
    "PhaseEncodingDirection": "j-",
    "PhaseEncodingSteps": 74,
    "PhaseResolution": 1,
    "PixelBandwidth": 2330,
    "ProcedureStepDescription": "SMITH_SRNDNA",
    "ProtocolName": "func-bold_trust_run2",
    "PulseSequenceDetails": "%SiemensSeq%_ep2d_bold",
    "ReceiveCoilActiveElements": "HE1-4;NE1,2",
    "ReceiveCoilName": "HeadNeck_20",
    "ReconMatrixPE": 74,
    "RepetitionTime": 2.02,
    "SAR": 0.137489,
    "ScanOptions": "FS",
    "ScanningSequence": "EP",
    "SequenceName": "_epfid2d1_74",
    "SequenceVariant": "SK",
    "SeriesDescription": "func-bold_trust_run2",
    "SeriesNumber": 11,
    "ShimSetting": [
      1400,
      -7439,
      6535,
      138,
      49,
      -18,
      -78,
      74
    ],
    "SliceThickness": 2.8,
    "SliceTiming": [
      1.945,
      1.8875,
      1.8325,
      1.7775,
      1.7225,
      1.665,
      1.61,
      1.555,
      1.5,
      1.445,
      1.3875,
      1.3325,
      1.2775,
      1.2225,
      1.165,
      1.11,
      1.055,
      1,
      0.945,
      0.8875,
      0.8325,
      0.7775,
      0.7225,
      0.665,
      0.61,
      0.555,
      0.5,
      0.445,
      0.3875,
      0.3325,
      0.2775,
      0.2225,
      0.1675,
      0.11,
      0.055,
      0
    ],
    "SoftwareVersions": "syngo_MR_E11",
    "SpacingBetweenSlices": 3.22,
    "StationName": "AWP166048",
    "TaskName": "trust",
    "TotalReadoutTime": 0.0357695,
    "TxRefAmp": 354.935,
    "dataset": "ds003745",
    "modality": "bold",
    "run_id": 3,
    "subject_id": "140",
    "task_id": "trust"
  },
  "dummy_trs": 1,
  "dvars_nstd": 35.891687880558145,
  "dvars_std": 1.3536770632093027,
  "dvars_vstd": 0.9703411932093019,
  "efc": 0.5418460705217631,
  "fber": 1272.0179443359375,
  "fd_mean": 0.3171491245195225,
  "fd_num": 174,
  "fd_perc": 80.55555555555556,
  "fwhm_avg": 1.7062362839574188,
  "fwhm_x": 1.6630256031267203,
  "fwhm_y": 1.8004099715274455,
  "fwhm_z": 1.6552732772180905,
  "gcor": 0.0312815,
  "gsr_x": -0.009735573083162308,
  "gsr_y": 0.03623928129673004,
  "provenance": {
    "md5sum": "a240f55f01e60ce47c198e2ec1dc136f",
    "settings": {
      "fd_thres": 0.2,
      "testing": false
    },
    "software": "mriqc",
    "version": "22.0.6",
    "webapi_port": null,
    "webapi_url": "https://mriqc.nimh.nih.gov/api/v1"
  },
  "size_t": 216,
  "size_x": 74,
  "size_y": 74,
  "size_z": 36,
  "snr": 6.409285549865631,
  "spacing_tr": 2.0199999809265137,
  "spacing_x": 2.972972869873047,
  "spacing_y": 2.972972869873047,
  "spacing_z": 3.2200000286102295,
  "summary_bg_k": 25.25293133958128,
  "summary_bg_mad": 11.771588106315983,
  "summary_bg_mean": 51.68439865112305,
  "summary_bg_median": 20.037036895751953,
  "summary_bg_n": 123013.0,
  "summary_bg_p05": 10.527777671813965,
  "summary_bg_p95": 194.70093078613277,
  "summary_bg_stdv": 81.70099639892578,
  "summary_fg_k": 2.2283471238136476,
  "summary_fg_mad": 104.82886305060785,
  "summary_fg_mean": 735.9420776367188,
  "summary_fg_median": 723.4097290039062,
  "summary_fg_n": 36230.0,
  "summary_fg_p05": 588.9162231445313,
  "summary_fg_p95": 927.649087524414,
  "summary_fg_stdv": 112.8674545288086,
  "tsnr": 54.269350070506334
}