{
  "aor": 0.0014393981481481482,
  "aqi": 0.00545938125,
  "bids_meta": {
    "AcquisitionMatrixPE": 74,
    "AcquisitionNumber": 1,
    "AcquisitionTime": "",
    "BandwidthPerPixelPhaseEncode": 27.579,
    "BaseResolution": 74,
    "BodyPartExamined": "BRAIN",
    "CogAtlasID": "doi:TODO",
    "CoilString": "HE1_3_4;NE1_2",
    "ConsistencyInfo": "N4_VE11C_LATEST_20160120",
    "ConversionSoftware": "dcm2niix",
    "ConversionSoftwareVersion": "v1.0.20190410  GCC6.3.0",
    "DerivedVendorReportedEchoSpacing": 0.000489993,
    "DeviceSerialNumber": "166048",
    "DwellTime": 2.9e-06,
    "EchoTime": 0.023,
    "EchoTrainLength": 74,
    "EffectiveEchoSpacing": 0.000489993,
    "FlipAngle": 76,
    "ImageOrientationPatientDICOM": [
      1,
      0,
      0,
      0,
      0.953191,
      -0.30237
    ],
    "ImageType": [
      "ORIGINAL",
      "PRIMARY",
      "M",
      "ND",
      "NORM",
      "MOSAIC"
    ],
    "ImagingFrequency": 123.246,
    "InPlanePhaseEncodingDirectionDICOM": "COL",
    "InstitutionAddress": "North_13th_1701_Philadelphia_PA_US_19122",
    "InstitutionName": "Temple_University_-_Weiss_Hall",
    "InstitutionalDepartmentName": "Department",
    "MRAcquisitionType": "2D",
    "MagneticFieldStrength": 3,
    "Manufacturer": "Siemens",
    "ManufacturersModelName": "Prisma",
    "Modality": "MR",
    "PartialFourier": 1,
    "PatientPosition": "HFS",
    "PercentPhaseFOV": 100,
    "PhaseEncodingDirection": "j-",
    "PhaseEncodingSteps": 74,
    "PhaseResolution": 1,
    "PixelBandwidth": 2330,
    "ProcedureStepDescription": "SMITH_SRNDNA",
    "ProtocolName": "func-bold_trust_run1",
    "PulseSequenceDetails": "%SiemensSeq%_ep2d_bold",
    "ReceiveCoilActiveElements": "HE1,3,4;NE1,2",
    "ReceiveCoilName": "HeadNeck_20",
    "ReconMatrixPE": 74,
    "RepetitionTime": 2.02,
    "SAR": 0.0754259,
    "ScanOptions": "FS",
    "ScanningSequence": "EP",
    "SequenceName": "_epfid2d1_74",
    "SequenceVariant": "SK",
    "SeriesDescription": "func-bold_trust_run1",
    "SeriesNumber": 10,
    "ShimSetting": [
      1435,
      -7398,
      6202,
      -209,
      241,
      451,
      -536,
      165
    ],
    "SliceThickness": 2.8,
    "SliceTiming": [
      1.9425,
      1.8875,
      1.8325,
      1.7775,
      1.7225,
      1.665,
      1.61,
      1.555,
      1.5,
      1.4425,
      1.3875,
      1.3325,
      1.2775,
      1.2225,
      1.165,
      1.11,
      1.055,
      1,
      0.945,
      0.8875,
      0.8325,
      0.7775,
      0.7225,
      0.665,
      0.61,
      0.555,
      0.5,
      0.445,
      0.3875,
      0.3325,
      0.2775,
      0.2225,
      0.165,
      0.11,
      0.055,
      0
    ],
    "SoftwareVersions": "syngo_MR_E11",
    "SpacingBetweenSlices": 3.22,
    "StationName": "AWP166048",
    "TaskName": "trust",
    "TotalReadoutTime": 0.0357695,
    "TxRefAmp": 262.506,
    "dataset": "ds003745",
    "modality": "bold",
    "run_id": 2,
    "subject_id": "106",
    "task_id": "trust"
  },
  "dummy_trs": 1,
  "dvars_nstd": 20.458175330790713,
  "dvars_std": 1.1480227940465118,
  "dvars_vstd": 1.004305851534884,
  "efc": 0.5145850521452169,
  "fber": 1983.3436279296875,
  "fd_mean": 0.20583820124522587,
  "fd_num": 102,
  "fd_perc": 47.22222222222222,
  "fwhm_avg": 1.7842468957800135,
  "fwhm_x": 1.7131875139571975,
  "fwhm_y": 1.8577767916986911,
  "fwhm_z": 1.7817763816841519,
  "gcor": 0.00893381,
  "gsr_x": -0.00897707138210535,
  "gsr_y": 0.023426828905940056,
  "provenance": {
    "md5sum": "bba4298741ce95b8c13da6c79e44c354",
    "settings": {
      "fd_thres": 0.2,
      "testing": false
    },
    "software": "mriqc",
    "version": "22.0.6",
    "webapi_port": null,
    "webapi_url": "https://mriqc.nimh.nih.gov/api/v1"
  },
  "size_t": 216,
  "size_x": 74,
  "size_y": 74,
  "size_z": 36,
  "snr": 7.2272698263081825,
  "spacing_tr": 2.0199999809265137,
  "spacing_x": 2.972972869873047,
  "spacing_y": 2.972972869873047,
  "spacing_z": 3.2200000286102295,
  "summary_bg_k": 32.78527821658279,
  "summary_bg_mad": 10.467445171268045,
  "summary_bg_mean": 38.7804069519043,
  "summary_bg_median": 20.657407760620117,
  "summary_bg_n": 122003.0,
  "summary_bg_p05": 9.800926208496094,
  "summary_bg_p95": 140.8606506347656,
  "summary_bg_stdv": 58.10791015625,
  "summary_fg_k": 1.8561651258675074,
  "summary_fg_mad": 125.54755942187397,
  "summary_fg_mean": 951.5286254882812,
  "summary_fg_median": 942.3055419921875,
  "summary_fg_n": 37958.0,
  "summary_fg_p05": 767.2678588867187,
  "summary_fg_p95": 1165.1430725097657,
  "summary_fg_stdv": 130.38023376464844,
  "tsnr": 82.73811565269716
}