{
  "bids_meta": {
    "AcquisitionMatrixPE": 192,
    "AcquisitionNumber": 1,
    "AcquisitionTime": "16:37:33.537500",
    "BaseResolution": 192,
    "BodyPartExamined": "BRAIN",
    "CoilString": "HE1-4;NE1_2",
    "ConsistencyInfo": "N4_VE11C_LATEST_20160120",
    "ConversionSoftware": "dcm2niix",
    "ConversionSoftwareVersion": "v1.0.20190410  GCC6.3.0",
    "DeviceSerialNumber": "166048",
    "DwellTime": 3.5e-06,
    "EchoTime": 0.567,
    "EchoTrainLength": 314,
    "FlipAngle": 120,
    "ImageOrientationPatientDICOM": [
      0,
      1,
      0,
      0,
      0,
      -1
    ],
    "ImageType": [
      "ORIGINAL",
      "PRIMARY",
      "M",
      "ND",
      "NORM"
    ],
    "ImagingFrequency": 123.246,
    "InPlanePhaseEncodingDirectionDICOM": "ROW",
    "InstitutionAddress": "North_13th_1701_Philadelphia_PA_US_19122",
    "InstitutionName": "Temple_University_-_Weiss_Hall",
    "InstitutionalDepartmentName": "Department",
    "MRAcquisitionType": "3D",
    "MagneticFieldStrength": 3,
    "Manufacturer": "Siemens",
    "ManufacturersModelName": "Prisma",
    "Modality": "MR",
    "PartialFourier": 1,
    "PatientPosition": "HFS",
    "PercentPhaseFOV": 100,
    "PhaseEncodingSteps": 209,
    "PhaseOversampling": 0.1,
    "PhaseResolution": 1,
    "PixelBandwidth": 745,
    "ProcedureStepDescription": "SMITH_SRNDNA",
    "ProtocolName": "T2w-anat_spc_07sag_iso",
    "PulseSequenceDetails": "%SiemensSeq%_tse_vfl",
    "ReceiveCoilActiveElements": "HE1-4;NE1,2",
    "ReceiveCoilName": "HeadNeck_20",
    "ReconMatrixPE": 192,
    "RefLinesPE": 32,
    "RepetitionTime": 3.2,
    "SAR": 0.152572,
    "ScanOptions": "PFP",
    "ScanningSequence": "SE",
    "SequenceName": "_spc_314ns",
    "SequenceVariant": "SK_SP_OSP",
    "SeriesDescription": "T2w-anat_spc_07sag_iso",
    "SeriesNumber": 3,
    "ShimSetting": [
      1427,
      -7409,
      6525,
      -58,
      -35,
      -294,
      -76,
      59
    ],
    "SliceThickness": 1,
    "SoftwareVersions": "syngo_MR_E11",
    "StationName": "AWP166048",
    "TxRefAmp": 302.849,
    "dataset": "ds003745",
    "modality": "T2w",
    "subject_id": "134"
  },
  "cjv": 0.43627393151107463,
  "cnr": 2.878940989721062,
  "efc": 0.606571112004439,
  "fber": 4935.0625,
  "fwhm_avg": 2.770993333333333,
  "fwhm_x": 2.68944,
  "fwhm_y": 3.03304,
  "fwhm_z": 2.5905,
  "icvs_csf": 0.27192976512500294,
  "icvs_gm": 0.6759237369253184,
  "icvs_wm": 0.05214649794967868,
  "inu_med": 0.9063328504562378,
  "inu_range": 0.25579198300838457,
  "provenance": {
    "md5sum": "22b8440fabde78d2995a3092b6db2f09",
    "settings": {
      "testing": false
    },
    "software": "mriqc",
    "version": "22.0.6",
    "warnings": {
      "large_rot_frame": true,
      "small_air_mask": false
    },
    "webapi_port": null,
    "webapi_url": "https://mriqc.nimh.nih.gov/api/v1"
  },
  "qi_1": 0.0,
  "qi_2": 0.0003425820470376374,
  "rpve_csf": 10.647561191424963,
  "rpve_gm": 5.956137001070454,
  "rpve_wm": 69.58974687284547,
  "size_x": 192,
  "size_y": 192,
  "size_z": 192,
  "snr_csf": 4.212843602728535,
  "snr_gm": 7.059662903204973,
  "snr_total": 4.154658690934634,
  "snr_wm": 1.1914695668703956,
  "snrd_csf": 123.39382549814226,
  "snrd_gm": 37.10010873371767,
  "snrd_total": 56.66996624687166,
  "snrd_wm": 9.515964508755038,
  "spacing_x": 1.0,
  "spacing_y": 1.0,
  "spacing_z": 1.0,
  "summary_bg_k": 237.2467688098963,
  "summary_bg_mad": 0.0,
  "summary_bg_mean": 42.63441490430529,
  "summary_bg_median": 0.0,
  "summary_bg_n": 1587476.0,
  "summary_bg_p05": 0.0,
  "summary_bg_p95": 167.8051632642746,
  "summary_bg_stdv": 68.84603044377961,
  "summary_csf_k": 0.027376651005069252,
  "summary_csf_mad": 2867.0100337002814,
  "summary_csf_mean": 13419.355261148818,
  "summary_csf_median": 12967.032616138458,
  "summary_csf_n": 64735.0,
  "summary_csf_p05": 8168.0128469824795,
  "summary_csf_p95": 17951.974566185472,
  "summary_csf_stdv": 3077.9524909553984,
  "summary_gm_k": 0.16661917947736082,
  "summary_gm_mad": 540.7292768213708,
  "summary_gm_mean": 3929.6967508537946,
  "summary_gm_median": 3898.7227932214737,
  "summary_gm_n": 389540.0,
  "summary_gm_p05": 3074.2499910593033,
  "summary_gm_p95": 4891.297758936882,
  "summary_gm_stdv": 552.2526843573912,
  "summary_wm_k": 8.851715180882705,
  "summary_wm_mad": 723.90792434392,
  "summary_wm_mean": 1164.5819379334757,
  "summary_wm_median": 999.9999729394913,
  "summary_wm_n": 1973.0,
  "summary_wm_p05": 176.89337210655214,
  "summary_wm_p95": 2708.0486347675314,
  "summary_wm_stdv": 839.0869120283616,
  "tpm_overlap_csf": 0.1606155208501678,
  "tpm_overlap_gm": 0.4073245847877804,
  "tpm_overlap_wm": 0.01178749925749301,
  "wm2max": 0.05536002749356214
}