{
  "bids_meta": {
    "AcquisitionMatrixPE": 192,
    "AcquisitionNumber": 1,
    "AcquisitionTime": "15:07:52.492500",
    "BaseResolution": 192,
    "BodyPartExamined": "BRAIN",
    "CoilString": "HE1-4;NE1_2",
    "ConsistencyInfo": "N4_VE11C_LATEST_20160120",
    "ConversionSoftware": "dcm2niix",
    "ConversionSoftwareVersion": "v1.0.20190410  GCC6.3.0",
    "DeviceSerialNumber": "166048",
    "DwellTime": 3.5e-06,
    "EchoTime": 0.567,
    "EchoTrainLength": 314,
    "FlipAngle": 120,
    "ImageOrientationPatientDICOM": [
      0,
      1,
      0,
      0,
      0,
      -1
    ],
    "ImageType": [
      "ORIGINAL",
      "PRIMARY",
      "M",
      "ND",
      "NORM"
    ],
    "ImagingFrequency": 123.246,
    "InPlanePhaseEncodingDirectionDICOM": "ROW",
    "InstitutionAddress": "North_13th_1701_Philadelphia_PA_US_19122",
    "InstitutionName": "Temple_University_-_Weiss_Hall",
    "InstitutionalDepartmentName": "Department",
    "MRAcquisitionType": "3D",
    "MagneticFieldStrength": 3,
    "Manufacturer": "Siemens",
    "ManufacturersModelName": "Prisma",
    "Modality": "MR",
    "PartialFourier": 1,
    "PatientPosition": "HFS",
    "PercentPhaseFOV": 100,
    "PhaseEncodingSteps": 209,
    "PhaseOversampling": 0.1,
    "PhaseResolution": 1,
    "PixelBandwidth": 745,
    "ProcedureStepDescription": "SMITH_SRNDNA",
    "ProtocolName": "T2w-anat_spc_07sag_iso",
    "PulseSequenceDetails": "%SiemensSeq%_tse_vfl",
    "ReceiveCoilActiveElements": "HE1-4;NE1,2",
    "ReceiveCoilName": "HeadNeck_20",
    "ReconMatrixPE": 192,
    "RefLinesPE": 32,
    "RepetitionTime": 3.2,
    "SAR": 0.185803,
    "ScanOptions": "PFP",
    "ScanningSequence": "SE",
    "SequenceName": "_spc_314ns",
    "SequenceVariant": "SK_SP_OSP",
    "SeriesDescription": "T2w-anat_spc_07sag_iso",
    "SeriesNumber": 3,
    "ShimSetting": [
      1415,
      -7470,
      6504,
      145,
      75,
      -114,
      49,
      60
    ],
    "SliceThickness": 1,
    "SoftwareVersions": "syngo_MR_E11",
    "StationName": "AWP166048",
    "TxRefAmp": 295.882,
    "dataset": "ds003745",
    "modality": "T2w",
    "subject_id": "153"
  },
  "cjv": 0.2383334775163031,
  "cnr": 1.7526976851571596,
  "efc": 0.6271290312210618,
  "fber": 6727.68589824517,
  "fwhm_avg": 2.5473733333333333,
  "fwhm_x": 2.468,
  "fwhm_y": 2.8061,
  "fwhm_z": 2.36802,
  "icvs_csf": 0.2911801748597865,
  "icvs_gm": 0.594215571402427,
  "icvs_wm": 0.11460425373778661,
  "inu_med": 0.925141453742981,
  "inu_range": 0.3128185808658597,
  "provenance": {
    "md5sum": "9068c273fb41545f6cf0713722c9718c",
    "settings": {
      "testing": false
    },
    "software": "mriqc",
    "version": "22.0.6",
    "warnings": {
      "large_rot_frame": true,
      "small_air_mask": false
    },
    "webapi_port": null,
    "webapi_url": "https://mriqc.nimh.nih.gov/api/v1"
  },
  "qi_1": 0.0,
  "qi_2": 0.002549403673137909,
  "rpve_csf": 8.192708141847538,
  "rpve_gm": 5.227324343774857,
  "rpve_wm": 27.884678562544174,
  "size_x": 192,
  "size_y": 192,
  "size_z": 192,
  "snr_csf": 6.729706345030926,
  "snr_gm": 8.038791324658757,
  "snr_total": 5.822377962910288,
  "snr_wm": 2.6986362190411812,
  "snrd_csf": 95.70296533755301,
  "snrd_gm": 51.95581857057221,
  "snrd_total": 99.25472765053796,
  "snrd_wm": 150.10539904348863,
  "spacing_x": 1.0,
  "spacing_y": 1.0,
  "spacing_z": 1.0,
  "summary_bg_k": 4.215999881579986,
  "summary_bg_mad": 0.0,
  "summary_bg_mean": 2.792799648168726,
  "summary_bg_median": 0.0,
  "summary_bg_n": 1360581.0,
  "summary_bg_p05": 0.0,
  "summary_bg_p95": 12.061860736459494,
  "summary_bg_stdv": 4.364307249968365,
  "summary_csf_k": 1.670861289200615,
  "summary_csf_mad": 80.6276958798213,
  "summary_csf_mean": 649.2556606679528,
  "summary_csf_median": 637.5422667190433,
  "summary_csf_n": 32705.0,
  "summary_csf_p05": 521.3502001851797,
  "summary_csf_p95": 820.275984171778,
  "summary_csf_stdv": 94.73407710470467,
  "summary_gm_k": 0.09510598231037815,
  "summary_gm_mad": 43.11127544702237,
  "summary_gm_mean": 347.5155698809107,
  "summary_gm_median": 346.1128944531083,
  "summary_gm_n": 339854.0,
  "summary_gm_p05": 279.4138142578304,
  "summary_gm_p95": 420.1972598209977,
  "summary_gm_stdv": 43.05527675321456,
  "summary_wm_k": 0.2271739102464454,
  "summary_wm_mad": 112.72088261785149,
  "summary_wm_mean": 835.0050201058799,
  "summary_wm_median": 999.9537215530872,
  "summary_wm_n": 17207.0,
  "summary_wm_p05": 37.62096678838134,
  "summary_wm_p95": 1153.301412455365,
  "summary_wm_stdv": 370.52962436315494,
  "tpm_overlap_csf": 0.1173255372701259,
  "tpm_overlap_gm": 0.3558985081601271,
  "tpm_overlap_wm": 0.03327543033021872,
  "wm2max": 0.8497659553090253
}