{
  "bids_meta": {
    "AcquisitionMatrixPE": 192,
    "AcquisitionNumber": 1,
    "AcquisitionTime": "16:02:19.535000",
    "BaseResolution": 192,
    "BodyPartExamined": "BRAIN",
    "CoilString": "HE1-4;NE1_2",
    "ConsistencyInfo": "N4_VE11C_LATEST_20160120",
    "ConversionSoftware": "dcm2niix",
    "ConversionSoftwareVersion": "v1.0.20190410  GCC6.3.0",
    "DeviceSerialNumber": "166048",
    "DwellTime": 3.5e-06,
    "EchoTime": 0.567,
    "EchoTrainLength": 314,
    "FlipAngle": 120,
    "ImageOrientationPatientDICOM": [
      0,
      1,
      0,
      0,
      0,
      -1
    ],
    "ImageType": [
      "ORIGINAL",
      "PRIMARY",
      "M",
      "ND",
      "NORM"
    ],
    "ImagingFrequency": 123.246,
    "InPlanePhaseEncodingDirectionDICOM": "ROW",
    "InstitutionAddress": "North_13th_1701_Philadelphia_PA_US_19122",
    "InstitutionName": "Temple_University_-_Weiss_Hall",
    "InstitutionalDepartmentName": "Department",
    "MRAcquisitionType": "3D",
    "MagneticFieldStrength": 3,
    "Manufacturer": "Siemens",
    "ManufacturersModelName": "Prisma",
    "Modality": "MR",
    "PartialFourier": 1,
    "PatientPosition": "HFS",
    "PercentPhaseFOV": 100,
    "PhaseEncodingSteps": 209,
    "PhaseOversampling": 0.1,
    "PhaseResolution": 1,
    "PixelBandwidth": 745,
    "ProcedureStepDescription": "SMITH_SRNDNA",
    "ProtocolName": "T2w-anat_spc_07sag_iso",
    "PulseSequenceDetails": "%SiemensSeq%_tse_vfl",
    "ReceiveCoilActiveElements": "HE1-4;NE1,2",
    "ReceiveCoilName": "HeadNeck_20",
    "ReconMatrixPE": 192,
    "RefLinesPE": 32,
    "RepetitionTime": 3.2,
    "SAR": 0.187489,
    "ScanOptions": "PFP",
    "ScanningSequence": "SE",
    "SequenceName": "_spc_314ns",
    "SequenceVariant": "SK_SP_OSP",
    "SeriesDescription": "T2w-anat_spc_07sag_iso",
    "SeriesNumber": 3,
    "ShimSetting": [
      1436,
      -7415,
      6461,
      152,
      -43,
      -246,
      34,
      -15
    ],
    "SliceThickness": 1,
    "SoftwareVersions": "syngo_MR_E11",
    "StationName": "AWP166048",
    "TxRefAmp": 316.624,
    "dataset": "ds003745",
    "modality": "T2w",
    "subject_id": "138"
  },
  "cjv": 0.6071185011669584,
  "cnr": 2.120168905958999,
  "efc": 0.6430760250860147,
  "fber": 39.02600152032929,
  "fwhm_avg": 3.06979,
  "fwhm_x": 2.80575,
  "fwhm_y": 3.41299,
  "fwhm_z": 2.99063,
  "icvs_csf": 0.24914623440111772,
  "icvs_gm": 0.5661738807113575,
  "icvs_wm": 0.1846798848875248,
  "inu_med": 0.8712807893753052,
  "inu_range": 0.3787929773330688,
  "provenance": {
    "md5sum": "b702437ea5ad3df201ce63ec2f2e5738",
    "settings": {
      "testing": false
    },
    "software": "mriqc",
    "version": "22.0.6",
    "warnings": {
      "large_rot_frame": true,
      "small_air_mask": false
    },
    "webapi_port": null,
    "webapi_url": "https://mriqc.nimh.nih.gov/api/v1"
  },
  "qi_1": 0.0,
  "qi_2": 0.00041655440763762274,
  "rpve_csf": 11.985550676528522,
  "rpve_gm": 6.028942511240574,
  "rpve_wm": 15.588026110895454,
  "size_x": 192,
  "size_y": 192,
  "size_z": 192,
  "snr_csf": 5.892001591997823,
  "snr_gm": 4.6809857454249,
  "snr_total": 4.304888986909903,
  "snr_wm": 2.3416796233069874,
  "snrd_csf": 28.111142396014017,
  "snrd_gm": 9.050486211472048,
  "snrd_total": 13.531605925870238,
  "snrd_wm": 3.433189170124649,
  "spacing_x": 1.0,
  "spacing_y": 1.0,
  "spacing_z": 1.0,
  "summary_bg_k": 2.0284228292105517,
  "summary_bg_mad": 190.93270381296045,
  "summary_bg_mean": 254.27358680174734,
  "summary_bg_median": 128.78215169906616,
  "summary_bg_n": 1195052.0,
  "summary_bg_p05": 0.0,
  "summary_bg_p95": 873.6762714385986,
  "summary_bg_stdv": 310.095457430395,
  "summary_csf_k": 1.165242207320878,
  "summary_csf_mad": 1103.8209323225042,
  "summary_csf_mean": 7938.005443464803,
  "summary_csf_median": 8192.700672626495,
  "summary_csf_n": 69735.0,
  "summary_csf_p05": 5268.475934934616,
  "summary_csf_p95": 9886.157601356506,
  "summary_csf_stdv": 1390.4683837616376,
  "summary_gm_k": 0.025552202229978338,
  "summary_gm_mad": 561.0225261816944,
  "summary_gm_mean": 2656.1666131692687,
  "summary_gm_median": 2637.6702671051025,
  "summary_gm_n": 77622.0,
  "summary_gm_p05": 1761.3559471845626,
  "summary_gm_p95": 3610.8170404434204,
  "summary_gm_stdv": 563.4824415235926,
  "summary_wm_k": 0.20442645951523453,
  "summary_wm_mad": 432.89294374039787,
  "summary_wm_mean": 1011.1541445162209,
  "summary_wm_median": 1000.5673489570618,
  "summary_wm_n": 9632.0,
  "summary_wm_p05": 323.77081046104433,
  "summary_wm_p95": 1727.4962639808655,
  "summary_wm_stdv": 427.2640022573515,
  "tpm_overlap_csf": 0.1586094639263136,
  "tpm_overlap_gm": 0.4099170117817372,
  "tpm_overlap_wm": 0.21663283428803182,
  "wm2max": 0.0988159270880024
}