{
  "aor": 0.0038223611111111106,
  "aqi": 0.011047867314814816,
  "bids_meta": {
    "AcquisitionMatrixPE": 74,
    "AcquisitionNumber": 1,
    "AcquisitionTime": "",
    "BandwidthPerPixelPhaseEncode": 27.579,
    "BaseResolution": 74,
    "BodyPartExamined": "BRAIN",
    "CogAtlasID": "doi:TODO",
    "CoilString": "HE1-4;NE1_2",
    "ConsistencyInfo": "N4_VE11C_LATEST_20160120",
    "ConversionSoftware": "dcm2niix",
    "ConversionSoftwareVersion": "v1.0.20190410  GCC6.3.0",
    "DerivedVendorReportedEchoSpacing": 0.000489993,
    "DeviceSerialNumber": "166048",
    "DwellTime": 2.9e-06,
    "EchoTime": 0.023,
    "EchoTrainLength": 74,
    "EffectiveEchoSpacing": 0.000489993,
    "FlipAngle": 76,
    "ImageOrientationPatientDICOM": [
      1,
      0,
      0,
      0,
      0.961262,
      -0.275637
    ],
    "ImageType": [
      "ORIGINAL",
      "PRIMARY",
      "M",
      "ND",
      "NORM",
      "MOSAIC"
    ],
    "ImagingFrequency": 123.246,
    "InPlanePhaseEncodingDirectionDICOM": "COL",
    "InstitutionAddress": "North_13th_1701_Philadelphia_PA_US_19122",
    "InstitutionName": "Temple_University_-_Weiss_Hall",
    "InstitutionalDepartmentName": "Department",
    "MRAcquisitionType": "2D",
    "MagneticFieldStrength": 3,
    "Manufacturer": "Siemens",
    "ManufacturersModelName": "Prisma",
    "Modality": "MR",
    "PartialFourier": 1,
    "PatientPosition": "HFS",
    "PercentPhaseFOV": 100,
    "PhaseEncodingDirection": "j-",
    "PhaseEncodingSteps": 74,
    "PhaseResolution": 1,
    "PixelBandwidth": 2330,
    "ProcedureStepDescription": "SMITH_SRNDNA",
    "ProtocolName": "func-bold_trust_run4",
    "PulseSequenceDetails": "%SiemensSeq%_ep2d_bold",
    "ReceiveCoilActiveElements": "HE1-4;NE1,2",
    "ReceiveCoilName": "HeadNeck_20",
    "ReconMatrixPE": 74,
    "RepetitionTime": 2.02,
    "SAR": 0.0935324,
    "ScanOptions": "FS",
    "ScanningSequence": "EP",
    "SequenceName": "_epfid2d1_74",
    "SequenceVariant": "SK",
    "SeriesDescription": "func-bold_trust_run4",
    "SeriesNumber": 13,
    "ShimSetting": [
      1425,
      -7413,
      6502,
      420,
      -56,
      181,
      54,
      95
    ],
    "SliceThickness": 2.8,
    "SliceTiming": [
      1.945,
      1.89,
      1.835,
      1.7775,
      1.7225,
      1.6675,
      1.6125,
      1.555,
      1.5,
      1.445,
      1.39,
      1.335,
      1.2775,
      1.2225,
      1.1675,
      1.1125,
      1.055,
      1,
      0.945,
      0.89,
      0.835,
      0.7775,
      0.7225,
      0.6675,
      0.6125,
      0.5575,
      0.5,
      0.445,
      0.39,
      0.335,
      0.2775,
      0.2225,
      0.1675,
      0.1125,
      0.0575,
      0
    ],
    "SoftwareVersions": "syngo_MR_E11",
    "SpacingBetweenSlices": 3.22,
    "StationName": "AWP166048",
    "TaskName": "trust",
    "TotalReadoutTime": 0.0357695,
    "TxRefAmp": 244.219,
    "dataset": "ds003745",
    "modality": "bold",
    "run_id": 5,
    "subject_id": "115",
    "task_id": "trust"
  },
  "dummy_trs": 1,
  "dvars_nstd": 23.217794205534894,
  "dvars_std": 1.1911214437674416,
  "dvars_vstd": 1.005354341348837,
  "efc": 0.49823156216925285,
  "fber": 2650.625244140625,
  "fd_mean": 0.2394934784658893,
  "fd_num": 97,
  "fd_perc": 44.907407407407405,
  "fwhm_avg": 1.7335664703799092,
  "fwhm_x": 1.660950239418385,
  "fwhm_y": 1.8770504287307195,
  "fwhm_z": 1.6626987429906233,
  "gcor": 0.0211364,
  "gsr_x": -0.01072886772453785,
  "gsr_y": 0.04145305976271629,
  "provenance": {
    "md5sum": "58e33271d5c43020fbeed3e1c3aab807",
    "settings": {
      "fd_thres": 0.2,
      "testing": false
    },
    "software": "mriqc",
    "version": "22.0.6",
    "webapi_port": null,
    "webapi_url": "https://mriqc.nimh.nih.gov/api/v1"
  },
  "size_t": 216,
  "size_x": 74,
  "size_y": 74,
  "size_z": 36,
  "snr": 7.118076981203023,
  "spacing_tr": 2.0199999809265137,
  "spacing_x": 2.972972869873047,
  "spacing_y": 2.972972869873047,
  "spacing_z": 3.2200000286102295,
  "summary_bg_k": 32.90648590867963,
  "summary_bg_mad": 8.42200395480662,
  "summary_bg_mean": 35.48898696899414,
  "summary_bg_median": 17.412036895751953,
  "summary_bg_n": 125146.0,
  "summary_bg_p05": 8.68055534362793,
  "summary_bg_p95": 145.09143447875977,
  "summary_bg_stdv": 56.93356704711914,
  "summary_fg_k": 2.5426731105417604,
  "summary_fg_mad": 124.86462491607186,
  "summary_fg_mean": 913.1689453125,
  "summary_fg_median": 903.7940063476562,
  "summary_fg_n": 35318.0,
  "summary_fg_p05": 736.4997436523438,
  "summary_fg_p95": 1114.2455932617188,
  "summary_fg_stdv": 126.96985626220703,
  "tsnr": 67.78505573701113
}