{
  "aor": 0.003356018518518518,
  "aqi": 0.009281352407407408,
  "bids_meta": {
    "AcquisitionMatrixPE": 74,
    "AcquisitionNumber": 1,
    "AcquisitionTime": "",
    "BandwidthPerPixelPhaseEncode": 27.579,
    "BaseResolution": 74,
    "BodyPartExamined": "BRAIN",
    "CogAtlasID": "doi:TODO",
    "CoilString": "HE1-4;NE1_2",
    "ConsistencyInfo": "N4_VE11C_LATEST_20160120",
    "ConversionSoftware": "dcm2niix",
    "ConversionSoftwareVersion": "v1.0.20190410  GCC6.3.0",
    "DerivedVendorReportedEchoSpacing": 0.000489993,
    "DeviceSerialNumber": "166048",
    "DwellTime": 2.9e-06,
    "EchoTime": 0.023,
    "EchoTrainLength": 74,
    "EffectiveEchoSpacing": 0.000489993,
    "FlipAngle": 76,
    "ImageOrientationPatientDICOM": [
      1,
      0,
      0,
      0,
      0.961262,
      -0.275637
    ],
    "ImageType": [
      "ORIGINAL",
      "PRIMARY",
      "M",
      "ND",
      "NORM",
      "MOSAIC"
    ],
    "ImagingFrequency": 123.246,
    "InPlanePhaseEncodingDirectionDICOM": "COL",
    "InstitutionAddress": "North_13th_1701_Philadelphia_PA_US_19122",
    "InstitutionName": "Temple_University_-_Weiss_Hall",
    "InstitutionalDepartmentName": "Department",
    "MRAcquisitionType": "2D",
    "MagneticFieldStrength": 3,
    "Manufacturer": "Siemens",
    "ManufacturersModelName": "Prisma",
    "Modality": "MR",
    "PartialFourier": 1,
    "PatientPosition": "HFS",
    "PercentPhaseFOV": 100,
    "PhaseEncodingDirection": "j-",
    "PhaseEncodingSteps": 74,
    "PhaseResolution": 1,
    "PixelBandwidth": 2330,
    "ProcedureStepDescription": "SMITH_SRNDNA",
    "ProtocolName": "func-bold_trust_run1",
    "PulseSequenceDetails": "%SiemensSeq%_ep2d_bold",
    "ReceiveCoilActiveElements": "HE1-4;NE1,2",
    "ReceiveCoilName": "HeadNeck_20",
    "ReconMatrixPE": 74,
    "RepetitionTime": 2.02,
    "SAR": 0.0935324,
    "ScanOptions": "FS",
    "ScanningSequence": "EP",
    "SequenceName": "_epfid2d1_74",
    "SequenceVariant": "SK",
    "SeriesDescription": "func-bold_trust_run1",
    "SeriesNumber": 10,
    "ShimSetting": [
      1425,
      -7413,
      6502,
      420,
      -56,
      181,
      54,
      95
    ],
    "SliceThickness": 2.8,
    "SliceTiming": [
      1.945,
      1.89,
      1.8325,
      1.7775,
      1.7225,
      1.6675,
      1.6125,
      1.555,
      1.5,
      1.445,
      1.39,
      1.3325,
      1.2775,
      1.2225,
      1.1675,
      1.1125,
      1.055,
      1,
      0.945,
      0.89,
      0.835,
      0.7775,
      0.7225,
      0.6675,
      0.6125,
      0.555,
      0.5,
      0.445,
      0.39,
      0.335,
      0.2775,
      0.2225,
      0.1675,
      0.1125,
      0.055,
      0
    ],
    "SoftwareVersions": "syngo_MR_E11",
    "SpacingBetweenSlices": 3.22,
    "StationName": "AWP166048",
    "TaskName": "trust",
    "TotalReadoutTime": 0.0357695,
    "TxRefAmp": 244.219,
    "dataset": "ds003745",
    "modality": "bold",
    "run_id": 2,
    "subject_id": "115",
    "task_id": "trust"
  },
  "dummy_trs": 1,
  "dvars_nstd": 20.59737028079069,
  "dvars_std": 1.2148853271162794,
  "dvars_vstd": 1.0086783883255805,
  "efc": 0.4999926552029589,
  "fber": 2653.972900390625,
  "fd_mean": 0.17564465912939808,
  "fd_num": 48,
  "fd_perc": 22.22222222222222,
  "fwhm_avg": 1.713935546168944,
  "fwhm_x": 1.6513100572658905,
  "fwhm_y": 1.8574034280493799,
  "fwhm_z": 1.6330931531915622,
  "gcor": 0.0111553,
  "gsr_x": -0.01199605967849493,
  "gsr_y": 0.04084494337439537,
  "provenance": {
    "md5sum": "865a3f52a31062890d5c64aaedc40846",
    "settings": {
      "fd_thres": 0.2,
      "testing": false
    },
    "software": "mriqc",
    "version": "22.0.6",
    "webapi_port": null,
    "webapi_url": "https://mriqc.nimh.nih.gov/api/v1"
  },
  "size_t": 216,
  "size_x": 74,
  "size_y": 74,
  "size_z": 36,
  "snr": 7.005973913320919,
  "spacing_tr": 2.0199999809265137,
  "spacing_x": 2.972972869873047,
  "spacing_y": 2.972972869873047,
  "spacing_z": 3.2200000286102295,
  "summary_bg_k": 30.163566464669366,
  "summary_bg_mad": 8.442596280694602,
  "summary_bg_mean": 35.23875427246094,
  "summary_bg_median": 17.328702926635742,
  "summary_bg_n": 124572.0,
  "summary_bg_p05": 8.620370864868164,
  "summary_bg_p95": 143.16412048339842,
  "summary_bg_stdv": 55.9749641418457,
  "summary_fg_k": 2.8064960287365786,
  "summary_fg_mad": 124.82679973740149,
  "summary_fg_mean": 911.377685546875,
  "summary_fg_median": 901.6759033203125,
  "summary_fg_n": 35665.0,
  "summary_fg_p05": 732.82685546875,
  "summary_fg_p95": 1115.5805908203124,
  "summary_fg_stdv": 128.69920349121094,
  "tsnr": 73.57674538413994
}