{
  "bids_meta": {
    "AcquisitionMatrixPE": 192,
    "AcquisitionNumber": 1,
    "AcquisitionTime": "18:01:3.547500",
    "BaseResolution": 192,
    "BodyPartExamined": "BRAIN",
    "CoilString": "HE1-4;NE1_2",
    "ConsistencyInfo": "N4_VE11C_LATEST_20160120",
    "ConversionSoftware": "dcm2niix",
    "ConversionSoftwareVersion": "v1.0.20190410  GCC6.3.0",
    "DeviceSerialNumber": "166048",
    "DwellTime": 3.5e-06,
    "EchoTime": 0.567,
    "EchoTrainLength": 314,
    "FlipAngle": 120,
    "ImageOrientationPatientDICOM": [
      0,
      1,
      0,
      0,
      0,
      -1
    ],
    "ImageType": [
      "ORIGINAL",
      "PRIMARY",
      "M",
      "ND",
      "NORM"
    ],
    "ImagingFrequency": 123.246,
    "InPlanePhaseEncodingDirectionDICOM": "ROW",
    "InstitutionAddress": "North_13th_1701_Philadelphia_PA_US_19122",
    "InstitutionName": "Temple_University_-_Weiss_Hall",
    "InstitutionalDepartmentName": "Department",
    "MRAcquisitionType": "3D",
    "MagneticFieldStrength": 3,
    "Manufacturer": "Siemens",
    "ManufacturersModelName": "Prisma",
    "Modality": "MR",
    "PartialFourier": 1,
    "PatientPosition": "HFS",
    "PercentPhaseFOV": 100,
    "PhaseEncodingSteps": 209,
    "PhaseOversampling": 0.1,
    "PhaseResolution": 1,
    "PixelBandwidth": 745,
    "ProcedureStepDescription": "SMITH_SRNDNA",
    "ProtocolName": "T2w-anat_spc_07sag_iso",
    "PulseSequenceDetails": "%SiemensSeq%_tse_vfl",
    "ReceiveCoilActiveElements": "HE1-4;NE1,2",
    "ReceiveCoilName": "HeadNeck_20",
    "ReconMatrixPE": 192,
    "RefLinesPE": 32,
    "RepetitionTime": 3.2,
    "SAR": 0.166261,
    "ScanOptions": "PFP",
    "ScanningSequence": "SE",
    "SequenceName": "_spc_314ns",
    "SequenceVariant": "SK_SP_OSP",
    "SeriesDescription": "T2w-anat_spc_07sag_iso",
    "SeriesNumber": 3,
    "ShimSetting": [
      1414,
      -7382,
      6446,
      375,
      75,
      -328,
      -50,
      44
    ],
    "SliceThickness": 1,
    "SoftwareVersions": "syngo_MR_E11",
    "StationName": "AWP166048",
    "TxRefAmp": 251.962,
    "dataset": "ds003745",
    "modality": "T2w",
    "subject_id": "121"
  },
  "cjv": 0.21774623589433761,
  "cnr": 2.2314168604233147,
  "efc": 0.5848520290069968,
  "fber": -1.0,
  "fwhm_avg": 2.472713333333333,
  "fwhm_x": 2.44239,
  "fwhm_y": 2.7127,
  "fwhm_z": 2.26305,
  "icvs_csf": 0.2774484093198014,
  "icvs_gm": 0.5842658460068897,
  "icvs_wm": 0.1382857446733089,
  "inu_med": 0.8467753231525421,
  "inu_range": 0.17490899562835693,
  "provenance": {
    "md5sum": "bd8f9b9b8c0edbec88e3f00261bdd954",
    "settings": {
      "testing": false
    },
    "software": "mriqc",
    "version": "22.0.6",
    "warnings": {
      "large_rot_frame": true,
      "small_air_mask": false
    },
    "webapi_port": null,
    "webapi_url": "https://mriqc.nimh.nih.gov/api/v1"
  },
  "qi_1": 0.000385492906462852,
  "qi_2": 0.002411604635130499,
  "rpve_csf": 11.31267425470722,
  "rpve_gm": 7.157165924649584,
  "rpve_wm": 31.79222837588365,
  "size_x": 192,
  "size_y": 192,
  "size_z": 192,
  "snr_csf": 7.336277673590297,
  "snr_gm": 8.475079714128476,
  "snr_total": 6.370646499243691,
  "snr_wm": 3.3005821100122983,
  "snrd_csf": 105.60772736879419,
  "snrd_gm": 58.70775108409098,
  "snrd_total": 116.17066207658223,
  "snrd_wm": 184.19650777686152,
  "spacing_x": 1.0,
  "spacing_y": 1.0,
  "spacing_z": 1.0,
  "summary_bg_k": 590.3484883953287,
  "summary_bg_mad": 0.0,
  "summary_bg_mean": 1.9656901643645197,
  "summary_bg_median": 0.0,
  "summary_bg_n": 1323917.0,
  "summary_bg_p05": 0.0,
  "summary_bg_p95": 7.565362885594368,
  "summary_bg_stdv": 3.5586381625816492,
  "summary_csf_k": 1.531754971205669,
  "summary_csf_mad": 68.75557823223863,
  "summary_csf_mean": 580.6060229515922,
  "summary_csf_median": 573.6510578226298,
  "summary_csf_n": 9883.0,
  "summary_csf_p05": 470.25034803040325,
  "summary_csf_p95": 718.0660474350675,
  "summary_csf_stdv": 78.18979331191659,
  "summary_gm_k": 0.8904790564358906,
  "summary_gm_mad": 34.52899090751369,
  "summary_gm_mean": 321.1497513760783,
  "summary_gm_median": 318.8948796726763,
  "summary_gm_n": 220675.0,
  "summary_gm_p05": 263.7307752985507,
  "summary_gm_p95": 386.80328284893164,
  "summary_gm_stdv": 37.6272752450987,
  "summary_wm_k": 2.1729832611439415,
  "summary_wm_mad": 113.896185772157,
  "summary_wm_mean": 882.998422437268,
  "summary_wm_median": 1000.5377841759473,
  "summary_wm_n": 13117.0,
  "summary_wm_p05": 76.2061970274896,
  "summary_wm_p95": 1120.9012242812662,
  "summary_wm_stdv": 303.12823954365103,
  "tpm_overlap_csf": 0.12788651666600354,
  "tpm_overlap_gm": 0.3579185333031659,
  "tpm_overlap_wm": 0.047370034622821966,
  "wm2max": 0.9035322999066494
}