{
  "aor": 0.0021617289719626166,
  "aqi": 0.004535377570093458,
  "bids_meta": {
    "AcquisitionMatrixPE": 74,
    "AcquisitionNumber": 1,
    "AcquisitionTime": "",
    "BandwidthPerPixelPhaseEncode": 27.579,
    "BaseResolution": 74,
    "BodyPartExamined": "BRAIN",
    "CogAtlasID": "doi:TODO",
    "CoilString": "HE1-4;NE1_2",
    "ConsistencyInfo": "N4_VE11C_LATEST_20160120",
    "ConversionSoftware": "dcm2niix",
    "ConversionSoftwareVersion": "v1.0.20190410  GCC6.3.0",
    "DerivedVendorReportedEchoSpacing": 0.000489993,
    "DeviceSerialNumber": "166048",
    "DwellTime": 2.9e-06,
    "EchoTime": 0.023,
    "EchoTrainLength": 74,
    "EffectiveEchoSpacing": 0.000489993,
    "FlipAngle": 76,
    "ImageOrientationPatientDICOM": [
      1,
      0,
      0,
      0,
      0.940881,
      -0.338738
    ],
    "ImageType": [
      "ORIGINAL",
      "PRIMARY",
      "M",
      "ND",
      "NORM",
      "MOSAIC"
    ],
    "ImagingFrequency": 123.246,
    "InPlanePhaseEncodingDirectionDICOM": "COL",
    "InstitutionAddress": "North_13th_1701_Philadelphia_PA_US_19122",
    "InstitutionName": "Temple_University_-_Weiss_Hall",
    "InstitutionalDepartmentName": "Department",
    "MRAcquisitionType": "2D",
    "MagneticFieldStrength": 3,
    "Manufacturer": "Siemens",
    "ManufacturersModelName": "Prisma",
    "Modality": "MR",
    "PartialFourier": 1,
    "PatientPosition": "HFS",
    "PercentPhaseFOV": 100,
    "PhaseEncodingDirection": "j-",
    "PhaseEncodingSteps": 74,
    "PhaseResolution": 1,
    "PixelBandwidth": 2330,
    "ProcedureStepDescription": "SMITH_SRNDNA",
    "ProtocolName": "func-bold_trust_run3",
    "PulseSequenceDetails": "%SiemensSeq%_ep2d_bold",
    "ReceiveCoilActiveElements": "HE1-4;NE1,2",
    "ReceiveCoilName": "HeadNeck_20",
    "ReconMatrixPE": 74,
    "RepetitionTime": 2.02,
    "SAR": 0.0933126,
    "ScanOptions": "FS",
    "ScanningSequence": "EP",
    "SequenceName": "_epfid2d1_74",
    "SequenceVariant": "SK",
    "SeriesDescription": "func-bold_trust_run3",
    "SeriesNumber": 12,
    "ShimSetting": [
      1416,
      -7343,
      6506,
      448,
      81,
      237,
      -220,
      58
    ],
    "SliceThickness": 2.8,
    "SliceTiming": [
      1.945,
      1.89,
      1.835,
      1.7775,
      1.7225,
      1.6675,
      1.6125,
      1.5575,
      1.5,
      1.445,
      1.39,
      1.335,
      1.2775,
      1.2225,
      1.1675,
      1.1125,
      1.0575,
      1,
      0.945,
      0.89,
      0.835,
      0.7775,
      0.7225,
      0.6675,
      0.6125,
      0.5575,
      0.5,
      0.445,
      0.39,
      0.335,
      0.2775,
      0.2225,
      0.1675,
      0.1125,
      0.0575,
      0
    ],
    "SoftwareVersions": "syngo_MR_E11",
    "SpacingBetweenSlices": 3.22,
    "StationName": "AWP166048",
    "TaskName": "trust",
    "TotalReadoutTime": 0.0357695,
    "TxRefAmp": 251.962,
    "dataset": "ds003745",
    "modality": "bold",
    "run_id": 4,
    "subject_id": "121",
    "task_id": "trust"
  },
  "dummy_trs": 3,
  "dvars_nstd": 20.424847320845057,
  "dvars_std": 1.2720231030516431,
  "dvars_vstd": 1.0247243002816901,
  "efc": 0.48756095393426746,
  "fber": 2580.354736328125,
  "fd_mean": 0.13193230596428335,
  "fd_num": 17,
  "fd_perc": 7.94392523364486,
  "fwhm_avg": 1.6389653655115728,
  "fwhm_x": 1.5801960547997231,
  "fwhm_y": 1.7681627885909614,
  "fwhm_z": 1.568537253144034,
  "gcor": 0.0255963,
  "gsr_x": -0.004529161844402552,
  "gsr_y": 0.02960779145359993,
  "provenance": {
    "md5sum": "249bf544a69e5bbd330e30723992da7e",
    "settings": {
      "fd_thres": 0.2,
      "testing": false
    },
    "software": "mriqc",
    "version": "22.0.6",
    "webapi_port": null,
    "webapi_url": "https://mriqc.nimh.nih.gov/api/v1"
  },
  "size_t": 214,
  "size_x": 74,
  "size_y": 74,
  "size_z": 36,
  "snr": 7.060372082614026,
  "spacing_tr": 2.0199999809265137,
  "spacing_x": 2.972972869873047,
  "spacing_y": 2.972972869873047,
  "spacing_z": 3.2200000286102295,
  "summary_bg_k": 28.130356450159788,
  "summary_bg_mad": 9.484496709075717,
  "summary_bg_mean": 39.60157775878906,
  "summary_bg_median": 17.789718627929688,
  "summary_bg_n": 129118.0,
  "summary_bg_p05": 8.775700569152832,
  "summary_bg_p95": 161.36190567016592,
  "summary_bg_stdv": 66.42695617675781,
  "summary_fg_k": 2.927174329468074,
  "summary_fg_mad": 126.09738187546529,
  "summary_fg_mean": 915.1510009765625,
  "summary_fg_median": 906.3925170898438,
  "summary_fg_n": 32081.0,
  "summary_fg_p05": 743.8130493164062,
  "summary_fg_p95": 1117.3223876953125,
  "summary_fg_stdv": 128.3754425048828,
  "tsnr": 99.73390207847115
}