{
  "aor": 0.0012848611111111112,
  "aqi": 0.005730099675925927,
  "bids_meta": {
    "AcquisitionMatrixPE": 74,
    "AcquisitionNumber": 1,
    "AcquisitionTime": "",
    "BandwidthPerPixelPhaseEncode": 27.579,
    "BaseResolution": 74,
    "BodyPartExamined": "BRAIN",
    "CogAtlasID": "doi:TODO",
    "CoilString": "HE1-4;NE1_2",
    "ConsistencyInfo": "N4_VE11C_LATEST_20160120",
    "ConversionSoftware": "dcm2niix",
    "ConversionSoftwareVersion": "v1.0.20190410  GCC6.3.0",
    "DerivedVendorReportedEchoSpacing": 0.000489993,
    "DeviceSerialNumber": "166048",
    "DwellTime": 2.9e-06,
    "EchoTime": 0.023,
    "EchoTrainLength": 74,
    "EffectiveEchoSpacing": 0.000489993,
    "FlipAngle": 76,
    "ImageOrientationPatientDICOM": [
      1,
      0,
      0,
      0,
      0.940881,
      -0.338738
    ],
    "ImageType": [
      "ORIGINAL",
      "PRIMARY",
      "M",
      "ND",
      "NORM",
      "MOSAIC"
    ],
    "ImagingFrequency": 123.246,
    "InPlanePhaseEncodingDirectionDICOM": "COL",
    "InstitutionAddress": "North_13th_1701_Philadelphia_PA_US_19122",
    "InstitutionName": "Temple_University_-_Weiss_Hall",
    "InstitutionalDepartmentName": "Department",
    "MRAcquisitionType": "2D",
    "MagneticFieldStrength": 3,
    "Manufacturer": "Siemens",
    "ManufacturersModelName": "Prisma",
    "Modality": "MR",
    "PartialFourier": 1,
    "PatientPosition": "HFS",
    "PercentPhaseFOV": 100,
    "PhaseEncodingDirection": "j-",
    "PhaseEncodingSteps": 74,
    "PhaseResolution": 1,
    "PixelBandwidth": 2330,
    "ProcedureStepDescription": "SMITH_SRNDNA",
    "ProtocolName": "func-bold_trust_run0",
    "PulseSequenceDetails": "%SiemensSeq%_ep2d_bold",
    "ReceiveCoilActiveElements": "HE1-4;NE1,2",
    "ReceiveCoilName": "HeadNeck_20",
    "ReconMatrixPE": 74,
    "RepetitionTime": 2.02,
    "SAR": 0.0933126,
    "ScanOptions": "FS",
    "ScanningSequence": "EP",
    "SequenceName": "_epfid2d1_74",
    "SequenceVariant": "SK",
    "SeriesDescription": "func-bold_trust_run0",
    "SeriesNumber": 9,
    "ShimSetting": [
      1416,
      -7343,
      6506,
      448,
      81,
      237,
      -220,
      58
    ],
    "SliceThickness": 2.8,
    "SliceTiming": [
      1.9425,
      1.8875,
      1.8325,
      1.7775,
      1.72,
      1.665,
      1.61,
      1.555,
      1.5,
      1.4425,
      1.3875,
      1.3325,
      1.2775,
      1.22,
      1.165,
      1.11,
      1.055,
      1,
      0.9425,
      0.8875,
      0.8325,
      0.7775,
      0.72,
      0.665,
      0.61,
      0.555,
      0.5,
      0.4425,
      0.3875,
      0.3325,
      0.2775,
      0.22,
      0.165,
      0.11,
      0.055,
      0
    ],
    "SoftwareVersions": "syngo_MR_E11",
    "SpacingBetweenSlices": 3.22,
    "StationName": "AWP166048",
    "TaskName": "trust",
    "TotalReadoutTime": 0.0357695,
    "TxRefAmp": 251.962,
    "dataset": "ds003745",
    "modality": "bold",
    "run_id": 1,
    "subject_id": "121",
    "task_id": "trust"
  },
  "dummy_trs": 1,
  "dvars_nstd": 20.91410704748836,
  "dvars_std": 1.2473531837209295,
  "dvars_vstd": 0.9917504380465114,
  "efc": 0.4882844782625568,
  "fber": 2592.535400390625,
  "fd_mean": 0.12118197576920534,
  "fd_num": 19,
  "fd_perc": 8.796296296296296,
  "fwhm_avg": 1.645308907942869,
  "fwhm_x": 1.5842055094842222,
  "fwhm_y": 1.7672243340129623,
  "fwhm_z": 1.5844968803314226,
  "gcor": 0.0295482,
  "gsr_x": -0.005777846556156874,
  "gsr_y": 0.030072854831814766,
  "provenance": {
    "md5sum": "ecf24e9ed346c68fe387deea3c2a8470",
    "settings": {
      "fd_thres": 0.2,
      "testing": false
    },
    "software": "mriqc",
    "version": "22.0.6",
    "webapi_port": null,
    "webapi_url": "https://mriqc.nimh.nih.gov/api/v1"
  },
  "size_t": 216,
  "size_x": 74,
  "size_y": 74,
  "size_z": 36,
  "snr": 7.07887229279985,
  "spacing_tr": 2.0199999809265137,
  "spacing_x": 2.972972869873047,
  "spacing_y": 2.972972869873047,
  "spacing_z": 3.2200000286102295,
  "summary_bg_k": 30.072007130867668,
  "summary_bg_mad": 9.513363292797841,
  "summary_bg_mean": 39.43170166015625,
  "summary_bg_median": 17.759260177612305,
  "summary_bg_n": 128717.0,
  "summary_bg_p05": 8.717592239379883,
  "summary_bg_p95": 159.1870391845702,
  "summary_bg_stdv": 67.25757598876953,
  "summary_fg_k": 2.7578323360017496,
  "summary_fg_mad": 126.68014300139156,
  "summary_fg_mean": 915.9754028320312,
  "summary_fg_median": 907.8194580078125,
  "summary_fg_n": 32342.0,
  "summary_fg_p05": 744.5141448974609,
  "summary_fg_p95": 1117.1182800292968,
  "summary_fg_stdv": 128.2415313720703,
  "tsnr": 89.50607543066144
}