{
  "aor": 0.0025074074074074074,
  "aqi": 0.009451989768518519,
  "bids_meta": {
    "AcquisitionMatrixPE": 74,
    "AcquisitionNumber": 1,
    "AcquisitionTime": "",
    "BandwidthPerPixelPhaseEncode": 27.579,
    "BaseResolution": 74,
    "BodyPartExamined": "BRAIN",
    "CogAtlasID": "doi:TODO",
    "CoilString": "HE1-4;NE1_2",
    "ConsistencyInfo": "N4_VE11C_LATEST_20160120",
    "ConversionSoftware": "dcm2niix",
    "ConversionSoftwareVersion": "v1.0.20190410  GCC6.3.0",
    "DerivedVendorReportedEchoSpacing": 0.000489993,
    "DeviceSerialNumber": "166048",
    "DwellTime": 2.9e-06,
    "EchoTime": 0.023,
    "EchoTrainLength": 74,
    "EffectiveEchoSpacing": 0.000489993,
    "FlipAngle": 76,
    "ImageOrientationPatientDICOM": [
      1,
      0,
      0,
      0,
      0.932954,
      -0.359997
    ],
    "ImageType": [
      "ORIGINAL",
      "PRIMARY",
      "M",
      "ND",
      "NORM",
      "MOSAIC"
    ],
    "ImagingFrequency": 123.246,
    "InPlanePhaseEncodingDirectionDICOM": "COL",
    "InstitutionAddress": "North_13th_1701_Philadelphia_PA_US_19122",
    "InstitutionName": "Temple_University_-_Weiss_Hall",
    "InstitutionalDepartmentName": "Department",
    "MRAcquisitionType": "2D",
    "MagneticFieldStrength": 3,
    "Manufacturer": "Siemens",
    "ManufacturersModelName": "Prisma",
    "Modality": "MR",
    "PartialFourier": 1,
    "PatientPosition": "HFS",
    "PercentPhaseFOV": 100,
    "PhaseEncodingDirection": "j-",
    "PhaseEncodingSteps": 74,
    "PhaseResolution": 1,
    "PixelBandwidth": 2330,
    "ProcedureStepDescription": "SMITH_SRNDNA",
    "ProtocolName": "func-bold_trust_run1",
    "PulseSequenceDetails": "%SiemensSeq%_ep2d_bold",
    "ReceiveCoilActiveElements": "HE1-4;NE1,2",
    "ReceiveCoilName": "HeadNeck_20",
    "ReconMatrixPE": 74,
    "RepetitionTime": 2.02,
    "SAR": 0.0871563,
    "ScanOptions": "FS",
    "ScanningSequence": "EP",
    "SequenceName": "_epfid2d1_74",
    "SequenceVariant": "SK",
    "SeriesDescription": "func-bold_trust_run1",
    "SeriesNumber": 10,
    "ShimSetting": [
      1431,
      -7395,
      6509,
      442,
      104,
      120,
      -119,
      32
    ],
    "SliceThickness": 2.8,
    "SliceTiming": [
      1.9425,
      1.8875,
      1.8325,
      1.7775,
      1.72,
      1.665,
      1.61,
      1.555,
      1.5,
      1.4425,
      1.3875,
      1.3325,
      1.2775,
      1.22,
      1.165,
      1.11,
      1.055,
      1,
      0.9425,
      0.8875,
      0.8325,
      0.7775,
      0.72,
      0.665,
      0.61,
      0.555,
      0.5,
      0.4425,
      0.3875,
      0.3325,
      0.2775,
      0.22,
      0.165,
      0.11,
      0.055,
      0
    ],
    "SoftwareVersions": "syngo_MR_E11",
    "SpacingBetweenSlices": 3.22,
    "StationName": "AWP166048",
    "TaskName": "trust",
    "TotalReadoutTime": 0.0357695,
    "TxRefAmp": 263.168,
    "dataset": "ds003745",
    "modality": "bold",
    "run_id": 2,
    "subject_id": "110",
    "task_id": "trust"
  },
  "dummy_trs": 1,
  "dvars_nstd": 18.30255584274418,
  "dvars_std": 1.1664313015348837,
  "dvars_vstd": 0.9714669320465116,
  "efc": 0.5590531135405444,
  "fber": 1884.314697265625,
  "fd_mean": 0.0670705091800728,
  "fd_num": 8,
  "fd_perc": 3.7037037037037037,
  "fwhm_avg": 1.789147569371819,
  "fwhm_x": 1.7406616967281585,
  "fwhm_y": 1.933085248855773,
  "fwhm_z": 1.6936957625315259,
  "gcor": 0.014096,
  "gsr_x": 0.009815094992518425,
  "gsr_y": 0.05991680175065994,
  "provenance": {
    "md5sum": "5d475bd346e0f8bcd5596e87e4cec10d",
    "settings": {
      "fd_thres": 0.2,
      "testing": false
    },
    "software": "mriqc",
    "version": "22.0.6",
    "webapi_port": null,
    "webapi_url": "https://mriqc.nimh.nih.gov/api/v1"
  },
  "size_t": 216,
  "size_x": 74,
  "size_y": 74,
  "size_z": 36,
  "snr": 6.146537947523002,
  "spacing_tr": 2.0199999809265137,
  "spacing_x": 2.972972869873047,
  "spacing_y": 2.972972869873047,
  "spacing_z": 3.2199997901916504,
  "summary_bg_k": 14.559816232832336,
  "summary_bg_mad": 11.867682327980695,
  "summary_bg_mean": 59.26409149169922,
  "summary_bg_median": 20.689815521240234,
  "summary_bg_n": 116225.0,
  "summary_bg_p05": 10.222222328186035,
  "summary_bg_p95": 267.71203002929684,
  "summary_bg_stdv": 101.4874038696289,
  "summary_fg_k": 2.4886634395570786,
  "summary_fg_mad": 142.11019166401869,
  "summary_fg_mean": 926.3652954101562,
  "summary_fg_median": 913.7824096679688,
  "summary_fg_n": 42449.0,
  "summary_fg_p05": 725.0148193359375,
  "summary_fg_p95": 1165.6768798828125,
  "summary_fg_stdv": 148.66444396972656,
  "tsnr": 72.56055901944637
}