{
  "aor": 0.0010835023041474653,
  "aqi": 0.0042106179723502305,
  "bids_meta": {
    "AcquisitionMatrixPE": 74,
    "AcquisitionNumber": 1,
    "AcquisitionTime": "",
    "BandwidthPerPixelPhaseEncode": 27.579,
    "BaseResolution": 74,
    "BodyPartExamined": "BRAIN",
    "CogAtlasID": "doi:TODO",
    "CoilString": "HE1-4;NE1_2",
    "ConsistencyInfo": "N4_VE11C_LATEST_20160120",
    "ConversionSoftware": "dcm2niix",
    "ConversionSoftwareVersion": "v1.0.20190410  GCC6.3.0",
    "DerivedVendorReportedEchoSpacing": 0.000489993,
    "DeviceSerialNumber": "166048",
    "DwellTime": 2.9e-06,
    "EchoTime": 0.023,
    "EchoTrainLength": 74,
    "EffectiveEchoSpacing": 0.000489993,
    "FlipAngle": 76,
    "ImageOrientationPatientDICOM": [
      1,
      0,
      0,
      0,
      0.956814,
      -0.290702
    ],
    "ImageType": [
      "ORIGINAL",
      "PRIMARY",
      "M",
      "ND",
      "NORM",
      "MOSAIC"
    ],
    "ImagingFrequency": 123.246,
    "InPlanePhaseEncodingDirectionDICOM": "COL",
    "InstitutionAddress": "North_13th_1701_Philadelphia_PA_US_19122",
    "InstitutionName": "Temple_University_-_Weiss_Hall",
    "InstitutionalDepartmentName": "Department",
    "MRAcquisitionType": "2D",
    "MagneticFieldStrength": 3,
    "Manufacturer": "Siemens",
    "ManufacturersModelName": "Prisma",
    "Modality": "MR",
    "PartialFourier": 1,
    "PatientPosition": "HFS",
    "PercentPhaseFOV": 100,
    "PhaseEncodingDirection": "j-",
    "PhaseEncodingSteps": 74,
    "PhaseResolution": 1,
    "PixelBandwidth": 2330,
    "ProcedureStepDescription": "SMITH_SRNDNA",
    "ProtocolName": "func-bold_trust_run0",
    "PulseSequenceDetails": "%SiemensSeq%_ep2d_bold",
    "ReceiveCoilActiveElements": "HE1-4;NE1,2",
    "ReceiveCoilName": "HeadNeck_20",
    "ReconMatrixPE": 74,
    "RepetitionTime": 2.02,
    "SAR": 0.0869682,
    "ScanOptions": "FS",
    "ScanningSequence": "EP",
    "SequenceName": "_epfid2d1_74",
    "SequenceVariant": "SK",
    "SeriesDescription": "func-bold_trust_run0",
    "SeriesNumber": 9,
    "ShimSetting": [
      1440,
      -7373,
      6508,
      390,
      -2,
      286,
      -58,
      35
    ],
    "SliceThickness": 2.8,
    "SliceTiming": [
      1.9425,
      1.8875,
      1.8325,
      1.7775,
      1.7225,
      1.665,
      1.61,
      1.555,
      1.5,
      1.4425,
      1.3875,
      1.3325,
      1.2775,
      1.2225,
      1.165,
      1.11,
      1.055,
      1,
      0.945,
      0.8875,
      0.8325,
      0.7775,
      0.7225,
      0.665,
      0.61,
      0.555,
      0.5,
      0.445,
      0.3875,
      0.3325,
      0.2775,
      0.2225,
      0.165,
      0.11,
      0.055,
      0
    ],
    "SoftwareVersions": "syngo_MR_E11",
    "SpacingBetweenSlices": 3.22,
    "StationName": "AWP166048",
    "TaskName": "trust",
    "TotalReadoutTime": 0.0357695,
    "TxRefAmp": 243.917,
    "dataset": "ds003745",
    "modality": "bold",
    "run_id": 1,
    "subject_id": "122",
    "task_id": "trust"
  },
  "dummy_trs": 0,
  "dvars_nstd": 24.43838425921296,
  "dvars_std": 1.4022657291666663,
  "dvars_vstd": 1.0073927333333337,
  "efc": 0.5230816596525998,
  "fber": 2056.8984375,
  "fd_mean": 0.1576011375060165,
  "fd_num": 42,
  "fd_perc": 19.35483870967742,
  "fwhm_avg": 1.658665323486488,
  "fwhm_x": 1.6441959661100898,
  "fwhm_y": 1.6996354225781327,
  "fwhm_z": 1.6321645817712411,
  "gcor": 0.0145156,
  "gsr_x": -0.006951040122658014,
  "gsr_y": 0.017681719735264778,
  "provenance": {
    "md5sum": "8d9728188aa19f9b9a8bca0b78a85921",
    "settings": {
      "fd_thres": 0.2,
      "testing": false
    },
    "software": "mriqc",
    "version": "22.0.6",
    "webapi_port": null,
    "webapi_url": "https://mriqc.nimh.nih.gov/api/v1"
  },
  "size_t": 217,
  "size_x": 74,
  "size_y": 74,
  "size_z": 36,
  "snr": 7.172978625411932,
  "spacing_tr": 2.0199999809265137,
  "spacing_x": 2.972972869873047,
  "spacing_y": 2.972972869873047,
  "spacing_z": 3.2200000286102295,
  "summary_bg_k": 23.251682162163316,
  "summary_bg_mad": 12.175102395535514,
  "summary_bg_mean": 52.514381408691406,
  "summary_bg_median": 21.046083450317383,
  "summary_bg_n": 122210.0,
  "summary_bg_p05": 9.688709640502934,
  "summary_bg_p95": 216.4956222534179,
  "summary_bg_stdv": 95.44204711914062,
  "summary_fg_k": 2.331432109601768,
  "summary_fg_mad": 138.01177021148345,
  "summary_fg_mean": 979.30908203125,
  "summary_fg_median": 972.447021484375,
  "summary_fg_n": 36069.0,
  "summary_fg_p05": 790.92900390625,
  "summary_fg_p95": 1192.614697265625,
  "summary_fg_stdv": 135.56900024414062,
  "tsnr": 99.51250621140935
}