{
  "aor": 0.0008166666666666667,
  "aqi": 0.003945910324074074,
  "bids_meta": {
    "AcquisitionMatrixPE": 74,
    "AcquisitionNumber": 1,
    "AcquisitionTime": "",
    "BandwidthPerPixelPhaseEncode": 27.579,
    "BaseResolution": 74,
    "BodyPartExamined": "BRAIN",
    "CogAtlasID": "doi:TODO",
    "CoilString": "HE1-4;NE1_2",
    "ConsistencyInfo": "N4_VE11C_LATEST_20160120",
    "ConversionSoftware": "dcm2niix",
    "ConversionSoftwareVersion": "v1.0.20190410  GCC6.3.0",
    "DerivedVendorReportedEchoSpacing": 0.000489993,
    "DeviceSerialNumber": "166048",
    "DwellTime": 2.9e-06,
    "EchoTime": 0.023,
    "EchoTrainLength": 74,
    "EffectiveEchoSpacing": 0.000489993,
    "FlipAngle": 76,
    "ImageOrientationPatientDICOM": [
      1,
      0,
      0,
      0,
      0.956814,
      -0.290702
    ],
    "ImageType": [
      "ORIGINAL",
      "PRIMARY",
      "M",
      "ND",
      "NORM",
      "MOSAIC"
    ],
    "ImagingFrequency": 123.246,
    "InPlanePhaseEncodingDirectionDICOM": "COL",
    "InstitutionAddress": "North_13th_1701_Philadelphia_PA_US_19122",
    "InstitutionName": "Temple_University_-_Weiss_Hall",
    "InstitutionalDepartmentName": "Department",
    "MRAcquisitionType": "2D",
    "MagneticFieldStrength": 3,
    "Manufacturer": "Siemens",
    "ManufacturersModelName": "Prisma",
    "Modality": "MR",
    "PartialFourier": 1,
    "PatientPosition": "HFS",
    "PercentPhaseFOV": 100,
    "PhaseEncodingDirection": "j-",
    "PhaseEncodingSteps": 74,
    "PhaseResolution": 1,
    "PixelBandwidth": 2330,
    "ProcedureStepDescription": "SMITH_SRNDNA",
    "ProtocolName": "func-bold_trust_run1",
    "PulseSequenceDetails": "%SiemensSeq%_ep2d_bold",
    "ReceiveCoilActiveElements": "HE1-4;NE1,2",
    "ReceiveCoilName": "HeadNeck_20",
    "ReconMatrixPE": 74,
    "RepetitionTime": 2.02,
    "SAR": 0.0869682,
    "ScanOptions": "FS",
    "ScanningSequence": "EP",
    "SequenceName": "_epfid2d1_74",
    "SequenceVariant": "SK",
    "SeriesDescription": "func-bold_trust_run1",
    "SeriesNumber": 10,
    "ShimSetting": [
      1440,
      -7373,
      6508,
      390,
      -2,
      286,
      -58,
      35
    ],
    "SliceThickness": 2.8,
    "SliceTiming": [
      1.945,
      1.89,
      1.8325,
      1.7775,
      1.7225,
      1.6675,
      1.6125,
      1.555,
      1.5,
      1.445,
      1.39,
      1.3325,
      1.2775,
      1.2225,
      1.1675,
      1.1125,
      1.055,
      1,
      0.945,
      0.89,
      0.835,
      0.7775,
      0.7225,
      0.6675,
      0.6125,
      0.555,
      0.5,
      0.445,
      0.39,
      0.335,
      0.2775,
      0.2225,
      0.1675,
      0.1125,
      0.055,
      0
    ],
    "SoftwareVersions": "syngo_MR_E11",
    "SpacingBetweenSlices": 3.22,
    "StationName": "AWP166048",
    "TaskName": "trust",
    "TotalReadoutTime": 0.0357695,
    "TxRefAmp": 243.917,
    "dataset": "ds003745",
    "modality": "bold",
    "run_id": 2,
    "subject_id": "122",
    "task_id": "trust"
  },
  "dummy_trs": 1,
  "dvars_nstd": 22.834432845813957,
  "dvars_std": 1.3862881085116274,
  "dvars_vstd": 0.9979086299069773,
  "efc": 0.5233003135575708,
  "fber": 2035.832275390625,
  "fd_mean": 0.12254430037893824,
  "fd_num": 9,
  "fd_perc": 4.166666666666667,
  "fwhm_avg": 1.6773179187451719,
  "fwhm_x": 1.6640246031613646,
  "fwhm_y": 1.7250409689137187,
  "fwhm_z": 1.6428881841604321,
  "gcor": 0.0141541,
  "gsr_x": -0.0062617468647658825,
  "gsr_y": 0.01848437823355198,
  "provenance": {
    "md5sum": "18d870c18e87d99d71a488825ee265ee",
    "settings": {
      "fd_thres": 0.2,
      "testing": false
    },
    "software": "mriqc",
    "version": "22.0.6",
    "webapi_port": null,
    "webapi_url": "https://mriqc.nimh.nih.gov/api/v1"
  },
  "size_t": 216,
  "size_x": 74,
  "size_y": 74,
  "size_z": 36,
  "snr": 7.161833108125764,
  "spacing_tr": 2.0199999809265137,
  "spacing_x": 2.972972869873047,
  "spacing_y": 2.972972869873047,
  "spacing_z": 3.2200000286102295,
  "summary_bg_k": 23.489772867757686,
  "summary_bg_mad": 12.121646335054404,
  "summary_bg_mean": 51.997005462646484,
  "summary_bg_median": 21.143518447875977,
  "summary_bg_n": 122050.0,
  "summary_bg_p05": 9.773148536682129,
  "summary_bg_p95": 214.8053291320796,
  "summary_bg_stdv": 93.04572296142578,
  "summary_fg_k": 2.29373385777712,
  "summary_fg_mad": 137.5010398085754,
  "summary_fg_mean": 979.9544067382812,
  "summary_fg_median": 972.1550903320312,
  "summary_fg_n": 35986.0,
  "summary_fg_p05": 790.4271087646484,
  "summary_fg_p95": 1194.20947265625,
  "summary_fg_stdv": 135.7392120361328,
  "tsnr": 102.44756226567551
}