{
  "bids_meta": {
    "AcquisitionMatrixPE": 192,
    "AcquisitionNumber": 1,
    "AcquisitionTime": "11:49:5.565000",
    "BaseResolution": 192,
    "BodyPartExamined": "BRAIN",
    "CoilString": "HE1-4;NE1_2",
    "ConsistencyInfo": "N4_VE11C_LATEST_20160120",
    "ConversionSoftware": "dcm2niix",
    "ConversionSoftwareVersion": "v1.0.20190410  GCC6.3.0",
    "DeviceSerialNumber": "166048",
    "DwellTime": 3.5e-06,
    "EchoTime": 0.567,
    "EchoTrainLength": 314,
    "FlipAngle": 120,
    "ImageOrientationPatientDICOM": [
      0,
      1,
      0,
      -0.0540789,
      0,
      -0.998537
    ],
    "ImageType": [
      "ORIGINAL",
      "PRIMARY",
      "M",
      "ND",
      "NORM"
    ],
    "ImagingFrequency": 123.246,
    "InPlanePhaseEncodingDirectionDICOM": "ROW",
    "InstitutionAddress": "North_13th_1701_Philadelphia_PA_US_19122",
    "InstitutionName": "Temple_University_-_Weiss_Hall",
    "InstitutionalDepartmentName": "Department",
    "MRAcquisitionType": "3D",
    "MagneticFieldStrength": 3,
    "Manufacturer": "Siemens",
    "ManufacturersModelName": "Prisma",
    "Modality": "MR",
    "PartialFourier": 1,
    "PatientPosition": "HFS",
    "PercentPhaseFOV": 100,
    "PhaseEncodingSteps": 209,
    "PhaseOversampling": 0.1,
    "PhaseResolution": 1,
    "PixelBandwidth": 745,
    "ProcedureStepDescription": "SMITH_SRNDNA",
    "ProtocolName": "T2w-anat_spc_07sag_iso",
    "PulseSequenceDetails": "%SiemensSeq%_tse_vfl",
    "ReceiveCoilActiveElements": "HE1-4;NE1,2",
    "ReceiveCoilName": "HeadNeck_20",
    "ReconMatrixPE": 192,
    "RefLinesPE": 32,
    "RepetitionTime": 3.2,
    "SAR": 0.169549,
    "ScanOptions": "PFP",
    "ScanningSequence": "SE",
    "SequenceName": "_spc_314ns",
    "SequenceVariant": "SK_SP_OSP",
    "SeriesDescription": "T2w-anat_spc_07sag_iso",
    "SeriesNumber": 3,
    "ShimSetting": [
      1395,
      -7366,
      6449,
      129,
      91,
      -213,
      -22,
      -30
    ],
    "SliceThickness": 1,
    "SoftwareVersions": "syngo_MR_E11",
    "StationName": "AWP166048",
    "TxRefAmp": 266.322,
    "dataset": "ds003745",
    "modality": "T2w",
    "subject_id": "128"
  },
  "cjv": 0.5580072500736717,
  "cnr": 2.549977642467263,
  "efc": 0.592774588602903,
  "fber": 5597.093521722414,
  "fwhm_avg": 2.742373333333333,
  "fwhm_x": 2.58655,
  "fwhm_y": 3.05652,
  "fwhm_z": 2.58405,
  "icvs_csf": 0.27807528408448423,
  "icvs_gm": 0.6676915793247394,
  "icvs_wm": 0.054233136590776394,
  "inu_med": 0.876041829586029,
  "inu_range": 0.20734539628028847,
  "provenance": {
    "md5sum": "021de198c6d844e93eb6383856458c38",
    "settings": {
      "testing": false
    },
    "software": "mriqc",
    "version": "22.0.6",
    "warnings": {
      "large_rot_frame": true,
      "small_air_mask": false
    },
    "webapi_port": null,
    "webapi_url": "https://mriqc.nimh.nih.gov/api/v1"
  },
  "qi_1": 0.0,
  "qi_2": 0.00109566176362417,
  "rpve_csf": 10.327131614340818,
  "rpve_gm": 5.822822189323405,
  "rpve_wm": 62.18145154188901,
  "size_x": 192,
  "size_y": 192,
  "size_z": 192,
  "snr_csf": 5.1753408240685435,
  "snr_gm": 6.789399023246537,
  "snr_total": 4.3890202656757324,
  "snr_wm": 1.2023209497121166,
  "snrd_csf": 143.23510146031668,
  "snrd_gm": 48.69050065343502,
  "snrd_total": 68.61611003955022,
  "snrd_wm": 13.922728004898948,
  "spacing_x": 1.0,
  "spacing_y": 1.0,
  "spacing_z": 1.0,
  "summary_bg_k": 5.1841876196146846,
  "summary_bg_mad": 0.0,
  "summary_bg_mean": 32.44637550728936,
  "summary_bg_median": 0.0,
  "summary_bg_n": 1945452.0,
  "summary_bg_p05": 0.0,
  "summary_bg_p95": 135.88967782258987,
  "summary_bg_stdv": 47.028797042547815,
  "summary_csf_k": 1.0319454728409934,
  "summary_csf_mad": 1828.8586275620785,
  "summary_csf_mean": 10518.525871875889,
  "summary_csf_median": 10282.094714850187,
  "summary_csf_n": 75994.0,
  "summary_csf_p05": 7156.688185028732,
  "summary_csf_p95": 13350.824485480785,
  "summary_csf_stdv": 1986.7342873553414,
  "summary_gm_k": 0.11972102545400576,
  "summary_gm_mad": 505.338141046057,
  "summary_gm_mean": 3539.3939779293137,
  "summary_gm_median": 3495.234997063875,
  "summary_gm_n": 387015.0,
  "summary_gm_p05": 2765.7810004353523,
  "summary_gm_p95": 4458.795963406563,
  "summary_gm_stdv": 514.8070498524262,
  "summary_wm_k": 7.37048273759307,
  "summary_wm_mad": 887.3338805604777,
  "summary_wm_mean": 1133.1293521539503,
  "summary_wm_median": 999.4394291341305,
  "summary_wm_n": 2529.0,
  "summary_wm_p05": 142.70658575296403,
  "summary_wm_p95": 2479.022386574745,
  "summary_wm_stdv": 831.0940718962707,
  "tpm_overlap_csf": 0.15791692346255107,
  "tpm_overlap_gm": 0.4054152034809942,
  "tpm_overlap_wm": 0.02345353011307263,
  "wm2max": 0.0736547434972732
}