{
  "aor": 0.006808651162790697,
  "aqi": 0.009989707255813954,
  "bids_meta": {
    "AcquisitionMatrixPE": 74,
    "AcquisitionNumber": 1,
    "AcquisitionTime": "",
    "BandwidthPerPixelPhaseEncode": 27.579,
    "BaseResolution": 74,
    "BodyPartExamined": "BRAIN",
    "CogAtlasID": "doi:TODO",
    "CoilString": "HE1-4;NE1_2",
    "ConsistencyInfo": "N4_VE11C_LATEST_20160120",
    "ConversionSoftware": "dcm2niix",
    "ConversionSoftwareVersion": "v1.0.20190410  GCC6.3.0",
    "DerivedVendorReportedEchoSpacing": 0.000489993,
    "DeviceSerialNumber": "166048",
    "DwellTime": 2.9e-06,
    "EchoTime": 0.023,
    "EchoTrainLength": 74,
    "EffectiveEchoSpacing": 0.000489993,
    "FlipAngle": 76,
    "ImageOrientationPatientDICOM": [
      1,
      0,
      0,
      0,
      0.956305,
      -0.292372
    ],
    "ImageType": [
      "ORIGINAL",
      "PRIMARY",
      "M",
      "ND",
      "NORM",
      "MOSAIC"
    ],
    "ImagingFrequency": 123.246,
    "InPlanePhaseEncodingDirectionDICOM": "COL",
    "InstitutionAddress": "North_13th_1701_Philadelphia_PA_US_19122",
    "InstitutionName": "Temple_University_-_Weiss_Hall",
    "InstitutionalDepartmentName": "Department",
    "MRAcquisitionType": "2D",
    "MagneticFieldStrength": 3,
    "Manufacturer": "Siemens",
    "ManufacturersModelName": "Prisma",
    "Modality": "MR",
    "PartialFourier": 1,
    "PatientPosition": "HFS",
    "PercentPhaseFOV": 100,
    "PhaseEncodingDirection": "j-",
    "PhaseEncodingSteps": 74,
    "PhaseResolution": 1,
    "PixelBandwidth": 2330,
    "ProcedureStepDescription": "SMITH_SRNDNA",
    "ProtocolName": "func-bold_trust_run2",
    "PulseSequenceDetails": "%SiemensSeq%_ep2d_bold",
    "ReceiveCoilActiveElements": "HE1-4;NE1,2",
    "ReceiveCoilName": "HeadNeck_20",
    "ReconMatrixPE": 74,
    "RepetitionTime": 2.02,
    "SAR": 0.111609,
    "ScanOptions": "FS",
    "ScanningSequence": "EP",
    "SequenceName": "_epfid2d1_74",
    "SequenceVariant": "SK",
    "SeriesDescription": "func-bold_trust_run2",
    "SeriesNumber": 12,
    "ShimSetting": [
      1449,
      -7418,
      6533,
      331,
      143,
      103,
      29,
      60
    ],
    "SliceThickness": 2.8,
    "SliceTiming": [
      1.945,
      1.89,
      1.835,
      1.7775,
      1.7225,
      1.6675,
      1.6125,
      1.5575,
      1.5,
      1.445,
      1.39,
      1.335,
      1.2775,
      1.2225,
      1.1675,
      1.1125,
      1.0575,
      1,
      0.945,
      0.89,
      0.835,
      0.7775,
      0.7225,
      0.6675,
      0.6125,
      0.5575,
      0.5,
      0.445,
      0.39,
      0.335,
      0.28,
      0.2225,
      0.1675,
      0.1125,
      0.0575,
      0
    ],
    "SoftwareVersions": "syngo_MR_E11",
    "SpacingBetweenSlices": 3.22,
    "StationName": "AWP166048",
    "TaskName": "trust",
    "TotalReadoutTime": 0.0357695,
    "TxRefAmp": 278.861,
    "dataset": "ds003745",
    "modality": "bold",
    "run_id": 3,
    "subject_id": "104",
    "task_id": "trust"
  },
  "dummy_trs": 2,
  "dvars_nstd": 23.01764584056074,
  "dvars_std": 1.3050796210280369,
  "dvars_vstd": 1.043491049158879,
  "efc": 0.52839578843833,
  "fber": 2288.6259765625,
  "fd_mean": 0.15161795143282367,
  "fd_num": 46,
  "fd_perc": 21.3953488372093,
  "fwhm_avg": 1.7915086388929955,
  "fwhm_x": 1.7032513317944382,
  "fwhm_y": 1.9519888858749697,
  "fwhm_z": 1.7192856990095782,
  "gcor": 0.0476174,
  "gsr_x": -0.00573586905375123,
  "gsr_y": 0.04579384624958038,
  "provenance": {
    "md5sum": "91f623d8f04192cbdc65ea57d2bb2145",
    "settings": {
      "fd_thres": 0.2,
      "testing": false
    },
    "software": "mriqc",
    "version": "22.0.6",
    "webapi_port": null,
    "webapi_url": "https://mriqc.nimh.nih.gov/api/v1"
  },
  "size_t": 215,
  "size_x": 74,
  "size_y": 74,
  "size_z": 36,
  "snr": 7.059379715176122,
  "spacing_tr": 2.0199999809265137,
  "spacing_x": 2.972972869873047,
  "spacing_y": 2.972972869873047,
  "spacing_z": 3.2200000286102295,
  "summary_bg_k": 16.816248340197856,
  "summary_bg_mad": 10.971255851373591,
  "summary_bg_mean": 52.748130798339844,
  "summary_bg_median": 19.865116119384766,
  "summary_bg_n": 121535.0,
  "summary_bg_p05": 10.093023300170898,
  "summary_bg_p95": 234.4883682250971,
  "summary_bg_stdv": 90.62319946289062,
  "summary_fg_k": 3.451446502511123,
  "summary_fg_mad": 123.5731393897955,
  "summary_fg_mean": 975.6470336914062,
  "summary_fg_median": 965.8464965820312,
  "summary_fg_n": 37694.0,
  "summary_fg_p05": 789.7953491210938,
  "summary_fg_p95": 1196.3092468261718,
  "summary_fg_stdv": 136.81565856933594,
  "tsnr": 68.0606372236507
}