{
  "bids_meta": {
    "AcquisitionMatrixPE": 192,
    "AcquisitionNumber": 1,
    "AcquisitionTime": "12:30:0.365000",
    "BaseResolution": 192,
    "BodyPartExamined": "BRAIN",
    "CoilString": "HE1-4;NE1_2",
    "ConsistencyInfo": "N4_VE11C_LATEST_20160120",
    "ConversionSoftware": "dcm2niix",
    "ConversionSoftwareVersion": "v1.0.20190410  GCC6.3.0",
    "DeviceSerialNumber": "166048",
    "DwellTime": 1.24e-05,
    "EchoTime": 0.0022,
    "FlipAngle": 8,
    "ImageOrientationPatientDICOM": [
      0,
      1,
      0,
      0,
      0,
      -1
    ],
    "ImageType": [
      "ORIGINAL",
      "PRIMARY",
      "M",
      "ND",
      "NORM",
      "FM3",
      "2",
      "FIL"
    ],
    "ImagingFrequency": 123.246,
    "InPlanePhaseEncodingDirectionDICOM": "ROW",
    "InstitutionAddress": "North_13th_1701_Philadelphia_PA_US_19122",
    "InstitutionName": "Temple_University_-_Weiss_Hall",
    "InstitutionalDepartmentName": "Department",
    "InversionTime": 1.15,
    "MRAcquisitionType": "3D",
    "MagneticFieldStrength": 3,
    "Manufacturer": "Siemens",
    "ManufacturersModelName": "Prisma",
    "Modality": "MR",
    "PartialFourier": 1,
    "PatientPosition": "HFS",
    "PercentPhaseFOV": 100,
    "PhaseEncodingSteps": 211,
    "PhaseOversampling": 0.1,
    "PhaseResolution": 1,
    "PixelBandwidth": 210,
    "ProcedureStepDescription": "SMITH_SRNDNA",
    "ProtocolName": "T1w-anat_mpg_07sag_iso",
    "PulseSequenceDetails": "%SiemensSeq%_tfl",
    "ReceiveCoilActiveElements": "HE1-4;NE1,2",
    "ReceiveCoilName": "HeadNeck_20",
    "ReconMatrixPE": 192,
    "RefLinesPE": 32,
    "RepetitionTime": 2.4,
    "SAR": 0.0507741,
    "ScanOptions": "IR_WE",
    "ScanningSequence": "GR_IR",
    "SequenceName": "_tfl3d1_16ns",
    "SequenceVariant": "SK_SP_MP_OSP",
    "SeriesDescription": "T1w-anat_mpg_07sag_iso",
    "SeriesNumber": 5,
    "ShimSetting": [
      1444,
      -7444,
      6504,
      240,
      48,
      -262,
      32,
      8
    ],
    "SliceThickness": 1,
    "SoftwareVersions": "syngo_MR_E11",
    "StationName": "AWP166048",
    "TxRefAmp": 282.475,
    "dataset": "ds003745",
    "modality": "T1w",
    "subject_id": "155"
  },
  "cjv": 0.3189698686785697,
  "cnr": 4.098568967861361,
  "efc": 0.6402696652762366,
  "fber": 21550.88527955561,
  "fwhm_avg": 4.105916666666666,
  "fwhm_x": 4.02377,
  "fwhm_y": 4.19174,
  "fwhm_z": 4.10224,
  "icvs_csf": 0.20646912880079948,
  "icvs_gm": 0.44292097773897826,
  "icvs_wm": 0.35060989346022225,
  "inu_med": 0.4105624556541443,
  "inu_range": 0.16244694888591765,
  "provenance": {
    "md5sum": "c3037012a71caa2fa7b2b55622dbf82c",
    "settings": {
      "testing": false
    },
    "software": "mriqc",
    "version": "22.0.6",
    "warnings": {
      "large_rot_frame": true,
      "small_air_mask": false
    },
    "webapi_port": null,
    "webapi_url": "https://mriqc.nimh.nih.gov/api/v1"
  },
  "qi_1": 0.0,
  "qi_2": 0.010311893788781135,
  "rpve_csf": 15.755813822665752,
  "rpve_gm": 7.759820165147146,
  "rpve_wm": 11.27197882644442,
  "size_x": 192,
  "size_y": 192,
  "size_z": 192,
  "snr_csf": 2.419063875090696,
  "snr_gm": 11.89975591785469,
  "snr_total": 14.72627547345116,
  "snr_wm": 29.860006627408094,
  "snrd_csf": 32.26318217245695,
  "snrd_gm": 93.83409670968403,
  "snrd_total": 85.6783942792162,
  "snrd_wm": 130.93790395550764,
  "spacing_x": 1.0,
  "spacing_y": 1.0,
  "spacing_z": 1.0,
  "summary_bg_k": 10.242037151260696,
  "summary_bg_mad": 5.0037417488962825,
  "summary_bg_mean": 4.224437038910201,
  "summary_bg_median": 3.3749725222587585,
  "summary_bg_n": 1358087.0,
  "summary_bg_p05": 0.0,
  "summary_bg_p95": 15.187376350164413,
  "summary_bg_stdv": 5.653497978829147,
  "summary_csf_k": 1.131881263983515,
  "summary_csf_mad": 89.93738416197994,
  "summary_csf_mean": 256.2652780918689,
  "summary_csf_median": 246.41682493686676,
  "summary_csf_n": 29473.0,
  "summary_csf_p05": 106.79815646409989,
  "summary_csf_p95": 442.82269340753555,
  "summary_csf_stdv": 101.86281026155233,
  "summary_gm_k": 0.24923253638185328,
  "summary_gm_mad": 57.64050560092211,
  "summary_gm_mean": 715.7886331059395,
  "summary_gm_median": 716.6776066422462,
  "summary_gm_n": 46435.0,
  "summary_gm_p05": 614.9682074487209,
  "summary_gm_p95": 814.1200762897729,
  "summary_gm_stdv": 60.22559576431004,
  "summary_wm_k": 0.6558610978318109,
  "summary_wm_mad": 32.75176417459385,
  "summary_wm_mean": 1000.6320049978992,
  "summary_wm_median": 1000.0657214820385,
  "summary_wm_n": 194557.0,
  "summary_wm_p05": 946.9427773654461,
  "summary_wm_p95": 1054.6350823938847,
  "summary_wm_stdv": 33.49172570011919,
  "tpm_overlap_csf": 0.16661044816035797,
  "tpm_overlap_gm": 0.4718317961122382,
  "tpm_overlap_wm": 0.5166806021718049,
  "wm2max": 0.8951157316594743
}