{
  "bids_meta": {
    "AcquisitionMatrixPE": 192,
    "AcquisitionNumber": 1,
    "AcquisitionTime": "18:32:36.532500",
    "BaseResolution": 192,
    "BodyPartExamined": "BRAIN",
    "CoilString": "HE1-4;NE1_2",
    "ConsistencyInfo": "N4_VE11C_LATEST_20160120",
    "ConversionSoftware": "dcm2niix",
    "ConversionSoftwareVersion": "v1.0.20190410  GCC6.3.0",
    "DeviceSerialNumber": "166048",
    "DwellTime": 3.5e-06,
    "EchoTime": 0.567,
    "EchoTrainLength": 314,
    "FlipAngle": 120,
    "ImageOrientationPatientDICOM": [
      0,
      1,
      0,
      0,
      0,
      -1
    ],
    "ImageType": [
      "ORIGINAL",
      "PRIMARY",
      "M",
      "ND",
      "NORM"
    ],
    "ImagingFrequency": 123.246,
    "InPlanePhaseEncodingDirectionDICOM": "ROW",
    "InstitutionAddress": "North_13th_1701_Philadelphia_PA_US_19122",
    "InstitutionName": "Temple_University_-_Weiss_Hall",
    "InstitutionalDepartmentName": "Department",
    "MRAcquisitionType": "3D",
    "MagneticFieldStrength": 3,
    "Manufacturer": "Siemens",
    "ManufacturersModelName": "Prisma",
    "Modality": "MR",
    "PartialFourier": 1,
    "PatientPosition": "HFS",
    "PercentPhaseFOV": 100,
    "PhaseEncodingSteps": 209,
    "PhaseOversampling": 0.1,
    "PhaseResolution": 1,
    "PixelBandwidth": 745,
    "ProcedureStepDescription": "SMITH_SRNDNA",
    "ProtocolName": "T2w-anat_spc_07sag_iso",
    "PulseSequenceDetails": "%SiemensSeq%_tse_vfl",
    "ReceiveCoilActiveElements": "HE1-4;NE1,2",
    "ReceiveCoilName": "HeadNeck_20",
    "ReconMatrixPE": 192,
    "RefLinesPE": 32,
    "RepetitionTime": 3.2,
    "SAR": 0.126471,
    "ScanOptions": "PFP",
    "ScanningSequence": "SE",
    "SequenceName": "_spc_314ns",
    "SequenceVariant": "SK_SP_OSP",
    "SeriesDescription": "T2w-anat_spc_07sag_iso",
    "SeriesNumber": 3,
    "ShimSetting": [
      1424,
      -7424,
      6441,
      390,
      17,
      -357,
      -79,
      8
    ],
    "SliceThickness": 1,
    "SoftwareVersions": "syngo_MR_E11",
    "StationName": "AWP166048",
    "TxRefAmp": 248.114,
    "dataset": "ds003745",
    "modality": "T2w",
    "subject_id": "116"
  },
  "cjv": 0.4593411670704626,
  "cnr": 1.841384665337585,
  "efc": 0.5990211385991872,
  "fber": 4892.04114912064,
  "fwhm_avg": 2.55942,
  "fwhm_x": 2.45639,
  "fwhm_y": 2.83034,
  "fwhm_z": 2.39153,
  "icvs_csf": 0.3046265956986532,
  "icvs_gm": 0.15906961721614318,
  "icvs_wm": 0.5363037870852037,
  "inu_med": 0.9436704516410828,
  "inu_range": 0.23415964245796206,
  "provenance": {
    "md5sum": "7afdc72460465e21013e56ace8f586f1",
    "settings": {
      "testing": false
    },
    "software": "mriqc",
    "version": "22.0.6",
    "warnings": {
      "large_rot_frame": true,
      "small_air_mask": false
    },
    "webapi_port": null,
    "webapi_url": "https://mriqc.nimh.nih.gov/api/v1"
  },
  "qi_1": 3.3759532625923055e-05,
  "qi_2": 0.0013273976505239712,
  "rpve_csf": 10.237759601780422,
  "rpve_gm": 25.870250692292174,
  "rpve_wm": 7.282508948090585,
  "size_x": 192,
  "size_y": 192,
  "size_z": 192,
  "snr_csf": 9.183548559785864,
  "snr_gm": 2.7934151581332745,
  "snr_total": 6.90090380702112,
  "snr_wm": 8.725747703144222,
  "snrd_csf": 73.2087839539356,
  "snrd_gm": 128.8153201253284,
  "snrd_total": 81.80880504047572,
  "snrd_wm": 43.40231104216315,
  "spacing_x": 1.0,
  "spacing_y": 1.0,
  "spacing_z": 1.0,
  "summary_bg_k": 13.35202770251399,
  "summary_bg_mad": 0.0,
  "summary_bg_mean": 9.83634702269603,
  "summary_bg_median": 0.0,
  "summary_bg_n": 1521551.0,
  "summary_bg_p05": 0.0,
  "summary_bg_p95": 40.338486447930336,
  "summary_bg_stdv": 15.09642556079251,
  "summary_csf_k": 0.9249559266725358,
  "summary_csf_mad": 173.38059687524304,
  "summary_csf_mean": 1701.0294961968902,
  "summary_csf_median": 1686.9631382972002,
  "summary_csf_n": 24756.0,
  "summary_csf_p05": 1432.3184894230217,
  "summary_csf_p95": 2024.5752734933048,
  "summary_csf_stdv": 183.69033006875972,
  "summary_gm_k": 0.39006765606940474,
  "summary_gm_mad": 789.2684733705976,
  "summary_gm_mean": 2684.3885131664815,
  "summary_gm_median": 2968.314524061978,
  "summary_gm_n": 27852.0,
  "summary_gm_p05": 257.0242378223688,
  "summary_gm_p95": 3790.9556023020295,
  "summary_gm_stdv": 1062.5922278911821,
  "summary_wm_k": 0.11612624075787403,
  "summary_wm_mad": 114.80097192446723,
  "summary_wm_mean": 1001.126110329224,
  "summary_wm_median": 1000.127237342298,
  "summary_wm_n": 218637.0,
  "summary_wm_p05": 816.0463083341718,
  "summary_wm_p95": 1189.285471111536,
  "summary_wm_stdv": 114.61767910074802,
  "tpm_overlap_csf": 0.11286007188463257,
  "tpm_overlap_gm": 0.09445025116889232,
  "tpm_overlap_wm": 0.4552811322414395,
  "wm2max": 0.26537571961575473
}