{
  "bids_meta": {
    "AcquisitionMatrixPE": 192,
    "AcquisitionNumber": 1,
    "AcquisitionTime": "18:36:39.262500",
    "BaseResolution": 192,
    "BodyPartExamined": "BRAIN",
    "CoilString": "HE1-4;NE1_2",
    "ConsistencyInfo": "N4_VE11C_LATEST_20160120",
    "ConversionSoftware": "dcm2niix",
    "ConversionSoftwareVersion": "v1.0.20190410  GCC6.3.0",
    "DeviceSerialNumber": "166048",
    "DwellTime": 1.24e-05,
    "EchoTime": 0.0022,
    "FlipAngle": 8,
    "ImageOrientationPatientDICOM": [
      0,
      1,
      0,
      0,
      0,
      -1
    ],
    "ImageType": [
      "ORIGINAL",
      "PRIMARY",
      "M",
      "ND",
      "NORM",
      "FM3",
      "2",
      "FIL"
    ],
    "ImagingFrequency": 123.246,
    "InPlanePhaseEncodingDirectionDICOM": "ROW",
    "InstitutionAddress": "North_13th_1701_Philadelphia_PA_US_19122",
    "InstitutionName": "Temple_University_-_Weiss_Hall",
    "InstitutionalDepartmentName": "Department",
    "InversionTime": 1.15,
    "MRAcquisitionType": "3D",
    "MagneticFieldStrength": 3,
    "Manufacturer": "Siemens",
    "ManufacturersModelName": "Prisma",
    "Modality": "MR",
    "PartialFourier": 1,
    "PatientPosition": "HFS",
    "PercentPhaseFOV": 100,
    "PhaseEncodingSteps": 211,
    "PhaseOversampling": 0.1,
    "PhaseResolution": 1,
    "PixelBandwidth": 210,
    "ProcedureStepDescription": "SMITH_SRNDNA",
    "ProtocolName": "T1w-anat_mpg_07sag_iso",
    "PulseSequenceDetails": "%SiemensSeq%_tfl",
    "ReceiveCoilActiveElements": "HE1-4;NE1,2",
    "ReceiveCoilName": "HeadNeck_20",
    "ReconMatrixPE": 192,
    "RefLinesPE": 32,
    "RepetitionTime": 2.4,
    "SAR": 0.0344299,
    "ScanOptions": "IR_WE",
    "ScanningSequence": "GR_IR",
    "SequenceName": "_tfl3d1_16ns",
    "SequenceVariant": "SK_SP_MP_OSP",
    "SeriesDescription": "T1w-anat_mpg_07sag_iso",
    "SeriesNumber": 5,
    "ShimSetting": [
      1424,
      -7424,
      6441,
      390,
      17,
      -357,
      -79,
      8
    ],
    "SliceThickness": 1,
    "SoftwareVersions": "syngo_MR_E11",
    "StationName": "AWP166048",
    "TxRefAmp": 248.114,
    "dataset": "ds003745",
    "modality": "T1w",
    "subject_id": "116"
  },
  "cjv": 0.3182437100773169,
  "cnr": 4.092939749202938,
  "efc": 0.6235874955845356,
  "fber": 26490.36860879905,
  "fwhm_avg": 4.120259999999999,
  "fwhm_x": 3.99669,
  "fwhm_y": 4.29332,
  "fwhm_z": 4.07077,
  "icvs_csf": 0.21357518733302475,
  "icvs_gm": 0.43383219840008475,
  "icvs_wm": 0.3525926142668905,
  "inu_med": 0.38752037286758423,
  "inu_range": 0.13071148842573166,
  "provenance": {
    "md5sum": "be91417da0c8e39c77f25b95e174b060",
    "settings": {
      "testing": false
    },
    "software": "mriqc",
    "version": "22.0.6",
    "warnings": {
      "large_rot_frame": true,
      "small_air_mask": false
    },
    "webapi_port": null,
    "webapi_url": "https://mriqc.nimh.nih.gov/api/v1"
  },
  "qi_1": 0.0,
  "qi_2": 0.0065614543772004605,
  "rpve_csf": 15.90123828184421,
  "rpve_gm": 8.086169624482595,
  "rpve_wm": 11.508700845685068,
  "size_x": 192,
  "size_y": 192,
  "size_z": 192,
  "snr_csf": 2.3869268823525416,
  "snr_gm": 12.563219907655176,
  "snr_total": 14.5810474252348,
  "snr_wm": 28.792995485696682,
  "snrd_csf": 29.433383667462664,
  "snrd_gm": 86.63622894367384,
  "snrd_total": 78.59055460999666,
  "snrd_wm": 119.70205121885348,
  "spacing_x": 1.0,
  "spacing_y": 1.0,
  "spacing_z": 1.0,
  "summary_bg_k": 9.003348702288326,
  "summary_bg_mad": 0.0,
  "summary_bg_mean": 3.4575798032712255,
  "summary_bg_median": 0.0,
  "summary_bg_n": 1516416.0,
  "summary_bg_p05": 0.0,
  "summary_bg_p95": 14.649821873754263,
  "summary_bg_stdv": 5.473386991481905,
  "summary_csf_k": 0.8221073267846801,
  "summary_csf_mad": 93.34508631700166,
  "summary_csf_mean": 257.2449404216058,
  "summary_csf_median": 245.90344740543514,
  "summary_csf_n": 36692.0,
  "summary_csf_p05": 109.15514417923987,
  "summary_csf_p95": 450.7873935643581,
  "summary_csf_stdv": 103.01953456848003,
  "summary_gm_k": 0.2832746181264785,
  "summary_gm_mad": 55.601653887984185,
  "summary_gm_mean": 722.429949699831,
  "summary_gm_median": 723.8089785445482,
  "summary_gm_n": 32039.0,
  "summary_gm_p05": 625.1102944193408,
  "summary_gm_p95": 814.1648485781625,
  "summary_gm_stdv": 57.61243439405026,
  "summary_wm_k": 1.0122976083896127,
  "summary_wm_mad": 32.313467826332484,
  "summary_wm_mean": 1000.5329489818945,
  "summary_wm_median": 1000.0599111802876,
  "summary_wm_n": 182960.0,
  "summary_wm_p05": 945.731825158,
  "summary_wm_p95": 1057.4017888959497,
  "summary_wm_stdv": 34.7326549845027,
  "tpm_overlap_csf": 0.15031667822536907,
  "tpm_overlap_gm": 0.4636810879647201,
  "tpm_overlap_wm": 0.4956341963003075,
  "wm2max": 0.8993260197088744
}