{
  "aor": 0.0012880555555555557,
  "aqi": 0.005627894675925926,
  "bids_meta": {
    "AcquisitionMatrixPE": 74,
    "AcquisitionNumber": 1,
    "AcquisitionTime": "",
    "BandwidthPerPixelPhaseEncode": 27.579,
    "BaseResolution": 74,
    "BodyPartExamined": "BRAIN",
    "CogAtlasID": "doi:TODO",
    "CoilString": "HE1-4;NE1_2",
    "ConsistencyInfo": "N4_VE11C_LATEST_20160120",
    "ConversionSoftware": "dcm2niix",
    "ConversionSoftwareVersion": "v1.0.20190410  GCC6.3.0",
    "DerivedVendorReportedEchoSpacing": 0.000489993,
    "DeviceSerialNumber": "166048",
    "DwellTime": 2.9e-06,
    "EchoTime": 0.023,
    "EchoTrainLength": 74,
    "EffectiveEchoSpacing": 0.000489993,
    "FlipAngle": 76,
    "ImageOrientationPatientDICOM": [
      1,
      0,
      0,
      0,
      0.973976,
      -0.226651
    ],
    "ImageType": [
      "ORIGINAL",
      "PRIMARY",
      "M",
      "ND",
      "NORM",
      "MOSAIC"
    ],
    "ImagingFrequency": 123.245,
    "InPlanePhaseEncodingDirectionDICOM": "COL",
    "InstitutionAddress": "North_13th_1701_Philadelphia_PA_US_19122",
    "InstitutionName": "Temple_University_-_Weiss_Hall",
    "InstitutionalDepartmentName": "Department",
    "MRAcquisitionType": "2D",
    "MagneticFieldStrength": 3,
    "Manufacturer": "Siemens",
    "ManufacturersModelName": "Prisma",
    "Modality": "MR",
    "PartialFourier": 1,
    "PatientPosition": "HFS",
    "PercentPhaseFOV": 100,
    "PhaseEncodingDirection": "j-",
    "PhaseEncodingSteps": 74,
    "PhaseResolution": 1,
    "PixelBandwidth": 2330,
    "ProcedureStepDescription": "SMITH_SRNDNA",
    "ProtocolName": "func-bold_trust_run0",
    "PulseSequenceDetails": "%SiemensSeq%_ep2d_bold",
    "ReceiveCoilActiveElements": "HE1-4;NE1,2",
    "ReceiveCoilName": "HeadNeck_20",
    "ReconMatrixPE": 74,
    "RepetitionTime": 2.02,
    "SAR": 0.0853969,
    "ScanOptions": "FS",
    "ScanningSequence": "EP",
    "SequenceName": "_epfid2d1_74",
    "SequenceVariant": "SK",
    "SeriesDescription": "func-bold_trust_run0",
    "SeriesNumber": 9,
    "ShimSetting": [
      1420,
      -7433,
      6522,
      420,
      21,
      8,
      -35,
      40
    ],
    "SliceThickness": 2.8,
    "SliceTiming": [
      1.945,
      1.8875,
      1.8325,
      1.7775,
      1.7225,
      1.665,
      1.61,
      1.555,
      1.5,
      1.445,
      1.3875,
      1.3325,
      1.2775,
      1.2225,
      1.1675,
      1.11,
      1.055,
      1,
      0.945,
      0.8875,
      0.8325,
      0.7775,
      0.7225,
      0.6675,
      0.61,
      0.555,
      0.5,
      0.445,
      0.3875,
      0.3325,
      0.2775,
      0.2225,
      0.1675,
      0.11,
      0.055,
      0
    ],
    "SoftwareVersions": "syngo_MR_E11",
    "SpacingBetweenSlices": 3.22,
    "StationName": "AWP166048",
    "TaskName": "trust",
    "TotalReadoutTime": 0.0357695,
    "TxRefAmp": 259.454,
    "dataset": "ds003745",
    "modality": "bold",
    "run_id": 1,
    "subject_id": "107",
    "task_id": "trust"
  },
  "dummy_trs": 1,
  "dvars_nstd": 26.7777205980465,
  "dvars_std": 1.4491631520000003,
  "dvars_vstd": 1.0010909768372094,
  "efc": 0.5482622636985762,
  "fber": 1849.9647216796875,
  "fd_mean": 0.09990724884597957,
  "fd_num": 11,
  "fd_perc": 5.092592592592593,
  "fwhm_avg": 1.7828236414468224,
  "fwhm_x": 1.7295886054350629,
  "fwhm_y": 1.9048138842389848,
  "fwhm_z": 1.7140684346664192,
  "gcor": 0.0195913,
  "gsr_x": -0.0025290576741099358,
  "gsr_y": 0.0317360945045948,
  "provenance": {
    "md5sum": "9a6da82c20ca0effd5d58cd802474b63",
    "settings": {
      "fd_thres": 0.2,
      "testing": false
    },
    "software": "mriqc",
    "version": "22.0.6",
    "webapi_port": null,
    "webapi_url": "https://mriqc.nimh.nih.gov/api/v1"
  },
  "size_t": 216,
  "size_x": 74,
  "size_y": 74,
  "size_z": 36,
  "snr": 5.898280861826666,
  "spacing_tr": 2.0199999809265137,
  "spacing_x": 2.972972869873047,
  "spacing_y": 2.972972869873047,
  "spacing_z": 3.2199997901916504,
  "summary_bg_k": 16.98861094707096,
  "summary_bg_mad": 6.911946244396815,
  "summary_bg_mean": 43.26727294921875,
  "summary_bg_median": 17.296297073364258,
  "summary_bg_n": 116363.0,
  "summary_bg_p05": 10.759722232818605,
  "summary_bg_p95": 197.9060150146481,
  "summary_bg_stdv": 73.56805419921875,
  "summary_fg_k": 2.2802684543246183,
  "summary_fg_mad": 126.81049508243143,
  "summary_fg_mean": 769.0252685546875,
  "summary_fg_median": 757.5787353515625,
  "summary_fg_n": 41186.0,
  "summary_fg_p05": 597.9733734130859,
  "summary_fg_p95": 979.0960845947266,
  "summary_fg_stdv": 128.4390411376953,
  "tsnr": 79.8832020284608
}