{
  "bids_meta": {
    "AcquisitionMatrixPE": 192,
    "AcquisitionNumber": 1,
    "AcquisitionTime": "18:36:6.532500",
    "BaseResolution": 192,
    "BodyPartExamined": "BRAIN",
    "CoilString": "HE1-4;NE1_2",
    "ConsistencyInfo": "N4_VE11C_LATEST_20160120",
    "ConversionSoftware": "dcm2niix",
    "ConversionSoftwareVersion": "v1.0.20190410  GCC6.3.0",
    "DeviceSerialNumber": "166048",
    "DwellTime": 3.5e-06,
    "EchoTime": 0.567,
    "EchoTrainLength": 314,
    "FlipAngle": 120,
    "ImageOrientationPatientDICOM": [
      0,
      1,
      0,
      0,
      0,
      -1
    ],
    "ImageType": [
      "ORIGINAL",
      "PRIMARY",
      "M",
      "ND",
      "NORM"
    ],
    "ImagingFrequency": 123.246,
    "InPlanePhaseEncodingDirectionDICOM": "ROW",
    "InstitutionAddress": "North_13th_1701_Philadelphia_PA_US_19122",
    "InstitutionName": "Temple_University_-_Weiss_Hall",
    "InstitutionalDepartmentName": "Department",
    "MRAcquisitionType": "3D",
    "MagneticFieldStrength": 3,
    "Manufacturer": "Siemens",
    "ManufacturersModelName": "Prisma",
    "Modality": "MR",
    "PartialFourier": 1,
    "PatientPosition": "HFS",
    "PercentPhaseFOV": 100,
    "PhaseEncodingSteps": 209,
    "PhaseOversampling": 0.1,
    "PhaseResolution": 1,
    "PixelBandwidth": 745,
    "ProcedureStepDescription": "SMITH_SRNDNA",
    "ProtocolName": "T2w-anat_spc_07sag_iso",
    "PulseSequenceDetails": "%SiemensSeq%_tse_vfl",
    "ReceiveCoilActiveElements": "HE1-4;NE1,2",
    "ReceiveCoilName": "HeadNeck_20",
    "ReconMatrixPE": 192,
    "RefLinesPE": 32,
    "RepetitionTime": 3.2,
    "SAR": 0.166653,
    "ScanOptions": "PFP",
    "ScanningSequence": "SE",
    "SequenceName": "_spc_314ns",
    "SequenceVariant": "SK_SP_OSP",
    "SeriesDescription": "T2w-anat_spc_07sag_iso",
    "SeriesNumber": 3,
    "ShimSetting": [
      1419,
      -7427,
      6463,
      303,
      -75,
      -222,
      52,
      55
    ],
    "SliceThickness": 1,
    "SoftwareVersions": "syngo_MR_E11",
    "StationName": "AWP166048",
    "TxRefAmp": 244.219,
    "dataset": "ds003745",
    "modality": "T2w",
    "subject_id": "115"
  },
  "cjv": 0.37561384514323337,
  "cnr": 2.132447072109701,
  "efc": 0.5854507203036214,
  "fber": 5036.199211183459,
  "fwhm_avg": 2.6117133333333333,
  "fwhm_x": 2.4884,
  "fwhm_y": 2.87947,
  "fwhm_z": 2.46727,
  "icvs_csf": 0.3712242141923677,
  "icvs_gm": 0.12502045759675753,
  "icvs_wm": 0.5037553282108748,
  "inu_med": 0.9476774036884308,
  "inu_range": 0.1902899593114853,
  "provenance": {
    "md5sum": "cbe395bb2f59cec44f73b6069cc6f5ef",
    "settings": {
      "testing": false
    },
    "software": "mriqc",
    "version": "22.0.6",
    "warnings": {
      "large_rot_frame": true,
      "small_air_mask": false
    },
    "webapi_port": null,
    "webapi_url": "https://mriqc.nimh.nih.gov/api/v1"
  },
  "qi_1": 1.6776585564780526e-05,
  "qi_2": 0.0012274580899308126,
  "rpve_csf": 8.814752028418242,
  "rpve_gm": 32.79426771126663,
  "rpve_wm": 7.338296723082463,
  "size_x": 192,
  "size_y": 192,
  "size_z": 192,
  "snr_csf": 9.37572346671052,
  "snr_gm": 2.977063888633064,
  "snr_total": 6.909166840078107,
  "snr_wm": 8.374713164890737,
  "snrd_csf": 62.130373825462016,
  "snrd_gm": 121.49110591078855,
  "snrd_total": 72.55017488691243,
  "snrd_wm": 34.029044924486726,
  "spacing_x": 1.0,
  "spacing_y": 1.0,
  "spacing_z": 1.0,
  "summary_bg_k": 10.352993429399259,
  "summary_bg_mad": 0.0,
  "summary_bg_mean": 12.632559260314379,
  "summary_bg_median": 0.0,
  "summary_bg_n": 1377453.0,
  "summary_bg_p05": 0.0,
  "summary_bg_p95": 46.0740218013525,
  "summary_bg_stdv": 19.252270724458125,
  "summary_csf_k": 0.8626127646043846,
  "summary_csf_mad": 184.51756012274936,
  "summary_csf_mean": 1830.0874508863863,
  "summary_csf_median": 1825.804179251194,
  "summary_csf_n": 30736.0,
  "summary_csf_p05": 1527.6720516942441,
  "summary_csf_p95": 2159.045264862478,
  "summary_csf_stdv": 194.7342500124697,
  "summary_gm_k": 0.5857671877497337,
  "summary_gm_mad": 852.0731688269818,
  "summary_gm_mean": 3147.100722281117,
  "summary_gm_median": 3570.2178380079567,
  "summary_gm_n": 17242.0,
  "summary_gm_p05": 282.6738089811057,
  "summary_gm_p95": 4216.115436877682,
  "summary_gm_stdv": 1199.2064790909994,
  "summary_wm_k": 0.7633062148139462,
  "summary_wm_mad": 113.33624454454589,
  "summary_wm_mean": 1001.8565016996846,
  "summary_wm_median": 999.9999776855111,
  "summary_wm_n": 202739.0,
  "summary_wm_p05": 809.9619328081608,
  "summary_wm_p95": 1198.4780085384846,
  "summary_wm_stdv": 119.4067774941548,
  "tpm_overlap_csf": 0.11921027371853468,
  "tpm_overlap_gm": 0.07659948782566627,
  "tpm_overlap_wm": 0.4531221199895349,
  "wm2max": 0.24095682613768962
}