{
  "bids_meta": {
    "AcquisitionMatrixPE": 192,
    "AcquisitionNumber": 1,
    "AcquisitionTime": "15:02:50.522500",
    "BaseResolution": 192,
    "BodyPartExamined": "HEAD",
    "CoilString": "HE1-4;NE1_2",
    "ConsistencyInfo": "N4_VE11C_LATEST_20160120",
    "ConversionSoftware": "dcm2niix",
    "ConversionSoftwareVersion": "v1.0.20190410  GCC6.3.0",
    "DeviceSerialNumber": "166048",
    "DwellTime": 3.5e-06,
    "EchoTime": 0.567,
    "EchoTrainLength": 314,
    "FlipAngle": 120,
    "ImageOrientationPatientDICOM": [
      0,
      1,
      0,
      0,
      0,
      -1
    ],
    "ImageType": [
      "ORIGINAL",
      "PRIMARY",
      "M",
      "ND",
      "NORM"
    ],
    "ImagingFrequency": 123.246,
    "InPlanePhaseEncodingDirectionDICOM": "ROW",
    "InstitutionAddress": "North_13th_1701_Philadelphia_PA_US_19122",
    "InstitutionName": "Temple_University_-_Weiss_Hall",
    "InstitutionalDepartmentName": "Department",
    "MRAcquisitionType": "3D",
    "MagneticFieldStrength": 3,
    "Manufacturer": "Siemens",
    "ManufacturersModelName": "Prisma",
    "Modality": "MR",
    "PartialFourier": 1,
    "PatientPosition": "HFS",
    "PercentPhaseFOV": 100,
    "PhaseEncodingSteps": 209,
    "PhaseOversampling": 0.1,
    "PhaseResolution": 1,
    "PixelBandwidth": 745,
    "ProcedureStepDescription": "SMITH_SRNDNA",
    "ProtocolName": "T2w-anat_spc_07sag_iso",
    "PulseSequenceDetails": "%SiemensSeq%_tse_vfl",
    "ReceiveCoilActiveElements": "HE1-4;NE1,2",
    "ReceiveCoilName": "HeadNeck_20",
    "ReconMatrixPE": 192,
    "RefLinesPE": 32,
    "RepetitionTime": 3.2,
    "SAR": 0.206519,
    "ScanOptions": "PFP",
    "ScanningSequence": "SE",
    "SequenceName": "_spc_314ns",
    "SequenceVariant": "SK_SP_OSP",
    "SeriesDescription": "T2w-anat_spc_07sag_iso",
    "SeriesNumber": 3,
    "ShimSetting": [
      1445,
      -7381,
      6435,
      135,
      -19,
      -118,
      -42,
      66
    ],
    "SliceThickness": 1,
    "SoftwareVersions": "syngo_MR_E11",
    "StationName": "AWP166048",
    "TxRefAmp": 285.422,
    "dataset": "ds003745",
    "modality": "T2w",
    "subject_id": "111"
  },
  "cjv": 0.5838944187373842,
  "cnr": 2.1763536976783975,
  "efc": 0.5959590400660016,
  "fber": 4201.6988823142665,
  "fwhm_avg": 2.962203333333333,
  "fwhm_x": 2.83857,
  "fwhm_y": 3.25351,
  "fwhm_z": 2.79453,
  "icvs_csf": 0.27892918488755397,
  "icvs_gm": 0.6541456979706906,
  "icvs_wm": 0.06692511714175546,
  "inu_med": 0.7781901359558105,
  "inu_range": 0.165376102924347,
  "provenance": {
    "md5sum": "9e3fec382451c737267526bdbdf79e38",
    "settings": {
      "testing": false
    },
    "software": "mriqc",
    "version": "22.0.6",
    "warnings": {
      "large_rot_frame": true,
      "small_air_mask": false
    },
    "webapi_port": null,
    "webapi_url": "https://mriqc.nimh.nih.gov/api/v1"
  },
  "qi_1": 2.9465912653605802e-05,
  "qi_2": 0.0006211641348783089,
  "rpve_csf": 10.296302215283097,
  "rpve_gm": 5.465281381141765,
  "rpve_wm": 43.85239232664029,
  "size_x": 192,
  "size_y": 192,
  "size_z": 192,
  "snr_csf": 7.615878281377506,
  "snr_gm": 6.6680238865787675,
  "snr_total": 5.084392200355434,
  "snr_wm": 0.9692744331100274,
  "snrd_csf": 116.31828851817232,
  "snrd_gm": 36.02747763029637,
  "snrd_total": 54.18718412645128,
  "snrd_wm": 10.215786230885142,
  "spacing_x": 1.0,
  "spacing_y": 1.0,
  "spacing_z": 1.0,
  "summary_bg_k": 113.36941245464591,
  "summary_bg_mad": 0.0,
  "summary_bg_mean": 38.253265229502446,
  "summary_bg_median": 0.0,
  "summary_bg_n": 1504361.0,
  "summary_bg_p05": 0.0,
  "summary_bg_p95": 146.6268926113844,
  "summary_bg_stdv": 64.19602626065162,
  "summary_csf_k": 2.007411097542785,
  "summary_csf_mad": 1528.8697450928416,
  "summary_csf_mean": 11246.125326764606,
  "summary_csf_median": 11397.888904213905,
  "summary_csf_n": 107249.0,
  "summary_csf_p05": 8467.278541654348,
  "summary_csf_p95": 13062.32212525606,
  "summary_csf_stdv": 1496.5884886124807,
  "summary_gm_k": 0.1602132999277437,
  "summary_gm_mad": 519.1489165580055,
  "summary_gm_mean": 3568.3694153721303,
  "summary_gm_median": 3530.289112403989,
  "summary_gm_n": 444904.0,
  "summary_gm_p05": 2766.177136823535,
  "summary_gm_p95": 4505.04817314446,
  "summary_gm_stdv": 529.434987783194,
  "summary_wm_k": 5.939020392953704,
  "summary_wm_mad": 957.6698559048397,
  "summary_wm_mean": 1236.9647364660575,
  "summary_wm_median": 1001.0325806215405,
  "summary_wm_n": 2506.0,
  "summary_wm_p05": 145.02065122127533,
  "summary_wm_p95": 3097.8659838810563,
  "summary_wm_stdv": 1032.5587876185557,
  "tpm_overlap_csf": 0.145237839389537,
  "tpm_overlap_gm": 0.3944576981795693,
  "tpm_overlap_wm": 0.03729294413580829,
  "wm2max": 0.07332548953693588
}