{
  "bids_meta": {
    "AcquisitionMatrixPE": 192,
    "AcquisitionNumber": 1,
    "AcquisitionTime": "15:06:53.267500",
    "BaseResolution": 192,
    "BodyPartExamined": "HEAD",
    "CoilString": "HE1-4;NE1_2",
    "ConsistencyInfo": "N4_VE11C_LATEST_20160120",
    "ConversionSoftware": "dcm2niix",
    "ConversionSoftwareVersion": "v1.0.20190410  GCC6.3.0",
    "DeviceSerialNumber": "166048",
    "DwellTime": 1.24e-05,
    "EchoTime": 0.0022,
    "FlipAngle": 8,
    "ImageOrientationPatientDICOM": [
      0,
      1,
      0,
      0,
      0,
      -1
    ],
    "ImageType": [
      "ORIGINAL",
      "PRIMARY",
      "M",
      "ND",
      "NORM",
      "FM3",
      "2",
      "FIL"
    ],
    "ImagingFrequency": 123.246,
    "InPlanePhaseEncodingDirectionDICOM": "ROW",
    "InstitutionAddress": "North_13th_1701_Philadelphia_PA_US_19122",
    "InstitutionName": "Temple_University_-_Weiss_Hall",
    "InstitutionalDepartmentName": "Department",
    "InversionTime": 1.15,
    "MRAcquisitionType": "3D",
    "MagneticFieldStrength": 3,
    "Manufacturer": "Siemens",
    "ManufacturersModelName": "Prisma",
    "Modality": "MR",
    "PartialFourier": 1,
    "PatientPosition": "HFS",
    "PercentPhaseFOV": 100,
    "PhaseEncodingSteps": 211,
    "PhaseOversampling": 0.1,
    "PhaseResolution": 1,
    "PixelBandwidth": 210,
    "ProcedureStepDescription": "SMITH_SRNDNA",
    "ProtocolName": "T1w-anat_mpg_07sag_iso",
    "PulseSequenceDetails": "%SiemensSeq%_tfl",
    "ReceiveCoilActiveElements": "HE1-4;NE1,2",
    "ReceiveCoilName": "HeadNeck_20",
    "ReconMatrixPE": 192,
    "RefLinesPE": 32,
    "RepetitionTime": 2.4,
    "SAR": 0.0562218,
    "ScanOptions": "IR_WE",
    "ScanningSequence": "GR_IR",
    "SequenceName": "_tfl3d1_16ns",
    "SequenceVariant": "SK_SP_MP_OSP",
    "SeriesDescription": "T1w-anat_mpg_07sag_iso",
    "SeriesNumber": 5,
    "ShimSetting": [
      1445,
      -7381,
      6435,
      135,
      -19,
      -118,
      -42,
      66
    ],
    "SliceThickness": 1,
    "SoftwareVersions": "syngo_MR_E11",
    "StationName": "AWP166048",
    "TxRefAmp": 285.422,
    "dataset": "ds003745",
    "modality": "T1w",
    "subject_id": "111"
  },
  "cjv": 0.42036239104768275,
  "cnr": 3.1932662949475765,
  "efc": 0.6554522842389465,
  "fber": -1.0,
  "fwhm_avg": 4.062713333333334,
  "fwhm_x": 3.97268,
  "fwhm_y": 4.09484,
  "fwhm_z": 4.12062,
  "icvs_csf": 0.3090594588630524,
  "icvs_gm": 0.3448647628052837,
  "icvs_wm": 0.34607577833166386,
  "inu_med": 0.4712733030319214,
  "inu_range": 0.16920619010925292,
  "provenance": {
    "md5sum": "0dae81ffcc12b895868d5b9c1b6bd041",
    "settings": {
      "testing": false
    },
    "software": "mriqc",
    "version": "22.0.6",
    "warnings": {
      "large_rot_frame": true,
      "small_air_mask": false
    },
    "webapi_port": null,
    "webapi_url": "https://mriqc.nimh.nih.gov/api/v1"
  },
  "qi_1": 7.072152456747895e-06,
  "qi_2": 0.006536267103419593,
  "rpve_csf": 10.160819206248656,
  "rpve_gm": 7.943083734975074,
  "rpve_wm": 9.603059102447173,
  "size_x": 192,
  "size_y": 192,
  "size_z": 192,
  "snr_csf": 3.3338152455954346,
  "snr_gm": 13.301761519768133,
  "snr_total": 13.3682261057549,
  "snr_wm": 23.469101551901133,
  "snrd_csf": 23.160954371949927,
  "snrd_gm": 71.02692674064643,
  "snrd_total": 62.16484622373281,
  "snrd_wm": 92.30665755860208,
  "spacing_x": 1.0,
  "spacing_y": 1.0,
  "spacing_z": 1.0,
  "summary_bg_k": 2806.296381725701,
  "summary_bg_mad": 0.0,
  "summary_bg_mean": 2.8111609464078415,
  "summary_bg_median": 0.0,
  "summary_bg_n": 1503379.0,
  "summary_bg_p05": 0.0,
  "summary_bg_p95": 13.517915420234203,
  "summary_bg_stdv": 7.097886015571885,
  "summary_csf_k": 3.0211563560826464,
  "summary_csf_mad": 53.98493464349423,
  "summary_csf_mean": 261.626808089334,
  "summary_csf_median": 250.9306674823165,
  "summary_csf_n": 125500.0,
  "summary_csf_p05": 164.23801902867856,
  "summary_csf_p95": 413.12238588929176,
  "summary_csf_stdv": 75.26801855263967,
  "summary_gm_k": 0.49800911555284744,
  "summary_gm_mad": 54.692085544575136,
  "summary_gm_mean": 766.5813221594939,
  "summary_gm_median": 769.5207136124372,
  "summary_gm_n": 11694.0,
  "summary_gm_p05": 665.95277418755,
  "summary_gm_p95": 855.5223429817706,
  "summary_gm_stdv": 57.84856459739203,
  "summary_wm_k": 0.399850171168203,
  "summary_wm_mad": 42.22208306941657,
  "summary_wm_mean": 1000.6347621552211,
  "summary_wm_median": 1000.0698081031442,
  "summary_wm_n": 199425.0,
  "summary_wm_p05": 932.3406311869621,
  "summary_wm_p95": 1069.962782151997,
  "summary_wm_stdv": 42.612082891419526,
  "tpm_overlap_csf": 0.15880728374640724,
  "tpm_overlap_gm": 0.37807116723635875,
  "tpm_overlap_wm": 0.4657296445642362,
  "wm2max": 0.8668539078905768
}