{
  "aor": 0.000982824074074074,
  "aqi": 0.005291648842592593,
  "bids_meta": {
    "AcquisitionMatrixPE": 74,
    "AcquisitionNumber": 1,
    "AcquisitionTime": "",
    "BandwidthPerPixelPhaseEncode": 27.579,
    "BaseResolution": 74,
    "BodyPartExamined": "BRAIN",
    "CogAtlasID": "doi:TODO",
    "CoilString": "HE1-4;NE1_2",
    "ConsistencyInfo": "N4_VE11C_LATEST_20160120",
    "ConversionSoftware": "dcm2niix",
    "ConversionSoftwareVersion": "v1.0.20190410  GCC6.3.0",
    "DerivedVendorReportedEchoSpacing": 0.000489993,
    "DeviceSerialNumber": "166048",
    "DwellTime": 2.9e-06,
    "EchoTime": 0.023,
    "EchoTrainLength": 74,
    "EffectiveEchoSpacing": 0.000489993,
    "FlipAngle": 76,
    "ImageOrientationPatientDICOM": [
      1,
      0,
      0,
      0,
      0.957319,
      -0.289032
    ],
    "ImageType": [
      "ORIGINAL",
      "PRIMARY",
      "M",
      "ND",
      "NORM",
      "MOSAIC"
    ],
    "ImagingFrequency": 123.246,
    "InPlanePhaseEncodingDirectionDICOM": "COL",
    "InstitutionAddress": "North_13th_1701_Philadelphia_PA_US_19122",
    "InstitutionName": "Temple_University_-_Weiss_Hall",
    "InstitutionalDepartmentName": "Department",
    "MRAcquisitionType": "2D",
    "MagneticFieldStrength": 3,
    "Manufacturer": "Siemens",
    "ManufacturersModelName": "Prisma",
    "Modality": "MR",
    "PartialFourier": 1,
    "PatientPosition": "HFS",
    "PercentPhaseFOV": 100,
    "PhaseEncodingDirection": "j-",
    "PhaseEncodingSteps": 74,
    "PhaseResolution": 1,
    "PixelBandwidth": 2330,
    "ProcedureStepDescription": "SMITH_SRNDNA",
    "ProtocolName": "func-bold_trust_run2",
    "PulseSequenceDetails": "%SiemensSeq%_ep2d_bold",
    "ReceiveCoilActiveElements": "HE1-4;NE1,2",
    "ReceiveCoilName": "HeadNeck_20",
    "ReconMatrixPE": 74,
    "RepetitionTime": 2.02,
    "SAR": 0.0861107,
    "ScanOptions": "FS",
    "ScanningSequence": "EP",
    "SequenceName": "_epfid2d1_74",
    "SequenceVariant": "SK",
    "SeriesDescription": "func-bold_trust_run2",
    "SeriesNumber": 11,
    "ShimSetting": [
      1407,
      -7404,
      6568,
      468,
      0,
      5,
      -6,
      37
    ],
    "SliceThickness": 2.8,
    "SliceTiming": [
      1.945,
      1.89,
      1.835,
      1.7775,
      1.7225,
      1.6675,
      1.6125,
      1.5575,
      1.5,
      1.445,
      1.39,
      1.335,
      1.2775,
      1.2225,
      1.1675,
      1.1125,
      1.0575,
      1,
      0.945,
      0.89,
      0.835,
      0.7775,
      0.7225,
      0.6675,
      0.6125,
      0.5575,
      0.5,
      0.445,
      0.39,
      0.335,
      0.2775,
      0.2225,
      0.1675,
      0.1125,
      0.0575,
      0
    ],
    "SoftwareVersions": "syngo_MR_E11",
    "SpacingBetweenSlices": 3.22,
    "StationName": "AWP166048",
    "TaskName": "trust",
    "TotalReadoutTime": 0.0357695,
    "TxRefAmp": 245.267,
    "dataset": "ds003745",
    "modality": "bold",
    "run_id": 3,
    "subject_id": "117",
    "task_id": "trust"
  },
  "dummy_trs": 1,
  "dvars_nstd": 22.85411651093024,
  "dvars_std": 1.2572380870232565,
  "dvars_vstd": 0.9987817853488371,
  "efc": 0.4995823183161134,
  "fber": 2893.756103515625,
  "fd_mean": 0.15084129695474863,
  "fd_num": 47,
  "fd_perc": 21.75925925925926,
  "fwhm_avg": 1.7364977306391414,
  "fwhm_x": 1.6395205114024947,
  "fwhm_y": 1.8971279748815355,
  "fwhm_z": 1.6728447056333942,
  "gcor": 0.0169043,
  "gsr_x": -0.0019390122033655643,
  "gsr_y": 0.043083518743515015,
  "provenance": {
    "md5sum": "f423fd19ee5656423f7fd0fbbd01b91e",
    "settings": {
      "fd_thres": 0.2,
      "testing": false
    },
    "software": "mriqc",
    "version": "22.0.6",
    "webapi_port": null,
    "webapi_url": "https://mriqc.nimh.nih.gov/api/v1"
  },
  "size_t": 216,
  "size_x": 74,
  "size_y": 74,
  "size_z": 36,
  "snr": 6.715270002856615,
  "spacing_tr": 2.0199999809265137,
  "spacing_x": 2.972972869873047,
  "spacing_y": 2.972972869873047,
  "spacing_z": 3.2200000286102295,
  "summary_bg_k": 31.4623658290811,
  "summary_bg_mad": 11.10579030675957,
  "summary_bg_mean": 42.84421920776367,
  "summary_bg_median": 18.884260177612305,
  "summary_bg_n": 125662.0,
  "summary_bg_p05": 9.157407760620117,
  "summary_bg_p95": 164.5865776062011,
  "summary_bg_stdv": 74.33757019042969,
  "summary_fg_k": 3.1204419747863517,
  "summary_fg_mad": 142.3847409273821,
  "summary_fg_mean": 1036.52099609375,
  "summary_fg_median": 1027.1319580078125,
  "summary_fg_n": 35610.0,
  "summary_fg_p05": 828.8433197021484,
  "summary_fg_p95": 1277.0321716308592,
  "summary_fg_stdv": 152.95252990722656,
  "tsnr": 90.35384444380179
}