{
  "bids_meta": {
    "AcquisitionMatrixPE": 192,
    "AcquisitionNumber": 1,
    "AcquisitionTime": "18:40:9.287500",
    "BaseResolution": 192,
    "BodyPartExamined": "BRAIN",
    "CoilString": "HE1-4;NE1_2",
    "ConsistencyInfo": "N4_VE11C_LATEST_20160120",
    "ConversionSoftware": "dcm2niix",
    "ConversionSoftwareVersion": "v1.0.20190410  GCC6.3.0",
    "DeviceSerialNumber": "166048",
    "DwellTime": 1.24e-05,
    "EchoTime": 0.0022,
    "FlipAngle": 8,
    "ImageOrientationPatientDICOM": [
      0,
      1,
      0,
      0,
      0,
      -1
    ],
    "ImageType": [
      "ORIGINAL",
      "PRIMARY",
      "M",
      "ND",
      "NORM",
      "FM3",
      "2",
      "FIL"
    ],
    "ImagingFrequency": 123.246,
    "InPlanePhaseEncodingDirectionDICOM": "ROW",
    "InstitutionAddress": "North_13th_1701_Philadelphia_PA_US_19122",
    "InstitutionName": "Temple_University_-_Weiss_Hall",
    "InstitutionalDepartmentName": "Department",
    "InversionTime": 1.15,
    "MRAcquisitionType": "3D",
    "MagneticFieldStrength": 3,
    "Manufacturer": "Siemens",
    "ManufacturersModelName": "Prisma",
    "Modality": "MR",
    "PartialFourier": 1,
    "PatientPosition": "HFS",
    "PercentPhaseFOV": 100,
    "PhaseEncodingSteps": 211,
    "PhaseOversampling": 0.1,
    "PhaseResolution": 1,
    "PixelBandwidth": 210,
    "ProcedureStepDescription": "SMITH_SRNDNA",
    "ProtocolName": "T1w-anat_mpg_07sag_iso",
    "PulseSequenceDetails": "%SiemensSeq%_tfl",
    "ReceiveCoilActiveElements": "HE1-4;NE1,2",
    "ReceiveCoilName": "HeadNeck_20",
    "ReconMatrixPE": 192,
    "RefLinesPE": 32,
    "RepetitionTime": 2.4,
    "SAR": 0.0453689,
    "ScanOptions": "IR_WE",
    "ScanningSequence": "GR_IR",
    "SequenceName": "_tfl3d1_16ns",
    "SequenceVariant": "SK_SP_MP_OSP",
    "SeriesDescription": "T1w-anat_mpg_07sag_iso",
    "SeriesNumber": 5,
    "ShimSetting": [
      1419,
      -7427,
      6463,
      303,
      -75,
      -222,
      52,
      55
    ],
    "SliceThickness": 1,
    "SoftwareVersions": "syngo_MR_E11",
    "StationName": "AWP166048",
    "TxRefAmp": 244.219,
    "dataset": "ds003745",
    "modality": "T1w",
    "subject_id": "115"
  },
  "cjv": 0.29812331072488746,
  "cnr": 4.482750766314891,
  "efc": 0.609777202232352,
  "fber": 41627.102781248555,
  "fwhm_avg": 3.95039,
  "fwhm_x": 3.90297,
  "fwhm_y": 3.97436,
  "fwhm_z": 3.97384,
  "icvs_csf": 0.1879235131610653,
  "icvs_gm": 0.45670345115106525,
  "icvs_wm": 0.35537303568786943,
  "inu_med": 0.38136211037635803,
  "inu_range": 0.1167211949825287,
  "provenance": {
    "md5sum": "637b71fc0e483c176c09d4a707907063",
    "settings": {
      "testing": false
    },
    "software": "mriqc",
    "version": "22.0.6",
    "warnings": {
      "large_rot_frame": true,
      "small_air_mask": false
    },
    "webapi_port": null,
    "webapi_url": "https://mriqc.nimh.nih.gov/api/v1"
  },
  "qi_1": 0.0,
  "qi_2": 0.006137502947197114,
  "rpve_csf": 17.034668824216467,
  "rpve_gm": 7.737608352945905,
  "rpve_wm": 11.480542248028993,
  "size_x": 192,
  "size_y": 192,
  "size_z": 192,
  "snr_csf": 2.3281426057788224,
  "snr_gm": 12.497923810633482,
  "snr_total": 15.67491473100842,
  "snr_wm": 32.19867777661295,
  "snrd_csf": 28.72508380384511,
  "snrd_gm": 85.32880546167985,
  "snrd_total": 78.13244739540865,
  "snrd_wm": 120.34345292070101,
  "spacing_x": 1.0,
  "spacing_y": 1.0,
  "spacing_z": 1.0,
  "summary_bg_k": 72.39313909532609,
  "summary_bg_mad": 0.0,
  "summary_bg_mean": 3.283269604362267,
  "summary_bg_median": 0.0,
  "summary_bg_n": 1418961.0,
  "summary_bg_p05": 0.0,
  "summary_bg_p95": 13.813720403239131,
  "summary_bg_stdv": 5.444101918856885,
  "summary_csf_k": 1.1832652087435536,
  "summary_csf_mad": 82.26862396671847,
  "summary_csf_mean": 254.38030710435515,
  "summary_csf_median": 238.7018701080233,
  "summary_csf_n": 22004.0,
  "summary_csf_p05": 114.6587639722042,
  "summary_csf_p95": 463.802012551669,
  "summary_csf_stdv": 102.526557178071,
  "summary_gm_k": 0.08783995803720224,
  "summary_gm_mad": 56.96522853188445,
  "summary_gm_mean": 708.6274857687201,
  "summary_gm_median": 709.0717498641461,
  "summary_gm_n": 54620.0,
  "summary_gm_p05": 614.8766352050006,
  "summary_gm_p95": 800.1026042413897,
  "summary_gm_stdv": 56.73464405965935,
  "summary_wm_k": 0.9018700596706375,
  "summary_wm_mad": 29.77892444992485,
  "summary_wm_mean": 1001.2589146794269,
  "summary_wm_median": 1000.0391108896583,
  "summary_wm_n": 191775.0,
  "summary_wm_p05": 952.5019372813404,
  "summary_wm_p95": 1050.7610602062196,
  "summary_wm_stdv": 31.058309614460182,
  "tpm_overlap_csf": 0.14634430074584784,
  "tpm_overlap_gm": 0.4650523482921145,
  "tpm_overlap_wm": 0.4986871472655774,
  "wm2max": 0.8981679710806163
}