{
  "bids_meta": {
    "AcquisitionMatrixPE": 192,
    "AcquisitionNumber": 1,
    "AcquisitionTime": "13:45:41.290000",
    "BaseResolution": 192,
    "BodyPartExamined": "BRAIN",
    "CoilString": "HE1-4;NE1_2",
    "ConsistencyInfo": "N4_VE11C_LATEST_20160120",
    "ConversionSoftware": "dcm2niix",
    "ConversionSoftwareVersion": "v1.0.20190410  GCC6.3.0",
    "DeviceSerialNumber": "166048",
    "DwellTime": 1.24e-05,
    "EchoTime": 0.0022,
    "FlipAngle": 8,
    "ImageOrientationPatientDICOM": [
      0,
      1,
      0,
      0,
      0,
      -1
    ],
    "ImageType": [
      "ORIGINAL",
      "PRIMARY",
      "M",
      "ND",
      "NORM",
      "FM3",
      "2",
      "FIL"
    ],
    "ImagingFrequency": 123.246,
    "InPlanePhaseEncodingDirectionDICOM": "ROW",
    "InstitutionAddress": "North_13th_1701_Philadelphia_PA_US_19122",
    "InstitutionName": "Temple_University_-_Weiss_Hall",
    "InstitutionalDepartmentName": "Department",
    "InversionTime": 1.15,
    "MRAcquisitionType": "3D",
    "MagneticFieldStrength": 3,
    "Manufacturer": "Siemens",
    "ManufacturersModelName": "Prisma",
    "Modality": "MR",
    "PartialFourier": 1,
    "PatientPosition": "HFS",
    "PercentPhaseFOV": 100,
    "PhaseEncodingSteps": 211,
    "PhaseOversampling": 0.1,
    "PhaseResolution": 1,
    "PixelBandwidth": 210,
    "ProcedureStepDescription": "SMITH_SRNDNA",
    "ProtocolName": "T1w-anat_mpg_07sag_iso",
    "PulseSequenceDetails": "%SiemensSeq%_tfl",
    "ReceiveCoilActiveElements": "HE1-4;NE1,2",
    "ReceiveCoilName": "HeadNeck_20",
    "ReconMatrixPE": 192,
    "RefLinesPE": 32,
    "RepetitionTime": 2.4,
    "SAR": 0.0455364,
    "ScanOptions": "IR_WE",
    "ScanningSequence": "GR_IR",
    "SequenceName": "_tfl3d1_16ns",
    "SequenceVariant": "SK_SP_MP_OSP",
    "SeriesDescription": "T1w-anat_mpg_07sag_iso",
    "SeriesNumber": 5,
    "ShimSetting": [
      1439,
      -7473,
      6470,
      205,
      41,
      -225,
      -14,
      -19
    ],
    "SliceThickness": 1,
    "SoftwareVersions": "syngo_MR_E11",
    "StationName": "AWP166048",
    "TxRefAmp": 262.836,
    "dataset": "ds003745",
    "modality": "T1w",
    "subject_id": "141"
  },
  "cjv": 0.3938793359790087,
  "cnr": 3.4711967817630804,
  "efc": 0.6418340346691184,
  "fber": 13279.614407787994,
  "fwhm_avg": 4.200363333333333,
  "fwhm_x": 4.11474,
  "fwhm_y": 4.3365,
  "fwhm_z": 4.14985,
  "icvs_csf": 0.26568048557377244,
  "icvs_gm": 0.35960306856095825,
  "icvs_wm": 0.37471644586526937,
  "inu_med": 0.5613117218017578,
  "inu_range": 0.2540088355541229,
  "provenance": {
    "md5sum": "4c644004ba196fcafcfbf4c2e6c9ca00",
    "settings": {
      "testing": false
    },
    "software": "mriqc",
    "version": "22.0.6",
    "warnings": {
      "large_rot_frame": true,
      "small_air_mask": false
    },
    "webapi_port": null,
    "webapi_url": "https://mriqc.nimh.nih.gov/api/v1"
  },
  "qi_1": 0.0,
  "qi_2": 0.005975894597866744,
  "rpve_csf": 12.209743739273,
  "rpve_gm": 8.004256422031116,
  "rpve_wm": 9.492235362227452,
  "size_x": 192,
  "size_y": 192,
  "size_z": 192,
  "snr_csf": 2.834385516503009,
  "snr_gm": 11.719852937196348,
  "snr_total": 12.036848766178423,
  "snr_wm": 21.556307844835914,
  "snrd_csf": 25.552014575615516,
  "snrd_gm": 77.70528696184256,
  "snrd_total": 69.91767946222262,
  "snrd_wm": 106.49573684920978,
  "spacing_x": 1.0,
  "spacing_y": 1.0,
  "spacing_z": 1.0,
  "summary_bg_k": 14.588779425537442,
  "summary_bg_mad": 0.0,
  "summary_bg_mean": 3.907789985388236,
  "summary_bg_median": 0.0,
  "summary_bg_n": 1319762.0,
  "summary_bg_p05": 0.0,
  "summary_bg_p95": 15.999447079375386,
  "summary_bg_stdv": 6.152044820072453,
  "summary_csf_k": 1.9644671800513445,
  "summary_csf_mad": 67.03263611948061,
  "summary_csf_mean": 250.39774152532172,
  "summary_csf_median": 239.94566461630166,
  "summary_csf_n": 91358.0,
  "summary_csf_p05": 132.69181721657515,
  "summary_csf_p95": 411.54261214099824,
  "summary_csf_stdv": 84.65480436558707,
  "summary_gm_k": -0.004171478426142627,
  "summary_gm_mad": 63.278262406067746,
  "summary_gm_mean": 728.049658104393,
  "summary_gm_median": 729.6898907553405,
  "summary_gm_n": 11029.0,
  "summary_gm_p05": 624.2270605970174,
  "summary_gm_p95": 826.8790500067174,
  "summary_gm_stdv": 62.25818817057191,
  "summary_wm_k": 0.7517454356452498,
  "summary_wm_mad": 43.209428374369885,
  "summary_wm_mean": 1003.9784496026484,
  "summary_wm_median": 1000.0460152160376,
  "summary_wm_n": 197823.0,
  "summary_wm_p05": 935.0583330504596,
  "summary_wm_p95": 1085.4531355965883,
  "summary_wm_stdv": 46.392150955672335,
  "tpm_overlap_csf": 0.1675815342883283,
  "tpm_overlap_gm": 0.4107405490092363,
  "tpm_overlap_wm": 0.4785150117703351,
  "wm2max": 0.851700813645721
}