{
  "bids_meta": {
    "AcquisitionMatrixPE": 192,
    "AcquisitionNumber": 1,
    "AcquisitionTime": "13:41:8.560000",
    "BaseResolution": 192,
    "BodyPartExamined": "BRAIN",
    "CoilString": "HE1-4;NE1_2",
    "ConsistencyInfo": "N4_VE11C_LATEST_20160120",
    "ConversionSoftware": "dcm2niix",
    "ConversionSoftwareVersion": "v1.0.20190410  GCC6.3.0",
    "DeviceSerialNumber": "166048",
    "DwellTime": 3.5e-06,
    "EchoTime": 0.567,
    "EchoTrainLength": 314,
    "FlipAngle": 120,
    "ImageOrientationPatientDICOM": [
      0,
      1,
      0,
      0,
      0,
      -1
    ],
    "ImageType": [
      "ORIGINAL",
      "PRIMARY",
      "M",
      "ND",
      "NORM"
    ],
    "ImagingFrequency": 123.246,
    "InPlanePhaseEncodingDirectionDICOM": "ROW",
    "InstitutionAddress": "North_13th_1701_Philadelphia_PA_US_19122",
    "InstitutionName": "Temple_University_-_Weiss_Hall",
    "InstitutionalDepartmentName": "Department",
    "MRAcquisitionType": "3D",
    "MagneticFieldStrength": 3,
    "Manufacturer": "Siemens",
    "ManufacturersModelName": "Prisma",
    "Modality": "MR",
    "PartialFourier": 1,
    "PatientPosition": "HFS",
    "PercentPhaseFOV": 100,
    "PhaseEncodingSteps": 209,
    "PhaseOversampling": 0.1,
    "PhaseResolution": 1,
    "PixelBandwidth": 745,
    "ProcedureStepDescription": "SMITH_SRNDNA",
    "ProtocolName": "T2w-anat_spc_07sag_iso",
    "PulseSequenceDetails": "%SiemensSeq%_tse_vfl",
    "ReceiveCoilActiveElements": "HE1-4;NE1,2",
    "ReceiveCoilName": "HeadNeck_20",
    "ReconMatrixPE": 192,
    "RefLinesPE": 32,
    "RepetitionTime": 3.2,
    "SAR": 0.167268,
    "ScanOptions": "PFP",
    "ScanningSequence": "SE",
    "SequenceName": "_spc_314ns",
    "SequenceVariant": "SK_SP_OSP",
    "SeriesDescription": "T2w-anat_spc_07sag_iso",
    "SeriesNumber": 3,
    "ShimSetting": [
      1439,
      -7473,
      6470,
      205,
      41,
      -225,
      -14,
      -19
    ],
    "SliceThickness": 1,
    "SoftwareVersions": "syngo_MR_E11",
    "StationName": "AWP166048",
    "TxRefAmp": 262.836,
    "dataset": "ds003745",
    "modality": "T2w",
    "subject_id": "141"
  },
  "cjv": 0.08813149706370814,
  "cnr": 3.0242073059223515,
  "efc": 0.6027511748030945,
  "fber": 5262.5724128862585,
  "fwhm_avg": 2.85542,
  "fwhm_x": 2.80729,
  "fwhm_y": 3.09787,
  "fwhm_z": 2.6611,
  "icvs_csf": 0.27528844045053247,
  "icvs_gm": 0.6517869163802715,
  "icvs_wm": 0.07292464316919604,
  "inu_med": 0.871360719203949,
  "inu_range": 0.2171394169330596,
  "provenance": {
    "md5sum": "669d5816689304460b783348f34b91ca",
    "settings": {
      "testing": false
    },
    "software": "mriqc",
    "version": "22.0.6",
    "warnings": {
      "large_rot_frame": true,
      "small_air_mask": false
    },
    "webapi_port": null,
    "webapi_url": "https://mriqc.nimh.nih.gov/api/v1"
  },
  "qi_1": 0.002086450426212406,
  "qi_2": 0.0008252535664352167,
  "rpve_csf": 9.724902081468219,
  "rpve_gm": 5.617067499077616,
  "rpve_wm": 48.892603306643046,
  "size_x": 192,
  "size_y": 192,
  "size_z": 192,
  "snr_csf": 5.803613730036295,
  "snr_gm": 6.882326770137094,
  "snr_total": 5.578242244572611,
  "snr_wm": 4.0487862335444476,
  "snrd_csf": 93.16115631819933,
  "snrd_gm": 36.3527702902842,
  "snrd_total": 92.58613474388515,
  "snrd_wm": 148.24447762317195,
  "spacing_x": 1.0,
  "spacing_y": 1.0,
  "spacing_z": 1.0,
  "summary_bg_k": 18.2212640507634,
  "summary_bg_mad": 0.0,
  "summary_bg_mean": 2.3947169654402893,
  "summary_bg_median": 0.0,
  "summary_bg_n": 1282526.0,
  "summary_bg_p05": 0.0,
  "summary_bg_p95": 10.095615562051535,
  "summary_bg_stdv": 4.419639817764587,
  "summary_csf_k": 1.12320713183027,
  "summary_csf_mad": 94.69804074110415,
  "summary_csf_mean": 639.4229186777582,
  "summary_csf_median": 628.4779107570648,
  "summary_csf_n": 44310.0,
  "summary_csf_p05": 480.1490266523324,
  "summary_csf_p95": 828.0584104514678,
  "summary_csf_stdv": 108.28956717693923,
  "summary_gm_k": 0.05809650592146909,
  "summary_gm_mad": 35.554867892546724,
  "summary_gm_mean": 246.8957368516467,
  "summary_gm_median": 245.24076369591057,
  "summary_gm_n": 358812.0,
  "summary_gm_p05": 190.98975105956197,
  "summary_gm_p95": 307.93350265547633,
  "summary_gm_stdv": 35.63335920344187,
  "summary_wm_k": 7.869924022057981,
  "summary_wm_mad": 30.97002681013858,
  "summary_wm_mean": 924.6801702526651,
  "summary_wm_median": 1000.0775351012126,
  "summary_wm_n": 26168.0,
  "summary_wm_p05": 85.36394254127521,
  "summary_wm_p95": 1039.7105787880719,
  "summary_wm_stdv": 247.0020318299303,
  "tpm_overlap_csf": 0.13346926954217425,
  "tpm_overlap_gm": 0.40130965826603326,
  "tpm_overlap_wm": 0.03867101940266638,
  "wm2max": 0.9674110490792434
}