{
  "aor": 0.0028817209302325585,
  "aqi": 0.00793424553488372,
  "bids_meta": {
    "AcquisitionMatrixPE": 74,
    "AcquisitionNumber": 1,
    "AcquisitionTime": "",
    "BandwidthPerPixelPhaseEncode": 27.579,
    "BaseResolution": 74,
    "BodyPartExamined": "BRAIN",
    "CogAtlasID": "doi:TODO",
    "CoilString": "HE1-4;NE1_2",
    "ConsistencyInfo": "N4_VE11C_LATEST_20160120",
    "ConversionSoftware": "dcm2niix",
    "ConversionSoftwareVersion": "v1.0.20190410  GCC6.3.0",
    "DerivedVendorReportedEchoSpacing": 0.000489993,
    "DeviceSerialNumber": "166048",
    "DwellTime": 2.9e-06,
    "EchoTime": 0.023,
    "EchoTrainLength": 74,
    "EffectiveEchoSpacing": 0.000489993,
    "FlipAngle": 76,
    "ImageOrientationPatientDICOM": [
      1,
      0,
      0,
      0,
      0.955278,
      -0.295708
    ],
    "ImageType": [
      "ORIGINAL",
      "PRIMARY",
      "M",
      "ND",
      "NORM",
      "MOSAIC"
    ],
    "ImagingFrequency": 123.246,
    "InPlanePhaseEncodingDirectionDICOM": "COL",
    "InstitutionAddress": "North_13th_1701_Philadelphia_PA_US_19122",
    "InstitutionName": "Temple_University_-_Weiss_Hall",
    "InstitutionalDepartmentName": "Department",
    "MRAcquisitionType": "2D",
    "MagneticFieldStrength": 3,
    "Manufacturer": "Siemens",
    "ManufacturersModelName": "Prisma",
    "Modality": "MR",
    "PartialFourier": 1,
    "PatientPosition": "HFS",
    "PercentPhaseFOV": 100,
    "PhaseEncodingDirection": "j-",
    "PhaseEncodingSteps": 74,
    "PhaseResolution": 1,
    "PixelBandwidth": 2330,
    "ProcedureStepDescription": "SMITH_SRNDNA",
    "ProtocolName": "func-bold_trust_run1",
    "PulseSequenceDetails": "%SiemensSeq%_ep2d_bold",
    "ReceiveCoilActiveElements": "HE1-4;NE1,2",
    "ReceiveCoilName": "HeadNeck_20",
    "ReconMatrixPE": 74,
    "RepetitionTime": 2.02,
    "SAR": 0.0942076,
    "ScanOptions": "FS",
    "ScanningSequence": "EP",
    "SequenceName": "_epfid2d1_74",
    "SequenceVariant": "SK",
    "SeriesDescription": "func-bold_trust_run1",
    "SeriesNumber": 10,
    "ShimSetting": [
      1447,
      -7365,
      6542,
      273,
      12,
      163,
      -83,
      37
    ],
    "SliceThickness": 2.8,
    "SliceTiming": [
      1.9425,
      1.8875,
      1.8325,
      1.7775,
      1.7225,
      1.665,
      1.61,
      1.555,
      1.5,
      1.4425,
      1.3875,
      1.3325,
      1.2775,
      1.2225,
      1.165,
      1.11,
      1.055,
      1,
      0.9425,
      0.8875,
      0.8325,
      0.7775,
      0.7225,
      0.665,
      0.61,
      0.555,
      0.5,
      0.445,
      0.3875,
      0.3325,
      0.2775,
      0.2225,
      0.165,
      0.11,
      0.055,
      0
    ],
    "SoftwareVersions": "syngo_MR_E11",
    "SpacingBetweenSlices": 3.22,
    "StationName": "AWP166048",
    "TaskName": "trust",
    "TotalReadoutTime": 0.0357695,
    "TxRefAmp": 247.916,
    "dataset": "ds003745",
    "modality": "bold",
    "run_id": 2,
    "subject_id": "126",
    "task_id": "trust"
  },
  "dummy_trs": 2,
  "dvars_nstd": 19.673582192570112,
  "dvars_std": 1.17166383911215,
  "dvars_vstd": 0.96630109093458,
  "efc": 0.5395700042440472,
  "fber": 2082.55419921875,
  "fd_mean": 0.09236268587099802,
  "fd_num": 9,
  "fd_perc": 4.186046511627907,
  "fwhm_avg": 1.8061128286908952,
  "fwhm_x": 1.7659125157856512,
  "fwhm_y": 1.8728357922209236,
  "fwhm_z": 1.7795901780661112,
  "gcor": 0.0132809,
  "gsr_x": -0.00496034137904644,
  "gsr_y": 0.026706557720899582,
  "provenance": {
    "md5sum": "9e168602abe20b65dd9e78ad23132676",
    "settings": {
      "fd_thres": 0.2,
      "testing": false
    },
    "software": "mriqc",
    "version": "22.0.6",
    "webapi_port": null,
    "webapi_url": "https://mriqc.nimh.nih.gov/api/v1"
  },
  "size_t": 215,
  "size_x": 74,
  "size_y": 74,
  "size_z": 36,
  "snr": 6.40937817873842,
  "spacing_tr": 2.0199999809265137,
  "spacing_x": 2.972972869873047,
  "spacing_y": 2.972972869873047,
  "spacing_z": 3.2199997901916504,
  "summary_bg_k": 24.975150689745465,
  "summary_bg_mad": 13.081378236474922,
  "summary_bg_mean": 55.15956497192383,
  "summary_bg_median": 21.223255157470703,
  "summary_bg_n": 118561.0,
  "summary_bg_p05": 9.0,
  "summary_bg_p95": 248.2558135986328,
  "summary_bg_stdv": 95.829833984375,
  "summary_fg_k": 3.16305709623603,
  "summary_fg_mad": 140.89544238537982,
  "summary_fg_mean": 993.8375244140625,
  "summary_fg_median": 977.9395141601562,
  "summary_fg_n": 40311.0,
  "summary_fg_p05": 786.6511535644531,
  "summary_fg_p95": 1243.9441528320312,
  "summary_fg_stdv": 152.57757568359375,
  "tsnr": 79.56400172249414
}