{
  "bids_meta": {
    "AcquisitionMatrixPE": 192,
    "AcquisitionNumber": 1,
    "AcquisitionTime": "12:12:51.560000",
    "BaseResolution": 192,
    "BodyPartExamined": "BRAIN",
    "CoilString": "HE1-4;NE1_2",
    "ConsistencyInfo": "N4_VE11C_LATEST_20160120",
    "ConversionSoftware": "dcm2niix",
    "ConversionSoftwareVersion": "v1.0.20190410  GCC6.3.0",
    "DeviceSerialNumber": "166048",
    "DwellTime": 3.5e-06,
    "EchoTime": 0.567,
    "EchoTrainLength": 314,
    "FlipAngle": 120,
    "ImageOrientationPatientDICOM": [
      0,
      1,
      0,
      0,
      0,
      -1
    ],
    "ImageType": [
      "ORIGINAL",
      "PRIMARY",
      "M",
      "ND",
      "NORM"
    ],
    "ImagingFrequency": 123.246,
    "InPlanePhaseEncodingDirectionDICOM": "ROW",
    "InstitutionAddress": "North_13th_1701_Philadelphia_PA_US_19122",
    "InstitutionName": "Temple_University_-_Weiss_Hall",
    "InstitutionalDepartmentName": "Department",
    "MRAcquisitionType": "3D",
    "MagneticFieldStrength": 3,
    "Manufacturer": "Siemens",
    "ManufacturersModelName": "Prisma",
    "Modality": "MR",
    "PartialFourier": 1,
    "PatientPosition": "HFS",
    "PercentPhaseFOV": 100,
    "PhaseEncodingSteps": 209,
    "PhaseOversampling": 0.1,
    "PhaseResolution": 1,
    "PixelBandwidth": 745,
    "ProcedureStepDescription": "SMITH_SRNDNA",
    "ProtocolName": "T2w-anat_spc_07sag_iso",
    "PulseSequenceDetails": "%SiemensSeq%_tse_vfl",
    "ReceiveCoilActiveElements": "HE1-4;NE1,2",
    "ReceiveCoilName": "HeadNeck_20",
    "ReconMatrixPE": 192,
    "RefLinesPE": 32,
    "RepetitionTime": 3.2,
    "SAR": 0.159952,
    "ScanOptions": "PFP",
    "ScanningSequence": "SE",
    "SequenceName": "_spc_314ns",
    "SequenceVariant": "SK_SP_OSP",
    "SeriesDescription": "T2w-anat_spc_07sag_iso",
    "SeriesNumber": 3,
    "ShimSetting": [
      1439,
      -7474,
      6479,
      393,
      36,
      -201,
      -39,
      28
    ],
    "SliceThickness": 1,
    "SoftwareVersions": "syngo_MR_E11",
    "StationName": "AWP166048",
    "TxRefAmp": 251.034,
    "dataset": "ds003745",
    "modality": "T2w",
    "subject_id": "105"
  },
  "cjv": 0.3440864206213019,
  "cnr": 2.0291570124307445,
  "efc": 0.5908527154361854,
  "fber": 7392.435662702354,
  "fwhm_avg": 2.39189,
  "fwhm_x": 2.3148,
  "fwhm_y": 2.6646,
  "fwhm_z": 2.19627,
  "icvs_csf": 0.291207220731598,
  "icvs_gm": 0.5723365412929997,
  "icvs_wm": 0.13645623797540224,
  "inu_med": 0.9542146325111389,
  "inu_range": 0.23966523408889784,
  "provenance": {
    "md5sum": "63f460c92943c2f4b94df9b5ab459c0b",
    "settings": {
      "testing": false
    },
    "software": "mriqc",
    "version": "22.0.6",
    "warnings": {
      "large_rot_frame": true,
      "small_air_mask": false
    },
    "webapi_port": null,
    "webapi_url": "https://mriqc.nimh.nih.gov/api/v1"
  },
  "qi_1": 0.0,
  "qi_2": 0.0030000024576808284,
  "rpve_csf": 9.501265048173364,
  "rpve_gm": 6.27236542320164,
  "rpve_wm": 26.908626673277144,
  "size_x": 192,
  "size_y": 192,
  "size_z": 192,
  "snr_csf": 8.662925441745118,
  "snr_gm": 8.88625002200418,
  "snr_total": 6.869313610521664,
  "snr_wm": 3.0587653678156936,
  "snrd_csf": 141.56099715013565,
  "snrd_gm": 84.6381752413036,
  "snrd_total": 160.30533041214537,
  "snrd_wm": 254.71681884499685,
  "spacing_x": 1.0,
  "spacing_y": 1.0,
  "spacing_z": 1.0,
  "summary_bg_k": 3.441639603489012,
  "summary_bg_mad": 0.0,
  "summary_bg_mean": 1.6488847502900057,
  "summary_bg_median": 0.0,
  "summary_bg_n": 1508517.0,
  "summary_bg_p05": 0.0,
  "summary_bg_p95": 7.690194994211197,
  "summary_bg_stdv": 2.5711356085185364,
  "summary_csf_k": 1.7246833253470335,
  "summary_csf_mad": 56.87661622763738,
  "summary_csf_mean": 561.6219781715165,
  "summary_csf_median": 555.5675437208265,
  "summary_csf_n": 18696.0,
  "summary_csf_p05": 470.27406084816903,
  "summary_csf_p95": 674.7018081368878,
  "summary_csf_stdv": 64.12991654293921,
  "summary_gm_k": 0.2709131998917833,
  "summary_gm_mad": 37.17121735562289,
  "summary_gm_mean": 333.49764790635464,
  "summary_gm_median": 332.16934092342854,
  "summary_gm_n": 244479.0,
  "summary_gm_p05": 275.2383565530181,
  "summary_gm_p95": 396.65319537743926,
  "summary_gm_stdv": 37.38007154412287,
  "summary_wm_k": 0.9926920529328185,
  "summary_wm_mad": 192.50211429435848,
  "summary_wm_mean": 866.6036100958572,
  "summary_wm_median": 999.6566867921501,
  "summary_wm_n": 16652.0,
  "summary_wm_p05": 58.26009332668037,
  "summary_wm_p95": 1173.4286095714197,
  "summary_wm_stdv": 326.8072408380119,
  "tpm_overlap_csf": 0.11254354589294584,
  "tpm_overlap_gm": 0.3538575916163164,
  "tpm_overlap_wm": 0.038837175685787505,
  "wm2max": 0.8754509844345943
}