{
  "bids_meta": {
    "AcquisitionMatrixPE": 192,
    "AcquisitionNumber": 1,
    "AcquisitionTime": "12:16:54.305000",
    "BaseResolution": 192,
    "BodyPartExamined": "BRAIN",
    "CoilString": "HE1-4;NE1_2",
    "ConsistencyInfo": "N4_VE11C_LATEST_20160120",
    "ConversionSoftware": "dcm2niix",
    "ConversionSoftwareVersion": "v1.0.20190410  GCC6.3.0",
    "DeviceSerialNumber": "166048",
    "DwellTime": 1.24e-05,
    "EchoTime": 0.0022,
    "FlipAngle": 8,
    "ImageOrientationPatientDICOM": [
      0,
      1,
      0,
      0,
      0,
      -1
    ],
    "ImageType": [
      "ORIGINAL",
      "PRIMARY",
      "M",
      "ND",
      "NORM",
      "FM3",
      "2",
      "FIL"
    ],
    "ImagingFrequency": 123.246,
    "InPlanePhaseEncodingDirectionDICOM": "ROW",
    "InstitutionAddress": "North_13th_1701_Philadelphia_PA_US_19122",
    "InstitutionName": "Temple_University_-_Weiss_Hall",
    "InstitutionalDepartmentName": "Department",
    "InversionTime": 1.15,
    "MRAcquisitionType": "3D",
    "MagneticFieldStrength": 3,
    "Manufacturer": "Siemens",
    "ManufacturersModelName": "Prisma",
    "Modality": "MR",
    "PartialFourier": 1,
    "PatientPosition": "HFS",
    "PercentPhaseFOV": 100,
    "PhaseEncodingSteps": 211,
    "PhaseOversampling": 0.1,
    "PhaseResolution": 1,
    "PixelBandwidth": 210,
    "ProcedureStepDescription": "SMITH_SRNDNA",
    "ProtocolName": "T1w-anat_mpg_07sag_iso",
    "PulseSequenceDetails": "%SiemensSeq%_tfl",
    "ReceiveCoilActiveElements": "HE1-4;NE1,2",
    "ReceiveCoilName": "HeadNeck_20",
    "ReconMatrixPE": 192,
    "RefLinesPE": 32,
    "RepetitionTime": 2.4,
    "SAR": 0.0435446,
    "ScanOptions": "IR_WE",
    "ScanningSequence": "GR_IR",
    "SequenceName": "_tfl3d1_16ns",
    "SequenceVariant": "SK_SP_MP_OSP",
    "SeriesDescription": "T1w-anat_mpg_07sag_iso",
    "SeriesNumber": 5,
    "ShimSetting": [
      1439,
      -7474,
      6479,
      393,
      36,
      -201,
      -39,
      28
    ],
    "SliceThickness": 1,
    "SoftwareVersions": "syngo_MR_E11",
    "StationName": "AWP166048",
    "TxRefAmp": 251.034,
    "dataset": "ds003745",
    "modality": "T1w",
    "subject_id": "105"
  },
  "cjv": 0.3099627717061167,
  "cnr": 4.202065106474361,
  "efc": 0.6268103134660962,
  "fber": 36650.67570918468,
  "fwhm_avg": 3.8621133333333333,
  "fwhm_x": 3.81813,
  "fwhm_y": 3.85966,
  "fwhm_z": 3.90855,
  "icvs_csf": 0.20409859816866202,
  "icvs_gm": 0.4467932232956849,
  "icvs_wm": 0.34910817853565307,
  "inu_med": 0.45027968287467957,
  "inu_range": 0.18664051294326778,
  "provenance": {
    "md5sum": "f13caf15850c001856996e1cb2a01040",
    "settings": {
      "testing": false
    },
    "software": "mriqc",
    "version": "22.0.6",
    "warnings": {
      "large_rot_frame": true,
      "small_air_mask": false
    },
    "webapi_port": null,
    "webapi_url": "https://mriqc.nimh.nih.gov/api/v1"
  },
  "qi_1": 0.0,
  "qi_2": 0.00924141510366293,
  "rpve_csf": 14.656165414637316,
  "rpve_gm": 7.131982037306339,
  "rpve_wm": 10.609164316258758,
  "size_x": 192,
  "size_y": 192,
  "size_z": 192,
  "snr_csf": 2.331216308646373,
  "snr_gm": 13.560537231313207,
  "snr_total": 14.940175242570426,
  "snr_wm": 28.9287721877517,
  "snrd_csf": 38.9426034479296,
  "snrd_gm": 112.73817621117581,
  "snrd_total": 102.00630952373085,
  "snrd_wm": 154.33814891208712,
  "spacing_x": 1.0,
  "spacing_y": 1.0,
  "spacing_z": 1.0,
  "summary_bg_k": 8.879905916525074,
  "summary_bg_mad": 0.0,
  "summary_bg_mean": 2.4595729556025177,
  "summary_bg_median": 0.0,
  "summary_bg_n": 1528890.0,
  "summary_bg_p05": 0.0,
  "summary_bg_p95": 11.08539661206305,
  "summary_bg_stdv": 4.244909954879683,
  "summary_csf_k": 3.182399847652352,
  "summary_csf_mad": 92.50394532926826,
  "summary_csf_mean": 263.9776084890825,
  "summary_csf_median": 252.32584396936,
  "summary_csf_n": 29660.0,
  "summary_csf_p05": 116.17680791765451,
  "summary_csf_p95": 473.2527070338837,
  "summary_csf_stdv": 108.2360265579044,
  "summary_gm_k": 0.3876703138013209,
  "summary_gm_mad": 51.12421310853476,
  "summary_gm_mean": 728.4147240299029,
  "summary_gm_median": 730.4790368750691,
  "summary_gm_n": 31549.0,
  "summary_gm_p05": 635.9268523275853,
  "summary_gm_p95": 813.4598262116313,
  "summary_gm_stdv": 53.86714754926789,
  "summary_wm_k": 0.770375773971085,
  "summary_wm_mad": 32.424417038634466,
  "summary_wm_mean": 1000.653090262186,
  "summary_wm_median": 1000.0231169182807,
  "summary_wm_n": 184473.0,
  "summary_wm_p05": 944.9895612951368,
  "summary_wm_p95": 1057.2783804219216,
  "summary_wm_stdv": 34.568366743598155,
  "tpm_overlap_csf": 0.16202160156362533,
  "tpm_overlap_gm": 0.4568883842104321,
  "tpm_overlap_wm": 0.4964104418612184,
  "wm2max": 0.8869799043455057
}