{
  "aor": 0.002145395348837209,
  "aqi": 0.005933446093023255,
  "bids_meta": {
    "AcquisitionMatrixPE": 74,
    "AcquisitionNumber": 1,
    "AcquisitionTime": "",
    "BandwidthPerPixelPhaseEncode": 27.579,
    "BaseResolution": 74,
    "BodyPartExamined": "BRAIN",
    "CogAtlasID": "doi:TODO",
    "CoilString": "HE1-4;NE1_2",
    "ConsistencyInfo": "N4_VE11C_LATEST_20160120",
    "ConversionSoftware": "dcm2niix",
    "ConversionSoftwareVersion": "v1.0.20190410  GCC6.3.0",
    "DerivedVendorReportedEchoSpacing": 0.000489993,
    "DeviceSerialNumber": "166048",
    "DwellTime": 2.9e-06,
    "EchoTime": 0.023,
    "EchoTrainLength": 74,
    "EffectiveEchoSpacing": 0.000489993,
    "FlipAngle": 76,
    "ImageOrientationPatientDICOM": [
      1,
      0,
      0,
      0,
      0.956305,
      -0.292372
    ],
    "ImageType": [
      "ORIGINAL",
      "PRIMARY",
      "M",
      "ND",
      "NORM",
      "MOSAIC"
    ],
    "ImagingFrequency": 123.246,
    "InPlanePhaseEncodingDirectionDICOM": "COL",
    "InstitutionAddress": "North_13th_1701_Philadelphia_PA_US_19122",
    "InstitutionName": "Temple_University_-_Weiss_Hall",
    "InstitutionalDepartmentName": "Department",
    "MRAcquisitionType": "2D",
    "MagneticFieldStrength": 3,
    "Manufacturer": "Siemens",
    "ManufacturersModelName": "Prisma",
    "Modality": "MR",
    "PartialFourier": 1,
    "PatientPosition": "HFS",
    "PercentPhaseFOV": 100,
    "PhaseEncodingDirection": "j-",
    "PhaseEncodingSteps": 74,
    "PhaseResolution": 1,
    "PixelBandwidth": 2330,
    "ProcedureStepDescription": "SMITH_SRNDNA",
    "ProtocolName": "func-bold_trust_run4",
    "PulseSequenceDetails": "%SiemensSeq%_ep2d_bold",
    "ReceiveCoilActiveElements": "HE1-4;NE1,2",
    "ReceiveCoilName": "HeadNeck_20",
    "ReconMatrixPE": 74,
    "RepetitionTime": 2.02,
    "SAR": 0.111609,
    "ScanOptions": "FS",
    "ScanningSequence": "EP",
    "SequenceName": "_epfid2d1_74",
    "SequenceVariant": "SK",
    "SeriesDescription": "func-bold_trust_run4",
    "SeriesNumber": 14,
    "ShimSetting": [
      1449,
      -7418,
      6533,
      331,
      143,
      103,
      29,
      60
    ],
    "SliceThickness": 2.8,
    "SliceTiming": [
      1.945,
      1.89,
      1.835,
      1.78,
      1.7225,
      1.6675,
      1.6125,
      1.5575,
      1.5,
      1.445,
      1.39,
      1.335,
      1.28,
      1.2225,
      1.1675,
      1.1125,
      1.0575,
      1,
      0.945,
      0.89,
      0.835,
      0.78,
      0.7225,
      0.6675,
      0.6125,
      0.5575,
      0.5,
      0.445,
      0.39,
      0.335,
      0.28,
      0.2225,
      0.1675,
      0.1125,
      0.0575,
      0
    ],
    "SoftwareVersions": "syngo_MR_E11",
    "SpacingBetweenSlices": 3.22,
    "StationName": "AWP166048",
    "TaskName": "trust",
    "TotalReadoutTime": 0.0357695,
    "TxRefAmp": 278.861,
    "dataset": "ds003745",
    "modality": "bold",
    "run_id": 5,
    "subject_id": "104",
    "task_id": "trust"
  },
  "dummy_trs": 2,
  "dvars_nstd": 17.886372628551413,
  "dvars_std": 1.257099194953272,
  "dvars_vstd": 1.014898894906542,
  "efc": 0.5285719112722641,
  "fber": 2309.29638671875,
  "fd_mean": 0.06420991415714043,
  "fd_num": 7,
  "fd_perc": 3.255813953488372,
  "fwhm_avg": 1.7842156783659169,
  "fwhm_x": 1.703049513605621,
  "fwhm_y": 1.9440944310557429,
  "fwhm_z": 1.7055030904363866,
  "gcor": 0.0253822,
  "gsr_x": -0.0061601297929883,
  "gsr_y": 0.04545349255204201,
  "provenance": {
    "md5sum": "bfa92bf72e22bf68c7bfa2f7082047b0",
    "settings": {
      "fd_thres": 0.2,
      "testing": false
    },
    "software": "mriqc",
    "version": "22.0.6",
    "webapi_port": null,
    "webapi_url": "https://mriqc.nimh.nih.gov/api/v1"
  },
  "size_t": 215,
  "size_x": 74,
  "size_y": 74,
  "size_z": 36,
  "snr": 6.986794011167941,
  "spacing_tr": 2.0199999809265137,
  "spacing_x": 2.972972869873047,
  "spacing_y": 2.972972869873047,
  "spacing_z": 3.2200000286102295,
  "summary_bg_k": 16.17772563259245,
  "summary_bg_mad": 11.095382444162658,
  "summary_bg_mean": 53.25585174560547,
  "summary_bg_median": 19.786046981811523,
  "summary_bg_n": 121566.0,
  "summary_bg_p05": 9.897674560546875,
  "summary_bg_p95": 238.64186096191406,
  "summary_bg_stdv": 91.31451416015625,
  "summary_fg_k": 3.384058895543224,
  "summary_fg_mad": 124.96267176078322,
  "summary_fg_mean": 976.7161254882812,
  "summary_fg_median": 966.63720703125,
  "summary_fg_n": 37680.0,
  "summary_fg_p05": 787.6439270019531,
  "summary_fg_p95": 1201.384143066406,
  "summary_fg_stdv": 138.35020446777344,
  "tsnr": 89.78233754541725
}