{
  "bids_meta": {
    "AcquisitionMatrixPE": 192,
    "AcquisitionNumber": 1,
    "AcquisitionTime": "13:31:56.050000",
    "BaseResolution": 192,
    "BodyPartExamined": "BRAIN",
    "CoilString": "HE1-4;NE1_2",
    "ConsistencyInfo": "N4_VE11C_LATEST_20160120",
    "ConversionSoftware": "dcm2niix",
    "ConversionSoftwareVersion": "v1.0.20190410  GCC6.3.0",
    "DeviceSerialNumber": "166048",
    "DwellTime": 1.24e-05,
    "EchoTime": 0.0022,
    "FlipAngle": 8,
    "ImageOrientationPatientDICOM": [
      0,
      1,
      0,
      0,
      0,
      -1
    ],
    "ImageType": [
      "ORIGINAL",
      "PRIMARY",
      "M",
      "ND",
      "NORM",
      "FM3",
      "2",
      "FIL"
    ],
    "ImagingFrequency": 123.246,
    "InPlanePhaseEncodingDirectionDICOM": "ROW",
    "InstitutionAddress": "North_13th_1701_Philadelphia_PA_US_19122",
    "InstitutionName": "Temple_University_-_Weiss_Hall",
    "InstitutionalDepartmentName": "Department",
    "InversionTime": 1.15,
    "MRAcquisitionType": "3D",
    "MagneticFieldStrength": 3,
    "Manufacturer": "Siemens",
    "ManufacturersModelName": "Prisma",
    "Modality": "MR",
    "PartialFourier": 1,
    "PatientPosition": "HFS",
    "PercentPhaseFOV": 100,
    "PhaseEncodingSteps": 211,
    "PhaseOversampling": 0.1,
    "PhaseResolution": 1,
    "PixelBandwidth": 210,
    "ProcedureStepDescription": "SMITH_SRNDNA",
    "ProtocolName": "T1w-anat_mpg_07sag_iso",
    "PulseSequenceDetails": "%SiemensSeq%_tfl",
    "ReceiveCoilActiveElements": "HE1-4;NE1,2",
    "ReceiveCoilName": "HeadNeck_20",
    "ReconMatrixPE": 192,
    "RefLinesPE": 32,
    "RepetitionTime": 2.4,
    "SAR": 0.047343,
    "ScanOptions": "IR_WE",
    "ScanningSequence": "GR_IR",
    "SequenceName": "_tfl3d1_16ns",
    "SequenceVariant": "SK_SP_MP_OSP",
    "SeriesDescription": "T1w-anat_mpg_07sag_iso",
    "SeriesNumber": 5,
    "ShimSetting": [
      1434,
      -7422,
      6509,
      159,
      -11,
      -110,
      -61,
      2
    ],
    "SliceThickness": 1,
    "SoftwareVersions": "syngo_MR_E11",
    "StationName": "AWP166048",
    "TxRefAmp": 284.81,
    "dataset": "ds003745",
    "modality": "T1w",
    "subject_id": "113"
  },
  "cjv": 0.33067691109346514,
  "cnr": 3.99556575478044,
  "efc": 0.6133585436559759,
  "fber": -1.0,
  "fwhm_avg": 4.083100000000001,
  "fwhm_x": 3.96485,
  "fwhm_y": 4.12662,
  "fwhm_z": 4.15783,
  "icvs_csf": 0.23973506983666695,
  "icvs_gm": 0.4245898038470704,
  "icvs_wm": 0.3356751263162626,
  "inu_med": 0.43425320088863373,
  "inu_range": 0.15868403464555736,
  "provenance": {
    "md5sum": "6f2a04468083a611457384f643e5ed7d",
    "settings": {
      "testing": false
    },
    "software": "mriqc",
    "version": "22.0.6",
    "warnings": {
      "large_rot_frame": true,
      "small_air_mask": false
    },
    "webapi_port": null,
    "webapi_url": "https://mriqc.nimh.nih.gov/api/v1"
  },
  "qi_1": 0.0,
  "qi_2": 0.006204353799574462,
  "rpve_csf": 15.224817404040689,
  "rpve_gm": 8.478338035638135,
  "rpve_wm": 12.440245488927975,
  "size_x": 192,
  "size_y": 192,
  "size_z": 192,
  "snr_csf": 2.5599107223189246,
  "snr_gm": 11.433768922836194,
  "snr_total": 14.252575623893591,
  "snr_wm": 28.76404722652566,
  "snrd_csf": 29.144340858874695,
  "snrd_gm": 87.3741946388097,
  "snrd_total": 79.64649136313723,
  "snrd_wm": 122.4209385917273,
  "spacing_x": 1.0,
  "spacing_y": 1.0,
  "spacing_z": 1.0,
  "summary_bg_k": 317.73905794369443,
  "summary_bg_mad": 0.0,
  "summary_bg_mean": 2.1805287875856623,
  "summary_bg_median": 0.0,
  "summary_bg_n": 1570589.0,
  "summary_bg_p05": 0.0,
  "summary_bg_p95": 9.89167184010148,
  "summary_bg_stdv": 5.351827392428453,
  "summary_csf_k": 1.00138603584708,
  "summary_csf_mad": 81.4613313829684,
  "summary_csf_mean": 249.79936183964162,
  "summary_csf_median": 238.08092748746276,
  "summary_csf_n": 41437.0,
  "summary_csf_p05": 119.2927614465356,
  "summary_csf_p95": 429.9272997546941,
  "summary_csf_stdv": 93.00248348052844,
  "summary_gm_k": 0.1528196600801759,
  "summary_gm_mad": 61.06631146310714,
  "summary_gm_mean": 711.7094627643698,
  "summary_gm_median": 713.7622154094279,
  "summary_gm_n": 30109.0,
  "summary_gm_p05": 605.1100094605238,
  "summary_gm_p95": 809.7755078654736,
  "summary_gm_stdv": 62.42476712244346,
  "summary_wm_k": 0.45855439413173205,
  "summary_wm_mad": 33.605767902886384,
  "summary_wm_mean": 999.7463673051509,
  "summary_wm_median": 1000.0600372105837,
  "summary_wm_n": 160368.0,
  "summary_wm_p05": 942.6122507546097,
  "summary_wm_p95": 1055.618594439607,
  "summary_wm_stdv": 34.76760107205325,
  "tpm_overlap_csf": 0.14190300596891336,
  "tpm_overlap_gm": 0.4541226156380742,
  "tpm_overlap_wm": 0.4851484960171248,
  "wm2max": 0.9083360373747623
}