{
  "aor": 0.0037298617511520742,
  "aqi": 0.032050272811059904,
  "bids_meta": {
    "AcquisitionMatrixPE": 74,
    "AcquisitionNumber": 1,
    "AcquisitionTime": "",
    "BandwidthPerPixelPhaseEncode": 27.579,
    "BaseResolution": 74,
    "BodyPartExamined": "BRAIN",
    "CogAtlasID": "doi:TODO",
    "CoilString": "HE2_4;NE2",
    "ConsistencyInfo": "N4_VE11C_LATEST_20160120",
    "ConversionSoftware": "dcm2niix",
    "ConversionSoftwareVersion": "v1.0.20190410  GCC6.3.0",
    "DerivedVendorReportedEchoSpacing": 0.000489993,
    "DeviceSerialNumber": "166048",
    "DwellTime": 2.9e-06,
    "EchoTime": 0.023,
    "EchoTrainLength": 74,
    "EffectiveEchoSpacing": 0.000489993,
    "FlipAngle": 76,
    "ImageOrientationPatientDICOM": [
      1,
      0,
      0,
      0,
      0.93606,
      -0.351842
    ],
    "ImageType": [
      "ORIGINAL",
      "PRIMARY",
      "M",
      "ND",
      "NORM",
      "MOSAIC"
    ],
    "ImagingFrequency": 123.246,
    "InPlanePhaseEncodingDirectionDICOM": "COL",
    "InstitutionAddress": "North_13th_1701_Philadelphia_PA_US_19122",
    "InstitutionName": "Temple_University_-_Weiss_Hall",
    "InstitutionalDepartmentName": "Department",
    "MRAcquisitionType": "2D",
    "MagneticFieldStrength": 3,
    "Manufacturer": "Siemens",
    "ManufacturersModelName": "Prisma",
    "Modality": "MR",
    "PartialFourier": 1,
    "PatientPosition": "HFS",
    "PercentPhaseFOV": 100,
    "PhaseEncodingDirection": "j-",
    "PhaseEncodingSteps": 74,
    "PhaseResolution": 1,
    "PixelBandwidth": 2330,
    "ProcedureStepDescription": "SMITH_SRNDNA",
    "ProtocolName": "func-bold_trust_run1",
    "PulseSequenceDetails": "%SiemensSeq%_ep2d_bold",
    "ReceiveCoilActiveElements": "HE2,4;NE2",
    "ReceiveCoilName": "HeadNeck_20",
    "ReconMatrixPE": 74,
    "RepetitionTime": 2.02,
    "SAR": 0.154229,
    "ScanOptions": "FS",
    "ScanningSequence": "EP",
    "SequenceName": "_epfid2d1_74",
    "SequenceVariant": "SK",
    "SeriesDescription": "func-bold_trust_run1",
    "SeriesNumber": 12,
    "ShimSetting": [
      1390,
      -7414,
      6518,
      -34,
      -83,
      87,
      -1,
      44
    ],
    "SliceThickness": 2.8,
    "SliceTiming": [
      1.945,
      1.89,
      1.8325,
      1.7775,
      1.7225,
      1.6675,
      1.6125,
      1.555,
      1.5,
      1.445,
      1.39,
      1.3325,
      1.2775,
      1.2225,
      1.1675,
      1.1125,
      1.055,
      1,
      0.945,
      0.89,
      0.8325,
      0.7775,
      0.7225,
      0.6675,
      0.6125,
      0.555,
      0.5,
      0.445,
      0.39,
      0.335,
      0.2775,
      0.2225,
      0.1675,
      0.1125,
      0.055,
      0
    ],
    "SoftwareVersions": "syngo_MR_E11",
    "SpacingBetweenSlices": 3.22,
    "StationName": "AWP166048",
    "TaskName": "trust",
    "TotalReadoutTime": 0.0357695,
    "TxRefAmp": 368.373,
    "dataset": "ds003745",
    "modality": "bold",
    "run_id": 2,
    "subject_id": "144",
    "task_id": "trust"
  },
  "dummy_trs": 0,
  "dvars_nstd": 38.21949149055554,
  "dvars_std": 1.0622288360648149,
  "dvars_vstd": 0.9451921167129634,
  "efc": 0.5747834759688433,
  "fber": 396.4600830078125,
  "fd_mean": 0.43962606042476843,
  "fd_num": 194,
  "fd_perc": 89.40092165898618,
  "fwhm_avg": 1.797711099932229,
  "fwhm_x": 1.7218085142561659,
  "fwhm_y": 1.891880701972292,
  "fwhm_z": 1.7794440835682286,
  "gcor": 0.0056806,
  "gsr_x": -0.05170232430100441,
  "gsr_y": 0.08661395311355591,
  "provenance": {
    "md5sum": "1c7ada66b617177dd3de5b62aa74c2fb",
    "settings": {
      "fd_thres": 0.2,
      "testing": false
    },
    "software": "mriqc",
    "version": "22.0.6",
    "webapi_port": null,
    "webapi_url": "https://mriqc.nimh.nih.gov/api/v1"
  },
  "size_t": 217,
  "size_x": 74,
  "size_y": 74,
  "size_z": 36,
  "snr": 6.20269289891379,
  "spacing_tr": 2.0199999809265137,
  "spacing_x": 2.972972869873047,
  "spacing_y": 2.972972869873047,
  "spacing_z": 3.2200000286102295,
  "summary_bg_k": 22.052739587418408,
  "summary_bg_mad": 27.916649576968748,
  "summary_bg_mean": 45.97377395629883,
  "summary_bg_median": 26.285715103149414,
  "summary_bg_n": 121216.0,
  "summary_bg_p05": 5.294930934906006,
  "summary_bg_p95": 145.09677124023438,
  "summary_bg_stdv": 54.70117950439453,
  "summary_fg_k": 3.0160906928321776,
  "summary_fg_mad": 72.47675245760945,
  "summary_fg_mean": 539.0590209960938,
  "summary_fg_median": 527.1751098632812,
  "summary_fg_n": 37531.0,
  "summary_fg_p05": 430.1589813232422,
  "summary_fg_p95": 689.0898742675781,
  "summary_fg_stdv": 84.99019622802734,
  "tsnr": 33.773355268640444
}