{
  "bids_meta": {
    "AcquisitionMatrixPE": 192,
    "AcquisitionNumber": 1,
    "AcquisitionTime": "13:25:30.280000",
    "BaseResolution": 192,
    "BodyPartExamined": "BRAIN",
    "CoilString": "HE1-4;NE1_2",
    "ConsistencyInfo": "N4_VE11C_LATEST_20160120",
    "ConversionSoftware": "dcm2niix",
    "ConversionSoftwareVersion": "v1.0.20190410  GCC6.3.0",
    "DeviceSerialNumber": "166048",
    "DwellTime": 1.24e-05,
    "EchoTime": 0.0022,
    "FlipAngle": 8,
    "ImageOrientationPatientDICOM": [
      0,
      1,
      0,
      0.0784591,
      0,
      -0.996917
    ],
    "ImageType": [
      "ORIGINAL",
      "PRIMARY",
      "M",
      "ND",
      "NORM",
      "FM3",
      "2",
      "FIL"
    ],
    "ImagingFrequency": 123.246,
    "InPlanePhaseEncodingDirectionDICOM": "ROW",
    "InstitutionAddress": "North_13th_1701_Philadelphia_PA_US_19122",
    "InstitutionName": "Temple_University_-_Weiss_Hall",
    "InstitutionalDepartmentName": "Department",
    "InversionTime": 1.15,
    "MRAcquisitionType": "3D",
    "MagneticFieldStrength": 3,
    "Manufacturer": "Siemens",
    "ManufacturersModelName": "Prisma",
    "Modality": "MR",
    "PartialFourier": 1,
    "PatientPosition": "HFS",
    "PercentPhaseFOV": 100,
    "PhaseEncodingSteps": 211,
    "PhaseOversampling": 0.1,
    "PhaseResolution": 1,
    "PixelBandwidth": 210,
    "ProcedureStepDescription": "SMITH_SRNDNA",
    "ProtocolName": "T1w-anat_mpg_07sag_iso",
    "PulseSequenceDetails": "%SiemensSeq%_tfl",
    "ReceiveCoilActiveElements": "HE1-4;NE1,2",
    "ReceiveCoilName": "HeadNeck_20",
    "ReconMatrixPE": 192,
    "RefLinesPE": 32,
    "RepetitionTime": 2.4,
    "SAR": 0.0463045,
    "ScanOptions": "IR_WE",
    "ScanningSequence": "GR_IR",
    "SequenceName": "_tfl3d1_16ns",
    "SequenceVariant": "SK_SP_MP_OSP",
    "SeriesDescription": "T1w-anat_mpg_07sag_iso",
    "SeriesNumber": 5,
    "ShimSetting": [
      1410,
      -7533,
      6504,
      -2,
      -111,
      -394,
      -116,
      25
    ],
    "SliceThickness": 1,
    "SoftwareVersions": "syngo_MR_E11",
    "StationName": "AWP166048",
    "TxRefAmp": 276.4,
    "dataset": "ds003745",
    "modality": "T1w",
    "subject_id": "129"
  },
  "cjv": 0.47067593165570454,
  "cnr": 2.927894423887682,
  "efc": 0.6695365457396238,
  "fber": 14292.796953694944,
  "fwhm_avg": 4.03924,
  "fwhm_x": 4.01196,
  "fwhm_y": 4.09858,
  "fwhm_z": 4.00718,
  "icvs_csf": 0.2856397163996017,
  "icvs_gm": 0.3365191367036173,
  "icvs_wm": 0.37784114689678105,
  "inu_med": 0.6209960877895355,
  "inu_range": 0.2966257095336914,
  "provenance": {
    "md5sum": "1d6b6556d0df4c01f56e384af4a599be",
    "settings": {
      "testing": false
    },
    "software": "mriqc",
    "version": "22.0.6",
    "warnings": {
      "large_rot_frame": true,
      "small_air_mask": false
    },
    "webapi_port": null,
    "webapi_url": "https://mriqc.nimh.nih.gov/api/v1"
  },
  "qi_1": 0.0,
  "qi_2": 0.00476878327746746,
  "rpve_csf": 12.848952878140587,
  "rpve_gm": 9.214255752915907,
  "rpve_wm": 10.204202117409356,
  "size_x": 192,
  "size_y": 192,
  "size_z": 192,
  "snr_csf": 2.7655477990671997,
  "snr_gm": 10.555428258587694,
  "snr_total": 10.392452789552946,
  "snr_wm": 17.85638231100394,
  "snrd_csf": 25.018851034020518,
  "snrd_gm": 74.02089032054509,
  "snrd_total": 66.54432562713531,
  "snrd_wm": 100.59323552684032,
  "spacing_x": 1.0,
  "spacing_y": 1.0,
  "spacing_z": 1.0,
  "summary_bg_k": 63.79387569301771,
  "summary_bg_mad": 6.513175390517375,
  "summary_bg_mean": 7.477740520114658,
  "summary_bg_median": 4.393070042133331,
  "summary_bg_n": 1381637.0,
  "summary_bg_p05": 0.0,
  "summary_bg_p95": 31.685017678886652,
  "summary_bg_stdv": 12.013768365125982,
  "summary_csf_k": 1.2330877796686197,
  "summary_csf_mad": 74.57585822142394,
  "summary_csf_mean": 258.6212723764791,
  "summary_csf_median": 248.73013444803655,
  "summary_csf_n": 87547.0,
  "summary_csf_p05": 128.2227318547666,
  "summary_csf_p95": 428.8652258569374,
  "summary_csf_stdv": 89.9383167327138,
  "summary_gm_k": 0.02147174698953469,
  "summary_gm_mad": 70.01663544806178,
  "summary_gm_mean": 732.96510062793,
  "summary_gm_median": 735.8941454328597,
  "summary_gm_n": 7925.0,
  "summary_gm_p05": 613.3878959704191,
  "summary_gm_p95": 841.67927204743,
  "summary_gm_stdv": 69.71272953484959,
  "summary_wm_k": 0.6182612428807723,
  "summary_wm_mad": 54.323953491533985,
  "summary_wm_mean": 1002.480297494321,
  "summary_wm_median": 1000.0686667477712,
  "summary_wm_n": 163700.0,
  "summary_wm_p05": 917.1906547341496,
  "summary_wm_p95": 1098.8715576641262,
  "summary_wm_stdv": 56.006059612049164,
  "tpm_overlap_csf": 0.1651257492820392,
  "tpm_overlap_gm": 0.3767818720674875,
  "tpm_overlap_wm": 0.4779814206020224,
  "wm2max": 0.7417623818833496
}