{
  "aor": 0.006858558139534884,
  "aqi": 0.015160261441860466,
  "bids_meta": {
    "AcquisitionMatrixPE": 74,
    "AcquisitionNumber": 1,
    "AcquisitionTime": "",
    "BandwidthPerPixelPhaseEncode": 27.579,
    "BaseResolution": 74,
    "BodyPartExamined": "BRAIN",
    "CogAtlasID": "doi:TODO",
    "CoilString": "HE1-4;NE1_2",
    "ConsistencyInfo": "N4_VE11C_LATEST_20160120",
    "ConversionSoftware": "dcm2niix",
    "ConversionSoftwareVersion": "v1.0.20190410  GCC6.3.0",
    "DerivedVendorReportedEchoSpacing": 0.000489993,
    "DeviceSerialNumber": "166048",
    "DwellTime": 2.9e-06,
    "EchoTime": 0.023,
    "EchoTrainLength": 74,
    "EffectiveEchoSpacing": 0.000489993,
    "FlipAngle": 76,
    "ImageOrientationPatientDICOM": [
      1,
      0,
      0,
      0,
      0.94721,
      -0.320613
    ],
    "ImageType": [
      "ORIGINAL",
      "PRIMARY",
      "M",
      "ND",
      "NORM",
      "MOSAIC"
    ],
    "ImagingFrequency": 123.245,
    "InPlanePhaseEncodingDirectionDICOM": "COL",
    "InstitutionAddress": "North_13th_1701_Philadelphia_PA_US_19122",
    "InstitutionName": "Temple_University_-_Weiss_Hall",
    "InstitutionalDepartmentName": "Department",
    "MRAcquisitionType": "2D",
    "MagneticFieldStrength": 3,
    "Manufacturer": "Siemens",
    "ManufacturersModelName": "Prisma",
    "Modality": "MR",
    "PartialFourier": 1,
    "PatientPosition": "HFS",
    "PercentPhaseFOV": 100,
    "PhaseEncodingDirection": "j-",
    "PhaseEncodingSteps": 74,
    "PhaseResolution": 1,
    "PixelBandwidth": 2330,
    "ProcedureStepDescription": "SMITH_SRNDNA",
    "ProtocolName": "func-bold_trust_run1",
    "PulseSequenceDetails": "%SiemensSeq%_ep2d_bold",
    "ReceiveCoilActiveElements": "HE1-4;NE1,2",
    "ReceiveCoilName": "HeadNeck_20",
    "ReconMatrixPE": 74,
    "RepetitionTime": 2.02,
    "SAR": 0.107389,
    "ScanOptions": "FS",
    "ScanningSequence": "EP",
    "SequenceName": "_epfid2d1_74",
    "SequenceVariant": "SK",
    "SeriesDescription": "func-bold_trust_run1",
    "SeriesNumber": 10,
    "ShimSetting": [
      1481,
      -7497,
      6528,
      399,
      206,
      -89,
      -341,
      129
    ],
    "SliceThickness": 2.8,
    "SliceTiming": [
      1.9425,
      1.8875,
      1.8325,
      1.7775,
      1.72,
      1.665,
      1.61,
      1.555,
      1.5,
      1.4425,
      1.3875,
      1.3325,
      1.2775,
      1.22,
      1.165,
      1.11,
      1.055,
      1,
      0.9425,
      0.8875,
      0.8325,
      0.7775,
      0.72,
      0.665,
      0.61,
      0.555,
      0.5,
      0.4425,
      0.3875,
      0.3325,
      0.2775,
      0.22,
      0.165,
      0.11,
      0.055,
      0
    ],
    "SoftwareVersions": "syngo_MR_E11",
    "SpacingBetweenSlices": 3.22,
    "StationName": "AWP166048",
    "TaskName": "trust",
    "TotalReadoutTime": 0.0357695,
    "TxRefAmp": 300.213,
    "dataset": "ds003745",
    "modality": "bold",
    "run_id": 2,
    "subject_id": "142",
    "task_id": "trust"
  },
  "dummy_trs": 2,
  "dvars_nstd": 37.32265711271028,
  "dvars_std": 1.3186100576168232,
  "dvars_vstd": 1.0282446885046732,
  "efc": 0.5329707425440745,
  "fber": 1742.1107177734375,
  "fd_mean": 0.40194124871032916,
  "fd_num": 179,
  "fd_perc": 83.25581395348837,
  "fwhm_avg": 1.8001398781298026,
  "fwhm_x": 1.7048860591238562,
  "fwhm_y": 1.9175957028640644,
  "fwhm_z": 1.7779378724014876,
  "gcor": 0.0255537,
  "gsr_x": -0.029911141842603683,
  "gsr_y": 0.04233238101005554,
  "provenance": {
    "md5sum": "d8ab0279820f72ff6d2b5fd7a2581595",
    "settings": {
      "fd_thres": 0.2,
      "testing": false
    },
    "software": "mriqc",
    "version": "22.0.6",
    "webapi_port": null,
    "webapi_url": "https://mriqc.nimh.nih.gov/api/v1"
  },
  "size_t": 215,
  "size_x": 74,
  "size_y": 74,
  "size_z": 36,
  "snr": 6.118188094599937,
  "spacing_tr": 2.0199999809265137,
  "spacing_x": 2.972972869873047,
  "spacing_y": 2.972972869873047,
  "spacing_z": 3.2200000286102295,
  "summary_bg_k": 32.64980688018288,
  "summary_bg_mad": 8.654258639463132,
  "summary_bg_mean": 39.399192810058594,
  "summary_bg_median": 16.67906951904297,
  "summary_bg_n": 120203.0,
  "summary_bg_p05": 8.41395378112793,
  "summary_bg_p95": 136.76837310790995,
  "summary_bg_stdv": 68.7610855102539,
  "summary_fg_k": 1.7781779394336406,
  "summary_fg_mad": 105.42338798808233,
  "summary_fg_mean": 731.5384521484375,
  "summary_fg_median": 714.279052734375,
  "summary_fg_n": 38793.0,
  "summary_fg_p05": 583.8371948242187,
  "summary_fg_p95": 943.8548706054688,
  "summary_fg_stdv": 116.74532318115234,
  "tsnr": 50.907290804898366
}