{
  "aor": 0.00230147465437788,
  "aqi": 0.01050455460829493,
  "bids_meta": {
    "AcquisitionMatrixPE": 74,
    "AcquisitionNumber": 1,
    "AcquisitionTime": "",
    "BandwidthPerPixelPhaseEncode": 27.579,
    "BaseResolution": 74,
    "BodyPartExamined": "BRAIN",
    "CogAtlasID": "doi:TODO",
    "CoilString": "HE1-4;NE1_2",
    "ConsistencyInfo": "N4_VE11C_LATEST_20160120",
    "ConversionSoftware": "dcm2niix",
    "ConversionSoftwareVersion": "v1.0.20190410  GCC6.3.0",
    "DerivedVendorReportedEchoSpacing": 0.000489993,
    "DeviceSerialNumber": "166048",
    "DwellTime": 2.9e-06,
    "EchoTime": 0.023,
    "EchoTrainLength": 74,
    "EffectiveEchoSpacing": 0.000489993,
    "FlipAngle": 76,
    "ImageOrientationPatientDICOM": [
      1,
      0,
      0,
      0,
      0.977416,
      -0.211325
    ],
    "ImageType": [
      "ORIGINAL",
      "PRIMARY",
      "M",
      "ND",
      "NORM",
      "MOSAIC"
    ],
    "ImagingFrequency": 123.246,
    "InPlanePhaseEncodingDirectionDICOM": "COL",
    "InstitutionAddress": "North_13th_1701_Philadelphia_PA_US_19122",
    "InstitutionName": "Temple_University_-_Weiss_Hall",
    "InstitutionalDepartmentName": "Department",
    "MRAcquisitionType": "2D",
    "MagneticFieldStrength": 3,
    "Manufacturer": "Siemens",
    "ManufacturersModelName": "Prisma",
    "Modality": "MR",
    "PartialFourier": 1,
    "PatientPosition": "HFS",
    "PercentPhaseFOV": 100,
    "PhaseEncodingDirection": "j-",
    "PhaseEncodingSteps": 74,
    "PhaseResolution": 1,
    "PixelBandwidth": 2330,
    "ProcedureStepDescription": "SMITH_SRNDNA",
    "ProtocolName": "func-bold_trust_run0",
    "PulseSequenceDetails": "%SiemensSeq%_ep2d_bold",
    "ReceiveCoilActiveElements": "HE1-4;NE1,2",
    "ReceiveCoilName": "HeadNeck_20",
    "ReconMatrixPE": 74,
    "RepetitionTime": 2.02,
    "SAR": 0.105029,
    "ScanOptions": "FS",
    "ScanningSequence": "EP",
    "SequenceName": "_epfid2d1_74",
    "SequenceVariant": "SK",
    "SeriesDescription": "func-bold_trust_run0",
    "SeriesNumber": 9,
    "ShimSetting": [
      1435,
      -7455,
      6486,
      462,
      188,
      117,
      -85,
      78
    ],
    "SliceThickness": 2.8,
    "SliceTiming": [
      1.945,
      1.89,
      1.8325,
      1.7775,
      1.7225,
      1.6675,
      1.6125,
      1.555,
      1.5,
      1.445,
      1.39,
      1.3325,
      1.2775,
      1.2225,
      1.1675,
      1.1125,
      1.055,
      1,
      0.945,
      0.89,
      0.8325,
      0.7775,
      0.7225,
      0.6675,
      0.6125,
      0.555,
      0.5,
      0.445,
      0.39,
      0.3325,
      0.2775,
      0.2225,
      0.1675,
      0.1125,
      0.055,
      0
    ],
    "SoftwareVersions": "syngo_MR_E11",
    "SpacingBetweenSlices": 3.22,
    "StationName": "AWP166048",
    "TaskName": "trust",
    "TotalReadoutTime": 0.0357695,
    "TxRefAmp": 282.602,
    "dataset": "ds003745",
    "modality": "bold",
    "run_id": 1,
    "subject_id": "158",
    "task_id": "trust"
  },
  "dummy_trs": 0,
  "dvars_nstd": 18.7491758399537,
  "dvars_std": 1.144003765972222,
  "dvars_vstd": 0.9813056260185183,
  "efc": 0.5504085267711546,
  "fber": 1801.287353515625,
  "fd_mean": 0.13006545398498387,
  "fd_num": 21,
  "fd_perc": 9.67741935483871,
  "fwhm_avg": 1.7424934581328895,
  "fwhm_x": 1.6702876942876537,
  "fwhm_y": 1.9044504587710562,
  "fwhm_z": 1.6527422213399583,
  "gcor": 0.0375899,
  "gsr_x": -0.0029601347632706165,
  "gsr_y": 0.04987938329577446,
  "provenance": {
    "md5sum": "e40caeaeed005d1572fd80799f95a325",
    "settings": {
      "fd_thres": 0.2,
      "testing": false
    },
    "software": "mriqc",
    "version": "22.0.6",
    "webapi_port": null,
    "webapi_url": "https://mriqc.nimh.nih.gov/api/v1"
  },
  "size_t": 217,
  "size_x": 74,
  "size_y": 74,
  "size_z": 36,
  "snr": 7.575942828305359,
  "spacing_tr": 2.0199999809265137,
  "spacing_x": 2.972972869873047,
  "spacing_y": 2.972973108291626,
  "spacing_z": 3.2200000286102295,
  "summary_bg_k": 19.84572146310636,
  "summary_bg_mad": 11.013616884304374,
  "summary_bg_mean": 49.4168701171875,
  "summary_bg_median": 20.059907913208008,
  "summary_bg_n": 117185.0,
  "summary_bg_p05": 9.640552520751953,
  "summary_bg_p95": 202.3428619384764,
  "summary_bg_stdv": 80.9467544555664,
  "summary_fg_k": 3.654910383229055,
  "summary_fg_mad": 102.40203397364297,
  "summary_fg_mean": 872.8543090820312,
  "summary_fg_median": 865.3640747070312,
  "summary_fg_n": 41156.0,
  "summary_fg_p05": 718.0126647949219,
  "summary_fg_p95": 1059.11865234375,
  "summary_fg_stdv": 114.223876953125,
  "tsnr": 71.79090780543629
}