{
  "aor": 0.007870651162790697,
  "aqi": 0.009202897534883722,
  "bids_meta": {
    "AcquisitionMatrixPE": 74,
    "AcquisitionNumber": 1,
    "AcquisitionTime": "",
    "BandwidthPerPixelPhaseEncode": 27.579,
    "BaseResolution": 74,
    "BodyPartExamined": "BRAIN",
    "CogAtlasID": "doi:TODO",
    "CoilString": "HE1-4;NE1_2",
    "ConsistencyInfo": "N4_VE11C_LATEST_20160120",
    "ConversionSoftware": "dcm2niix",
    "ConversionSoftwareVersion": "v1.0.20190410  GCC6.3.0",
    "DerivedVendorReportedEchoSpacing": 0.000489993,
    "DeviceSerialNumber": "166048",
    "DwellTime": 2.9e-06,
    "EchoTime": 0.023,
    "EchoTrainLength": 74,
    "EffectiveEchoSpacing": 0.000489993,
    "FlipAngle": 76,
    "ImageOrientationPatientDICOM": [
      1,
      0,
      0,
      0,
      0.977416,
      -0.211325
    ],
    "ImageType": [
      "ORIGINAL",
      "PRIMARY",
      "M",
      "ND",
      "NORM",
      "MOSAIC"
    ],
    "ImagingFrequency": 123.246,
    "InPlanePhaseEncodingDirectionDICOM": "COL",
    "InstitutionAddress": "North_13th_1701_Philadelphia_PA_US_19122",
    "InstitutionName": "Temple_University_-_Weiss_Hall",
    "InstitutionalDepartmentName": "Department",
    "MRAcquisitionType": "2D",
    "MagneticFieldStrength": 3,
    "Manufacturer": "Siemens",
    "ManufacturersModelName": "Prisma",
    "Modality": "MR",
    "PartialFourier": 1,
    "PatientPosition": "HFS",
    "PercentPhaseFOV": 100,
    "PhaseEncodingDirection": "j-",
    "PhaseEncodingSteps": 74,
    "PhaseResolution": 1,
    "PixelBandwidth": 2330,
    "ProcedureStepDescription": "SMITH_SRNDNA",
    "ProtocolName": "func-bold_trust_run1",
    "PulseSequenceDetails": "%SiemensSeq%_ep2d_bold",
    "ReceiveCoilActiveElements": "HE1-4;NE1,2",
    "ReceiveCoilName": "HeadNeck_20",
    "ReconMatrixPE": 74,
    "RepetitionTime": 2.02,
    "SAR": 0.105029,
    "ScanOptions": "FS",
    "ScanningSequence": "EP",
    "SequenceName": "_epfid2d1_74",
    "SequenceVariant": "SK",
    "SeriesDescription": "func-bold_trust_run1",
    "SeriesNumber": 10,
    "ShimSetting": [
      1435,
      -7454,
      6485,
      457,
      187,
      114,
      -84,
      77
    ],
    "SliceThickness": 2.8,
    "SliceTiming": [
      1.945,
      1.89,
      1.8325,
      1.7775,
      1.7225,
      1.6675,
      1.61,
      1.555,
      1.5,
      1.445,
      1.39,
      1.3325,
      1.2775,
      1.2225,
      1.1675,
      1.11,
      1.055,
      1,
      0.945,
      0.89,
      0.8325,
      0.7775,
      0.7225,
      0.6675,
      0.61,
      0.555,
      0.5,
      0.445,
      0.39,
      0.3325,
      0.2775,
      0.2225,
      0.1675,
      0.11,
      0.055,
      0
    ],
    "SoftwareVersions": "syngo_MR_E11",
    "SpacingBetweenSlices": 3.22,
    "StationName": "AWP166048",
    "TaskName": "trust",
    "TotalReadoutTime": 0.0357695,
    "TxRefAmp": 282.602,
    "dataset": "ds003745",
    "modality": "bold",
    "run_id": 2,
    "subject_id": "158",
    "task_id": "trust"
  },
  "dummy_trs": 2,
  "dvars_nstd": 20.133414344532714,
  "dvars_std": 1.2608019518224298,
  "dvars_vstd": 1.0606392228504677,
  "efc": 0.5515298045623028,
  "fber": 1768.98681640625,
  "fd_mean": 0.1430470157090838,
  "fd_num": 21,
  "fd_perc": 9.767441860465116,
  "fwhm_avg": 1.7299758559163194,
  "fwhm_x": 1.6538159664437024,
  "fwhm_y": 1.8874439140905852,
  "fwhm_z": 1.6486676872146704,
  "gcor": 0.0373522,
  "gsr_x": -0.00414063548669219,
  "gsr_y": 0.049846187233924866,
  "provenance": {
    "md5sum": "7ce23c256a73d395f29337dca3895da9",
    "settings": {
      "fd_thres": 0.2,
      "testing": false
    },
    "software": "mriqc",
    "version": "22.0.6",
    "webapi_port": null,
    "webapi_url": "https://mriqc.nimh.nih.gov/api/v1"
  },
  "size_t": 215,
  "size_x": 74,
  "size_y": 74,
  "size_z": 36,
  "snr": 7.5752322995776495,
  "spacing_tr": 2.0199999809265137,
  "spacing_x": 2.972972869873047,
  "spacing_y": 2.972973108291626,
  "spacing_z": 3.2200000286102295,
  "summary_bg_k": 20.21367245903607,
  "summary_bg_mad": 10.867820558848512,
  "summary_bg_mean": 50.04802703857422,
  "summary_bg_median": 20.251163482666016,
  "summary_bg_n": 117059.0,
  "summary_bg_p05": 9.930232048034668,
  "summary_bg_p95": 205.6999999999994,
  "summary_bg_stdv": 81.87995910644531,
  "summary_fg_k": 3.3887802176156567,
  "summary_fg_mad": 102.5546920511954,
  "summary_fg_mean": 874.6372680664062,
  "summary_fg_median": 866.28369140625,
  "summary_fg_n": 41170.0,
  "summary_fg_p05": 718.8739532470703,
  "summary_fg_p95": 1062.7001831054688,
  "summary_fg_stdv": 114.35598754882812,
  "tsnr": 76.19218090712093
}