{
  "aor": 0.005438657407407407,
  "aqi": 0.009623238518518519,
  "bids_meta": {
    "AcquisitionMatrixPE": 74,
    "AcquisitionNumber": 1,
    "AcquisitionTime": "",
    "BandwidthPerPixelPhaseEncode": 27.579,
    "BaseResolution": 74,
    "BodyPartExamined": "BRAIN",
    "CogAtlasID": "doi:TODO",
    "CoilString": "HE1-4;NE1_2",
    "ConsistencyInfo": "N4_VE11C_LATEST_20160120",
    "ConversionSoftware": "dcm2niix",
    "ConversionSoftwareVersion": "v1.0.20190410  GCC6.3.0",
    "DerivedVendorReportedEchoSpacing": 0.000489993,
    "DeviceSerialNumber": "166048",
    "DwellTime": 2.9e-06,
    "EchoTime": 0.023,
    "EchoTrainLength": 74,
    "EffectiveEchoSpacing": 0.000489993,
    "FlipAngle": 76,
    "ImageOrientationPatientDICOM": [
      1,
      0,
      0,
      0,
      0.953717,
      -0.300706
    ],
    "ImageType": [
      "ORIGINAL",
      "PRIMARY",
      "M",
      "ND",
      "NORM",
      "MOSAIC"
    ],
    "ImagingFrequency": 123.246,
    "InPlanePhaseEncodingDirectionDICOM": "COL",
    "InstitutionAddress": "North_13th_1701_Philadelphia_PA_US_19122",
    "InstitutionName": "Temple_University_-_Weiss_Hall",
    "InstitutionalDepartmentName": "Department",
    "MRAcquisitionType": "2D",
    "MagneticFieldStrength": 3,
    "Manufacturer": "Siemens",
    "ManufacturersModelName": "Prisma",
    "Modality": "MR",
    "PartialFourier": 1,
    "PatientPosition": "HFS",
    "PercentPhaseFOV": 100,
    "PhaseEncodingDirection": "j-",
    "PhaseEncodingSteps": 74,
    "PhaseResolution": 1,
    "PixelBandwidth": 2330,
    "ProcedureStepDescription": "SMITH_SRNDNA",
    "ProtocolName": "func-bold_trust_run3",
    "PulseSequenceDetails": "%SiemensSeq%_ep2d_bold",
    "ReceiveCoilActiveElements": "HE1-4;NE1,2",
    "ReceiveCoilName": "HeadNeck_20",
    "ReconMatrixPE": 74,
    "RepetitionTime": 2.02,
    "SAR": 0.102666,
    "ScanOptions": "FS",
    "ScanningSequence": "EP",
    "SequenceName": "_epfid2d1_74",
    "SequenceVariant": "SK",
    "SeriesDescription": "func-bold_trust_run3",
    "SeriesNumber": 12,
    "ShimSetting": [
      1407,
      -7355,
      6440,
      254,
      12,
      -81,
      -172,
      59
    ],
    "SliceThickness": 2.8,
    "SliceTiming": [
      1.945,
      1.8875,
      1.8325,
      1.7775,
      1.7225,
      1.665,
      1.61,
      1.555,
      1.5,
      1.445,
      1.3875,
      1.3325,
      1.2775,
      1.2225,
      1.1675,
      1.11,
      1.055,
      1,
      0.945,
      0.8875,
      0.8325,
      0.7775,
      0.7225,
      0.6675,
      0.61,
      0.555,
      0.5,
      0.445,
      0.3875,
      0.3325,
      0.2775,
      0.2225,
      0.1675,
      0.11,
      0.055,
      0
    ],
    "SoftwareVersions": "syngo_MR_E11",
    "SpacingBetweenSlices": 3.22,
    "StationName": "AWP166048",
    "TaskName": "trust",
    "TotalReadoutTime": 0.0357695,
    "TxRefAmp": 257.362,
    "dataset": "ds003745",
    "modality": "bold",
    "run_id": 4,
    "subject_id": "137",
    "task_id": "trust"
  },
  "dummy_trs": 1,
  "dvars_nstd": 30.851649084744174,
  "dvars_std": 1.4192972974883715,
  "dvars_vstd": 1.0398277478604652,
  "efc": 0.5314891007470024,
  "fber": 1702.357177734375,
  "fd_mean": 0.28082183161079755,
  "fd_num": 128,
  "fd_perc": 59.25925925925926,
  "fwhm_avg": 1.7752226799928918,
  "fwhm_x": 1.6568936938231624,
  "fwhm_y": 1.9542122495884375,
  "fwhm_z": 1.714562096567076,
  "gcor": 0.041249,
  "gsr_x": -0.014425007626414299,
  "gsr_y": 0.04731627553701401,
  "provenance": {
    "md5sum": "732becd51a1f296b7a6206e796018923",
    "settings": {
      "fd_thres": 0.2,
      "testing": false
    },
    "software": "mriqc",
    "version": "22.0.6",
    "webapi_port": null,
    "webapi_url": "https://mriqc.nimh.nih.gov/api/v1"
  },
  "size_t": 216,
  "size_x": 74,
  "size_y": 74,
  "size_z": 36,
  "snr": 6.402888127564273,
  "spacing_tr": 2.0199999809265137,
  "spacing_x": 2.972972869873047,
  "spacing_y": 2.972972869873047,
  "spacing_z": 3.2200000286102295,
  "summary_bg_k": 23.262183747130308,
  "summary_bg_mad": 11.730403454540022,
  "summary_bg_mean": 54.95079803466797,
  "summary_bg_median": 21.675926208496094,
  "summary_bg_n": 121935.0,
  "summary_bg_p05": 10.365740776062012,
  "summary_bg_p95": 222.23056030273406,
  "summary_bg_stdv": 95.54817962646484,
  "summary_fg_k": 3.95233442808808,
  "summary_fg_mad": 109.20807763571284,
  "summary_fg_mean": 921.1980590820312,
  "summary_fg_median": 901.7939453125,
  "summary_fg_n": 37014.0,
  "summary_fg_p05": 749.0622497558594,
  "summary_fg_p95": 1166.8968017578125,
  "summary_fg_stdv": 140.83984375,
  "tsnr": 71.34942491236143
}