{
  "bids_meta": {
    "AcquisitionMatrixPE": 192,
    "AcquisitionNumber": 1,
    "AcquisitionTime": "11:53:8.257500",
    "BaseResolution": 192,
    "BodyPartExamined": "BRAIN",
    "CoilString": "HE1-4;NE1_2",
    "ConsistencyInfo": "N4_VE11C_LATEST_20160120",
    "ConversionSoftware": "dcm2niix",
    "ConversionSoftwareVersion": "v1.0.20190410  GCC6.3.0",
    "DeviceSerialNumber": "166048",
    "DwellTime": 1.24e-05,
    "EchoTime": 0.0022,
    "FlipAngle": 8,
    "ImageOrientationPatientDICOM": [
      0,
      1,
      0,
      -0.0540789,
      0,
      -0.998537
    ],
    "ImageType": [
      "ORIGINAL",
      "PRIMARY",
      "M",
      "ND",
      "NORM",
      "FM3",
      "2",
      "FIL"
    ],
    "ImagingFrequency": 123.246,
    "InPlanePhaseEncodingDirectionDICOM": "ROW",
    "InstitutionAddress": "North_13th_1701_Philadelphia_PA_US_19122",
    "InstitutionName": "Temple_University_-_Weiss_Hall",
    "InstitutionalDepartmentName": "Department",
    "InversionTime": 1.15,
    "MRAcquisitionType": "3D",
    "MagneticFieldStrength": 3,
    "Manufacturer": "Siemens",
    "ManufacturersModelName": "Prisma",
    "Modality": "MR",
    "PartialFourier": 1,
    "PatientPosition": "HFS",
    "PercentPhaseFOV": 100,
    "PhaseEncodingSteps": 211,
    "PhaseOversampling": 0.1,
    "PhaseResolution": 1,
    "PixelBandwidth": 210,
    "ProcedureStepDescription": "SMITH_SRNDNA",
    "ProtocolName": "T1w-anat_mpg_07sag_iso",
    "PulseSequenceDetails": "%SiemensSeq%_tfl",
    "ReceiveCoilActiveElements": "HE1-4;NE1,2",
    "ReceiveCoilName": "HeadNeck_20",
    "ReconMatrixPE": 192,
    "RefLinesPE": 32,
    "RepetitionTime": 2.4,
    "SAR": 0.0461575,
    "ScanOptions": "IR_WE",
    "ScanningSequence": "GR_IR",
    "SequenceName": "_tfl3d1_16ns",
    "SequenceVariant": "SK_SP_MP_OSP",
    "SeriesDescription": "T1w-anat_mpg_07sag_iso",
    "SeriesNumber": 5,
    "ShimSetting": [
      1395,
      -7366,
      6449,
      129,
      91,
      -213,
      -22,
      -30
    ],
    "SliceThickness": 1,
    "SoftwareVersions": "syngo_MR_E11",
    "StationName": "AWP166048",
    "TxRefAmp": 266.322,
    "dataset": "ds003745",
    "modality": "T1w",
    "subject_id": "128"
  },
  "cjv": 0.3766918388341175,
  "cnr": 3.606298761419847,
  "efc": 0.6285931229748783,
  "fber": 30978.62692136333,
  "fwhm_avg": 4.194256666666666,
  "fwhm_x": 4.10795,
  "fwhm_y": 4.30087,
  "fwhm_z": 4.17395,
  "icvs_csf": 0.2629009066127341,
  "icvs_gm": 0.387451881232305,
  "icvs_wm": 0.3496472121549609,
  "inu_med": 0.4380776584148407,
  "inu_range": 0.16602271795272827,
  "provenance": {
    "md5sum": "2174a5c8e6da5761c62401ea86e0c4ea",
    "settings": {
      "testing": false
    },
    "software": "mriqc",
    "version": "22.0.6",
    "warnings": {
      "large_rot_frame": true,
      "small_air_mask": false
    },
    "webapi_port": null,
    "webapi_url": "https://mriqc.nimh.nih.gov/api/v1"
  },
  "qi_1": 0.0,
  "qi_2": 0.004847042801246214,
  "rpve_csf": 12.593795812789716,
  "rpve_gm": 8.060561421880909,
  "rpve_wm": 10.558966069441388,
  "size_x": 192,
  "size_y": 192,
  "size_z": 192,
  "snr_csf": 2.8645813437336045,
  "snr_gm": 11.7649968103932,
  "snr_total": 13.86030821595375,
  "snr_wm": 26.951346493734448,
  "snrd_csf": 28.622804718512484,
  "snrd_gm": 91.60096073626784,
  "snrd_total": 81.5152913042664,
  "snrd_wm": 124.3221084580189,
  "spacing_x": 1.0,
  "spacing_y": 1.0,
  "spacing_z": 1.0,
  "summary_bg_k": 8.59719068452517,
  "summary_bg_mad": 0.0,
  "summary_bg_mean": 3.354930244527953,
  "summary_bg_median": 0.0,
  "summary_bg_n": 1968330.0,
  "summary_bg_p05": 0.0,
  "summary_bg_p95": 13.627290800213814,
  "summary_bg_stdv": 5.269910913952608,
  "summary_csf_k": 2.7623732214178203,
  "summary_csf_mad": 61.93807022514704,
  "summary_csf_mean": 241.332032584995,
  "summary_csf_median": 230.24156644940376,
  "summary_csf_n": 74851.0,
  "summary_csf_p05": 133.680510930717,
  "summary_csf_p95": 395.30614104121923,
  "summary_csf_stdv": 80.37475666336326,
  "summary_gm_k": -0.04128083907555169,
  "summary_gm_mad": 63.604717913797344,
  "summary_gm_mean": 734.6512521693345,
  "summary_gm_median": 736.8372490257025,
  "summary_gm_n": 29651.0,
  "summary_gm_p05": 629.6427772007883,
  "summary_gm_p95": 834.3044964410365,
  "summary_gm_stdv": 62.62856128470023,
  "summary_wm_k": 0.42816842690345247,
  "summary_wm_mad": 35.54381295182793,
  "summary_wm_mean": 999.7076561798689,
  "summary_wm_median": 1000.0458472594619,
  "summary_wm_n": 191768.0,
  "summary_wm_p05": 938.9295127615333,
  "summary_wm_p95": 1059.9233371391892,
  "summary_wm_stdv": 37.1055019478094,
  "tpm_overlap_csf": 0.16569912079848842,
  "tpm_overlap_gm": 0.43092803174720307,
  "tpm_overlap_wm": 0.501405041312972,
  "wm2max": 0.874266959565119
}