{
  "aor": 0.007900555555555555,
  "aqi": 0.006765227916666667,
  "bids_meta": {
    "AcquisitionMatrixPE": 74,
    "AcquisitionNumber": 1,
    "AcquisitionTime": "",
    "BandwidthPerPixelPhaseEncode": 27.579,
    "BaseResolution": 74,
    "BodyPartExamined": "BRAIN",
    "CogAtlasID": "doi:TODO",
    "CoilString": "HE1-4;NE1_2",
    "ConsistencyInfo": "N4_VE11C_LATEST_20160120",
    "ConversionSoftware": "dcm2niix",
    "ConversionSoftwareVersion": "v1.0.20190410  GCC6.3.0",
    "DerivedVendorReportedEchoSpacing": 0.000489993,
    "DeviceSerialNumber": "166048",
    "DwellTime": 2.9e-06,
    "EchoTime": 0.023,
    "EchoTrainLength": 74,
    "EffectiveEchoSpacing": 0.000489993,
    "FlipAngle": 76,
    "ImageOrientationPatientDICOM": [
      1,
      0,
      0,
      0,
      0.986856,
      -0.161604
    ],
    "ImageType": [
      "ORIGINAL",
      "PRIMARY",
      "M",
      "ND",
      "NORM",
      "MOSAIC"
    ],
    "ImagingFrequency": 123.246,
    "InPlanePhaseEncodingDirectionDICOM": "COL",
    "InstitutionAddress": "North_13th_1701_Philadelphia_PA_US_19122",
    "InstitutionName": "Temple_University_-_Weiss_Hall",
    "InstitutionalDepartmentName": "Department",
    "MRAcquisitionType": "2D",
    "MagneticFieldStrength": 3,
    "Manufacturer": "Siemens",
    "ManufacturersModelName": "Prisma",
    "Modality": "MR",
    "PartialFourier": 1,
    "PatientPosition": "HFS",
    "PercentPhaseFOV": 100,
    "PhaseEncodingDirection": "j-",
    "PhaseEncodingSteps": 74,
    "PhaseResolution": 1,
    "PixelBandwidth": 2330,
    "ProcedureStepDescription": "SMITH_SRNDNA",
    "ProtocolName": "func-bold_trust_run3",
    "PulseSequenceDetails": "%SiemensSeq%_ep2d_bold",
    "ReceiveCoilActiveElements": "HE1-4;NE1,2",
    "ReceiveCoilName": "HeadNeck_20",
    "ReconMatrixPE": 74,
    "RepetitionTime": 2.02,
    "SAR": 0.102734,
    "ScanOptions": "FS",
    "ScanningSequence": "EP",
    "SequenceName": "_epfid2d1_74",
    "SequenceVariant": "SK",
    "SeriesDescription": "func-bold_trust_run3",
    "SeriesNumber": 12,
    "ShimSetting": [
      1421,
      -7432,
      6503,
      312,
      83,
      83,
      -163,
      114
    ],
    "SliceThickness": 2.8,
    "SliceTiming": [
      1.945,
      1.89,
      1.835,
      1.7775,
      1.7225,
      1.6675,
      1.6125,
      1.5575,
      1.5,
      1.445,
      1.39,
      1.335,
      1.2775,
      1.2225,
      1.1675,
      1.1125,
      1.0575,
      1,
      0.945,
      0.89,
      0.835,
      0.7775,
      0.7225,
      0.6675,
      0.6125,
      0.5575,
      0.5,
      0.445,
      0.39,
      0.335,
      0.28,
      0.2225,
      0.1675,
      0.1125,
      0.0575,
      0
    ],
    "SoftwareVersions": "syngo_MR_E11",
    "SpacingBetweenSlices": 3.22,
    "StationName": "AWP166048",
    "TaskName": "trust",
    "TotalReadoutTime": 0.0357695,
    "TxRefAmp": 266.646,
    "dataset": "ds003745",
    "modality": "bold",
    "run_id": 4,
    "subject_id": "157",
    "task_id": "trust"
  },
  "dummy_trs": 1,
  "dvars_nstd": 21.442802349813945,
  "dvars_std": 1.2425000686511625,
  "dvars_vstd": 1.0523877489302327,
  "efc": 0.542788519366292,
  "fber": 1905.84912109375,
  "fd_mean": 0.16800169249003472,
  "fd_num": 25,
  "fd_perc": 11.574074074074074,
  "fwhm_avg": 1.755003314342875,
  "fwhm_x": 1.7064736955425504,
  "fwhm_y": 1.9091294298431893,
  "fwhm_z": 1.6494068176428858,
  "gcor": 0.0303936,
  "gsr_x": -0.0002197946305386722,
  "gsr_y": 0.036778245121240616,
  "provenance": {
    "md5sum": "4738b11f55d919e90e5f38cad3c05d36",
    "settings": {
      "fd_thres": 0.2,
      "testing": false
    },
    "software": "mriqc",
    "version": "22.0.6",
    "webapi_port": null,
    "webapi_url": "https://mriqc.nimh.nih.gov/api/v1"
  },
  "size_t": 216,
  "size_x": 74,
  "size_y": 74,
  "size_z": 36,
  "snr": 6.579590917742861,
  "spacing_tr": 2.0199999809265137,
  "spacing_x": 2.972972869873047,
  "spacing_y": 2.972972869873047,
  "spacing_z": 3.2200000286102295,
  "summary_bg_k": 34.06321529150547,
  "summary_bg_mad": 6.953130896172778,
  "summary_bg_mean": 35.0341911315918,
  "summary_bg_median": 16.19444465637207,
  "summary_bg_n": 116425.0,
  "summary_bg_p05": 9.777777671813965,
  "summary_bg_p95": 125.52592773437462,
  "summary_bg_stdv": 55.97275161743164,
  "summary_fg_k": 3.013036581730314,
  "summary_fg_mad": 101.67489468367705,
  "summary_fg_mean": 729.9856567382812,
  "summary_fg_median": 719.4583129882812,
  "summary_fg_n": 41737.0,
  "summary_fg_p05": 585.8555786132813,
  "summary_fg_p95": 908.0481689453125,
  "summary_fg_stdv": 109.34565734863281,
  "tsnr": 75.6573536535725
}