{
  "bids_meta": {
    "AcquisitionMatrixPE": 192,
    "AcquisitionNumber": 1,
    "AcquisitionTime": "10:21:40.490000",
    "BaseResolution": 192,
    "BodyPartExamined": "BRAIN",
    "CoilString": "HE1-4;NE1_2",
    "ConsistencyInfo": "N4_VE11C_LATEST_20160120",
    "ConversionSoftware": "dcm2niix",
    "ConversionSoftwareVersion": "v1.0.20190410  GCC6.3.0",
    "DeviceSerialNumber": "166048",
    "DwellTime": 3.5e-06,
    "EchoTime": 0.567,
    "EchoTrainLength": 314,
    "FlipAngle": 120,
    "ImageOrientationPatientDICOM": [
      0,
      1,
      0,
      0,
      0,
      -1
    ],
    "ImageType": [
      "ORIGINAL",
      "PRIMARY",
      "M",
      "ND",
      "NORM"
    ],
    "ImagingFrequency": 123.246,
    "InPlanePhaseEncodingDirectionDICOM": "ROW",
    "InstitutionAddress": "North_13th_1701_Philadelphia_PA_US_19122",
    "InstitutionName": "Temple_University_-_Weiss_Hall",
    "InstitutionalDepartmentName": "Department",
    "MRAcquisitionType": "3D",
    "MagneticFieldStrength": 3,
    "Manufacturer": "Siemens",
    "ManufacturersModelName": "Prisma",
    "Modality": "MR",
    "PartialFourier": 1,
    "PatientPosition": "HFS",
    "PercentPhaseFOV": 100,
    "PhaseEncodingSteps": 209,
    "PhaseOversampling": 0.1,
    "PhaseResolution": 1,
    "PixelBandwidth": 745,
    "ProcedureStepDescription": "SMITH_SRNDNA",
    "ProtocolName": "T2w-anat_spc_07sag_iso",
    "PulseSequenceDetails": "%SiemensSeq%_tse_vfl",
    "ReceiveCoilActiveElements": "HE1-4;NE1,2",
    "ReceiveCoilName": "HeadNeck_20",
    "ReconMatrixPE": 192,
    "RefLinesPE": 32,
    "RepetitionTime": 3.2,
    "SAR": 0.158257,
    "ScanOptions": "PFP",
    "ScanningSequence": "SE",
    "SequenceName": "_spc_314ns",
    "SequenceVariant": "SK_SP_OSP",
    "SeriesDescription": "T2w-anat_spc_07sag_iso",
    "SeriesNumber": 3,
    "ShimSetting": [
      1418,
      -7394,
      6445,
      227,
      -95,
      -280,
      -3,
      45
    ],
    "SliceThickness": 1,
    "SoftwareVersions": "syngo_MR_E11",
    "StationName": "AWP166048",
    "TxRefAmp": 277.551,
    "dataset": "ds003745",
    "modality": "T2w",
    "subject_id": "109"
  },
  "cjv": 0.39512215581781074,
  "cnr": 1.6681308547633433,
  "efc": 0.6004814206124889,
  "fber": 6458.241355411995,
  "fwhm_avg": 2.428656666666667,
  "fwhm_x": 2.32816,
  "fwhm_y": 2.70148,
  "fwhm_z": 2.25633,
  "icvs_csf": 0.33937656558371476,
  "icvs_gm": 0.5181340242750072,
  "icvs_wm": 0.14248941014127803,
  "inu_med": 0.922684371471405,
  "inu_range": 0.20580624341964704,
  "provenance": {
    "md5sum": "422b1d60d1022325a3836db27baefffa",
    "settings": {
      "testing": false
    },
    "software": "mriqc",
    "version": "22.0.6",
    "warnings": {
      "large_rot_frame": true,
      "small_air_mask": false
    },
    "webapi_port": null,
    "webapi_url": "https://mriqc.nimh.nih.gov/api/v1"
  },
  "qi_1": 0.0,
  "qi_2": 0.0020768907979337747,
  "rpve_csf": 9.589658952193519,
  "rpve_gm": 7.534201538632003,
  "rpve_wm": 29.18036837469347,
  "size_x": 192,
  "size_y": 192,
  "size_z": 192,
  "snr_csf": 9.762292737678552,
  "snr_gm": 9.816601133535535,
  "snr_total": 7.358174546283256,
  "snr_wm": 2.495629767635682,
  "snrd_csf": 112.45769577731538,
  "snrd_gm": 67.88130160424758,
  "snrd_total": 128.8375878271897,
  "snrd_wm": 206.17376610000613,
  "spacing_x": 1.0,
  "spacing_y": 1.0,
  "spacing_z": 1.0,
  "summary_bg_k": 9.964648357256292,
  "summary_bg_mad": 0.0,
  "summary_bg_mean": 1.9597292914006144,
  "summary_bg_median": 0.0,
  "summary_bg_n": 1339004.0,
  "summary_bg_p05": 0.0,
  "summary_bg_p95": 8.094669319689274,
  "summary_bg_stdv": 3.179247030282611,
  "summary_csf_k": 1.5644006696443675,
  "summary_csf_mad": 50.43350792950611,
  "summary_csf_mean": 547.4653487458068,
  "summary_csf_median": 545.734896324575,
  "summary_csf_n": 21399.0,
  "summary_csf_p05": 462.1285260654986,
  "summary_csf_p95": 642.1019345754758,
  "summary_csf_stdv": 55.90102237542364,
  "summary_gm_k": 0.2564486149820473,
  "summary_gm_mad": 33.48899223421029,
  "summary_gm_mean": 329.09929804784787,
  "summary_gm_median": 329.414495266974,
  "summary_gm_n": 185509.0,
  "summary_gm_p05": 274.1009215824306,
  "summary_gm_p95": 382.5887634884566,
  "summary_gm_stdv": 33.55678843605236,
  "summary_wm_k": -0.44938988937550484,
  "summary_wm_mad": 231.6798199957142,
  "summary_wm_mean": 822.7727279961616,
  "summary_wm_median": 1000.520400935784,
  "summary_wm_n": 14941.0,
  "summary_wm_p05": 29.661181150004268,
  "summary_wm_p95": 1199.8612694442272,
  "summary_wm_stdv": 400.8955699170012,
  "tpm_overlap_csf": 0.1159658094779479,
  "tpm_overlap_gm": 0.3257579493799861,
  "tpm_overlap_wm": 0.037292953201272405,
  "wm2max": 0.8534672672870154
}