{
  "aor": 0.0016779166666666667,
  "aqi": 0.007100232453703704,
  "bids_meta": {
    "AcquisitionMatrixPE": 74,
    "AcquisitionNumber": 1,
    "AcquisitionTime": "",
    "BandwidthPerPixelPhaseEncode": 27.579,
    "BaseResolution": 74,
    "BodyPartExamined": "BRAIN",
    "CogAtlasID": "doi:TODO",
    "CoilString": "HE1-4;NE1_2",
    "ConsistencyInfo": "N4_VE11C_LATEST_20160120",
    "ConversionSoftware": "dcm2niix",
    "ConversionSoftwareVersion": "v1.0.20190410  GCC6.3.0",
    "DerivedVendorReportedEchoSpacing": 0.000489993,
    "DeviceSerialNumber": "166048",
    "DwellTime": 2.9e-06,
    "EchoTime": 0.023,
    "EchoTrainLength": 74,
    "EffectiveEchoSpacing": 0.000489993,
    "FlipAngle": 76,
    "ImageOrientationPatientDICOM": [
      1,
      0,
      0,
      0,
      0.946085,
      -0.323917
    ],
    "ImageType": [
      "ORIGINAL",
      "PRIMARY",
      "M",
      "ND",
      "NORM",
      "MOSAIC"
    ],
    "ImagingFrequency": 123.246,
    "InPlanePhaseEncodingDirectionDICOM": "COL",
    "InstitutionAddress": "North_13th_1701_Philadelphia_PA_US_19122",
    "InstitutionName": "Temple_University_-_Weiss_Hall",
    "InstitutionalDepartmentName": "Department",
    "MRAcquisitionType": "2D",
    "MagneticFieldStrength": 3,
    "Manufacturer": "Siemens",
    "ManufacturersModelName": "Prisma",
    "Modality": "MR",
    "PartialFourier": 1,
    "PatientPosition": "HFS",
    "PercentPhaseFOV": 100,
    "PhaseEncodingDirection": "j-",
    "PhaseEncodingSteps": 74,
    "PhaseResolution": 1,
    "PixelBandwidth": 2330,
    "ProcedureStepDescription": "SMITH_SRNDNA",
    "ProtocolName": "func-bold_trust_run4",
    "PulseSequenceDetails": "%SiemensSeq%_ep2d_bold",
    "ReceiveCoilActiveElements": "HE1-4;NE1,2",
    "ReceiveCoilName": "HeadNeck_20",
    "ReconMatrixPE": 74,
    "RepetitionTime": 2.02,
    "SAR": 0.0869716,
    "ScanOptions": "FS",
    "ScanningSequence": "EP",
    "SequenceName": "_epfid2d1_74",
    "SequenceVariant": "SK",
    "SeriesDescription": "func-bold_trust_run4",
    "SeriesNumber": 13,
    "ShimSetting": [
      1440,
      -7338,
      6404,
      226,
      39,
      225,
      -53,
      19
    ],
    "SliceThickness": 2.8,
    "SliceTiming": [
      1.9425,
      1.8875,
      1.8325,
      1.7775,
      1.7225,
      1.665,
      1.61,
      1.555,
      1.5,
      1.445,
      1.3875,
      1.3325,
      1.2775,
      1.2225,
      1.165,
      1.11,
      1.055,
      1,
      0.945,
      0.8875,
      0.8325,
      0.7775,
      0.7225,
      0.665,
      0.61,
      0.555,
      0.5,
      0.445,
      0.3875,
      0.3325,
      0.2775,
      0.2225,
      0.165,
      0.11,
      0.055,
      0
    ],
    "SoftwareVersions": "syngo_MR_E11",
    "SpacingBetweenSlices": 3.22,
    "StationName": "AWP166048",
    "TaskName": "trust",
    "TotalReadoutTime": 0.0357695,
    "TxRefAmp": 256.601,
    "dataset": "ds003745",
    "modality": "bold",
    "run_id": 5,
    "subject_id": "127",
    "task_id": "trust"
  },
  "dummy_trs": 1,
  "dvars_nstd": 30.039876192697683,
  "dvars_std": 1.3752549873023259,
  "dvars_vstd": 0.9974305858139537,
  "efc": 0.5378664612067816,
  "fber": 1878.712646484375,
  "fd_mean": 0.20039159566138856,
  "fd_num": 89,
  "fd_perc": 41.2037037037037,
  "fwhm_avg": 1.669421158533326,
  "fwhm_x": 1.5997757827514574,
  "fwhm_y": 1.789037516587605,
  "fwhm_z": 1.6194501762609157,
  "gcor": 0.027558,
  "gsr_x": -0.020272433757781982,
  "gsr_y": 0.04274442791938782,
  "provenance": {
    "md5sum": "34a287102751bf89ac16e86a3bde6fc2",
    "settings": {
      "fd_thres": 0.2,
      "testing": false
    },
    "software": "mriqc",
    "version": "22.0.6",
    "webapi_port": null,
    "webapi_url": "https://mriqc.nimh.nih.gov/api/v1"
  },
  "size_t": 216,
  "size_x": 74,
  "size_y": 74,
  "size_z": 36,
  "snr": 6.722677517450543,
  "spacing_tr": 2.0199999809265137,
  "spacing_x": 2.972972869873047,
  "spacing_y": 2.972972869873047,
  "spacing_z": 3.2200002670288086,
  "summary_bg_k": 35.420039964117954,
  "summary_bg_mad": 12.337859394239747,
  "summary_bg_mean": 49.62830352783203,
  "summary_bg_median": 21.509260177612305,
  "summary_bg_n": 117462.0,
  "summary_bg_p05": 10.166666984558105,
  "summary_bg_p95": 176.70347366333007,
  "summary_bg_stdv": 83.09813690185547,
  "summary_fg_k": 2.590487066560934,
  "summary_fg_mad": 117.85321225162782,
  "summary_fg_mean": 968.1378173828125,
  "summary_fg_median": 949.1065063476562,
  "summary_fg_n": 40687.0,
  "summary_fg_p05": 790.061572265625,
  "summary_fg_p95": 1230.675939941406,
  "summary_fg_stdv": 141.1781005859375,
  "tsnr": 81.73127781786025
}