{
  "bids_meta": {
    "AcquisitionMatrixPE": 192,
    "AcquisitionNumber": 1,
    "AcquisitionTime": "14:23:24.537500",
    "BaseResolution": 192,
    "BodyPartExamined": "BRAIN",
    "CoilString": "HE1-4;NE1_2",
    "ConsistencyInfo": "N4_VE11C_LATEST_20160120",
    "ConversionSoftware": "dcm2niix",
    "ConversionSoftwareVersion": "v1.0.20190410  GCC6.3.0",
    "DeviceSerialNumber": "166048",
    "DwellTime": 3.5e-06,
    "EchoTime": 0.567,
    "EchoTrainLength": 314,
    "FlipAngle": 120,
    "ImageOrientationPatientDICOM": [
      -0.0348995,
      0.999391,
      2.79774e-08,
      0.100995,
      0.00352684,
      -0.994881
    ],
    "ImageType": [
      "ORIGINAL",
      "PRIMARY",
      "M",
      "ND",
      "NORM"
    ],
    "ImagingFrequency": 123.246,
    "InPlanePhaseEncodingDirectionDICOM": "ROW",
    "InstitutionAddress": "North_13th_1701_Philadelphia_PA_US_19122",
    "InstitutionName": "Temple_University_-_Weiss_Hall",
    "InstitutionalDepartmentName": "Department",
    "MRAcquisitionType": "3D",
    "MagneticFieldStrength": 3,
    "Manufacturer": "Siemens",
    "ManufacturersModelName": "Prisma",
    "Modality": "MR",
    "PartialFourier": 1,
    "PatientPosition": "HFS",
    "PercentPhaseFOV": 100,
    "PhaseEncodingSteps": 209,
    "PhaseOversampling": 0.1,
    "PhaseResolution": 1,
    "PixelBandwidth": 745,
    "ProcedureStepDescription": "SMITH_SRNDNA",
    "ProtocolName": "T2w-anat_spc_07sag_iso",
    "PulseSequenceDetails": "%SiemensSeq%_tse_vfl",
    "ReceiveCoilActiveElements": "HE1-4;NE1,2",
    "ReceiveCoilName": "HeadNeck_20",
    "ReconMatrixPE": 192,
    "RefLinesPE": 32,
    "RepetitionTime": 3.2,
    "SAR": 0.187137,
    "ScanOptions": "PFP",
    "ScanningSequence": "SE",
    "SequenceName": "_spc_314ns",
    "SequenceVariant": "SK_SP_OSP",
    "SeriesDescription": "T2w-anat_spc_07sag_iso",
    "SeriesNumber": 3,
    "ShimSetting": [
      1428,
      -7444,
      6444,
      225,
      37,
      -117,
      -59,
      24
    ],
    "SliceThickness": 1,
    "SoftwareVersions": "syngo_MR_E11",
    "StationName": "AWP166048",
    "TxRefAmp": 282.602,
    "dataset": "ds003745",
    "modality": "T2w",
    "subject_id": "158"
  },
  "cjv": 0.5370844655490438,
  "cnr": 1.6896627252066463,
  "efc": 0.6303776913580812,
  "fber": 6446.484099999999,
  "fwhm_avg": 2.4671833333333333,
  "fwhm_x": 2.42754,
  "fwhm_y": 2.66121,
  "fwhm_z": 2.3128,
  "icvs_csf": 0.28807387135510226,
  "icvs_gm": 0.561401722236922,
  "icvs_wm": 0.15052440640797574,
  "inu_med": 0.9634583592414856,
  "inu_range": 0.2293138682842254,
  "provenance": {
    "md5sum": "3bfc942aca7163ea61d4de9138c05e45",
    "settings": {
      "testing": false
    },
    "software": "mriqc",
    "version": "22.0.6",
    "warnings": {
      "large_rot_frame": true,
      "small_air_mask": false
    },
    "webapi_port": null,
    "webapi_url": "https://mriqc.nimh.nih.gov/api/v1"
  },
  "qi_1": 2.6510308864981007e-05,
  "qi_2": 0.0014641798435736085,
  "rpve_csf": 8.940752216564741,
  "rpve_gm": 5.92450781702374,
  "rpve_wm": 22.30761779955558,
  "size_x": 192,
  "size_y": 192,
  "size_z": 192,
  "snr_csf": 9.526537947620932,
  "snr_gm": 9.078821888181617,
  "snr_total": 7.084837497872357,
  "snr_wm": 2.6491526578145246,
  "snrd_csf": 75.23661985108426,
  "snrd_gm": 46.75684561113175,
  "snrd_total": 84.11931200971682,
  "snrd_wm": 130.36447056693444,
  "spacing_x": 1.0,
  "spacing_y": 1.0,
  "spacing_z": 1.0,
  "summary_bg_k": 6.618177756934166,
  "summary_bg_mad": 0.0,
  "summary_bg_mean": 3.271244814900926,
  "summary_bg_median": 0.0,
  "summary_bg_n": 1339233.0,
  "summary_bg_p05": 0.0,
  "summary_bg_p95": 12.646351344883442,
  "summary_bg_stdv": 5.022910190844584,
  "summary_csf_k": 0.85977954883767,
  "summary_csf_mad": 56.641660536678145,
  "summary_csf_mean": 579.8084324158473,
  "summary_csf_median": 576.8368000537157,
  "summary_csf_n": 18500.0,
  "summary_csf_p05": 486.823334755376,
  "summary_csf_p95": 683.1283632404171,
  "summary_csf_stdv": 60.54888069839647,
  "summary_gm_k": -0.08457889345347835,
  "summary_gm_mad": 40.3416845466784,
  "summary_gm_mean": 358.4258876933047,
  "summary_gm_median": 358.4832659456879,
  "summary_gm_n": 253276.0,
  "summary_gm_p05": 293.9256820641458,
  "summary_gm_p95": 422.76038639014587,
  "summary_gm_stdv": 39.4855811323627,
  "summary_wm_k": 0.13728301680753896,
  "summary_wm_mad": 303.9386060992438,
  "summary_wm_mean": 891.5427786980256,
  "summary_wm_median": 999.5002990746871,
  "summary_wm_n": 21686.0,
  "summary_wm_p05": 58.62705702101812,
  "summary_wm_p95": 1263.9365255632438,
  "summary_wm_stdv": 377.28186446043355,
  "tpm_overlap_csf": 0.11529568431096197,
  "tpm_overlap_gm": 0.3485147405777747,
  "tpm_overlap_wm": 0.042332437072485594,
  "wm2max": 0.8020665643637535
}