{
  "bids_meta": {
    "AcquisitionMatrixPE": 192,
    "AcquisitionNumber": 1,
    "AcquisitionTime": "14:27:27.275000",
    "BaseResolution": 192,
    "BodyPartExamined": "BRAIN",
    "CoilString": "HE1-4;NE1_2",
    "ConsistencyInfo": "N4_VE11C_LATEST_20160120",
    "ConversionSoftware": "dcm2niix",
    "ConversionSoftwareVersion": "v1.0.20190410  GCC6.3.0",
    "DeviceSerialNumber": "166048",
    "DwellTime": 1.24e-05,
    "EchoTime": 0.0022,
    "FlipAngle": 8,
    "ImageOrientationPatientDICOM": [
      -0.0348995,
      0.999391,
      2.79774e-08,
      0.100995,
      0.00352684,
      -0.994881
    ],
    "ImageType": [
      "ORIGINAL",
      "PRIMARY",
      "M",
      "ND",
      "NORM",
      "FM3",
      "2",
      "FIL"
    ],
    "ImagingFrequency": 123.246,
    "InPlanePhaseEncodingDirectionDICOM": "ROW",
    "InstitutionAddress": "North_13th_1701_Philadelphia_PA_US_19122",
    "InstitutionName": "Temple_University_-_Weiss_Hall",
    "InstitutionalDepartmentName": "Department",
    "InversionTime": 1.15,
    "MRAcquisitionType": "3D",
    "MagneticFieldStrength": 3,
    "Manufacturer": "Siemens",
    "ManufacturersModelName": "Prisma",
    "Modality": "MR",
    "PartialFourier": 1,
    "PatientPosition": "HFS",
    "PercentPhaseFOV": 100,
    "PhaseEncodingSteps": 211,
    "PhaseOversampling": 0.1,
    "PhaseResolution": 1,
    "PixelBandwidth": 210,
    "ProcedureStepDescription": "SMITH_SRNDNA",
    "ProtocolName": "T1w-anat_mpg_07sag_iso",
    "PulseSequenceDetails": "%SiemensSeq%_tfl",
    "ReceiveCoilActiveElements": "HE1-4;NE1,2",
    "ReceiveCoilName": "HeadNeck_20",
    "ReconMatrixPE": 192,
    "RefLinesPE": 32,
    "RepetitionTime": 2.4,
    "SAR": 0.0509455,
    "ScanOptions": "IR_WE",
    "ScanningSequence": "GR_IR",
    "SequenceName": "_tfl3d1_16ns",
    "SequenceVariant": "SK_SP_MP_OSP",
    "SeriesDescription": "T1w-anat_mpg_07sag_iso",
    "SeriesNumber": 5,
    "ShimSetting": [
      1428,
      -7444,
      6444,
      225,
      37,
      -117,
      -59,
      24
    ],
    "SliceThickness": 1,
    "SoftwareVersions": "syngo_MR_E11",
    "StationName": "AWP166048",
    "TxRefAmp": 282.602,
    "dataset": "ds003745",
    "modality": "T1w",
    "subject_id": "158"
  },
  "cjv": 0.33087946939467994,
  "cnr": 4.050731851486812,
  "efc": 0.6641218311972638,
  "fber": 30193.480034472854,
  "fwhm_avg": 3.95605,
  "fwhm_x": 3.83784,
  "fwhm_y": 3.98809,
  "fwhm_z": 4.04222,
  "icvs_csf": 0.19527478603358847,
  "icvs_gm": 0.45426765333035707,
  "icvs_wm": 0.35045756063605443,
  "inu_med": 0.41375578939914703,
  "inu_range": 0.14604394435882562,
  "provenance": {
    "md5sum": "87436fd8352b016673d8cbaf17cde95b",
    "settings": {
      "testing": false
    },
    "software": "mriqc",
    "version": "22.0.6",
    "warnings": {
      "large_rot_frame": true,
      "small_air_mask": false
    },
    "webapi_port": null,
    "webapi_url": "https://mriqc.nimh.nih.gov/api/v1"
  },
  "qi_1": 0.0,
  "qi_2": 0.006442080188390534,
  "rpve_csf": 14.486027596945451,
  "rpve_gm": 6.640062269971075,
  "rpve_wm": 9.733577287733912,
  "size_x": 192,
  "size_y": 192,
  "size_z": 192,
  "snr_csf": 2.375553060836424,
  "snr_gm": 12.863163014896216,
  "snr_total": 14.824381135028114,
  "snr_wm": 29.234427329351703,
  "snrd_csf": 32.34982581954315,
  "snrd_gm": 88.9809464088643,
  "snrd_total": 81.04321093671066,
  "snrd_wm": 121.79886058172454,
  "spacing_x": 1.0,
  "spacing_y": 1.0,
  "spacing_z": 1.0,
  "summary_bg_k": 7.041422212836885,
  "summary_bg_mad": 0.0,
  "summary_bg_mean": 3.5532434867149596,
  "summary_bg_median": 0.0,
  "summary_bg_n": 1319480.0,
  "summary_bg_p05": 0.0,
  "summary_bg_p95": 14.420088976621628,
  "summary_bg_stdv": 5.3790614910018055,
  "summary_csf_k": 0.8777230855849805,
  "summary_csf_mad": 95.53087050749829,
  "summary_csf_mean": 279.3414146807873,
  "summary_csf_median": 265.6114090234041,
  "summary_csf_n": 26320.0,
  "summary_csf_p05": 117.82414367981255,
  "summary_csf_p95": 492.89459448028356,
  "summary_csf_stdv": 111.8082216494523,
  "summary_gm_k": 0.037328668878716886,
  "summary_gm_mad": 56.81168649634023,
  "summary_gm_mean": 730.1828456978532,
  "summary_gm_median": 730.5867637041956,
  "summary_gm_n": 52738.0,
  "summary_gm_p05": 636.7629520222545,
  "summary_gm_p95": 823.2534461198373,
  "summary_gm_stdv": 56.79628224073485,
  "summary_wm_k": 0.8384197613144164,
  "summary_wm_mad": 32.34533975704042,
  "summary_wm_mean": 1001.1272377918083,
  "summary_wm_median": 1000.0414579361677,
  "summary_wm_n": 214452.0,
  "summary_wm_p05": 947.395702060312,
  "summary_wm_p95": 1057.7425323612988,
  "summary_wm_stdv": 34.20758392310521,
  "tpm_overlap_csf": 0.1563873773395397,
  "tpm_overlap_gm": 0.4727813898929342,
  "tpm_overlap_wm": 0.5111928464625196,
  "wm2max": 0.8882100730544873
}