{
  "bids_meta": {
    "AcquisitionMatrixPE": 192,
    "AcquisitionNumber": 1,
    "AcquisitionTime": "11:48:7.292500",
    "BaseResolution": 192,
    "BodyPartExamined": "BRAIN",
    "CoilString": "HE1-4;NE1_2",
    "ConsistencyInfo": "N4_VE11C_LATEST_20160120",
    "ConversionSoftware": "dcm2niix",
    "ConversionSoftwareVersion": "v1.0.20190410  GCC6.3.0",
    "DeviceSerialNumber": "166048",
    "DwellTime": 1.24e-05,
    "EchoTime": 0.0022,
    "FlipAngle": 8,
    "ImageOrientationPatientDICOM": [
      0,
      1,
      0,
      0,
      0,
      -1
    ],
    "ImageType": [
      "ORIGINAL",
      "PRIMARY",
      "M",
      "ND",
      "NORM",
      "FM3",
      "2",
      "FIL"
    ],
    "ImagingFrequency": 123.246,
    "InPlanePhaseEncodingDirectionDICOM": "ROW",
    "InstitutionAddress": "North_13th_1701_Philadelphia_PA_US_19122",
    "InstitutionName": "Temple_University_-_Weiss_Hall",
    "InstitutionalDepartmentName": "Department",
    "InversionTime": 1.15,
    "MRAcquisitionType": "3D",
    "MagneticFieldStrength": 3,
    "Manufacturer": "Siemens",
    "ManufacturersModelName": "Prisma",
    "Modality": "MR",
    "PartialFourier": 1,
    "PatientPosition": "HFS",
    "PercentPhaseFOV": 100,
    "PhaseEncodingSteps": 211,
    "PhaseOversampling": 0.1,
    "PhaseResolution": 1,
    "PixelBandwidth": 210,
    "ProcedureStepDescription": "SMITH_SRNDNA",
    "ProtocolName": "T1w-anat_mpg_07sag_iso",
    "PulseSequenceDetails": "%SiemensSeq%_tfl",
    "ReceiveCoilActiveElements": "HE1-4;NE1,2",
    "ReceiveCoilName": "HeadNeck_20",
    "ReconMatrixPE": 192,
    "RefLinesPE": 32,
    "RepetitionTime": 2.4,
    "SAR": 0.0468781,
    "ScanOptions": "IR_WE",
    "ScanningSequence": "GR_IR",
    "SequenceName": "_tfl3d1_16ns",
    "SequenceVariant": "SK_SP_MP_OSP",
    "SeriesDescription": "T1w-anat_mpg_07sag_iso",
    "SeriesNumber": 5,
    "ShimSetting": [
      1429,
      -7514,
      6482,
      124,
      -13,
      -439,
      -84,
      -18
    ],
    "SliceThickness": 1,
    "SoftwareVersions": "syngo_MR_E11",
    "StationName": "AWP166048",
    "TxRefAmp": 270.936,
    "dataset": "ds003745",
    "modality": "T1w",
    "subject_id": "143"
  },
  "cjv": 0.39431365695835074,
  "cnr": 3.455082436666931,
  "efc": 0.6211789124766156,
  "fber": 19074.490722270315,
  "fwhm_avg": 4.156786666666666,
  "fwhm_x": 4.07901,
  "fwhm_y": 4.03885,
  "fwhm_z": 4.3525,
  "icvs_csf": 0.26510855024946156,
  "icvs_gm": 0.3807311671140335,
  "icvs_wm": 0.35416028263650495,
  "inu_med": 0.48478086292743683,
  "inu_range": 0.20546302199363703,
  "provenance": {
    "md5sum": "85ad5163fa2cd6ceb19d39ecb22512e0",
    "settings": {
      "testing": false
    },
    "software": "mriqc",
    "version": "22.0.6",
    "warnings": {
      "large_rot_frame": true,
      "small_air_mask": false
    },
    "webapi_port": null,
    "webapi_url": "https://mriqc.nimh.nih.gov/api/v1"
  },
  "qi_1": 0.0,
  "qi_2": 0.007485396705369067,
  "rpve_csf": 15.655060559903122,
  "rpve_gm": 9.92913261470473,
  "rpve_wm": 12.407847111369382,
  "size_x": 192,
  "size_y": 192,
  "size_z": 192,
  "snr_csf": 2.5411712379730984,
  "snr_gm": 13.734378319125414,
  "snr_total": 13.0776864233859,
  "snr_wm": 22.95750971305919,
  "snrd_csf": 30.951147605433114,
  "snrd_gm": 104.08113610668207,
  "snrd_total": 90.86980840848969,
  "snrd_wm": 137.57714151335392,
  "spacing_x": 1.0,
  "spacing_y": 1.0,
  "spacing_z": 1.0,
  "summary_bg_k": 8.935800991708224,
  "summary_bg_mad": 4.762180112074413,
  "summary_bg_mean": 4.039115035010899,
  "summary_bg_median": 3.212041674181819,
  "summary_bg_n": 1007952.0,
  "summary_bg_p05": 0.0,
  "summary_bg_p95": 15.520960498601198,
  "summary_bg_stdv": 5.8644128390811785,
  "summary_csf_k": 2.2689868231793753,
  "summary_csf_mad": 66.77480288536458,
  "summary_csf_mean": 241.27377704856733,
  "summary_csf_median": 224.9835905507207,
  "summary_csf_n": 68240.0,
  "summary_csf_p05": 128.73839584561065,
  "summary_csf_p95": 421.10569715313613,
  "summary_csf_stdv": 88.53474284210988,
  "summary_gm_k": -0.061287060892964096,
  "summary_gm_mad": 56.03382730411645,
  "summary_gm_mean": 754.2081348422668,
  "summary_gm_median": 756.564764847979,
  "summary_gm_n": 14651.0,
  "summary_gm_p05": 659.6408211905509,
  "summary_gm_p95": 839.1517487699166,
  "summary_gm_stdv": 55.083595869300154,
  "summary_wm_k": 0.8995158273961752,
  "summary_wm_mad": 39.97450459040565,
  "summary_wm_mean": 1000.8197149600878,
  "summary_wm_median": 1000.046901974827,
  "summary_wm_n": 146363.0,
  "summary_wm_p05": 932.9926013313234,
  "summary_wm_p95": 1076.0105152912438,
  "summary_wm_stdv": 43.56062561419626,
  "tpm_overlap_csf": 0.1685035753055421,
  "tpm_overlap_gm": 0.44506431328461127,
  "tpm_overlap_wm": 0.5159486163538005,
  "wm2max": 0.8747564652078506
}