{
  "aor": 0.0017267592592592593,
  "aqi": 0.004219637175925926,
  "bids_meta": {
    "AcquisitionMatrixPE": 74,
    "AcquisitionNumber": 1,
    "AcquisitionTime": "",
    "BandwidthPerPixelPhaseEncode": 27.579,
    "BaseResolution": 74,
    "BodyPartExamined": "BRAIN",
    "CogAtlasID": "doi:TODO",
    "CoilString": "HE1-4;NE1_2",
    "ConsistencyInfo": "N4_VE11C_LATEST_20160120",
    "ConversionSoftware": "dcm2niix",
    "ConversionSoftwareVersion": "v1.0.20190410  GCC6.3.0",
    "DerivedVendorReportedEchoSpacing": 0.000489993,
    "DeviceSerialNumber": "166048",
    "DwellTime": 2.9e-06,
    "EchoTime": 0.023,
    "EchoTrainLength": 74,
    "EffectiveEchoSpacing": 0.000489993,
    "FlipAngle": 76,
    "ImageOrientationPatientDICOM": [
      1,
      0,
      0,
      0,
      0.973976,
      -0.226651
    ],
    "ImageType": [
      "ORIGINAL",
      "PRIMARY",
      "M",
      "ND",
      "NORM",
      "MOSAIC"
    ],
    "ImagingFrequency": 123.245,
    "InPlanePhaseEncodingDirectionDICOM": "COL",
    "InstitutionAddress": "North_13th_1701_Philadelphia_PA_US_19122",
    "InstitutionName": "Temple_University_-_Weiss_Hall",
    "InstitutionalDepartmentName": "Department",
    "MRAcquisitionType": "2D",
    "MagneticFieldStrength": 3,
    "Manufacturer": "Siemens",
    "ManufacturersModelName": "Prisma",
    "Modality": "MR",
    "PartialFourier": 1,
    "PatientPosition": "HFS",
    "PercentPhaseFOV": 100,
    "PhaseEncodingDirection": "j-",
    "PhaseEncodingSteps": 74,
    "PhaseResolution": 1,
    "PixelBandwidth": 2330,
    "ProcedureStepDescription": "SMITH_SRNDNA",
    "ProtocolName": "func-bold_trust_run3",
    "PulseSequenceDetails": "%SiemensSeq%_ep2d_bold",
    "ReceiveCoilActiveElements": "HE1-4;NE1,2",
    "ReceiveCoilName": "HeadNeck_20",
    "ReconMatrixPE": 74,
    "RepetitionTime": 2.02,
    "SAR": 0.0853969,
    "ScanOptions": "FS",
    "ScanningSequence": "EP",
    "SequenceName": "_epfid2d1_74",
    "SequenceVariant": "SK",
    "SeriesDescription": "func-bold_trust_run3",
    "SeriesNumber": 12,
    "ShimSetting": [
      1420,
      -7433,
      6522,
      420,
      21,
      8,
      -35,
      40
    ],
    "SliceThickness": 2.8,
    "SliceTiming": [
      1.9425,
      1.8875,
      1.8325,
      1.7775,
      1.7225,
      1.665,
      1.61,
      1.555,
      1.5,
      1.4425,
      1.3875,
      1.3325,
      1.2775,
      1.2225,
      1.165,
      1.11,
      1.055,
      1,
      0.9425,
      0.8875,
      0.8325,
      0.7775,
      0.7225,
      0.665,
      0.61,
      0.555,
      0.5,
      0.445,
      0.3875,
      0.3325,
      0.2775,
      0.2225,
      0.165,
      0.11,
      0.055,
      0
    ],
    "SoftwareVersions": "syngo_MR_E11",
    "SpacingBetweenSlices": 3.22,
    "StationName": "AWP166048",
    "TaskName": "trust",
    "TotalReadoutTime": 0.0357695,
    "TxRefAmp": 259.454,
    "dataset": "ds003745",
    "modality": "bold",
    "run_id": 4,
    "subject_id": "107",
    "task_id": "trust"
  },
  "dummy_trs": 1,
  "dvars_nstd": 24.75657679544184,
  "dvars_std": 1.417615569255814,
  "dvars_vstd": 1.021574693302326,
  "efc": 0.5495827113833615,
  "fber": 1821.6727294921875,
  "fd_mean": 0.12263707112644197,
  "fd_num": 27,
  "fd_perc": 12.5,
  "fwhm_avg": 1.7722021009124942,
  "fwhm_x": 1.7229319688405806,
  "fwhm_y": 1.8963139748533067,
  "fwhm_z": 1.6973603590435948,
  "gcor": 0.0377848,
  "gsr_x": -0.0030941455624997616,
  "gsr_y": 0.03194279968738556,
  "provenance": {
    "md5sum": "56722ff89579c6ea90f94890083e716e",
    "settings": {
      "fd_thres": 0.2,
      "testing": false
    },
    "software": "mriqc",
    "version": "22.0.6",
    "webapi_port": null,
    "webapi_url": "https://mriqc.nimh.nih.gov/api/v1"
  },
  "size_t": 216,
  "size_x": 74,
  "size_y": 74,
  "size_z": 36,
  "snr": 5.875492556594014,
  "spacing_tr": 2.0199999809265137,
  "spacing_x": 2.972972869873047,
  "spacing_y": 2.972972869873047,
  "spacing_z": 3.2199997901916504,
  "summary_bg_k": 15.479772254287859,
  "summary_bg_mad": 6.857035260588409,
  "summary_bg_mean": 44.35390090942383,
  "summary_bg_median": 17.425926208496094,
  "summary_bg_n": 116483.0,
  "summary_bg_p05": 10.902777671813965,
  "summary_bg_p95": 207.20277862548824,
  "summary_bg_stdv": 74.58589172363281,
  "summary_fg_k": 2.3030356715980034,
  "summary_fg_mad": 126.21678456267952,
  "summary_fg_mean": 768.7742309570312,
  "summary_fg_median": 757.8565063476562,
  "summary_fg_n": 41040.0,
  "summary_fg_p05": 597.8469970703125,
  "summary_fg_p95": 980.387277221679,
  "summary_fg_stdv": 128.98446655273438,
  "tsnr": 88.57652035728097
}