{
  "aor": 0.0022042396313364057,
  "aqi": 0.003915875852534562,
  "bids_meta": {
    "AcquisitionMatrixPE": 74,
    "AcquisitionNumber": 1,
    "AcquisitionTime": "",
    "BandwidthPerPixelPhaseEncode": 27.579,
    "BaseResolution": 74,
    "BodyPartExamined": "BRAIN",
    "CogAtlasID": "doi:TODO",
    "CoilString": "HE1-4;NE1_2",
    "ConsistencyInfo": "N4_VE11C_LATEST_20160120",
    "ConversionSoftware": "dcm2niix",
    "ConversionSoftwareVersion": "v1.0.20190410  GCC6.3.0",
    "DerivedVendorReportedEchoSpacing": 0.000489993,
    "DeviceSerialNumber": "166048",
    "DwellTime": 2.9e-06,
    "EchoTime": 0.023,
    "EchoTrainLength": 74,
    "EffectiveEchoSpacing": 0.000489993,
    "FlipAngle": 76,
    "ImageOrientationPatientDICOM": [
      1,
      0,
      0,
      0,
      0.973976,
      -0.226651
    ],
    "ImageType": [
      "ORIGINAL",
      "PRIMARY",
      "M",
      "ND",
      "NORM",
      "MOSAIC"
    ],
    "ImagingFrequency": 123.245,
    "InPlanePhaseEncodingDirectionDICOM": "COL",
    "InstitutionAddress": "North_13th_1701_Philadelphia_PA_US_19122",
    "InstitutionName": "Temple_University_-_Weiss_Hall",
    "InstitutionalDepartmentName": "Department",
    "MRAcquisitionType": "2D",
    "MagneticFieldStrength": 3,
    "Manufacturer": "Siemens",
    "ManufacturersModelName": "Prisma",
    "Modality": "MR",
    "PartialFourier": 1,
    "PatientPosition": "HFS",
    "PercentPhaseFOV": 100,
    "PhaseEncodingDirection": "j-",
    "PhaseEncodingSteps": 74,
    "PhaseResolution": 1,
    "PixelBandwidth": 2330,
    "ProcedureStepDescription": "SMITH_SRNDNA",
    "ProtocolName": "func-bold_trust_run2",
    "PulseSequenceDetails": "%SiemensSeq%_ep2d_bold",
    "ReceiveCoilActiveElements": "HE1-4;NE1,2",
    "ReceiveCoilName": "HeadNeck_20",
    "ReconMatrixPE": 74,
    "RepetitionTime": 2.02,
    "SAR": 0.0853969,
    "ScanOptions": "FS",
    "ScanningSequence": "EP",
    "SequenceName": "_epfid2d1_74",
    "SequenceVariant": "SK",
    "SeriesDescription": "func-bold_trust_run2",
    "SeriesNumber": 11,
    "ShimSetting": [
      1420,
      -7433,
      6522,
      420,
      21,
      8,
      -35,
      40
    ],
    "SliceThickness": 2.8,
    "SliceTiming": [
      1.945,
      1.89,
      1.835,
      1.7775,
      1.7225,
      1.6675,
      1.6125,
      1.5575,
      1.5,
      1.445,
      1.39,
      1.335,
      1.28,
      1.2225,
      1.1675,
      1.1125,
      1.0575,
      1,
      0.945,
      0.89,
      0.835,
      0.78,
      0.7225,
      0.6675,
      0.6125,
      0.5575,
      0.5,
      0.445,
      0.39,
      0.335,
      0.28,
      0.2225,
      0.1675,
      0.1125,
      0.0575,
      0
    ],
    "SoftwareVersions": "syngo_MR_E11",
    "SpacingBetweenSlices": 3.22,
    "StationName": "AWP166048",
    "TaskName": "trust",
    "TotalReadoutTime": 0.0357695,
    "TxRefAmp": 259.454,
    "dataset": "ds003745",
    "modality": "bold",
    "run_id": 3,
    "subject_id": "107",
    "task_id": "trust"
  },
  "dummy_trs": 0,
  "dvars_nstd": 25.409706106944455,
  "dvars_std": 1.4562199519444452,
  "dvars_vstd": 1.0325294448611109,
  "efc": 0.5492435903620171,
  "fber": 1823.4390869140625,
  "fd_mean": 0.11269026980655772,
  "fd_num": 27,
  "fd_perc": 12.442396313364055,
  "fwhm_avg": 1.76994974034831,
  "fwhm_x": 1.7246507870820058,
  "fwhm_y": 1.8927014292734814,
  "fwhm_z": 1.692497004689442,
  "gcor": 0.036659,
  "gsr_x": -0.0027593164704740047,
  "gsr_y": 0.03207382187247276,
  "provenance": {
    "md5sum": "e55030f3dc80fb5613d27a0e7094950c",
    "settings": {
      "fd_thres": 0.2,
      "testing": false
    },
    "software": "mriqc",
    "version": "22.0.6",
    "webapi_port": null,
    "webapi_url": "https://mriqc.nimh.nih.gov/api/v1"
  },
  "size_t": 217,
  "size_x": 74,
  "size_y": 74,
  "size_z": 36,
  "snr": 5.86458341610692,
  "spacing_tr": 2.0199999809265137,
  "spacing_x": 2.972972869873047,
  "spacing_y": 2.972972869873047,
  "spacing_z": 3.2199997901916504,
  "summary_bg_k": 15.839171841416743,
  "summary_bg_mad": 6.845931749520137,
  "summary_bg_mean": 44.05959701538086,
  "summary_bg_median": 17.405529022216797,
  "summary_bg_n": 116458.0,
  "summary_bg_p05": 10.88479232788086,
  "summary_bg_p95": 205.16865844726553,
  "summary_bg_stdv": 74.21884155273438,
  "summary_fg_k": 2.4232438141778,
  "summary_fg_mad": 126.63263530090845,
  "summary_fg_mean": 768.2334594726562,
  "summary_fg_median": 757.0921630859375,
  "summary_fg_n": 41064.0,
  "summary_fg_p05": 597.0995666503907,
  "summary_fg_p95": 979.695166015625,
  "summary_fg_stdv": 129.0940704345703,
  "tsnr": 92.38210561149754
}