{
  "bids_meta": {
    "AcquisitionMatrixPE": 192,
    "AcquisitionNumber": 1,
    "AcquisitionTime": "14:04:2.282500",
    "BaseResolution": 192,
    "BodyPartExamined": "BRAIN",
    "CoilString": "HE1-4;NE1_2",
    "ConsistencyInfo": "N4_VE11C_LATEST_20160120",
    "ConversionSoftware": "dcm2niix",
    "ConversionSoftwareVersion": "v1.0.20190410  GCC6.3.0",
    "DeviceSerialNumber": "166048",
    "DwellTime": 1.24e-05,
    "EchoTime": 0.0022,
    "FlipAngle": 8,
    "ImageOrientationPatientDICOM": [
      0,
      1,
      0,
      0,
      0,
      -1
    ],
    "ImageType": [
      "ORIGINAL",
      "PRIMARY",
      "M",
      "ND",
      "NORM",
      "FM3",
      "2",
      "FIL"
    ],
    "ImagingFrequency": 123.246,
    "InPlanePhaseEncodingDirectionDICOM": "ROW",
    "InstitutionAddress": "North_13th_1701_Philadelphia_PA_US_19122",
    "InstitutionName": "Temple_University_-_Weiss_Hall",
    "InstitutionalDepartmentName": "Department",
    "InversionTime": 1.15,
    "MRAcquisitionType": "3D",
    "MagneticFieldStrength": 3,
    "Manufacturer": "Siemens",
    "ManufacturersModelName": "Prisma",
    "Modality": "MR",
    "PartialFourier": 1,
    "PatientPosition": "HFS",
    "PercentPhaseFOV": 100,
    "PhaseEncodingSteps": 211,
    "PhaseOversampling": 0.1,
    "PhaseResolution": 1,
    "PixelBandwidth": 210,
    "ProcedureStepDescription": "SMITH_SRNDNA",
    "ProtocolName": "T1w-anat_mpg_07sag_iso",
    "PulseSequenceDetails": "%SiemensSeq%_tfl",
    "ReceiveCoilActiveElements": "HE1-4;NE1,2",
    "ReceiveCoilName": "HeadNeck_20",
    "ReconMatrixPE": 192,
    "RefLinesPE": 32,
    "RepetitionTime": 2.4,
    "SAR": 0.0408515,
    "ScanOptions": "IR_WE",
    "ScanningSequence": "GR_IR",
    "SequenceName": "_tfl3d1_16ns",
    "SequenceVariant": "SK_SP_MP_OSP",
    "SeriesDescription": "T1w-anat_mpg_07sag_iso",
    "SeriesNumber": 5,
    "ShimSetting": [
      1412,
      -7456,
      6484,
      152,
      109,
      -63,
      11,
      52
    ],
    "SliceThickness": 1,
    "SoftwareVersions": "syngo_MR_E11",
    "StationName": "AWP166048",
    "TxRefAmp": 276.954,
    "dataset": "ds003745",
    "modality": "T1w",
    "subject_id": "132"
  },
  "cjv": 0.3911280588952568,
  "cnr": 3.393896056994849,
  "efc": 0.6422144959373016,
  "fber": 12666.479338842977,
  "fwhm_avg": 3.935333333333334,
  "fwhm_x": 3.88579,
  "fwhm_y": 3.94426,
  "fwhm_z": 3.97595,
  "icvs_csf": 0.2866243961532432,
  "icvs_gm": 0.3821091411466728,
  "icvs_wm": 0.331266462700084,
  "inu_med": 0.5373717546463013,
  "inu_range": 0.2294315010309219,
  "provenance": {
    "md5sum": "c6831088380c38994e91ee10b68a827c",
    "settings": {
      "testing": false
    },
    "software": "mriqc",
    "version": "22.0.6",
    "warnings": {
      "large_rot_frame": true,
      "small_air_mask": false
    },
    "webapi_port": null,
    "webapi_url": "https://mriqc.nimh.nih.gov/api/v1"
  },
  "qi_1": 0.0,
  "qi_2": 0.005451960616419897,
  "rpve_csf": 12.76839822894318,
  "rpve_gm": 8.683143552787062,
  "rpve_wm": 11.721887491354957,
  "size_x": 192,
  "size_y": 192,
  "size_z": 192,
  "snr_csf": 3.1015782298420227,
  "snr_gm": 12.585507069614454,
  "snr_total": 12.678419194338554,
  "snr_wm": 22.348172283559187,
  "snrd_csf": 25.44527072708836,
  "snrd_gm": 79.31571716724329,
  "snrd_total": 70.32478567649231,
  "snrd_wm": 106.21336913514527,
  "spacing_x": 1.0,
  "spacing_y": 1.0,
  "spacing_z": 1.0,
  "summary_bg_k": 9.349429743133689,
  "summary_bg_mad": 6.168506819156763,
  "summary_bg_mean": 5.452525631552624,
  "summary_bg_median": 4.1605946235358715,
  "summary_bg_n": 1341040.0,
  "summary_bg_p05": 0.0,
  "summary_bg_p95": 18.395319376140833,
  "summary_bg_stdv": 6.7120872242284575,
  "summary_csf_k": 2.4474072265634463,
  "summary_csf_mad": 61.93556593041664,
  "summary_csf_mean": 247.96268380279105,
  "summary_csf_median": 239.58266705274582,
  "summary_csf_n": 76397.0,
  "summary_csf_p05": 139.833994936198,
  "summary_csf_p95": 388.1644705832004,
  "summary_csf_stdv": 77.24489962287838,
  "summary_gm_k": 0.0822713206401735,
  "summary_gm_mad": 58.350317043140244,
  "summary_gm_mean": 742.2153739200719,
  "summary_gm_median": 746.8056151550263,
  "summary_gm_n": 15926.0,
  "summary_gm_p05": 637.6850452506915,
  "summary_gm_p95": 832.1717241313308,
  "summary_gm_stdv": 59.33667706374697,
  "summary_wm_k": 0.8865924461035104,
  "summary_wm_mad": 40.70588256296341,
  "summary_wm_mean": 1001.6616569116403,
  "summary_wm_median": 1000.0633330643177,
  "summary_wm_n": 148706.0,
  "summary_wm_p05": 932.9024655371904,
  "summary_wm_p95": 1079.4314274564385,
  "summary_wm_stdv": 44.74907199647448,
  "tpm_overlap_csf": 0.16784770129114548,
  "tpm_overlap_gm": 0.4320508896445987,
  "tpm_overlap_wm": 0.4982845764468142,
  "wm2max": 0.8551605808608544
}