{
  "bids_meta": {
    "AcquisitionMatrixPE": 192,
    "AcquisitionNumber": 1,
    "AcquisitionTime": "13:59:59.550000",
    "BaseResolution": 192,
    "BodyPartExamined": "BRAIN",
    "CoilString": "HE1-4;NE1_2",
    "ConsistencyInfo": "N4_VE11C_LATEST_20160120",
    "ConversionSoftware": "dcm2niix",
    "ConversionSoftwareVersion": "v1.0.20190410  GCC6.3.0",
    "DeviceSerialNumber": "166048",
    "DwellTime": 3.5e-06,
    "EchoTime": 0.567,
    "EchoTrainLength": 314,
    "FlipAngle": 120,
    "ImageOrientationPatientDICOM": [
      0,
      1,
      0,
      0,
      0,
      -1
    ],
    "ImageType": [
      "ORIGINAL",
      "PRIMARY",
      "M",
      "ND",
      "NORM"
    ],
    "ImagingFrequency": 123.246,
    "InPlanePhaseEncodingDirectionDICOM": "ROW",
    "InstitutionAddress": "North_13th_1701_Philadelphia_PA_US_19122",
    "InstitutionName": "Temple_University_-_Weiss_Hall",
    "InstitutionalDepartmentName": "Department",
    "MRAcquisitionType": "3D",
    "MagneticFieldStrength": 3,
    "Manufacturer": "Siemens",
    "ManufacturersModelName": "Prisma",
    "Modality": "MR",
    "PartialFourier": 1,
    "PatientPosition": "HFS",
    "PercentPhaseFOV": 100,
    "PhaseEncodingSteps": 209,
    "PhaseOversampling": 0.1,
    "PhaseResolution": 1,
    "PixelBandwidth": 745,
    "ProcedureStepDescription": "SMITH_SRNDNA",
    "ProtocolName": "T2w-anat_spc_07sag_iso",
    "PulseSequenceDetails": "%SiemensSeq%_tse_vfl",
    "ReceiveCoilActiveElements": "HE1-4;NE1,2",
    "ReceiveCoilName": "HeadNeck_20",
    "ReconMatrixPE": 192,
    "RefLinesPE": 32,
    "RepetitionTime": 3.2,
    "SAR": 0.150059,
    "ScanOptions": "PFP",
    "ScanningSequence": "SE",
    "SequenceName": "_spc_314ns",
    "SequenceVariant": "SK_SP_OSP",
    "SeriesDescription": "T2w-anat_spc_07sag_iso",
    "SeriesNumber": 3,
    "ShimSetting": [
      1412,
      -7456,
      6484,
      152,
      109,
      -63,
      11,
      52
    ],
    "SliceThickness": 1,
    "SoftwareVersions": "syngo_MR_E11",
    "StationName": "AWP166048",
    "TxRefAmp": 276.954,
    "dataset": "ds003745",
    "modality": "T2w",
    "subject_id": "132"
  },
  "cjv": 0.4298771880174322,
  "cnr": 3.130588031297167,
  "efc": 0.6269569678868959,
  "fber": 221.34152436484797,
  "fwhm_avg": 2.5512166666666665,
  "fwhm_x": 2.31213,
  "fwhm_y": 2.80937,
  "fwhm_z": 2.53215,
  "icvs_csf": 0.27867223109801764,
  "icvs_gm": 0.63460533984027,
  "icvs_wm": 0.0867224290617123,
  "inu_med": 0.8644656836986542,
  "inu_range": 0.20591061115264886,
  "provenance": {
    "md5sum": "bc2a9088a8e4325c4f9f83475fe3841c",
    "settings": {
      "testing": false
    },
    "software": "mriqc",
    "version": "22.0.6",
    "warnings": {
      "large_rot_frame": true,
      "small_air_mask": false
    },
    "webapi_port": null,
    "webapi_url": "https://mriqc.nimh.nih.gov/api/v1"
  },
  "qi_1": 0.0,
  "qi_2": 0.0005105960584622073,
  "rpve_csf": 11.167156556681556,
  "rpve_gm": 6.2809693243993125,
  "rpve_wm": 39.88380534729099,
  "size_x": 192,
  "size_y": 192,
  "size_z": 192,
  "snr_csf": 5.040201930549593,
  "snr_gm": 7.373237085963358,
  "snr_total": 4.699887202150107,
  "snr_wm": 1.6862225899373697,
  "snrd_csf": 30.000280262199954,
  "snrd_gm": 12.648692444304489,
  "snrd_total": 15.437571717647202,
  "snrd_wm": 3.6637424464371624,
  "spacing_x": 1.0,
  "spacing_y": 1.0,
  "spacing_z": 1.0,
  "summary_bg_k": 4.451988763846268,
  "summary_bg_mad": 178.97431067404,
  "summary_bg_mean": 182.06907041889565,
  "summary_bg_median": 120.71633809804916,
  "summary_bg_n": 1354777.0,
  "summary_bg_p05": 0.0,
  "summary_bg_p95": 568.64912378788,
  "summary_bg_stdv": 206.97581789640324,
  "summary_csf_k": -0.8177806127464846,
  "summary_csf_mad": 2149.9862705330193,
  "summary_csf_mean": 8296.018882384258,
  "summary_csf_median": 8195.666551202536,
  "summary_csf_n": 57357.0,
  "summary_csf_p05": 5987.397714346647,
  "summary_csf_p95": 10626.354135543108,
  "summary_csf_stdv": 1626.04499174358,
  "summary_gm_k": -0.027174004356471215,
  "summary_gm_mad": 472.02016001944617,
  "summary_gm_mean": 3464.3011551678287,
  "summary_gm_median": 3455.4499050080776,
  "summary_gm_n": 235728.0,
  "summary_gm_p05": 2710.1481179594994,
  "summary_gm_p95": 4248.065421640873,
  "summary_gm_stdv": 468.64661144054884,
  "summary_wm_k": 1.802836699318731,
  "summary_wm_mad": 583.1415726906907,
  "summary_wm_mean": 1092.9601133545766,
  "summary_wm_median": 1000.884363681078,
  "summary_wm_n": 8639.0,
  "summary_wm_p05": 282.3126229256392,
  "summary_wm_p95": 2162.303769657017,
  "summary_wm_stdv": 593.5316249014977,
  "tpm_overlap_csf": 0.15250228808937072,
  "tpm_overlap_gm": 0.40687057811201693,
  "tpm_overlap_wm": 0.04820438374414704,
  "wm2max": 0.09148596487682638
}