{
  "aor": 0.0016814883720930236,
  "aqi": 0.004967445069767441,
  "bids_meta": {
    "AcquisitionMatrixPE": 74,
    "AcquisitionNumber": 1,
    "AcquisitionTime": "",
    "BandwidthPerPixelPhaseEncode": 27.579,
    "BaseResolution": 74,
    "BodyPartExamined": "BRAIN",
    "CogAtlasID": "doi:TODO",
    "CoilString": "HE1-4;NE1_2",
    "ConsistencyInfo": "N4_VE11C_LATEST_20160120",
    "ConversionSoftware": "dcm2niix",
    "ConversionSoftwareVersion": "v1.0.20190410  GCC6.3.0",
    "DerivedVendorReportedEchoSpacing": 0.000489993,
    "DeviceSerialNumber": "166048",
    "DwellTime": 2.9e-06,
    "EchoTime": 0.023,
    "EchoTrainLength": 74,
    "EffectiveEchoSpacing": 0.000489993,
    "FlipAngle": 76,
    "ImageOrientationPatientDICOM": [
      1,
      0,
      0,
      0,
      0.964557,
      -0.263873
    ],
    "ImageType": [
      "ORIGINAL",
      "PRIMARY",
      "M",
      "ND",
      "NORM",
      "MOSAIC"
    ],
    "ImagingFrequency": 123.246,
    "InPlanePhaseEncodingDirectionDICOM": "COL",
    "InstitutionAddress": "North_13th_1701_Philadelphia_PA_US_19122",
    "InstitutionName": "Temple_University_-_Weiss_Hall",
    "InstitutionalDepartmentName": "Department",
    "MRAcquisitionType": "2D",
    "MagneticFieldStrength": 3,
    "Manufacturer": "Siemens",
    "ManufacturersModelName": "Prisma",
    "Modality": "MR",
    "PartialFourier": 1,
    "PatientPosition": "HFS",
    "PercentPhaseFOV": 100,
    "PhaseEncodingDirection": "j-",
    "PhaseEncodingSteps": 74,
    "PhaseResolution": 1,
    "PixelBandwidth": 2330,
    "ProcedureStepDescription": "SMITH_SRNDNA",
    "ProtocolName": "func-bold_trust_run2",
    "PulseSequenceDetails": "%SiemensSeq%_ep2d_bold",
    "ReceiveCoilActiveElements": "HE1-4;NE1,2",
    "ReceiveCoilName": "HeadNeck_20",
    "ReconMatrixPE": 74,
    "RepetitionTime": 2.02,
    "SAR": 0.0787523,
    "ScanOptions": "FS",
    "ScanningSequence": "EP",
    "SequenceName": "_epfid2d1_74",
    "SequenceVariant": "SK",
    "SeriesDescription": "func-bold_trust_run2",
    "SeriesNumber": 12,
    "ShimSetting": [
      1412,
      -7375,
      6449,
      347,
      36,
      20,
      -142,
      27
    ],
    "SliceThickness": 2.8,
    "SliceTiming": [
      1.9425,
      1.8875,
      1.8325,
      1.7775,
      1.7225,
      1.665,
      1.61,
      1.555,
      1.5,
      1.4425,
      1.3875,
      1.3325,
      1.2775,
      1.2225,
      1.165,
      1.11,
      1.055,
      1,
      0.945,
      0.8875,
      0.8325,
      0.7775,
      0.7225,
      0.665,
      0.61,
      0.555,
      0.5,
      0.445,
      0.3875,
      0.3325,
      0.2775,
      0.2225,
      0.165,
      0.11,
      0.055,
      0
    ],
    "SoftwareVersions": "syngo_MR_E11",
    "SpacingBetweenSlices": 3.22,
    "StationName": "AWP166048",
    "TaskName": "trust",
    "TotalReadoutTime": 0.0357695,
    "TxRefAmp": 249.625,
    "dataset": "ds003745",
    "modality": "bold",
    "run_id": 3,
    "subject_id": "125",
    "task_id": "trust"
  },
  "dummy_trs": 2,
  "dvars_nstd": 21.20323168668223,
  "dvars_std": 1.3237895959813077,
  "dvars_vstd": 1.020620134859812,
  "efc": 0.5100017992939042,
  "fber": 1929.40625,
  "fd_mean": 0.11492863972021787,
  "fd_num": 13,
  "fd_perc": 6.046511627906977,
  "fwhm_avg": 1.7387702321176146,
  "fwhm_x": 1.7116099684479442,
  "fwhm_y": 1.8026602443327555,
  "fwhm_z": 1.7020404835721443,
  "gcor": 0.0139589,
  "gsr_x": -0.02092353254556656,
  "gsr_y": 0.03643779084086418,
  "provenance": {
    "md5sum": "c00189616d1474853ca0dc398a6180e6",
    "settings": {
      "fd_thres": 0.2,
      "testing": false
    },
    "software": "mriqc",
    "version": "22.0.6",
    "webapi_port": null,
    "webapi_url": "https://mriqc.nimh.nih.gov/api/v1"
  },
  "size_t": 215,
  "size_x": 74,
  "size_y": 74,
  "size_z": 36,
  "snr": 7.26411646113595,
  "spacing_tr": 2.0199999809265137,
  "spacing_x": 2.972972869873047,
  "spacing_y": 2.972972869873047,
  "spacing_z": 3.2199997901916504,
  "summary_bg_k": 28.960474932855412,
  "summary_bg_mad": 8.874924838608939,
  "summary_bg_mean": 43.906402587890625,
  "summary_bg_median": 18.776744842529297,
  "summary_bg_n": 126106.0,
  "summary_bg_p05": 10.297674179077148,
  "summary_bg_p95": 168.09418487548828,
  "summary_bg_stdv": 75.0519790649414,
  "summary_fg_k": 1.9661905603569982,
  "summary_fg_mad": 111.77444361581098,
  "summary_fg_mean": 843.7998657226562,
  "summary_fg_median": 833.2906494140625,
  "summary_fg_n": 33946.0,
  "summary_fg_p05": 687.1535034179688,
  "summary_fg_p95": 1033.8406372070312,
  "summary_fg_stdv": 114.71159362792969,
  "tsnr": 93.4470449279761
}