{
  "aor": 0.0011423148148148148,
  "aqi": 0.004854830833333334,
  "bids_meta": {
    "AcquisitionMatrixPE": 74,
    "AcquisitionNumber": 1,
    "AcquisitionTime": "",
    "BandwidthPerPixelPhaseEncode": 27.579,
    "BaseResolution": 74,
    "BodyPartExamined": "BRAIN",
    "CogAtlasID": "doi:TODO",
    "CoilString": "HE1-4;NE1_2",
    "ConsistencyInfo": "N4_VE11C_LATEST_20160120",
    "ConversionSoftware": "dcm2niix",
    "ConversionSoftwareVersion": "v1.0.20190410  GCC6.3.0",
    "DerivedVendorReportedEchoSpacing": 0.000489993,
    "DeviceSerialNumber": "166048",
    "DwellTime": 2.9e-06,
    "EchoTime": 0.023,
    "EchoTrainLength": 74,
    "EffectiveEchoSpacing": 0.000489993,
    "FlipAngle": 76,
    "ImageOrientationPatientDICOM": [
      1,
      0,
      0,
      0,
      0.964557,
      -0.263873
    ],
    "ImageType": [
      "ORIGINAL",
      "PRIMARY",
      "M",
      "ND",
      "NORM",
      "MOSAIC"
    ],
    "ImagingFrequency": 123.246,
    "InPlanePhaseEncodingDirectionDICOM": "COL",
    "InstitutionAddress": "North_13th_1701_Philadelphia_PA_US_19122",
    "InstitutionName": "Temple_University_-_Weiss_Hall",
    "InstitutionalDepartmentName": "Department",
    "MRAcquisitionType": "2D",
    "MagneticFieldStrength": 3,
    "Manufacturer": "Siemens",
    "ManufacturersModelName": "Prisma",
    "Modality": "MR",
    "PartialFourier": 1,
    "PatientPosition": "HFS",
    "PercentPhaseFOV": 100,
    "PhaseEncodingDirection": "j-",
    "PhaseEncodingSteps": 74,
    "PhaseResolution": 1,
    "PixelBandwidth": 2330,
    "ProcedureStepDescription": "SMITH_SRNDNA",
    "ProtocolName": "func-bold_trust_run0",
    "PulseSequenceDetails": "%SiemensSeq%_ep2d_bold",
    "ReceiveCoilActiveElements": "HE1-4;NE1,2",
    "ReceiveCoilName": "HeadNeck_20",
    "ReconMatrixPE": 74,
    "RepetitionTime": 2.02,
    "SAR": 0.0787523,
    "ScanOptions": "FS",
    "ScanningSequence": "EP",
    "SequenceName": "_epfid2d1_74",
    "SequenceVariant": "SK",
    "SeriesDescription": "func-bold_trust_run0",
    "SeriesNumber": 10,
    "ShimSetting": [
      1412,
      -7375,
      6449,
      347,
      36,
      20,
      -142,
      27
    ],
    "SliceThickness": 2.8,
    "SliceTiming": [
      1.945,
      1.89,
      1.835,
      1.78,
      1.7225,
      1.6675,
      1.6125,
      1.5575,
      1.5,
      1.445,
      1.39,
      1.335,
      1.28,
      1.2225,
      1.1675,
      1.1125,
      1.0575,
      1,
      0.945,
      0.89,
      0.835,
      0.78,
      0.7225,
      0.6675,
      0.6125,
      0.5575,
      0.5,
      0.445,
      0.39,
      0.335,
      0.28,
      0.2225,
      0.1675,
      0.1125,
      0.0575,
      0
    ],
    "SoftwareVersions": "syngo_MR_E11",
    "SpacingBetweenSlices": 3.22,
    "StationName": "AWP166048",
    "TaskName": "trust",
    "TotalReadoutTime": 0.0357695,
    "TxRefAmp": 249.625,
    "dataset": "ds003745",
    "modality": "bold",
    "run_id": 1,
    "subject_id": "125",
    "task_id": "trust"
  },
  "dummy_trs": 1,
  "dvars_nstd": 19.323272358883735,
  "dvars_std": 1.204260685488372,
  "dvars_vstd": 0.990387950604651,
  "efc": 0.5080013505931846,
  "fber": 1962.17626953125,
  "fd_mean": 0.1307995328796096,
  "fd_num": 26,
  "fd_perc": 12.037037037037036,
  "fwhm_avg": 1.7375883443660733,
  "fwhm_x": 1.7143580594523362,
  "fwhm_y": 1.8038913352845394,
  "fwhm_z": 1.6945156383613444,
  "gcor": 0.0168277,
  "gsr_x": -0.020140772685408592,
  "gsr_y": 0.036324989050626755,
  "provenance": {
    "md5sum": "b5d8f9be1a7d2fc62a4d6eb1ace6c62e",
    "settings": {
      "fd_thres": 0.2,
      "testing": false
    },
    "software": "mriqc",
    "version": "22.0.6",
    "webapi_port": null,
    "webapi_url": "https://mriqc.nimh.nih.gov/api/v1"
  },
  "size_t": 216,
  "size_x": 74,
  "size_y": 74,
  "size_z": 36,
  "snr": 7.29794021015516,
  "spacing_tr": 2.0199999809265137,
  "spacing_x": 2.972972869873047,
  "spacing_y": 2.972972869873047,
  "spacing_z": 3.2199997901916504,
  "summary_bg_k": 28.671156476410317,
  "summary_bg_mad": 8.62105839199158,
  "summary_bg_mean": 42.807334899902344,
  "summary_bg_median": 18.61111068725586,
  "summary_bg_n": 126228.0,
  "summary_bg_p05": 10.287036895751953,
  "summary_bg_p95": 162.68472290039045,
  "summary_bg_stdv": 72.74649047851562,
  "summary_fg_k": 1.7545417343070708,
  "summary_fg_mad": 111.73060079507943,
  "summary_fg_mean": 844.1868286132812,
  "summary_fg_median": 833.9305419921875,
  "summary_fg_n": 33871.0,
  "summary_fg_p05": 688.004638671875,
  "summary_fg_p95": 1034.9375610351562,
  "summary_fg_stdv": 114.26761627197266,
  "tsnr": 95.25517060048878
}