{
  "bids_meta": {
    "AcquisitionMatrixPE": 192,
    "AcquisitionNumber": 1,
    "AcquisitionTime": "13:19:5.542500",
    "BaseResolution": 192,
    "BodyPartExamined": "BRAIN",
    "CoilString": "HE1-4;NE1_2",
    "ConsistencyInfo": "N4_VE11C_LATEST_20160120",
    "ConversionSoftware": "dcm2niix",
    "ConversionSoftwareVersion": "v1.0.20190410  GCC6.3.0",
    "DeviceSerialNumber": "166048",
    "DwellTime": 3.5e-06,
    "EchoTime": 0.567,
    "EchoTrainLength": 314,
    "FlipAngle": 120,
    "ImageOrientationPatientDICOM": [
      0,
      1,
      0,
      0,
      0,
      -1
    ],
    "ImageType": [
      "ORIGINAL",
      "PRIMARY",
      "M",
      "ND",
      "NORM"
    ],
    "ImagingFrequency": 123.246,
    "InPlanePhaseEncodingDirectionDICOM": "ROW",
    "InstitutionAddress": "North_13th_1701_Philadelphia_PA_US_19122",
    "InstitutionName": "Temple_University_-_Weiss_Hall",
    "InstitutionalDepartmentName": "Department",
    "MRAcquisitionType": "3D",
    "MagneticFieldStrength": 3,
    "Manufacturer": "Siemens",
    "ManufacturersModelName": "Prisma",
    "Modality": "MR",
    "PartialFourier": 1,
    "PatientPosition": "HFS",
    "PercentPhaseFOV": 100,
    "PhaseEncodingSteps": 209,
    "PhaseOversampling": 0.1,
    "PhaseResolution": 1,
    "PixelBandwidth": 745,
    "ProcedureStepDescription": "SMITH_SRNDNA",
    "ProtocolName": "T2w-anat_spc_07sag_iso",
    "PulseSequenceDetails": "%SiemensSeq%_tse_vfl",
    "ReceiveCoilActiveElements": "HE1-4;NE1,2",
    "ReceiveCoilName": "HeadNeck_20",
    "ReconMatrixPE": 192,
    "RefLinesPE": 32,
    "RepetitionTime": 3.2,
    "SAR": 0.134391,
    "ScanOptions": "PFP",
    "ScanningSequence": "SE",
    "SequenceName": "_spc_314ns",
    "SequenceVariant": "SK_SP_OSP",
    "SeriesDescription": "T2w-anat_spc_07sag_iso",
    "SeriesNumber": 3,
    "ShimSetting": [
      1426,
      -7381,
      6191,
      59,
      146,
      425,
      -800,
      170
    ],
    "SliceThickness": 1,
    "SoftwareVersions": "syngo_MR_E11",
    "StationName": "AWP166048",
    "TxRefAmp": 262.506,
    "dataset": "ds003745",
    "modality": "T2w",
    "subject_id": "106"
  },
  "cjv": 0.36634969933193723,
  "cnr": 2.1343678321668724,
  "efc": 0.599785369198108,
  "fber": 7678.606722498868,
  "fwhm_avg": 2.44222,
  "fwhm_x": 2.33695,
  "fwhm_y": 2.66579,
  "fwhm_z": 2.32392,
  "icvs_csf": 0.32652601760441907,
  "icvs_gm": 0.5260197696058373,
  "icvs_wm": 0.14745421278974363,
  "inu_med": 0.926295816898346,
  "inu_range": 0.20232978165149684,
  "provenance": {
    "md5sum": "53c190248f4f59563a19b3da1b5a4295",
    "settings": {
      "testing": false
    },
    "software": "mriqc",
    "version": "22.0.6",
    "warnings": {
      "large_rot_frame": true,
      "small_air_mask": false
    },
    "webapi_port": null,
    "webapi_url": "https://mriqc.nimh.nih.gov/api/v1"
  },
  "qi_1": 0.0,
  "qi_2": 0.002638978539379038,
  "rpve_csf": 9.108535984918298,
  "rpve_gm": 6.922913225701957,
  "rpve_wm": 25.596917994699968,
  "size_x": 192,
  "size_y": 192,
  "size_z": 192,
  "snr_csf": 9.536633266366604,
  "snr_gm": 9.612862478212676,
  "snr_total": 7.446514881872067,
  "snr_wm": 3.190048901036922,
  "snrd_csf": 103.94852820976044,
  "snrd_gm": 61.52338075288138,
  "snrd_total": 117.87588119088976,
  "snrd_wm": 188.15573461002748,
  "spacing_x": 1.0,
  "spacing_y": 1.0,
  "spacing_z": 1.0,
  "summary_bg_k": 3.460512284569247,
  "summary_bg_mad": 0.0,
  "summary_bg_mean": 2.4663680601249425,
  "summary_bg_median": 0.0,
  "summary_bg_n": 1334049.0,
  "summary_bg_p05": 0.0,
  "summary_bg_p95": 8.286304950714111,
  "summary_bg_stdv": 3.481883863929498,
  "summary_csf_k": 1.1784691121254127,
  "summary_csf_mad": 53.63399979561457,
  "summary_csf_mean": 554.6850062003815,
  "summary_csf_median": 552.460072517395,
  "summary_csf_n": 24630.0,
  "summary_csf_p05": 466.6958227157593,
  "summary_csf_p95": 652.9489073753357,
  "summary_csf_stdv": 57.92912884316348,
  "summary_gm_k": 1.035035314967578,
  "summary_gm_mad": 31.464494249775534,
  "summary_gm_mean": 327.85774485633596,
  "summary_gm_median": 326.9811701774597,
  "summary_gm_n": 224546.0,
  "summary_gm_p05": 274.18329906463623,
  "summary_gm_p95": 384.36929655075073,
  "summary_gm_stdv": 34.01488815883802,
  "summary_wm_k": 1.4694992266547713,
  "summary_wm_mad": 215.09576078428012,
  "summary_wm_mean": 903.3697629683286,
  "summary_wm_median": 1000.0000247955322,
  "summary_wm_n": 16519.0,
  "summary_wm_p05": 105.26985397338868,
  "summary_wm_p95": 1177.237530183792,
  "summary_wm_stdv": 313.46533773686286,
  "tpm_overlap_csf": 0.1185109028672318,
  "tpm_overlap_gm": 0.32963183160540555,
  "tpm_overlap_wm": 0.03850397680328617,
  "wm2max": 0.8566224658280422
}