{
  "aor": 0.0029959259259259258,
  "aqi": 0.005223884490740741,
  "bids_meta": {
    "AcquisitionMatrixPE": 74,
    "AcquisitionNumber": 1,
    "AcquisitionTime": "",
    "BandwidthPerPixelPhaseEncode": 27.579,
    "BaseResolution": 74,
    "BodyPartExamined": "BRAIN",
    "CogAtlasID": "doi:TODO",
    "CoilString": "HE1-4;NE1_2",
    "ConsistencyInfo": "N4_VE11C_LATEST_20160120",
    "ConversionSoftware": "dcm2niix",
    "ConversionSoftwareVersion": "v1.0.20190410  GCC6.3.0",
    "DerivedVendorReportedEchoSpacing": 0.000489993,
    "DeviceSerialNumber": "166048",
    "DwellTime": 2.9e-06,
    "EchoTime": 0.023,
    "EchoTrainLength": 74,
    "EffectiveEchoSpacing": 0.000489993,
    "FlipAngle": 76,
    "ImageOrientationPatientDICOM": [
      1,
      0,
      0,
      0,
      0.940881,
      -0.338738
    ],
    "ImageType": [
      "ORIGINAL",
      "PRIMARY",
      "M",
      "ND",
      "NORM",
      "MOSAIC"
    ],
    "ImagingFrequency": 123.246,
    "InPlanePhaseEncodingDirectionDICOM": "COL",
    "InstitutionAddress": "North_13th_1701_Philadelphia_PA_US_19122",
    "InstitutionName": "Temple_University_-_Weiss_Hall",
    "InstitutionalDepartmentName": "Department",
    "MRAcquisitionType": "2D",
    "MagneticFieldStrength": 3,
    "Manufacturer": "Siemens",
    "ManufacturersModelName": "Prisma",
    "Modality": "MR",
    "PartialFourier": 1,
    "PatientPosition": "HFS",
    "PercentPhaseFOV": 100,
    "PhaseEncodingDirection": "j-",
    "PhaseEncodingSteps": 74,
    "PhaseResolution": 1,
    "PixelBandwidth": 2330,
    "ProcedureStepDescription": "SMITH_SRNDNA",
    "ProtocolName": "func-bold_trust_run4",
    "PulseSequenceDetails": "%SiemensSeq%_ep2d_bold",
    "ReceiveCoilActiveElements": "HE1-4;NE1,2",
    "ReceiveCoilName": "HeadNeck_20",
    "ReconMatrixPE": 74,
    "RepetitionTime": 2.02,
    "SAR": 0.0933126,
    "ScanOptions": "FS",
    "ScanningSequence": "EP",
    "SequenceName": "_epfid2d1_74",
    "SequenceVariant": "SK",
    "SeriesDescription": "func-bold_trust_run4",
    "SeriesNumber": 13,
    "ShimSetting": [
      1416,
      -7343,
      6506,
      448,
      81,
      237,
      -220,
      58
    ],
    "SliceThickness": 2.8,
    "SliceTiming": [
      1.9425,
      1.8875,
      1.8325,
      1.7775,
      1.72,
      1.665,
      1.61,
      1.555,
      1.5,
      1.4425,
      1.3875,
      1.3325,
      1.2775,
      1.22,
      1.165,
      1.11,
      1.055,
      1,
      0.9425,
      0.8875,
      0.8325,
      0.7775,
      0.72,
      0.665,
      0.61,
      0.555,
      0.5,
      0.4425,
      0.3875,
      0.3325,
      0.2775,
      0.22,
      0.165,
      0.11,
      0.055,
      0
    ],
    "SoftwareVersions": "syngo_MR_E11",
    "SpacingBetweenSlices": 3.22,
    "StationName": "AWP166048",
    "TaskName": "trust",
    "TotalReadoutTime": 0.0357695,
    "TxRefAmp": 251.962,
    "dataset": "ds003745",
    "modality": "bold",
    "run_id": 5,
    "subject_id": "121",
    "task_id": "trust"
  },
  "dummy_trs": 1,
  "dvars_nstd": 20.771096748697683,
  "dvars_std": 1.2866984616744188,
  "dvars_vstd": 1.0303607549302318,
  "efc": 0.48838036485537206,
  "fber": 2567.8017578125,
  "fd_mean": 0.13348588510411732,
  "fd_num": 21,
  "fd_perc": 9.722222222222221,
  "fwhm_avg": 1.6397268289656033,
  "fwhm_x": 1.5812387821086116,
  "fwhm_y": 1.7718796069016756,
  "fwhm_z": 1.566062097886523,
  "gcor": 0.0274238,
  "gsr_x": -0.004522913601249456,
  "gsr_y": 0.029634961858391762,
  "provenance": {
    "md5sum": "c99883e56e16b03c2356671df370506c",
    "settings": {
      "fd_thres": 0.2,
      "testing": false
    },
    "software": "mriqc",
    "version": "22.0.6",
    "webapi_port": null,
    "webapi_url": "https://mriqc.nimh.nih.gov/api/v1"
  },
  "size_t": 216,
  "size_x": 74,
  "size_y": 74,
  "size_z": 36,
  "snr": 7.055441902333387,
  "spacing_tr": 2.0199999809265137,
  "spacing_x": 2.972972869873047,
  "spacing_y": 2.972972869873047,
  "spacing_z": 3.2200000286102295,
  "summary_bg_k": 28.144387831160067,
  "summary_bg_mad": 9.561412524509683,
  "summary_bg_mean": 40.02855682373047,
  "summary_bg_median": 17.84722328186035,
  "summary_bg_n": 129070.0,
  "summary_bg_p05": 8.759259223937988,
  "summary_bg_p95": 163.91551742553685,
  "summary_bg_stdv": 67.29049682617188,
  "summary_fg_k": 2.95099490114636,
  "summary_fg_mad": 125.86337251651415,
  "summary_fg_mean": 914.9052734375,
  "summary_fg_median": 905.9629516601562,
  "summary_fg_n": 32103.0,
  "summary_fg_p05": 743.5074157714844,
  "summary_fg_p95": 1117.267639160156,
  "summary_fg_stdv": 128.40426635742188,
  "tsnr": 93.07968613575213
}