{
  "bids_meta": {
    "AcquisitionMatrixPE": 192,
    "AcquisitionNumber": 1,
    "AcquisitionTime": "18:01:19.550000",
    "BaseResolution": 192,
    "BodyPartExamined": "HEAD",
    "CoilString": "HE1-4;NE1_2",
    "ConsistencyInfo": "N4_VE11C_LATEST_20160120",
    "ConversionSoftware": "dcm2niix",
    "ConversionSoftwareVersion": "v1.0.20190410  GCC6.3.0",
    "DeviceSerialNumber": "166048",
    "DwellTime": 3.5e-06,
    "EchoTime": 0.567,
    "EchoTrainLength": 314,
    "FlipAngle": 120,
    "ImageOrientationPatientDICOM": [
      -0.00174532,
      0.999998,
      9.49234e-09,
      -0.00523598,
      -9.12897e-06,
      -0.999986
    ],
    "ImageType": [
      "ORIGINAL",
      "PRIMARY",
      "M",
      "ND",
      "NORM"
    ],
    "ImagingFrequency": 123.245,
    "InPlanePhaseEncodingDirectionDICOM": "ROW",
    "InstitutionAddress": "North_13th_1701_Philadelphia_PA_US_19122",
    "InstitutionName": "Temple_University_-_Weiss_Hall",
    "InstitutionalDepartmentName": "Department",
    "MRAcquisitionType": "3D",
    "MagneticFieldStrength": 3,
    "Manufacturer": "Siemens",
    "ManufacturersModelName": "Prisma",
    "Modality": "MR",
    "PartialFourier": 1,
    "PatientPosition": "HFS",
    "PercentPhaseFOV": 100,
    "PhaseEncodingSteps": 209,
    "PhaseOversampling": 0.1,
    "PhaseResolution": 1,
    "PixelBandwidth": 745,
    "ProcedureStepDescription": "SMITH_SRNDNA",
    "ProtocolName": "T2w-anat_spc_07sag_iso",
    "PulseSequenceDetails": "%SiemensSeq%_tse_vfl",
    "ReceiveCoilActiveElements": "HE1-4;NE1,2",
    "ReceiveCoilName": "HeadNeck_20",
    "ReconMatrixPE": 192,
    "RefLinesPE": 32,
    "RepetitionTime": 3.2,
    "SAR": 0.179312,
    "ScanOptions": "PFP",
    "ScanningSequence": "SE",
    "SequenceName": "_spc_314ns",
    "SequenceVariant": "SK_SP_OSP",
    "SeriesDescription": "T2w-anat_spc_07sag_iso",
    "SeriesNumber": 3,
    "ShimSetting": [
      1433,
      -7388,
      6485,
      141,
      65,
      -68,
      -26,
      30
    ],
    "SliceThickness": 1,
    "SoftwareVersions": "syngo_MR_E11",
    "StationName": "AWP166048",
    "TxRefAmp": 278.284,
    "dataset": "ds003745",
    "modality": "T2w",
    "subject_id": "120"
  },
  "cjv": 0.18918228215732874,
  "cnr": 2.3673783537141375,
  "efc": 0.6174731406365644,
  "fber": 5023.734385935444,
  "fwhm_avg": 2.5890633333333333,
  "fwhm_x": 2.46036,
  "fwhm_y": 2.85027,
  "fwhm_z": 2.45656,
  "icvs_csf": 0.30323536738512924,
  "icvs_gm": 0.5684183379337922,
  "icvs_wm": 0.12834629468107858,
  "inu_med": 0.9498206377029419,
  "inu_range": 0.2905906081199646,
  "provenance": {
    "md5sum": "e992e9841164c181f6fa4ac98fe5c1cb",
    "settings": {
      "testing": false
    },
    "software": "mriqc",
    "version": "22.0.6",
    "warnings": {
      "large_rot_frame": true,
      "small_air_mask": false
    },
    "webapi_port": null,
    "webapi_url": "https://mriqc.nimh.nih.gov/api/v1"
  },
  "qi_1": 5.627786081307112e-05,
  "qi_2": 0.0012506611165224524,
  "rpve_csf": 7.983854524667486,
  "rpve_gm": 5.6049979465719115,
  "rpve_wm": 25.017590105831555,
  "size_x": 192,
  "size_y": 192,
  "size_z": 192,
  "snr_csf": 7.7516286190644905,
  "snr_gm": 8.71671331321407,
  "snr_total": 6.579582048174358,
  "snr_wm": 3.2704042122445123,
  "snrd_csf": 101.42817288756041,
  "snrd_gm": 56.94248577252746,
  "snrd_total": 122.48849402667395,
  "snrd_wm": 209.09482341993402,
  "spacing_x": 1.0,
  "spacing_y": 1.0,
  "spacing_z": 1.0,
  "summary_bg_k": 18.351898965213287,
  "summary_bg_mad": 0.0,
  "summary_bg_mean": 1.7270251610594947,
  "summary_bg_median": 0.0,
  "summary_bg_n": 1351751.0,
  "summary_bg_p05": 0.0,
  "summary_bg_p95": 7.614017277956009,
  "summary_bg_stdv": 3.1325681416105886,
  "summary_csf_k": 1.0686751603539983,
  "summary_csf_mad": 57.9288833078282,
  "summary_csf_mean": 490.2359246404535,
  "summary_csf_median": 484.98398661613464,
  "summary_csf_n": 22102.0,
  "summary_csf_p05": 399.842888854444,
  "summary_csf_p95": 601.2934014350176,
  "summary_csf_stdv": 62.564015748095905,
  "summary_gm_k": 0.5741858698279154,
  "summary_gm_mad": 29.864668503542415,
  "summary_gm_mean": 273.1329798773679,
  "summary_gm_median": 272.27340266108513,
  "summary_gm_n": 301670.0,
  "summary_gm_p05": 224.04486790299416,
  "summary_gm_p95": 325.82211151719093,
  "summary_gm_stdv": 31.235735488864083,
  "summary_wm_k": 1.9498776269954279,
  "summary_wm_mad": 107.77001428407507,
  "summary_wm_mean": 854.466528112108,
  "summary_wm_median": 999.797572568059,
  "summary_wm_n": 24916.0,
  "summary_wm_p05": 33.42457205057144,
  "summary_wm_p95": 1086.2841346487403,
  "summary_wm_stdv": 305.70456864603653,
  "tpm_overlap_csf": 0.11979288988209733,
  "tpm_overlap_gm": 0.34616068077484546,
  "tpm_overlap_wm": 0.03382148531631313,
  "wm2max": 0.9279941238161464
}