{
  "bids_meta": {
    "AcquisitionMatrixPE": 192,
    "AcquisitionNumber": 1,
    "AcquisitionTime": "18:05:22.287500",
    "BaseResolution": 192,
    "BodyPartExamined": "HEAD",
    "CoilString": "HE1-4;NE1_2",
    "ConsistencyInfo": "N4_VE11C_LATEST_20160120",
    "ConversionSoftware": "dcm2niix",
    "ConversionSoftwareVersion": "v1.0.20190410  GCC6.3.0",
    "DeviceSerialNumber": "166048",
    "DwellTime": 1.24e-05,
    "EchoTime": 0.0022,
    "FlipAngle": 8,
    "ImageOrientationPatientDICOM": [
      -0.00174532,
      0.999998,
      9.49234e-09,
      -0.00523598,
      -9.12897e-06,
      -0.999986
    ],
    "ImageType": [
      "ORIGINAL",
      "PRIMARY",
      "M",
      "ND",
      "NORM",
      "FM3",
      "2",
      "FIL"
    ],
    "ImagingFrequency": 123.245,
    "InPlanePhaseEncodingDirectionDICOM": "ROW",
    "InstitutionAddress": "North_13th_1701_Philadelphia_PA_US_19122",
    "InstitutionName": "Temple_University_-_Weiss_Hall",
    "InstitutionalDepartmentName": "Department",
    "InversionTime": 1.15,
    "MRAcquisitionType": "3D",
    "MagneticFieldStrength": 3,
    "Manufacturer": "Siemens",
    "ManufacturersModelName": "Prisma",
    "Modality": "MR",
    "PartialFourier": 1,
    "PatientPosition": "HFS",
    "PercentPhaseFOV": 100,
    "PhaseEncodingSteps": 211,
    "PhaseOversampling": 0.1,
    "PhaseResolution": 1,
    "PixelBandwidth": 210,
    "ProcedureStepDescription": "SMITH_SRNDNA",
    "ProtocolName": "T1w-anat_mpg_07sag_iso",
    "PulseSequenceDetails": "%SiemensSeq%_tfl",
    "ReceiveCoilActiveElements": "HE1-4;NE1,2",
    "ReceiveCoilName": "HeadNeck_20",
    "ReconMatrixPE": 192,
    "RefLinesPE": 32,
    "RepetitionTime": 2.4,
    "SAR": 0.0488152,
    "ScanOptions": "IR_WE",
    "ScanningSequence": "GR_IR",
    "SequenceName": "_tfl3d1_16ns",
    "SequenceVariant": "SK_SP_MP_OSP",
    "SeriesDescription": "T1w-anat_mpg_07sag_iso",
    "SeriesNumber": 5,
    "ShimSetting": [
      1433,
      -7388,
      6485,
      141,
      65,
      -68,
      -26,
      30
    ],
    "SliceThickness": 1,
    "SoftwareVersions": "syngo_MR_E11",
    "StationName": "AWP166048",
    "TxRefAmp": 278.284,
    "dataset": "ds003745",
    "modality": "T1w",
    "subject_id": "120"
  },
  "cjv": 0.337784307370767,
  "cnr": 4.005412821677733,
  "efc": 0.6574846922118349,
  "fber": 47896.39881752217,
  "fwhm_avg": 4.094046666666667,
  "fwhm_x": 3.95818,
  "fwhm_y": 4.12912,
  "fwhm_z": 4.19484,
  "icvs_csf": 0.21653073769182138,
  "icvs_gm": 0.4308121007328039,
  "icvs_wm": 0.35265716157537474,
  "inu_med": 0.42458978295326233,
  "inu_range": 0.17675574123859406,
  "provenance": {
    "md5sum": "7dfbfc98c860bcf4988e29bc96692ecf",
    "settings": {
      "testing": false
    },
    "software": "mriqc",
    "version": "22.0.6",
    "warnings": {
      "large_rot_frame": true,
      "small_air_mask": false
    },
    "webapi_port": null,
    "webapi_url": "https://mriqc.nimh.nih.gov/api/v1"
  },
  "qi_1": 4.600112242738723e-06,
  "qi_2": 0.0072132951842262105,
  "rpve_csf": 12.58317534349274,
  "rpve_gm": 6.519578583673709,
  "rpve_wm": 9.384204169546342,
  "size_x": 192,
  "size_y": 192,
  "size_z": 192,
  "snr_csf": 2.5111515009816956,
  "snr_gm": 11.239870600797266,
  "snr_total": 14.561941011535652,
  "snr_wm": 29.934800932827994,
  "snrd_csf": 40.06400943512096,
  "snrd_gm": 118.456467676035,
  "snrd_total": 108.25455481863067,
  "snrd_wm": 166.24318734473601,
  "spacing_x": 1.0,
  "spacing_y": 1.0,
  "spacing_z": 1.0,
  "summary_bg_k": 11.069280132712086,
  "summary_bg_mad": 0.0,
  "summary_bg_mean": 2.1365237530340404,
  "summary_bg_median": 0.0,
  "summary_bg_n": 1344626.0,
  "summary_bg_p05": 0.0,
  "summary_bg_p95": 9.797196123749018,
  "summary_bg_stdv": 3.9410006212671314,
  "summary_csf_k": 1.8432048748966858,
  "summary_csf_mad": 79.39674197176265,
  "summary_csf_mean": 251.49094925861553,
  "summary_csf_median": 241.00673703104258,
  "summary_csf_n": 42726.0,
  "summary_csf_p05": 110.99022676516324,
  "summary_csf_p95": 430.1547926105559,
  "summary_csf_stdv": 95.97346736933562,
  "summary_gm_k": -0.01955421318533057,
  "summary_gm_mad": 64.87139726355788,
  "summary_gm_mean": 713.6790835050076,
  "summary_gm_median": 712.5798729918897,
  "summary_gm_n": 46535.0,
  "summary_gm_p05": 612.2926006354392,
  "summary_gm_p95": 818.7047306973486,
  "summary_gm_stdv": 63.39683452529357,
  "summary_wm_k": 0.6811851355419676,
  "summary_wm_mad": 32.2291018252071,
  "summary_wm_mean": 1001.35286886815,
  "summary_wm_median": 1000.042898863554,
  "summary_wm_n": 231796.0,
  "summary_wm_p05": 948.9345497190952,
  "summary_wm_p95": 1056.023048487492,
  "summary_wm_stdv": 33.40729554018347,
  "tpm_overlap_csf": 0.16997519915341502,
  "tpm_overlap_gm": 0.4554628276345271,
  "tpm_overlap_wm": 0.5088867942235217,
  "wm2max": 0.8966975510361002
}