{
  "aor": 0.0017673023255813955,
  "aqi": 0.011742558790697676,
  "bids_meta": {
    "AcquisitionMatrixPE": 74,
    "AcquisitionNumber": 1,
    "AcquisitionTime": "",
    "BandwidthPerPixelPhaseEncode": 27.579,
    "BaseResolution": 74,
    "BodyPartExamined": "HEAD",
    "CogAtlasID": "doi:TODO",
    "CoilString": "HE1-4;NE1_2",
    "ConsistencyInfo": "N4_VE11C_LATEST_20160120",
    "ConversionSoftware": "dcm2niix",
    "ConversionSoftwareVersion": "v1.0.20190410  GCC6.3.0",
    "DerivedVendorReportedEchoSpacing": 0.000489993,
    "DeviceSerialNumber": "166048",
    "DwellTime": 2.9e-06,
    "EchoTime": 0.023,
    "EchoTrainLength": 74,
    "EffectiveEchoSpacing": 0.000489993,
    "FlipAngle": 76,
    "ImageOrientationPatientDICOM": [
      1,
      0,
      0,
      0,
      0.920505,
      -0.390731
    ],
    "ImageType": [
      "ORIGINAL",
      "PRIMARY",
      "M",
      "ND",
      "NORM",
      "MOSAIC"
    ],
    "ImagingFrequency": 123.245,
    "InPlanePhaseEncodingDirectionDICOM": "COL",
    "InstitutionAddress": "North_13th_1701_Philadelphia_PA_US_19122",
    "InstitutionName": "Temple_University_-_Weiss_Hall",
    "InstitutionalDepartmentName": "Department",
    "MRAcquisitionType": "2D",
    "MagneticFieldStrength": 3,
    "Manufacturer": "Siemens",
    "ManufacturersModelName": "Prisma",
    "Modality": "MR",
    "PartialFourier": 1,
    "PatientPosition": "HFS",
    "PercentPhaseFOV": 100,
    "PhaseEncodingDirection": "j-",
    "PhaseEncodingSteps": 74,
    "PhaseResolution": 1,
    "PixelBandwidth": 2330,
    "ProcedureStepDescription": "SMITH_SRNDNA",
    "ProtocolName": "func-bold_trust_run2",
    "PulseSequenceDetails": "%SiemensSeq%_ep2d_bold",
    "ReceiveCoilActiveElements": "HE1-4;NE1,2",
    "ReceiveCoilName": "HeadNeck_20",
    "ReconMatrixPE": 74,
    "RepetitionTime": 2.02,
    "SAR": 0.100637,
    "ScanOptions": "FS",
    "ScanningSequence": "EP",
    "SequenceName": "_epfid2d1_74",
    "SequenceVariant": "SK",
    "SeriesDescription": "func-bold_trust_run2",
    "SeriesNumber": 11,
    "ShimSetting": [
      1415,
      -7344,
      6565,
      338,
      1,
      173,
      -91,
      17
    ],
    "SliceThickness": 2.8,
    "SliceTiming": [
      1.945,
      1.89,
      1.8325,
      1.7775,
      1.7225,
      1.6675,
      1.6125,
      1.555,
      1.5,
      1.445,
      1.39,
      1.335,
      1.2775,
      1.2225,
      1.1675,
      1.1125,
      1.055,
      1,
      0.945,
      0.89,
      0.835,
      0.7775,
      0.7225,
      0.6675,
      0.6125,
      0.555,
      0.5,
      0.445,
      0.39,
      0.335,
      0.2775,
      0.2225,
      0.1675,
      0.1125,
      0.055,
      0
    ],
    "SoftwareVersions": "syngo_MR_E11",
    "SpacingBetweenSlices": 3.22,
    "StationName": "AWP166048",
    "TaskName": "trust",
    "TotalReadoutTime": 0.0357695,
    "TxRefAmp": 278.284,
    "dataset": "ds003745",
    "modality": "bold",
    "run_id": 3,
    "subject_id": "120",
    "task_id": "trust"
  },
  "dummy_trs": 2,
  "dvars_nstd": 21.84448372747665,
  "dvars_std": 1.1574465694859812,
  "dvars_vstd": 0.9561350479906545,
  "efc": 0.533926767053908,
  "fber": 2605.57177734375,
  "fd_mean": 0.1534263072711969,
  "fd_num": 42,
  "fd_perc": 19.53488372093023,
  "fwhm_avg": 1.8463537066400502,
  "fwhm_x": 1.7638808793515597,
  "fwhm_y": 1.963024977166782,
  "fwhm_z": 1.812155263401808,
  "gcor": 0.0235417,
  "gsr_x": 0.009521282278001308,
  "gsr_y": 0.04616269841790199,
  "provenance": {
    "md5sum": "f9c2f04d1c4f1658d3059b3357be88b2",
    "settings": {
      "fd_thres": 0.2,
      "testing": false
    },
    "software": "mriqc",
    "version": "22.0.6",
    "webapi_port": null,
    "webapi_url": "https://mriqc.nimh.nih.gov/api/v1"
  },
  "size_t": 215,
  "size_x": 74,
  "size_y": 74,
  "size_z": 36,
  "snr": 6.210291771924963,
  "spacing_tr": 2.0199999809265137,
  "spacing_x": 2.972972869873047,
  "spacing_y": 2.972972869873047,
  "spacing_z": 3.2200000286102295,
  "summary_bg_k": 14.672410344824467,
  "summary_bg_mad": 11.378108404903855,
  "summary_bg_mean": 49.204158782958984,
  "summary_bg_median": 18.665115356445312,
  "summary_bg_n": 119471.0,
  "summary_bg_p05": 8.883721351623535,
  "summary_bg_p95": 220.86046600341797,
  "summary_bg_stdv": 80.83468627929688,
  "summary_fg_k": 4.140284672587324,
  "summary_fg_mad": 139.52667766631757,
  "summary_fg_mean": 972.1546020507812,
  "summary_fg_median": 956.2255859375,
  "summary_fg_n": 41546.0,
  "summary_fg_p05": 771.7116241455078,
  "summary_fg_p95": 1226.7453002929688,
  "summary_fg_stdv": 153.9724884033203,
  "tsnr": 63.61704028188251
}