{
  "bids_meta": {
    "AcquisitionMatrixPE": 192,
    "AcquisitionNumber": 1,
    "AcquisitionTime": "10:55:12.330000",
    "BaseResolution": 192,
    "BodyPartExamined": "BRAIN",
    "CoilString": "HE1-4;NE1_2",
    "ConsistencyInfo": "N4_VE11C_LATEST_20160120",
    "ConversionSoftware": "dcm2niix",
    "ConversionSoftwareVersion": "v1.0.20190410  GCC6.3.0",
    "DeviceSerialNumber": "166048",
    "DwellTime": 1.24e-05,
    "EchoTime": 0.0022,
    "FlipAngle": 8,
    "ImageOrientationPatientDICOM": [
      0,
      1,
      0,
      0,
      0,
      -1
    ],
    "ImageType": [
      "ORIGINAL",
      "PRIMARY",
      "M",
      "ND",
      "NORM",
      "FM3",
      "2",
      "FIL"
    ],
    "ImagingFrequency": 123.246,
    "InPlanePhaseEncodingDirectionDICOM": "ROW",
    "InstitutionAddress": "North_13th_1701_Philadelphia_PA_US_19122",
    "InstitutionName": "Temple_University_-_Weiss_Hall",
    "InstitutionalDepartmentName": "Department",
    "InversionTime": 1.15,
    "MRAcquisitionType": "3D",
    "MagneticFieldStrength": 3,
    "Manufacturer": "Siemens",
    "ManufacturersModelName": "Prisma",
    "Modality": "MR",
    "PartialFourier": 1,
    "PatientPosition": "HFS",
    "PercentPhaseFOV": 100,
    "PhaseEncodingSteps": 211,
    "PhaseOversampling": 0.1,
    "PhaseResolution": 1,
    "PixelBandwidth": 210,
    "ProcedureStepDescription": "SMITH_SRNDNA",
    "ProtocolName": "T1w-anat_mpg_07sag_iso",
    "PulseSequenceDetails": "%SiemensSeq%_tfl",
    "ReceiveCoilActiveElements": "HE1-4;NE1,2",
    "ReceiveCoilName": "HeadNeck_20",
    "ReconMatrixPE": 192,
    "RefLinesPE": 32,
    "RepetitionTime": 2.4,
    "SAR": 0.05763,
    "ScanOptions": "IR_WE",
    "ScanningSequence": "GR_IR",
    "SequenceName": "_tfl3d1_16ns",
    "SequenceVariant": "SK_SP_MP_OSP",
    "SeriesDescription": "T1w-anat_mpg_07sag_iso",
    "SeriesNumber": 5,
    "ShimSetting": [
      1411,
      -7595,
      6486,
      48,
      4,
      -315,
      -175,
      74
    ],
    "SliceThickness": 1,
    "SoftwareVersions": "syngo_MR_E11",
    "StationName": "AWP166048",
    "TxRefAmp": 262.205,
    "dataset": "ds003745",
    "modality": "T1w",
    "subject_id": "156"
  },
  "cjv": 0.37758035276747015,
  "cnr": 3.492478750031459,
  "efc": 0.6526835885891413,
  "fber": 3531.1432513594677,
  "fwhm_avg": 3.877056666666667,
  "fwhm_x": 3.73335,
  "fwhm_y": 3.8256,
  "fwhm_z": 4.07222,
  "icvs_csf": 0.19569486162210703,
  "icvs_gm": 0.4110182280081263,
  "icvs_wm": 0.39328691036976665,
  "inu_med": 0.5405420064926147,
  "inu_range": 0.23004754185676568,
  "provenance": {
    "md5sum": "619a87f2d0b351a66708a5e5d226cf97",
    "settings": {
      "testing": false
    },
    "software": "mriqc",
    "version": "22.0.6",
    "warnings": {
      "large_rot_frame": true,
      "small_air_mask": false
    },
    "webapi_port": null,
    "webapi_url": "https://mriqc.nimh.nih.gov/api/v1"
  },
  "qi_1": 0.0,
  "qi_2": 0.004471699111328506,
  "rpve_csf": 19.266097191732083,
  "rpve_gm": 9.032398189691254,
  "rpve_wm": 11.011376755100915,
  "size_x": 192,
  "size_y": 192,
  "size_z": 192,
  "snr_csf": 2.2544482753516126,
  "snr_gm": 10.541171753136512,
  "snr_total": 10.064913550759895,
  "snr_wm": 17.399120623791557,
  "snrd_csf": 14.590658695185327,
  "snrd_gm": 40.668855638062105,
  "snrd_total": 37.9917303149723,
  "snrd_wm": 58.71567661166946,
  "spacing_x": 1.0,
  "spacing_y": 1.0,
  "spacing_z": 1.0,
  "summary_bg_k": 16.27838772470717,
  "summary_bg_mad": 0.0,
  "summary_bg_mean": 6.438124348363092,
  "summary_bg_median": 0.0,
  "summary_bg_n": 1195999.0,
  "summary_bg_p05": 0.0,
  "summary_bg_p95": 29.089376896619797,
  "summary_bg_stdv": 11.158519609217995,
  "summary_csf_k": 0.6771182891952994,
  "summary_csf_mad": 103.65846555959216,
  "summary_csf_mean": 260.2923965981953,
  "summary_csf_median": 248.51336479187012,
  "summary_csf_n": 22537.0,
  "summary_csf_p05": 97.34179744124413,
  "summary_csf_p95": 459.25713587403305,
  "summary_csf_stdv": 110.23000793367035,
  "summary_gm_k": 0.11039874152493878,
  "summary_gm_mad": 64.77420459753633,
  "summary_gm_mean": 691.9487412471499,
  "summary_gm_median": 692.686626970768,
  "summary_gm_n": 18429.0,
  "summary_gm_p05": 581.4946471810341,
  "summary_gm_p95": 797.816655755043,
  "summary_gm_stdv": 65.71070556018202,
  "summary_wm_k": 1.3465968583847152,
  "summary_wm_mad": 51.28643218261002,
  "summary_wm_mean": 1003.0631538017807,
  "summary_wm_median": 1000.0665950477123,
  "summary_wm_n": 157772.0,
  "summary_wm_p05": 917.4359012544155,
  "summary_wm_p95": 1103.4659057557583,
  "summary_wm_stdv": 57.47781438643618,
  "tpm_overlap_csf": 0.15448075716853832,
  "tpm_overlap_gm": 0.4417857036975293,
  "tpm_overlap_wm": 0.48005878748543523,
  "wm2max": 0.8380624767571588
}