{
  "aor": 0.002987175925925926,
  "aqi": 0.0067794352777777785,
  "bids_meta": {
    "AcquisitionMatrixPE": 74,
    "AcquisitionNumber": 1,
    "AcquisitionTime": "",
    "BandwidthPerPixelPhaseEncode": 27.579,
    "BaseResolution": 74,
    "BodyPartExamined": "BRAIN",
    "CogAtlasID": "doi:TODO",
    "CoilString": "HE1-4;NE1_2",
    "ConsistencyInfo": "N4_VE11C_LATEST_20160120",
    "ConversionSoftware": "dcm2niix",
    "ConversionSoftwareVersion": "v1.0.20190410  GCC6.3.0",
    "DerivedVendorReportedEchoSpacing": 0.000489993,
    "DeviceSerialNumber": "166048",
    "DwellTime": 2.9e-06,
    "EchoTime": 0.023,
    "EchoTrainLength": 74,
    "EffectiveEchoSpacing": 0.000489993,
    "FlipAngle": 76,
    "ImageOrientationPatientDICOM": [
      1,
      0,
      0,
      0,
      0.953717,
      -0.300706
    ],
    "ImageType": [
      "ORIGINAL",
      "PRIMARY",
      "M",
      "ND",
      "NORM",
      "MOSAIC"
    ],
    "ImagingFrequency": 123.246,
    "InPlanePhaseEncodingDirectionDICOM": "COL",
    "InstitutionAddress": "North_13th_1701_Philadelphia_PA_US_19122",
    "InstitutionName": "Temple_University_-_Weiss_Hall",
    "InstitutionalDepartmentName": "Department",
    "MRAcquisitionType": "2D",
    "MagneticFieldStrength": 3,
    "Manufacturer": "Siemens",
    "ManufacturersModelName": "Prisma",
    "Modality": "MR",
    "PartialFourier": 1,
    "PatientPosition": "HFS",
    "PercentPhaseFOV": 100,
    "PhaseEncodingDirection": "j-",
    "PhaseEncodingSteps": 74,
    "PhaseResolution": 1,
    "PixelBandwidth": 2330,
    "ProcedureStepDescription": "SMITH_SRNDNA",
    "ProtocolName": "func-bold_trust_run2",
    "PulseSequenceDetails": "%SiemensSeq%_ep2d_bold",
    "ReceiveCoilActiveElements": "HE1-4;NE1,2",
    "ReceiveCoilName": "HeadNeck_20",
    "ReconMatrixPE": 74,
    "RepetitionTime": 2.02,
    "SAR": 0.0938777,
    "ScanOptions": "FS",
    "ScanningSequence": "EP",
    "SequenceName": "_epfid2d1_74",
    "SequenceVariant": "SK",
    "SeriesDescription": "func-bold_trust_run2",
    "SeriesNumber": 11,
    "ShimSetting": [
      1438,
      -7397,
      6520,
      350,
      46,
      100,
      -4,
      36
    ],
    "SliceThickness": 2.8,
    "SliceTiming": [
      1.945,
      1.8875,
      1.8325,
      1.7775,
      1.7225,
      1.665,
      1.61,
      1.555,
      1.5,
      1.445,
      1.3875,
      1.3325,
      1.2775,
      1.2225,
      1.165,
      1.11,
      1.055,
      1,
      0.945,
      0.8875,
      0.8325,
      0.7775,
      0.7225,
      0.665,
      0.61,
      0.555,
      0.5,
      0.445,
      0.3875,
      0.3325,
      0.2775,
      0.2225,
      0.1675,
      0.11,
      0.055,
      0
    ],
    "SoftwareVersions": "syngo_MR_E11",
    "SpacingBetweenSlices": 3.22,
    "StationName": "AWP166048",
    "TaskName": "trust",
    "TotalReadoutTime": 0.0357695,
    "TxRefAmp": 262.836,
    "dataset": "ds003745",
    "modality": "bold",
    "run_id": 3,
    "subject_id": "141",
    "task_id": "trust"
  },
  "dummy_trs": 1,
  "dvars_nstd": 27.110039440511635,
  "dvars_std": 1.3561534228837209,
  "dvars_vstd": 1.0132795537209305,
  "efc": 0.5413789954722827,
  "fber": 2054.1591796875,
  "fd_mean": 0.25215439879061186,
  "fd_num": 123,
  "fd_perc": 56.94444444444444,
  "fwhm_avg": 1.772162575864007,
  "fwhm_x": 1.7072708773883776,
  "fwhm_y": 1.8988938840336846,
  "fwhm_z": 1.710322966169959,
  "gcor": 0.0223853,
  "gsr_x": -0.01846235617995262,
  "gsr_y": 0.04183240607380867,
  "provenance": {
    "md5sum": "d3c96cc9febee2ff678cda8ece035ce3",
    "settings": {
      "fd_thres": 0.2,
      "testing": false
    },
    "software": "mriqc",
    "version": "22.0.6",
    "webapi_port": null,
    "webapi_url": "https://mriqc.nimh.nih.gov/api/v1"
  },
  "size_t": 216,
  "size_x": 74,
  "size_y": 74,
  "size_z": 36,
  "snr": 5.833521601651135,
  "spacing_tr": 2.0199999809265137,
  "spacing_x": 2.972972869873047,
  "spacing_y": 2.972972869873047,
  "spacing_z": 3.2200000286102295,
  "summary_bg_k": 35.64108174086043,
  "summary_bg_mad": 8.929931968954037,
  "summary_bg_mean": 41.96573257446289,
  "summary_bg_median": 18.773147583007812,
  "summary_bg_n": 115165.0,
  "summary_bg_p05": 10.699073791503906,
  "summary_bg_p95": 151.97592773437495,
  "summary_bg_stdv": 70.30452728271484,
  "summary_fg_k": 2.5982922779245685,
  "summary_fg_mad": 129.94731543175928,
  "summary_fg_mean": 883.5916748046875,
  "summary_fg_median": 864.870361328125,
  "summary_fg_n": 42420.0,
  "summary_fg_p05": 697.6467437744141,
  "summary_fg_p95": 1151.101684570312,
  "summary_fg_stdv": 148.2569580078125,
  "tsnr": 80.55658557545394
}