{
  "aor": 0.0017474883720930232,
  "aqi": 0.006569608930232559,
  "bids_meta": {
    "AcquisitionMatrixPE": 74,
    "AcquisitionNumber": 1,
    "AcquisitionTime": "",
    "BandwidthPerPixelPhaseEncode": 27.579,
    "BaseResolution": 74,
    "BodyPartExamined": "BRAIN",
    "CogAtlasID": "doi:TODO",
    "CoilString": "HE1-4;NE1_2",
    "ConsistencyInfo": "N4_VE11C_LATEST_20160120",
    "ConversionSoftware": "dcm2niix",
    "ConversionSoftwareVersion": "v1.0.20190410  GCC6.3.0",
    "DerivedVendorReportedEchoSpacing": 0.000489993,
    "DeviceSerialNumber": "166048",
    "DwellTime": 2.9e-06,
    "EchoTime": 0.023,
    "EchoTrainLength": 74,
    "EffectiveEchoSpacing": 0.000489993,
    "FlipAngle": 76,
    "ImageOrientationPatientDICOM": [
      1,
      0,
      0,
      0,
      0.953717,
      -0.300706
    ],
    "ImageType": [
      "ORIGINAL",
      "PRIMARY",
      "M",
      "ND",
      "NORM",
      "MOSAIC"
    ],
    "ImagingFrequency": 123.246,
    "InPlanePhaseEncodingDirectionDICOM": "COL",
    "InstitutionAddress": "North_13th_1701_Philadelphia_PA_US_19122",
    "InstitutionName": "Temple_University_-_Weiss_Hall",
    "InstitutionalDepartmentName": "Department",
    "MRAcquisitionType": "2D",
    "MagneticFieldStrength": 3,
    "Manufacturer": "Siemens",
    "ManufacturersModelName": "Prisma",
    "Modality": "MR",
    "PartialFourier": 1,
    "PatientPosition": "HFS",
    "PercentPhaseFOV": 100,
    "PhaseEncodingDirection": "j-",
    "PhaseEncodingSteps": 74,
    "PhaseResolution": 1,
    "PixelBandwidth": 2330,
    "ProcedureStepDescription": "SMITH_SRNDNA",
    "ProtocolName": "func-bold_trust_run3",
    "PulseSequenceDetails": "%SiemensSeq%_ep2d_bold",
    "ReceiveCoilActiveElements": "HE1-4;NE1,2",
    "ReceiveCoilName": "HeadNeck_20",
    "ReconMatrixPE": 74,
    "RepetitionTime": 2.02,
    "SAR": 0.0938777,
    "ScanOptions": "FS",
    "ScanningSequence": "EP",
    "SequenceName": "_epfid2d1_74",
    "SequenceVariant": "SK",
    "SeriesDescription": "func-bold_trust_run3",
    "SeriesNumber": 12,
    "ShimSetting": [
      1438,
      -7397,
      6520,
      350,
      46,
      100,
      -4,
      36
    ],
    "SliceThickness": 2.8,
    "SliceTiming": [
      1.9425,
      1.8875,
      1.8325,
      1.7775,
      1.72,
      1.665,
      1.61,
      1.555,
      1.4975,
      1.4425,
      1.3875,
      1.3325,
      1.2775,
      1.22,
      1.165,
      1.11,
      1.055,
      0.9975,
      0.9425,
      0.8875,
      0.8325,
      0.7775,
      0.72,
      0.665,
      0.61,
      0.555,
      0.5,
      0.4425,
      0.3875,
      0.3325,
      0.2775,
      0.22,
      0.165,
      0.11,
      0.055,
      0
    ],
    "SoftwareVersions": "syngo_MR_E11",
    "SpacingBetweenSlices": 3.22,
    "StationName": "AWP166048",
    "TaskName": "trust",
    "TotalReadoutTime": 0.0357695,
    "TxRefAmp": 262.836,
    "dataset": "ds003745",
    "modality": "bold",
    "run_id": 4,
    "subject_id": "141",
    "task_id": "trust"
  },
  "dummy_trs": 2,
  "dvars_nstd": 25.99846554719627,
  "dvars_std": 1.3395073527570105,
  "dvars_vstd": 1.0089657914485983,
  "efc": 0.5417374200974489,
  "fber": 2062.09716796875,
  "fd_mean": 0.24632231185549425,
  "fd_num": 119,
  "fd_perc": 55.348837209302324,
  "fwhm_avg": 1.7700440168486804,
  "fwhm_x": 1.70848178652128,
  "fwhm_y": 1.89575897483406,
  "fwhm_z": 1.7058912891907014,
  "gcor": 0.0208806,
  "gsr_x": -0.018548762425780296,
  "gsr_y": 0.04237491264939308,
  "provenance": {
    "md5sum": "de0530e6452ef9480dbcdd34c0a9305c",
    "settings": {
      "fd_thres": 0.2,
      "testing": false
    },
    "software": "mriqc",
    "version": "22.0.6",
    "webapi_port": null,
    "webapi_url": "https://mriqc.nimh.nih.gov/api/v1"
  },
  "size_t": 215,
  "size_x": 74,
  "size_y": 74,
  "size_z": 36,
  "snr": 5.836151331751537,
  "spacing_tr": 2.0199999809265137,
  "spacing_x": 2.972972869873047,
  "spacing_y": 2.972972869873047,
  "spacing_z": 3.2200000286102295,
  "summary_bg_k": 36.2602746018992,
  "summary_bg_mad": 8.950780214299979,
  "summary_bg_mean": 42.25017547607422,
  "summary_bg_median": 18.753488540649414,
  "summary_bg_n": 115124.0,
  "summary_bg_p05": 10.702325820922852,
  "summary_bg_p95": 153.92139663696264,
  "summary_bg_stdv": 71.06534576416016,
  "summary_fg_k": 2.5694643034816034,
  "summary_fg_mad": 129.8827954499603,
  "summary_fg_mean": 884.1829223632812,
  "summary_fg_median": 865.4185791015625,
  "summary_fg_n": 42420.0,
  "summary_fg_p05": 698.5718505859375,
  "summary_fg_p95": 1151.8887878417963,
  "summary_fg_stdv": 148.28408813476562,
  "tsnr": 82.31054849829525
}