{
  "bids_meta": {
    "AcquisitionMatrixPE": 192,
    "AcquisitionNumber": 1,
    "AcquisitionTime": "18:05:6.285000",
    "BaseResolution": 192,
    "BodyPartExamined": "BRAIN",
    "CoilString": "HE1-4;NE1_2",
    "ConsistencyInfo": "N4_VE11C_LATEST_20160120",
    "ConversionSoftware": "dcm2niix",
    "ConversionSoftwareVersion": "v1.0.20190410  GCC6.3.0",
    "DeviceSerialNumber": "166048",
    "DwellTime": 1.24e-05,
    "EchoTime": 0.0022,
    "FlipAngle": 8,
    "ImageOrientationPatientDICOM": [
      0,
      1,
      0,
      0,
      0,
      -1
    ],
    "ImageType": [
      "ORIGINAL",
      "PRIMARY",
      "M",
      "ND",
      "NORM",
      "FM3",
      "2",
      "FIL"
    ],
    "ImagingFrequency": 123.246,
    "InPlanePhaseEncodingDirectionDICOM": "ROW",
    "InstitutionAddress": "North_13th_1701_Philadelphia_PA_US_19122",
    "InstitutionName": "Temple_University_-_Weiss_Hall",
    "InstitutionalDepartmentName": "Department",
    "InversionTime": 1.15,
    "MRAcquisitionType": "3D",
    "MagneticFieldStrength": 3,
    "Manufacturer": "Siemens",
    "ManufacturersModelName": "Prisma",
    "Modality": "MR",
    "PartialFourier": 1,
    "PatientPosition": "HFS",
    "PercentPhaseFOV": 100,
    "PhaseEncodingSteps": 211,
    "PhaseOversampling": 0.1,
    "PhaseResolution": 1,
    "PixelBandwidth": 210,
    "ProcedureStepDescription": "SMITH_SRNDNA",
    "ProtocolName": "T1w-anat_mpg_07sag_iso",
    "PulseSequenceDetails": "%SiemensSeq%_tfl",
    "ReceiveCoilActiveElements": "HE1-4;NE1,2",
    "ReceiveCoilName": "HeadNeck_20",
    "ReconMatrixPE": 192,
    "RefLinesPE": 32,
    "RepetitionTime": 2.4,
    "SAR": 0.0452623,
    "ScanOptions": "IR_WE",
    "ScanningSequence": "GR_IR",
    "SequenceName": "_tfl3d1_16ns",
    "SequenceVariant": "SK_SP_MP_OSP",
    "SeriesDescription": "T1w-anat_mpg_07sag_iso",
    "SeriesNumber": 5,
    "ShimSetting": [
      1414,
      -7382,
      6446,
      375,
      75,
      -328,
      -50,
      44
    ],
    "SliceThickness": 1,
    "SoftwareVersions": "syngo_MR_E11",
    "StationName": "AWP166048",
    "TxRefAmp": 251.962,
    "dataset": "ds003745",
    "modality": "T1w",
    "subject_id": "121"
  },
  "cjv": 0.34345479339787416,
  "cnr": 3.827518329442862,
  "efc": 0.609228668393159,
  "fber": 31333.59757125991,
  "fwhm_avg": 3.7936333333333336,
  "fwhm_x": 3.81883,
  "fwhm_y": 3.74732,
  "fwhm_z": 3.81475,
  "icvs_csf": 0.20693140308730876,
  "icvs_gm": 0.44278012115246485,
  "icvs_wm": 0.3502884757602264,
  "inu_med": 0.39233288168907166,
  "inu_range": 0.12504913657903666,
  "provenance": {
    "md5sum": "b8ebac54a3880a7f3cbcb43a6eea11b5",
    "settings": {
      "testing": false
    },
    "software": "mriqc",
    "version": "22.0.6",
    "warnings": {
      "large_rot_frame": true,
      "small_air_mask": false
    },
    "webapi_port": null,
    "webapi_url": "https://mriqc.nimh.nih.gov/api/v1"
  },
  "qi_1": 0.0004153766550470226,
  "qi_2": 0.008854982089786235,
  "rpve_csf": 17.04646736087784,
  "rpve_gm": 8.483934773038545,
  "rpve_wm": 12.50780026330906,
  "size_x": 192,
  "size_y": 192,
  "size_z": 192,
  "snr_csf": 2.279596328084815,
  "snr_gm": 12.057887193291545,
  "snr_total": 14.694463348343978,
  "snr_wm": 29.745906523655567,
  "snrd_csf": 28.43487607060611,
  "snrd_gm": 83.1814299183086,
  "snrd_total": 75.02423905517928,
  "snrd_wm": 113.45641117662313,
  "spacing_x": 1.0,
  "spacing_y": 1.0,
  "spacing_z": 1.0,
  "summary_bg_k": 1090.0555848768452,
  "summary_bg_mad": 0.0,
  "summary_bg_mean": 3.2192751650050706,
  "summary_bg_median": 0.0,
  "summary_bg_n": 1355232.0,
  "summary_bg_p05": 0.0,
  "summary_bg_p95": 13.381897360086441,
  "summary_bg_stdv": 5.774576926318508,
  "summary_csf_k": 1.3453938080249577,
  "summary_csf_mad": 92.96471534503029,
  "summary_csf_mean": 268.46981581007293,
  "summary_csf_median": 250.63388213515282,
  "summary_csf_n": 20199.0,
  "summary_csf_p05": 119.63215008378029,
  "summary_csf_p95": 479.03369149863715,
  "summary_csf_stdv": 109.94388561453255,
  "summary_gm_k": 0.1545100861406694,
  "summary_gm_mad": 59.848273100812186,
  "summary_gm_mean": 731.5897835490761,
  "summary_gm_median": 733.1871132552624,
  "summary_gm_n": 37016.0,
  "summary_gm_p05": 628.9894222319126,
  "summary_gm_p95": 829.4260969012976,
  "summary_gm_stdv": 60.80478261108439,
  "summary_wm_k": 1.0317123648455278,
  "summary_wm_mad": 31.803718407510363,
  "summary_wm_mean": 1001.226954855717,
  "summary_wm_median": 1000.0402574539185,
  "summary_wm_n": 164756.0,
  "summary_wm_p05": 948.4042444825172,
  "summary_wm_p95": 1056.2442263662815,
  "summary_wm_stdv": 33.61932243487063,
  "tpm_overlap_csf": 0.16627178632013156,
  "tpm_overlap_gm": 0.46702281972555176,
  "tpm_overlap_wm": 0.5127076846226939,
  "wm2max": 0.9011550945654342
}