{
  "aor": 0.0036096296296296297,
  "aqi": 0.005363366944444444,
  "bids_meta": {
    "AcquisitionMatrixPE": 74,
    "AcquisitionNumber": 1,
    "AcquisitionTime": "",
    "BandwidthPerPixelPhaseEncode": 27.579,
    "BaseResolution": 74,
    "BodyPartExamined": "BRAIN",
    "CogAtlasID": "doi:TODO",
    "CoilString": "HE1-4;NE1_2",
    "ConsistencyInfo": "N4_VE11C_LATEST_20160120",
    "ConversionSoftware": "dcm2niix",
    "ConversionSoftwareVersion": "v1.0.20190410  GCC6.3.0",
    "DerivedVendorReportedEchoSpacing": 0.000489993,
    "DeviceSerialNumber": "166048",
    "DwellTime": 2.9e-06,
    "EchoTime": 0.023,
    "EchoTrainLength": 74,
    "EffectiveEchoSpacing": 0.000489993,
    "FlipAngle": 76,
    "ImageOrientationPatientDICOM": [
      1,
      0,
      0,
      0,
      0.961262,
      -0.275637
    ],
    "ImageType": [
      "ORIGINAL",
      "PRIMARY",
      "M",
      "ND",
      "NORM",
      "MOSAIC"
    ],
    "ImagingFrequency": 123.246,
    "InPlanePhaseEncodingDirectionDICOM": "COL",
    "InstitutionAddress": "North_13th_1701_Philadelphia_PA_US_19122",
    "InstitutionName": "Temple_University_-_Weiss_Hall",
    "InstitutionalDepartmentName": "Department",
    "MRAcquisitionType": "2D",
    "MagneticFieldStrength": 3,
    "Manufacturer": "Siemens",
    "ManufacturersModelName": "Prisma",
    "Modality": "MR",
    "PartialFourier": 1,
    "PatientPosition": "HFS",
    "PercentPhaseFOV": 100,
    "PhaseEncodingDirection": "j-",
    "PhaseEncodingSteps": 74,
    "PhaseResolution": 1,
    "PixelBandwidth": 2330,
    "ProcedureStepDescription": "SMITH_SRNDNA",
    "ProtocolName": "func-bold_trust_run4",
    "PulseSequenceDetails": "%SiemensSeq%_ep2d_bold",
    "ReceiveCoilActiveElements": "HE1-4;NE1,2",
    "ReceiveCoilName": "HeadNeck_20",
    "ReconMatrixPE": 74,
    "RepetitionTime": 2.02,
    "SAR": 0.0905091,
    "ScanOptions": "FS",
    "ScanningSequence": "EP",
    "SequenceName": "_epfid2d1_74",
    "SequenceVariant": "SK",
    "SeriesDescription": "func-bold_trust_run4",
    "SeriesNumber": 13,
    "ShimSetting": [
      1415,
      -7425,
      6510,
      260,
      -101,
      137,
      -62,
      84
    ],
    "SliceThickness": 2.8,
    "SliceTiming": [
      1.945,
      1.89,
      1.8325,
      1.7775,
      1.7225,
      1.6675,
      1.6125,
      1.555,
      1.5,
      1.445,
      1.39,
      1.3325,
      1.2775,
      1.2225,
      1.1675,
      1.1125,
      1.055,
      1,
      0.945,
      0.89,
      0.8325,
      0.7775,
      0.7225,
      0.6675,
      0.6125,
      0.555,
      0.5,
      0.445,
      0.39,
      0.3325,
      0.2775,
      0.2225,
      0.1675,
      0.1125,
      0.055,
      0
    ],
    "SoftwareVersions": "syngo_MR_E11",
    "SpacingBetweenSlices": 3.22,
    "StationName": "AWP166048",
    "TaskName": "trust",
    "TotalReadoutTime": 0.0357695,
    "TxRefAmp": 247.797,
    "dataset": "ds003745",
    "modality": "bold",
    "run_id": 5,
    "subject_id": "133",
    "task_id": "trust"
  },
  "dummy_trs": 1,
  "dvars_nstd": 26.868926309395334,
  "dvars_std": 1.3218272802790698,
  "dvars_vstd": 1.021953141906977,
  "efc": 0.5035622884461196,
  "fber": 2069.404541015625,
  "fd_mean": 0.2779057194594412,
  "fd_num": 164,
  "fd_perc": 75.92592592592592,
  "fwhm_avg": 1.67077552514327,
  "fwhm_x": 1.6276872382648553,
  "fwhm_y": 1.7676548794824385,
  "fwhm_z": 1.6169844576825168,
  "gcor": 0.032476,
  "gsr_x": -0.01891668327152729,
  "gsr_y": 0.03015809878706932,
  "provenance": {
    "md5sum": "e423cd32bbe30a7c6936c1c3410a9300",
    "settings": {
      "fd_thres": 0.2,
      "testing": false
    },
    "software": "mriqc",
    "version": "22.0.6",
    "webapi_port": null,
    "webapi_url": "https://mriqc.nimh.nih.gov/api/v1"
  },
  "size_t": 216,
  "size_x": 74,
  "size_y": 74,
  "size_z": 36,
  "snr": 6.524087061805821,
  "spacing_tr": 2.0199999809265137,
  "spacing_x": 2.972972869873047,
  "spacing_y": 2.972972869873047,
  "spacing_z": 3.2200000286102295,
  "summary_bg_k": 49.84596761162079,
  "summary_bg_mad": 10.419400181315176,
  "summary_bg_mean": 43.603416442871094,
  "summary_bg_median": 19.69444465637207,
  "summary_bg_n": 125291.0,
  "summary_bg_p05": 9.472222328186035,
  "summary_bg_p95": 170.35648345947266,
  "summary_bg_stdv": 73.61888122558594,
  "summary_fg_k": 2.0440186258081896,
  "summary_fg_mad": 128.94521966956864,
  "summary_fg_mean": 924.2071533203125,
  "summary_fg_median": 908.13427734375,
  "summary_fg_n": 33802.0,
  "summary_fg_p05": 742.7735961914062,
  "summary_fg_p95": 1167.1631591796872,
  "summary_fg_stdv": 139.19508361816406,
  "tsnr": 88.71969714399893
}