{
  "aor": 0.003943148148148148,
  "aqi": 0.0052988247685185185,
  "bids_meta": {
    "AcquisitionMatrixPE": 74,
    "AcquisitionNumber": 1,
    "AcquisitionTime": "",
    "BandwidthPerPixelPhaseEncode": 27.579,
    "BaseResolution": 74,
    "BodyPartExamined": "BRAIN",
    "CogAtlasID": "doi:TODO",
    "CoilString": "HE1-4;NE1_2",
    "ConsistencyInfo": "N4_VE11C_LATEST_20160120",
    "ConversionSoftware": "dcm2niix",
    "ConversionSoftwareVersion": "v1.0.20190410  GCC6.3.0",
    "DerivedVendorReportedEchoSpacing": 0.000489993,
    "DeviceSerialNumber": "166048",
    "DwellTime": 2.9e-06,
    "EchoTime": 0.023,
    "EchoTrainLength": 74,
    "EffectiveEchoSpacing": 0.000489993,
    "FlipAngle": 76,
    "ImageOrientationPatientDICOM": [
      1,
      0,
      0,
      0,
      0.961262,
      -0.275637
    ],
    "ImageType": [
      "ORIGINAL",
      "PRIMARY",
      "M",
      "ND",
      "NORM",
      "MOSAIC"
    ],
    "ImagingFrequency": 123.246,
    "InPlanePhaseEncodingDirectionDICOM": "COL",
    "InstitutionAddress": "North_13th_1701_Philadelphia_PA_US_19122",
    "InstitutionName": "Temple_University_-_Weiss_Hall",
    "InstitutionalDepartmentName": "Department",
    "MRAcquisitionType": "2D",
    "MagneticFieldStrength": 3,
    "Manufacturer": "Siemens",
    "ManufacturersModelName": "Prisma",
    "Modality": "MR",
    "PartialFourier": 1,
    "PatientPosition": "HFS",
    "PercentPhaseFOV": 100,
    "PhaseEncodingDirection": "j-",
    "PhaseEncodingSteps": 74,
    "PhaseResolution": 1,
    "PixelBandwidth": 2330,
    "ProcedureStepDescription": "SMITH_SRNDNA",
    "ProtocolName": "func-bold_trust_run2",
    "PulseSequenceDetails": "%SiemensSeq%_ep2d_bold",
    "ReceiveCoilActiveElements": "HE1-4;NE1,2",
    "ReceiveCoilName": "HeadNeck_20",
    "ReconMatrixPE": 74,
    "RepetitionTime": 2.02,
    "SAR": 0.0905091,
    "ScanOptions": "FS",
    "ScanningSequence": "EP",
    "SequenceName": "_epfid2d1_74",
    "SequenceVariant": "SK",
    "SeriesDescription": "func-bold_trust_run2",
    "SeriesNumber": 11,
    "ShimSetting": [
      1415,
      -7425,
      6510,
      260,
      -101,
      137,
      -62,
      84
    ],
    "SliceThickness": 2.8,
    "SliceTiming": [
      1.9425,
      1.8875,
      1.8325,
      1.7775,
      1.7225,
      1.665,
      1.61,
      1.555,
      1.5,
      1.4425,
      1.3875,
      1.3325,
      1.2775,
      1.2225,
      1.165,
      1.11,
      1.055,
      1,
      0.9425,
      0.8875,
      0.8325,
      0.7775,
      0.7225,
      0.665,
      0.61,
      0.555,
      0.5,
      0.445,
      0.3875,
      0.3325,
      0.2775,
      0.2225,
      0.165,
      0.11,
      0.055,
      0
    ],
    "SoftwareVersions": "syngo_MR_E11",
    "SpacingBetweenSlices": 3.22,
    "StationName": "AWP166048",
    "TaskName": "trust",
    "TotalReadoutTime": 0.0357695,
    "TxRefAmp": 247.797,
    "dataset": "ds003745",
    "modality": "bold",
    "run_id": 3,
    "subject_id": "133",
    "task_id": "trust"
  },
  "dummy_trs": 1,
  "dvars_nstd": 26.794265844697673,
  "dvars_std": 1.3351067793023264,
  "dvars_vstd": 1.026561305906977,
  "efc": 0.5020379802723761,
  "fber": 2112.225341796875,
  "fd_mean": 0.24206622706009645,
  "fd_num": 131,
  "fd_perc": 60.648148148148145,
  "fwhm_avg": 1.6672198379173568,
  "fwhm_x": 1.6305967838203008,
  "fwhm_y": 1.7595720610203158,
  "fwhm_z": 1.611490668911454,
  "gcor": 0.0262118,
  "gsr_x": -0.01901894062757492,
  "gsr_y": 0.029214654117822647,
  "provenance": {
    "md5sum": "fbbdb2417fc1a092f15322ffca3c02b4",
    "settings": {
      "fd_thres": 0.2,
      "testing": false
    },
    "software": "mriqc",
    "version": "22.0.6",
    "webapi_port": null,
    "webapi_url": "https://mriqc.nimh.nih.gov/api/v1"
  },
  "size_t": 216,
  "size_x": 74,
  "size_y": 74,
  "size_z": 36,
  "snr": 6.527699075371629,
  "spacing_tr": 2.0199999809265137,
  "spacing_x": 2.972972869873047,
  "spacing_y": 2.972972869873047,
  "spacing_z": 3.2200000286102295,
  "summary_bg_k": 54.91689701885011,
  "summary_bg_mad": 10.35762461757089,
  "summary_bg_mean": 42.827945709228516,
  "summary_bg_median": 19.58333396911621,
  "summary_bg_n": 125308.0,
  "summary_bg_p05": 9.439814567565918,
  "summary_bg_p95": 165.2388931274413,
  "summary_bg_stdv": 72.5650634765625,
  "summary_fg_k": 2.1677974493848,
  "summary_fg_mad": 128.98983166259376,
  "summary_fg_mean": 928.1865234375,
  "summary_fg_median": 911.8495483398438,
  "summary_fg_n": 33832.0,
  "summary_fg_p05": 746.6044189453125,
  "summary_fg_p95": 1171.728497314453,
  "summary_fg_stdv": 139.6872100830078,
  "tsnr": 90.20418459316716
}