{
  "bids_meta": {
    "AcquisitionMatrixPE": 192,
    "AcquisitionNumber": 1,
    "AcquisitionTime": "13:49:50.307500",
    "BaseResolution": 192,
    "BodyPartExamined": "BRAIN",
    "CoilString": "HE1-4;NE1_2",
    "ConsistencyInfo": "N4_VE11C_LATEST_20160120",
    "ConversionSoftware": "dcm2niix",
    "ConversionSoftwareVersion": "v1.0.20190410  GCC6.3.0",
    "DeviceSerialNumber": "166048",
    "DwellTime": 1.24e-05,
    "EchoTime": 0.0022,
    "FlipAngle": 8,
    "ImageOrientationPatientDICOM": [
      0,
      1,
      0,
      0,
      0,
      -1
    ],
    "ImageType": [
      "ORIGINAL",
      "PRIMARY",
      "M",
      "ND",
      "NORM",
      "FM3",
      "2",
      "FIL"
    ],
    "ImagingFrequency": 123.246,
    "InPlanePhaseEncodingDirectionDICOM": "ROW",
    "InstitutionAddress": "North_13th_1701_Philadelphia_PA_US_19122",
    "InstitutionName": "Temple_University_-_Weiss_Hall",
    "InstitutionalDepartmentName": "Department",
    "InversionTime": 1.15,
    "MRAcquisitionType": "3D",
    "MagneticFieldStrength": 3,
    "Manufacturer": "Siemens",
    "ManufacturersModelName": "Prisma",
    "Modality": "MR",
    "PartialFourier": 1,
    "PatientPosition": "HFS",
    "PercentPhaseFOV": 100,
    "PhaseEncodingSteps": 211,
    "PhaseOversampling": 0.1,
    "PhaseResolution": 1,
    "PixelBandwidth": 210,
    "ProcedureStepDescription": "SMITH_SRNDNA",
    "ProtocolName": "T1w-anat_mpg_07sag_iso",
    "PulseSequenceDetails": "%SiemensSeq%_tfl",
    "ReceiveCoilActiveElements": "HE1-4;NE1,2",
    "ReceiveCoilName": "HeadNeck_20",
    "ReconMatrixPE": 192,
    "RefLinesPE": 32,
    "RepetitionTime": 2.4,
    "SAR": 0.0477661,
    "ScanOptions": "IR_WE",
    "ScanningSequence": "GR_IR",
    "SequenceName": "_tfl3d1_16ns",
    "SequenceVariant": "SK_SP_MP_OSP",
    "SeriesDescription": "T1w-anat_mpg_07sag_iso",
    "SeriesNumber": 5,
    "ShimSetting": [
      1444,
      -7413,
      6462,
      170,
      30,
      -238,
      19,
      37
    ],
    "SliceThickness": 1,
    "SoftwareVersions": "syngo_MR_E11",
    "StationName": "AWP166048",
    "TxRefAmp": 266.623,
    "dataset": "ds003745",
    "modality": "T1w",
    "subject_id": "118"
  },
  "cjv": 0.30073945037910055,
  "cnr": 4.4353813887838305,
  "efc": 0.6293920764035884,
  "fber": 39061.569599999995,
  "fwhm_avg": 4.149056666666667,
  "fwhm_x": 4.05353,
  "fwhm_y": 4.20111,
  "fwhm_z": 4.19253,
  "icvs_csf": 0.16060678012042617,
  "icvs_gm": 0.46122578328349534,
  "icvs_wm": 0.3781674365960785,
  "inu_med": 0.349051833152771,
  "inu_range": 0.10932709276676178,
  "provenance": {
    "md5sum": "bab434a6a9b9dc39a855fc9b8195c252",
    "settings": {
      "testing": false
    },
    "software": "mriqc",
    "version": "22.0.6",
    "warnings": {
      "large_rot_frame": true,
      "small_air_mask": false
    },
    "webapi_port": null,
    "webapi_url": "https://mriqc.nimh.nih.gov/api/v1"
  },
  "qi_1": 0.0,
  "qi_2": 0.0055663576285653535,
  "rpve_csf": 18.84021235453741,
  "rpve_gm": 7.458287821083319,
  "rpve_wm": 10.42830294609523,
  "size_x": 192,
  "size_y": 192,
  "size_z": 192,
  "snr_csf": 2.612794017961221,
  "snr_gm": 11.795439272476084,
  "snr_total": 15.658780261358581,
  "snr_wm": 32.568107493638436,
  "snrd_csf": 45.473929027504745,
  "snrd_gm": 122.98055076221681,
  "snrd_total": 114.54731935876346,
  "snrd_wm": 175.18747828656888,
  "spacing_x": 1.0,
  "spacing_y": 1.0,
  "spacing_z": 1.0,
  "summary_bg_k": 7.037064826715961,
  "summary_bg_mad": 3.739792904441939,
  "summary_bg_mean": 3.781960629810788,
  "summary_bg_median": 2.5224519819021225,
  "summary_bg_n": 1527234.0,
  "summary_bg_p05": 0.0,
  "summary_bg_p95": 15.047730788588524,
  "summary_bg_stdv": 5.443230950233102,
  "summary_csf_k": 1.1370357224069432,
  "summary_csf_mad": 79.84135455043503,
  "summary_csf_mean": 265.9354095507573,
  "summary_csf_median": 259.58422874100506,
  "summary_csf_n": 14940.0,
  "summary_csf_p05": 107.83264769874513,
  "summary_csf_p95": 451.5210792880505,
  "summary_csf_stdv": 99.3478778860334,
  "summary_gm_k": 0.0030489565639362226,
  "summary_gm_mad": 59.933405253082455,
  "summary_gm_mean": 701.8601903311543,
  "summary_gm_median": 702.024480894208,
  "summary_gm_n": 66929.0,
  "summary_gm_p05": 602.8442783989012,
  "summary_gm_p95": 798.3473541617393,
  "summary_gm_stdv": 59.51615875522488,
  "summary_wm_k": 0.4970219502265927,
  "summary_wm_mad": 29.692666077508846,
  "summary_wm_mean": 1000.668195474518,
  "summary_wm_median": 1000.0434844456613,
  "summary_wm_n": 222509.0,
  "summary_wm_p05": 951.4645385183394,
  "summary_wm_p95": 1051.2101181820035,
  "summary_wm_stdv": 30.706151330427915,
  "tpm_overlap_csf": 0.1294539985397792,
  "tpm_overlap_gm": 0.46341449619617076,
  "tpm_overlap_wm": 0.49886158724961277,
  "wm2max": 0.8907063386096203
}