{
  "bids_meta": {
    "AcquisitionMatrixPE": 192,
    "AcquisitionNumber": 1,
    "AcquisitionTime": "13:21:27.527500",
    "BaseResolution": 192,
    "BodyPartExamined": "BRAIN",
    "CoilString": "HE1-4;NE1_2",
    "ConsistencyInfo": "N4_VE11C_LATEST_20160120",
    "ConversionSoftware": "dcm2niix",
    "ConversionSoftwareVersion": "v1.0.20190410  GCC6.3.0",
    "DeviceSerialNumber": "166048",
    "DwellTime": 3.5e-06,
    "EchoTime": 0.567,
    "EchoTrainLength": 314,
    "FlipAngle": 120,
    "ImageOrientationPatientDICOM": [
      0,
      1,
      0,
      0.0784591,
      0,
      -0.996917
    ],
    "ImageType": [
      "ORIGINAL",
      "PRIMARY",
      "M",
      "ND",
      "NORM"
    ],
    "ImagingFrequency": 123.246,
    "InPlanePhaseEncodingDirectionDICOM": "ROW",
    "InstitutionAddress": "North_13th_1701_Philadelphia_PA_US_19122",
    "InstitutionName": "Temple_University_-_Weiss_Hall",
    "InstitutionalDepartmentName": "Department",
    "MRAcquisitionType": "3D",
    "MagneticFieldStrength": 3,
    "Manufacturer": "Siemens",
    "ManufacturersModelName": "Prisma",
    "Modality": "MR",
    "PartialFourier": 1,
    "PatientPosition": "HFS",
    "PercentPhaseFOV": 100,
    "PhaseEncodingSteps": 209,
    "PhaseOversampling": 0.1,
    "PhaseResolution": 1,
    "PixelBandwidth": 745,
    "ProcedureStepDescription": "SMITH_SRNDNA",
    "ProtocolName": "T2w-anat_spc_07sag_iso",
    "PulseSequenceDetails": "%SiemensSeq%_tse_vfl",
    "ReceiveCoilActiveElements": "HE1-4;NE1,2",
    "ReceiveCoilName": "HeadNeck_20",
    "ReconMatrixPE": 192,
    "RefLinesPE": 32,
    "RepetitionTime": 3.2,
    "SAR": 0.170089,
    "ScanOptions": "PFP",
    "ScanningSequence": "SE",
    "SequenceName": "_spc_314ns",
    "SequenceVariant": "SK_SP_OSP",
    "SeriesDescription": "T2w-anat_spc_07sag_iso",
    "SeriesNumber": 3,
    "ShimSetting": [
      1410,
      -7533,
      6504,
      -2,
      -111,
      -394,
      -116,
      25
    ],
    "SliceThickness": 1,
    "SoftwareVersions": "syngo_MR_E11",
    "StationName": "AWP166048",
    "TxRefAmp": 276.4,
    "dataset": "ds003745",
    "modality": "T2w",
    "subject_id": "129"
  },
  "cjv": 0.5626317561910231,
  "cnr": 2.511267310212303,
  "efc": 0.6307670665484691,
  "fber": 352.5061797556108,
  "fwhm_avg": 2.8592533333333336,
  "fwhm_x": 2.72023,
  "fwhm_y": 3.10516,
  "fwhm_z": 2.75237,
  "icvs_csf": 0.2930564320362603,
  "icvs_gm": 0.6158649676979928,
  "icvs_wm": 0.09107860026574686,
  "inu_med": 0.9240187406539917,
  "inu_range": 0.39582445919513687,
  "provenance": {
    "md5sum": "8d790257174966d3477f7bf1b9b73297",
    "settings": {
      "testing": false
    },
    "software": "mriqc",
    "version": "22.0.6",
    "warnings": {
      "large_rot_frame": true,
      "small_air_mask": false
    },
    "webapi_port": null,
    "webapi_url": "https://mriqc.nimh.nih.gov/api/v1"
  },
  "qi_1": 0.0,
  "qi_2": 0.0006749205841874845,
  "rpve_csf": 11.127346015460228,
  "rpve_gm": 6.328777970963779,
  "rpve_wm": 35.27939569801941,
  "size_x": 192,
  "size_y": 192,
  "size_z": 192,
  "snr_csf": 6.590723694599187,
  "snr_gm": 6.189562281786757,
  "snr_total": 4.835814425166206,
  "snr_wm": 1.7271572991126767,
  "snrd_csf": 90.56470420397908,
  "snrd_gm": 33.98716642920813,
  "snrd_total": 45.411529957661514,
  "snrd_wm": 11.682719239797331,
  "spacing_x": 1.0,
  "spacing_y": 1.0,
  "spacing_z": 1.0,
  "summary_bg_k": 2.643367382152163,
  "summary_bg_mad": 56.173965598092686,
  "summary_bg_mean": 109.3506172798961,
  "summary_bg_median": 37.88876402378082,
  "summary_bg_n": 1375638.0,
  "summary_bg_p05": 0.0,
  "summary_bg_p95": 422.65220189094543,
  "summary_bg_stdv": 148.30260932673718,
  "summary_csf_k": 0.20668457368927218,
  "summary_csf_mad": 1270.673125561134,
  "summary_csf_mean": 7638.747441646973,
  "summary_csf_median": 7765.373101472855,
  "summary_csf_n": 75771.0,
  "summary_csf_p05": 5639.2461213469505,
  "summary_csf_p95": 9287.204687476158,
  "summary_csf_stdv": 1178.2199070619224,
  "summary_gm_k": -0.013955659602227666,
  "summary_gm_mad": 471.0202035176969,
  "summary_gm_mean": 2928.6863909484086,
  "summary_gm_median": 2914.1930104494095,
  "summary_gm_n": 188832.0,
  "summary_gm_p05": 2175.463418841362,
  "summary_gm_p95": 3723.1181223571266,
  "summary_gm_stdv": 470.822517231968,
  "summary_wm_k": 1.1635646493691905,
  "summary_wm_mad": 604.9966134468378,
  "summary_wm_mean": 1059.2248801038256,
  "summary_wm_median": 1001.722188949585,
  "summary_wm_n": 4185.0,
  "summary_wm_p05": 230.33126707077034,
  "summary_wm_p95": 2036.1057081699366,
  "summary_wm_stdv": 579.9138863863705,
  "tpm_overlap_csf": 0.1600091482494515,
  "tpm_overlap_gm": 0.3987748165211656,
  "tpm_overlap_wm": 0.08788202478335518,
  "wm2max": 0.10462606340204005
}