{
  "aor": 0.0055897222222222225,
  "aqi": 0.030805989351851856,
  "bids_meta": {
    "AcquisitionMatrixPE": 74,
    "AcquisitionNumber": 1,
    "AcquisitionTime": "",
    "BandwidthPerPixelPhaseEncode": 27.579,
    "BaseResolution": 74,
    "BodyPartExamined": "BRAIN",
    "CogAtlasID": "doi:TODO",
    "CoilString": "HE1-4;NE1_2",
    "ConsistencyInfo": "N4_VE11C_LATEST_20160120",
    "ConversionSoftware": "dcm2niix",
    "ConversionSoftwareVersion": "v1.0.20190410  GCC6.3.0",
    "DerivedVendorReportedEchoSpacing": 0.000489993,
    "DeviceSerialNumber": "166048",
    "DwellTime": 2.9e-06,
    "EchoTime": 0.023,
    "EchoTrainLength": 74,
    "EffectiveEchoSpacing": 0.000489993,
    "FlipAngle": 76,
    "ImageOrientationPatientDICOM": [
      1,
      0,
      0,
      0,
      0.966376,
      -0.257133
    ],
    "ImageType": [
      "ORIGINAL",
      "PRIMARY",
      "M",
      "ND",
      "NORM",
      "MOSAIC"
    ],
    "ImagingFrequency": 123.246,
    "InPlanePhaseEncodingDirectionDICOM": "COL",
    "InstitutionAddress": "North_13th_1701_Philadelphia_PA_US_19122",
    "InstitutionName": "Temple_University_-_Weiss_Hall",
    "InstitutionalDepartmentName": "Department",
    "MRAcquisitionType": "2D",
    "MagneticFieldStrength": 3,
    "Manufacturer": "Siemens",
    "ManufacturersModelName": "Prisma",
    "Modality": "MR",
    "PartialFourier": 1,
    "PatientPosition": "HFS",
    "PercentPhaseFOV": 100,
    "PhaseEncodingDirection": "j-",
    "PhaseEncodingSteps": 74,
    "PhaseResolution": 1,
    "PixelBandwidth": 2330,
    "ProcedureStepDescription": "SMITH_SRNDNA",
    "ProtocolName": "func-bold_trust_run0",
    "PulseSequenceDetails": "%SiemensSeq%_ep2d_bold",
    "ReceiveCoilActiveElements": "HE1-4;NE1,2",
    "ReceiveCoilName": "HeadNeck_20",
    "ReconMatrixPE": 74,
    "RepetitionTime": 2.02,
    "SAR": 0.148381,
    "ScanOptions": "FS",
    "ScanningSequence": "EP",
    "SequenceName": "_epfid2d1_74",
    "SequenceVariant": "SK",
    "SeriesDescription": "func-bold_trust_run0",
    "SeriesNumber": 9,
    "ShimSetting": [
      1417,
      -7468,
      6593,
      256,
      6,
      7,
      -153,
      117
    ],
    "SliceThickness": 2.8,
    "SliceTiming": [
      1.9425,
      1.8875,
      1.8325,
      1.7775,
      1.7225,
      1.665,
      1.61,
      1.555,
      1.5,
      1.4425,
      1.3875,
      1.3325,
      1.2775,
      1.2225,
      1.165,
      1.11,
      1.055,
      1,
      0.945,
      0.8875,
      0.8325,
      0.7775,
      0.7225,
      0.665,
      0.61,
      0.555,
      0.5,
      0.445,
      0.3875,
      0.3325,
      0.2775,
      0.2225,
      0.165,
      0.11,
      0.055,
      0
    ],
    "SoftwareVersions": "syngo_MR_E11",
    "SpacingBetweenSlices": 3.22,
    "StationName": "AWP166048",
    "TaskName": "trust",
    "TotalReadoutTime": 0.0357695,
    "TxRefAmp": 334.047,
    "dataset": "ds003745",
    "modality": "bold",
    "run_id": 1,
    "subject_id": "152",
    "task_id": "trust"
  },
  "dummy_trs": 1,
  "dvars_nstd": 59.56401773502318,
  "dvars_std": 1.2375794932093025,
  "dvars_vstd": 0.9901590488837203,
  "efc": 0.5570402618233506,
  "fber": 1455.46533203125,
  "fd_mean": 1.0146492866206165,
  "fd_num": 202,
  "fd_perc": 93.51851851851852,
  "fwhm_avg": 1.7637536623767565,
  "fwhm_x": 1.7079301501385133,
  "fwhm_y": 1.8625296100453328,
  "fwhm_z": 1.720801226946423,
  "gcor": 0.0156822,
  "gsr_x": -0.014110669493675232,
  "gsr_y": 0.04161561280488968,
  "provenance": {
    "md5sum": "1bba7d33a4f9d5e7f0814908a0799b55",
    "settings": {
      "fd_thres": 0.2,
      "testing": false
    },
    "software": "mriqc",
    "version": "22.0.6",
    "webapi_port": null,
    "webapi_url": "https://mriqc.nimh.nih.gov/api/v1"
  },
  "size_t": 216,
  "size_x": 74,
  "size_y": 74,
  "size_z": 36,
  "snr": 5.997463545081505,
  "spacing_tr": 2.0199999809265137,
  "spacing_x": 2.972972869873047,
  "spacing_y": 2.972972869873047,
  "spacing_z": 3.2200000286102295,
  "summary_bg_k": 19.546480686802308,
  "summary_bg_mad": 9.774191879807429,
  "summary_bg_mean": 48.358516693115234,
  "summary_bg_median": 17.79166603088379,
  "summary_bg_n": 117430.0,
  "summary_bg_p05": 9.504630088806152,
  "summary_bg_p95": 191.91759796142557,
  "summary_bg_stdv": 79.89886474609375,
  "summary_fg_k": 0.7630863385218749,
  "summary_fg_mad": 117.45849112875665,
  "summary_fg_mean": 698.046630859375,
  "summary_fg_median": 683.7476806640625,
  "summary_fg_n": 41042.0,
  "summary_fg_p05": 544.6504486083984,
  "summary_fg_p95": 896.628482055664,
  "summary_fg_stdv": 114.00475311279297,
  "tsnr": 31.30753077287227
}