{
  "bids_meta": {
    "AcquisitionMatrixPE": 192,
    "AcquisitionNumber": 1,
    "AcquisitionTime": "18:04:52.545000",
    "BaseResolution": 192,
    "BodyPartExamined": "BRAIN",
    "CoilString": "HE1-4;NE1_2",
    "ConsistencyInfo": "N4_VE11C_LATEST_20160120",
    "ConversionSoftware": "dcm2niix",
    "ConversionSoftwareVersion": "v1.0.20190410  GCC6.3.0",
    "DeviceSerialNumber": "166048",
    "DwellTime": 3.5e-06,
    "EchoTime": 0.567,
    "EchoTrainLength": 314,
    "FlipAngle": 120,
    "ImageOrientationPatientDICOM": [
      0,
      1,
      0,
      0,
      0,
      -1
    ],
    "ImageType": [
      "ORIGINAL",
      "PRIMARY",
      "M",
      "ND",
      "NORM"
    ],
    "ImagingFrequency": 123.245,
    "InPlanePhaseEncodingDirectionDICOM": "ROW",
    "InstitutionAddress": "North_13th_1701_Philadelphia_PA_US_19122",
    "InstitutionName": "Temple_University_-_Weiss_Hall",
    "InstitutionalDepartmentName": "Department",
    "MRAcquisitionType": "3D",
    "MagneticFieldStrength": 3,
    "Manufacturer": "Siemens",
    "ManufacturersModelName": "Prisma",
    "Modality": "MR",
    "PartialFourier": 1,
    "PatientPosition": "HFS",
    "PercentPhaseFOV": 100,
    "PhaseEncodingSteps": 209,
    "PhaseOversampling": 0.1,
    "PhaseResolution": 1,
    "PixelBandwidth": 745,
    "ProcedureStepDescription": "SMITH_SRNDNA",
    "ProtocolName": "T2w-anat_spc_07sag_iso",
    "PulseSequenceDetails": "%SiemensSeq%_tse_vfl",
    "ReceiveCoilActiveElements": "HE1-4;NE1,2",
    "ReceiveCoilName": "HeadNeck_20",
    "ReconMatrixPE": 192,
    "RefLinesPE": 32,
    "RepetitionTime": 3.2,
    "SAR": 0.244973,
    "ScanOptions": "PFP",
    "ScanningSequence": "SE",
    "SequenceName": "_spc_314ns",
    "SequenceVariant": "SK_SP_OSP",
    "SeriesDescription": "T2w-anat_spc_07sag_iso",
    "SeriesNumber": 3,
    "ShimSetting": [
      1394,
      -7517,
      6486,
      -7,
      29,
      -328,
      -11,
      28
    ],
    "SliceThickness": 1,
    "SoftwareVersions": "syngo_MR_E11",
    "StationName": "AWP166048",
    "TxRefAmp": 354.935,
    "dataset": "ds003745",
    "modality": "T2w",
    "subject_id": "140"
  },
  "cjv": 0.5093076689149283,
  "cnr": 2.4857089373264754,
  "efc": 0.6376390460597627,
  "fber": 5490.736268904235,
  "fwhm_avg": 2.427146666666667,
  "fwhm_x": 2.37429,
  "fwhm_y": 2.66272,
  "fwhm_z": 2.24443,
  "icvs_csf": 0.27695431610066756,
  "icvs_gm": 0.6477960563172163,
  "icvs_wm": 0.0752496275821162,
  "inu_med": 0.8637641668319702,
  "inu_range": 0.19705975353717808,
  "provenance": {
    "md5sum": "d5b821fa733805f8dfb16baf71cac149",
    "settings": {
      "testing": false
    },
    "software": "mriqc",
    "version": "22.0.6",
    "warnings": {
      "large_rot_frame": true,
      "small_air_mask": false
    },
    "webapi_port": null,
    "webapi_url": "https://mriqc.nimh.nih.gov/api/v1"
  },
  "qi_1": 0.00015819109735657654,
  "qi_2": 0.0004580615442545083,
  "rpve_csf": 10.946247071395954,
  "rpve_gm": 6.4244860683827705,
  "rpve_wm": 50.33739002723475,
  "size_x": 192,
  "size_y": 192,
  "size_z": 192,
  "snr_csf": 4.923697411555713,
  "snr_gm": 7.6466485879692465,
  "snr_total": 4.5336145038167635,
  "snr_wm": 1.0304975119253315,
  "snrd_csf": 64.50484219415823,
  "snrd_gm": 22.58991800159339,
  "snrd_total": 31.061421256349803,
  "snrd_wm": 6.089503573297789,
  "spacing_x": 1.0,
  "spacing_y": 1.0,
  "spacing_z": 1.0,
  "summary_bg_k": 131.72644860784442,
  "summary_bg_mad": 0.0,
  "summary_bg_mean": 37.15027405737623,
  "summary_bg_median": 0.0,
  "summary_bg_n": 1416328.0,
  "summary_bg_p05": 0.0,
  "summary_bg_p95": 135.03527185320854,
  "summary_bg_stdv": 107.62067303279234,
  "summary_csf_k": 1.6901712012497834,
  "summary_csf_mad": 2057.3160330082383,
  "summary_csf_mean": 10351.314260691765,
  "summary_csf_median": 10596.349906384945,
  "summary_csf_n": 36644.0,
  "summary_csf_p05": 6309.0360098183155,
  "summary_csf_p95": 13069.94751434475,
  "summary_csf_stdv": 2152.0829642108515,
  "summary_gm_k": 0.33023004541697754,
  "summary_gm_mad": 469.797819205464,
  "summary_gm_mean": 3742.5710658509643,
  "summary_gm_median": 3710.8946764171124,
  "summary_gm_n": 309721.0,
  "summary_gm_p05": 3001.9035144150257,
  "summary_gm_p95": 4594.782268464565,
  "summary_gm_stdv": 485.29609318585995,
  "summary_wm_k": 4.429599142910818,
  "summary_wm_mad": 910.7105428131362,
  "summary_wm_mean": 1206.9392642782316,
  "summary_wm_median": 1000.3359193503857,
  "summary_wm_n": 2975.0,
  "summary_wm_p05": 140.85768821835518,
  "summary_wm_p95": 2908.117823117969,
  "summary_wm_stdv": 970.5678761585565,
  "tpm_overlap_csf": 0.15539870572739728,
  "tpm_overlap_gm": 0.4005617765647742,
  "tpm_overlap_wm": 0.021034802629596658,
  "wm2max": 0.07616101235938767
}