{
  "aor": 0.0030679166666666667,
  "aqi": 0.012863038425925925,
  "bids_meta": {
    "AcquisitionMatrixPE": 74,
    "AcquisitionNumber": 1,
    "AcquisitionTime": "",
    "BandwidthPerPixelPhaseEncode": 27.579,
    "BaseResolution": 74,
    "BodyPartExamined": "BRAIN",
    "CogAtlasID": "doi:TODO",
    "CoilString": "HE1-4;NE1_2",
    "ConsistencyInfo": "N4_VE11C_LATEST_20160120",
    "ConversionSoftware": "dcm2niix",
    "ConversionSoftwareVersion": "v1.0.20190410  GCC6.3.0",
    "DerivedVendorReportedEchoSpacing": 0.000489993,
    "DeviceSerialNumber": "166048",
    "DwellTime": 2.9e-06,
    "EchoTime": 0.023,
    "EchoTrainLength": 74,
    "EffectiveEchoSpacing": 0.000489993,
    "FlipAngle": 76,
    "ImageOrientationPatientDICOM": [
      1,
      0,
      0,
      0,
      0.957319,
      -0.289032
    ],
    "ImageType": [
      "ORIGINAL",
      "PRIMARY",
      "M",
      "ND",
      "NORM",
      "MOSAIC"
    ],
    "ImagingFrequency": 123.246,
    "InPlanePhaseEncodingDirectionDICOM": "COL",
    "InstitutionAddress": "North_13th_1701_Philadelphia_PA_US_19122",
    "InstitutionName": "Temple_University_-_Weiss_Hall",
    "InstitutionalDepartmentName": "Department",
    "MRAcquisitionType": "2D",
    "MagneticFieldStrength": 3,
    "Manufacturer": "Siemens",
    "ManufacturersModelName": "Prisma",
    "Modality": "MR",
    "PartialFourier": 1,
    "PatientPosition": "HFS",
    "PercentPhaseFOV": 100,
    "PhaseEncodingDirection": "j-",
    "PhaseEncodingSteps": 74,
    "PhaseResolution": 1,
    "PixelBandwidth": 2330,
    "ProcedureStepDescription": "SMITH_SRNDNA",
    "ProtocolName": "func-bold_trust_run4",
    "PulseSequenceDetails": "%SiemensSeq%_ep2d_bold",
    "ReceiveCoilActiveElements": "HE1-4;NE1,2",
    "ReceiveCoilName": "HeadNeck_20",
    "ReconMatrixPE": 74,
    "RepetitionTime": 2.02,
    "SAR": 0.115418,
    "ScanOptions": "FS",
    "ScanningSequence": "EP",
    "SequenceName": "_epfid2d1_74",
    "SequenceVariant": "SK",
    "SeriesDescription": "func-bold_trust_run4",
    "SeriesNumber": 13,
    "ShimSetting": [
      1453,
      -7354,
      6496,
      244,
      14,
      -119,
      -107,
      -22
    ],
    "SliceThickness": 2.8,
    "SliceTiming": [
      1.945,
      1.89,
      1.835,
      1.7775,
      1.7225,
      1.6675,
      1.6125,
      1.555,
      1.5,
      1.445,
      1.39,
      1.335,
      1.2775,
      1.2225,
      1.1675,
      1.1125,
      1.055,
      1,
      0.945,
      0.89,
      0.835,
      0.7775,
      0.7225,
      0.6675,
      0.6125,
      0.5575,
      0.5,
      0.445,
      0.39,
      0.335,
      0.2775,
      0.2225,
      0.1675,
      0.1125,
      0.0575,
      0
    ],
    "SoftwareVersions": "syngo_MR_E11",
    "SpacingBetweenSlices": 3.22,
    "StationName": "AWP166048",
    "TaskName": "trust",
    "TotalReadoutTime": 0.0357695,
    "TxRefAmp": 290.647,
    "dataset": "ds003745",
    "modality": "bold",
    "run_id": 5,
    "subject_id": "135",
    "task_id": "trust"
  },
  "dummy_trs": 1,
  "dvars_nstd": 26.42264964530233,
  "dvars_std": 1.1182732230697672,
  "dvars_vstd": 0.9874045308372089,
  "efc": 0.5380696902694465,
  "fber": 1597.4185791015625,
  "fd_mean": 0.32008894520100406,
  "fd_num": 159,
  "fd_perc": 73.61111111111111,
  "fwhm_avg": 1.7569307741260751,
  "fwhm_x": 1.6767761490581217,
  "fwhm_y": 1.9248174303872345,
  "fwhm_z": 1.6691987429328699,
  "gcor": 0.0261499,
  "gsr_x": -0.015061075799167156,
  "gsr_y": 0.05259021744132042,
  "provenance": {
    "md5sum": "bea75ece07f03f928b916bdca57b316f",
    "settings": {
      "fd_thres": 0.2,
      "testing": false
    },
    "software": "mriqc",
    "version": "22.0.6",
    "webapi_port": null,
    "webapi_url": "https://mriqc.nimh.nih.gov/api/v1"
  },
  "size_t": 216,
  "size_x": 74,
  "size_y": 74,
  "size_z": 36,
  "snr": 6.169108016230346,
  "spacing_tr": 2.0199999809265137,
  "spacing_x": 2.972972869873047,
  "spacing_y": 2.972972869873047,
  "spacing_z": 3.2200000286102295,
  "summary_bg_k": 23.95084756524108,
  "summary_bg_mad": 11.448985369481768,
  "summary_bg_mean": 51.64619827270508,
  "summary_bg_median": 19.106481552124023,
  "summary_bg_n": 121416.0,
  "summary_bg_p05": 8.597222328186035,
  "summary_bg_p95": 213.48148727416992,
  "summary_bg_stdv": 88.52381134033203,
  "summary_fg_k": 3.1510170686183683,
  "summary_fg_mad": 102.60152107024305,
  "summary_fg_mean": 791.0316772460938,
  "summary_fg_median": 773.870361328125,
  "summary_fg_n": 37289.0,
  "summary_fg_p05": 638.1842529296875,
  "summary_fg_p95": 1021.929638671875,
  "summary_fg_stdv": 125.44114685058594,
  "tsnr": 55.629883038345724
}