{
  "bids_meta": {
    "AcquisitionMatrixPE": 192,
    "AcquisitionNumber": 1,
    "AcquisitionTime": "10:31:41.530000",
    "BaseResolution": 192,
    "BodyPartExamined": "BRAIN",
    "CoilString": "HE1-4;NE1_2",
    "ConsistencyInfo": "N4_VE11C_LATEST_20160120",
    "ConversionSoftware": "dcm2niix",
    "ConversionSoftwareVersion": "v1.0.20190410  GCC6.3.0",
    "DeviceSerialNumber": "166048",
    "DwellTime": 3.5e-06,
    "EchoTime": 0.567,
    "EchoTrainLength": 314,
    "FlipAngle": 120,
    "ImageOrientationPatientDICOM": [
      0,
      1,
      0,
      0,
      0,
      -1
    ],
    "ImageType": [
      "ORIGINAL",
      "PRIMARY",
      "M",
      "ND",
      "NORM"
    ],
    "ImagingFrequency": 123.246,
    "InPlanePhaseEncodingDirectionDICOM": "ROW",
    "InstitutionAddress": "North_13th_1701_Philadelphia_PA_US_19122",
    "InstitutionName": "Temple_University_-_Weiss_Hall",
    "InstitutionalDepartmentName": "Department",
    "MRAcquisitionType": "3D",
    "MagneticFieldStrength": 3,
    "Manufacturer": "Siemens",
    "ManufacturersModelName": "Prisma",
    "Modality": "MR",
    "PartialFourier": 1,
    "PatientPosition": "HFS",
    "PercentPhaseFOV": 100,
    "PhaseEncodingSteps": 209,
    "PhaseOversampling": 0.1,
    "PhaseResolution": 1,
    "PixelBandwidth": 745,
    "ProcedureStepDescription": "SMITH_SRNDNA",
    "ProtocolName": "T2w-anat_spc_07sag_iso",
    "PulseSequenceDetails": "%SiemensSeq%_tse_vfl",
    "ReceiveCoilActiveElements": "HE1-4;NE1,2",
    "ReceiveCoilName": "HeadNeck_20",
    "ReconMatrixPE": 192,
    "RefLinesPE": 32,
    "RepetitionTime": 3.2,
    "SAR": 0.15238,
    "ScanOptions": "PFP",
    "ScanningSequence": "SE",
    "SequenceName": "_spc_314ns",
    "SequenceVariant": "SK_SP_OSP",
    "SeriesDescription": "T2w-anat_spc_07sag_iso",
    "SeriesNumber": 3,
    "ShimSetting": [
      1424,
      -7377,
      6433,
      209,
      36,
      -347,
      -52,
      53
    ],
    "SliceThickness": 1,
    "SoftwareVersions": "syngo_MR_E11",
    "StationName": "AWP166048",
    "TxRefAmp": 249.419,
    "dataset": "ds003745",
    "modality": "T2w",
    "subject_id": "124"
  },
  "cjv": 0.2596923653491236,
  "cnr": 1.538383816039708,
  "efc": 0.5871075283818997,
  "fber": 8346.255502691272,
  "fwhm_avg": 2.5176766666666666,
  "fwhm_x": 2.42807,
  "fwhm_y": 2.84637,
  "fwhm_z": 2.27859,
  "icvs_csf": 0.4331303447982768,
  "icvs_gm": 0.4282564026362446,
  "icvs_wm": 0.1386132525654786,
  "inu_med": 0.8286590576171875,
  "inu_range": 0.14569180905818935,
  "provenance": {
    "md5sum": "10059a6e092db09cd2ef23b338db63e4",
    "settings": {
      "testing": false
    },
    "software": "mriqc",
    "version": "22.0.6",
    "warnings": {
      "large_rot_frame": true,
      "small_air_mask": false
    },
    "webapi_port": null,
    "webapi_url": "https://mriqc.nimh.nih.gov/api/v1"
  },
  "qi_1": 0.0009245955905146736,
  "qi_2": 0.000855106699879146,
  "rpve_csf": 9.04994321164772,
  "rpve_gm": 9.590462218627403,
  "rpve_wm": 29.970326976750112,
  "size_x": 192,
  "size_y": 192,
  "size_z": 192,
  "snr_csf": 9.612497392600934,
  "snr_gm": 9.689667667409465,
  "snr_total": 7.252413558592348,
  "snr_wm": 2.4550756157666456,
  "snrd_csf": 53.04628889763206,
  "snrd_gm": 31.574985969462016,
  "snrd_total": 56.61129906510612,
  "snrd_wm": 85.21262232822427,
  "spacing_x": 1.0,
  "spacing_y": 1.0,
  "spacing_z": 1.0,
  "summary_bg_k": 77.5985940764344,
  "summary_bg_mad": 0.0,
  "summary_bg_mean": 4.320814425869299,
  "summary_bg_median": 0.0,
  "summary_bg_n": 1669091.0,
  "summary_bg_p05": 0.0,
  "summary_bg_p95": 16.804564476013184,
  "summary_bg_stdv": 7.692839380467457,
  "summary_csf_k": 0.09905053350995052,
  "summary_csf_mad": 65.27812551919016,
  "summary_csf_mean": 625.134276329155,
  "summary_csf_median": 622.8879668712616,
  "summary_csf_n": 63995.0,
  "summary_csf_p05": 522.6054441690445,
  "summary_csf_p95": 734.0677726507186,
  "summary_csf_stdv": 64.79929977814633,
  "summary_gm_k": 0.16677141149091979,
  "summary_gm_mad": 37.42612529766902,
  "summary_gm_mean": 370.45989587641515,
  "summary_gm_median": 370.76446294784546,
  "summary_gm_n": 175048.0,
  "summary_gm_p05": 306.9401400089264,
  "summary_gm_p95": 432.69918966293335,
  "summary_gm_stdv": 38.26378949577517,
  "summary_wm_k": -1.1830032546213767,
  "summary_wm_mad": 126.1363779563518,
  "summary_wm_mean": 737.7515685673835,
  "summary_wm_median": 1000.5962373018265,
  "summary_wm_n": 13106.0,
  "summary_wm_p05": 39.51182395219803,
  "summary_wm_p95": 1093.1864522695541,
  "summary_wm_stdv": 407.54673987873304,
  "tpm_overlap_csf": 0.11084959825414704,
  "tpm_overlap_gm": 0.2571656098306918,
  "tpm_overlap_wm": 0.030618278445405538,
  "wm2max": 0.9154321631098159
}