{
  "aor": 0.0031192558139534893,
  "aqi": 0.011025877953488371,
  "bids_meta": {
    "AcquisitionMatrixPE": 74,
    "AcquisitionNumber": 1,
    "AcquisitionTime": "",
    "BandwidthPerPixelPhaseEncode": 27.579,
    "BaseResolution": 74,
    "BodyPartExamined": "BRAIN",
    "CogAtlasID": "doi:TODO",
    "CoilString": "HE1-4;NE1_2",
    "ConsistencyInfo": "N4_VE11C_LATEST_20160120",
    "ConversionSoftware": "dcm2niix",
    "ConversionSoftwareVersion": "v1.0.20190410  GCC6.3.0",
    "DerivedVendorReportedEchoSpacing": 0.000489993,
    "DeviceSerialNumber": "166048",
    "DwellTime": 2.9e-06,
    "EchoTime": 0.023,
    "EchoTrainLength": 74,
    "EffectiveEchoSpacing": 0.000489993,
    "FlipAngle": 76,
    "ImageOrientationPatientDICOM": [
      1,
      0,
      0,
      0,
      0.951057,
      -0.309017
    ],
    "ImageType": [
      "ORIGINAL",
      "PRIMARY",
      "M",
      "ND",
      "NORM",
      "MOSAIC"
    ],
    "ImagingFrequency": 123.245,
    "InPlanePhaseEncodingDirectionDICOM": "COL",
    "InstitutionAddress": "North_13th_1701_Philadelphia_PA_US_19122",
    "InstitutionName": "Temple_University_-_Weiss_Hall",
    "InstitutionalDepartmentName": "Department",
    "MRAcquisitionType": "2D",
    "MagneticFieldStrength": 3,
    "Manufacturer": "Siemens",
    "ManufacturersModelName": "Prisma",
    "Modality": "MR",
    "PartialFourier": 1,
    "PatientPosition": "HFS",
    "PercentPhaseFOV": 100,
    "PhaseEncodingDirection": "j-",
    "PhaseEncodingSteps": 74,
    "PhaseResolution": 1,
    "PixelBandwidth": 2330,
    "ProcedureStepDescription": "SMITH_SRNDNA",
    "ProtocolName": "func-bold_trust_run4",
    "PulseSequenceDetails": "%SiemensSeq%_ep2d_bold",
    "ReceiveCoilActiveElements": "HE1-4;NE1,2",
    "ReceiveCoilName": "HeadNeck_20",
    "ReconMatrixPE": 74,
    "RepetitionTime": 2.02,
    "SAR": 0.137489,
    "ScanOptions": "FS",
    "ScanningSequence": "EP",
    "SequenceName": "_epfid2d1_74",
    "SequenceVariant": "SK",
    "SeriesDescription": "func-bold_trust_run4",
    "SeriesNumber": 13,
    "ShimSetting": [
      1400,
      -7439,
      6535,
      138,
      49,
      -18,
      -78,
      74
    ],
    "SliceThickness": 2.8,
    "SliceTiming": [
      1.945,
      1.89,
      1.8325,
      1.7775,
      1.7225,
      1.6675,
      1.61,
      1.555,
      1.5,
      1.445,
      1.39,
      1.3325,
      1.2775,
      1.2225,
      1.1675,
      1.11,
      1.055,
      1,
      0.945,
      0.89,
      0.8325,
      0.7775,
      0.7225,
      0.6675,
      0.61,
      0.555,
      0.5,
      0.445,
      0.39,
      0.3325,
      0.2775,
      0.2225,
      0.1675,
      0.11,
      0.055,
      0
    ],
    "SoftwareVersions": "syngo_MR_E11",
    "SpacingBetweenSlices": 3.22,
    "StationName": "AWP166048",
    "TaskName": "trust",
    "TotalReadoutTime": 0.0357695,
    "TxRefAmp": 354.935,
    "dataset": "ds003745",
    "modality": "bold",
    "run_id": 5,
    "subject_id": "140",
    "task_id": "trust"
  },
  "dummy_trs": 2,
  "dvars_nstd": 35.63357694514018,
  "dvars_std": 1.440798198878505,
  "dvars_vstd": 0.9867583718691593,
  "efc": 0.5432475211795946,
  "fber": 1234.168701171875,
  "fd_mean": 0.27586790195230343,
  "fd_num": 147,
  "fd_perc": 68.37209302325581,
  "fwhm_avg": 1.7002594361413113,
  "fwhm_x": 1.6548284210242679,
  "fwhm_y": 1.7861952437617648,
  "fwhm_z": 1.6597546436379003,
  "gcor": 0.0205732,
  "gsr_x": -0.010277210734784603,
  "gsr_y": 0.03512100875377655,
  "provenance": {
    "md5sum": "a3083860267b5a513c0de910d1802eb8",
    "settings": {
      "fd_thres": 0.2,
      "testing": false
    },
    "software": "mriqc",
    "version": "22.0.6",
    "webapi_port": null,
    "webapi_url": "https://mriqc.nimh.nih.gov/api/v1"
  },
  "size_t": 215,
  "size_x": 74,
  "size_y": 74,
  "size_z": 36,
  "snr": 6.4166007984199185,
  "spacing_tr": 2.0199999809265137,
  "spacing_x": 2.972972869873047,
  "spacing_y": 2.972972869873047,
  "spacing_z": 3.2200000286102295,
  "summary_bg_k": 21.802076586876446,
  "summary_bg_mad": 12.081483947190623,
  "summary_bg_mean": 51.7691764831543,
  "summary_bg_median": 20.195348739624023,
  "summary_bg_n": 123055.0,
  "summary_bg_p05": 10.469767570495605,
  "summary_bg_p95": 195.94092559814447,
  "summary_bg_stdv": 80.13566589355469,
  "summary_fg_k": 2.327379970553668,
  "summary_fg_mad": 103.41666271967534,
  "summary_fg_mean": 729.4796142578125,
  "summary_fg_median": 718.1093139648438,
  "summary_fg_n": 36194.0,
  "summary_fg_p05": 584.1153411865234,
  "summary_fg_p95": 918.3283691406249,
  "summary_fg_stdv": 111.9127426147461,
  "tsnr": 61.25054102623835
}