{
  "aor": 0.003921759259259259,
  "aqi": 0.012483360138888889,
  "bids_meta": {
    "AcquisitionMatrixPE": 74,
    "AcquisitionNumber": 1,
    "AcquisitionTime": "",
    "BandwidthPerPixelPhaseEncode": 27.579,
    "BaseResolution": 74,
    "BodyPartExamined": "BRAIN",
    "CogAtlasID": "doi:TODO",
    "CoilString": "HE1-4;NE1_2",
    "ConsistencyInfo": "N4_VE11C_LATEST_20160120",
    "ConversionSoftware": "dcm2niix",
    "ConversionSoftwareVersion": "v1.0.20190410  GCC6.3.0",
    "DerivedVendorReportedEchoSpacing": 0.000489993,
    "DeviceSerialNumber": "166048",
    "DwellTime": 2.9e-06,
    "EchoTime": 0.023,
    "EchoTrainLength": 74,
    "EffectiveEchoSpacing": 0.000489993,
    "FlipAngle": 76,
    "ImageOrientationPatientDICOM": [
      0.996341,
      0.0325482,
      0.0790215,
      2.32291e-08,
      0.924637,
      -0.38085
    ],
    "ImageType": [
      "ORIGINAL",
      "PRIMARY",
      "M",
      "ND",
      "NORM",
      "MOSAIC"
    ],
    "ImagingFrequency": 123.246,
    "InPlanePhaseEncodingDirectionDICOM": "COL",
    "InstitutionAddress": "North_13th_1701_Philadelphia_PA_US_19122",
    "InstitutionName": "Temple_University_-_Weiss_Hall",
    "InstitutionalDepartmentName": "Department",
    "MRAcquisitionType": "2D",
    "MagneticFieldStrength": 3,
    "Manufacturer": "Siemens",
    "ManufacturersModelName": "Prisma",
    "Modality": "MR",
    "PartialFourier": 1,
    "PatientPosition": "HFS",
    "PercentPhaseFOV": 100,
    "PhaseEncodingDirection": "j-",
    "PhaseEncodingSteps": 74,
    "PhaseResolution": 1,
    "PixelBandwidth": 2330,
    "ProcedureStepDescription": "SMITH_SRNDNA",
    "ProtocolName": "func-bold_trust_run0",
    "PulseSequenceDetails": "%SiemensSeq%_ep2d_bold",
    "ReceiveCoilActiveElements": "HE1-4;NE1,2",
    "ReceiveCoilName": "HeadNeck_20",
    "ReconMatrixPE": 74,
    "RepetitionTime": 2.02,
    "SAR": 0.105227,
    "ScanOptions": "FS",
    "ScanningSequence": "EP",
    "SequenceName": "_epfid2d1_74",
    "SequenceVariant": "SK",
    "SeriesDescription": "func-bold_trust_run0",
    "SeriesNumber": 9,
    "ShimSetting": [
      1425,
      -7367,
      6502,
      230,
      -27,
      34,
      -141,
      38
    ],
    "SliceThickness": 2.8,
    "SliceTiming": [
      1.945,
      1.89,
      1.835,
      1.7775,
      1.7225,
      1.6675,
      1.6125,
      1.555,
      1.5,
      1.445,
      1.39,
      1.335,
      1.2775,
      1.2225,
      1.1675,
      1.1125,
      1.0575,
      1,
      0.945,
      0.89,
      0.835,
      0.7775,
      0.7225,
      0.6675,
      0.6125,
      0.5575,
      0.5,
      0.445,
      0.39,
      0.335,
      0.2775,
      0.2225,
      0.1675,
      0.1125,
      0.0575,
      0
    ],
    "SoftwareVersions": "syngo_MR_E11",
    "SpacingBetweenSlices": 3.22,
    "StationName": "AWP166048",
    "TaskName": "trust",
    "TotalReadoutTime": 0.0357695,
    "TxRefAmp": 316.624,
    "dataset": "ds003745",
    "modality": "bold",
    "run_id": 1,
    "subject_id": "138",
    "task_id": "trust"
  },
  "dummy_trs": 1,
  "dvars_nstd": 44.129266180046514,
  "dvars_std": 1.3485536606511626,
  "dvars_vstd": 1.0257474050697672,
  "efc": 0.5514719388527157,
  "fber": 1453.950439453125,
  "fd_mean": 0.6173790024479181,
  "fd_num": 208,
  "fd_perc": 96.29629629629629,
  "fwhm_avg": 1.9137460227572456,
  "fwhm_x": 1.812323971940612,
  "fwhm_y": 2.066386162569433,
  "fwhm_z": 1.8625279337616922,
  "gcor": 0.0238688,
  "gsr_x": -0.01302619930356741,
  "gsr_y": 0.04723302274942398,
  "provenance": {
    "md5sum": "d4a216b73d8fca8aaefe16623d74e1ad",
    "settings": {
      "fd_thres": 0.2,
      "testing": false
    },
    "software": "mriqc",
    "version": "22.0.6",
    "webapi_port": null,
    "webapi_url": "https://mriqc.nimh.nih.gov/api/v1"
  },
  "size_t": 216,
  "size_x": 74,
  "size_y": 74,
  "size_z": 36,
  "snr": 5.562609883673108,
  "spacing_tr": 2.0199999809265137,
  "spacing_x": 2.972972869873047,
  "spacing_y": 2.972972869873047,
  "spacing_z": 3.2200000286102295,
  "summary_bg_k": 28.490193066433417,
  "summary_bg_mad": 11.819635924108168,
  "summary_bg_mean": 54.044185638427734,
  "summary_bg_median": 20.990741729736328,
  "summary_bg_n": 118082.0,
  "summary_bg_p05": 10.398148536682129,
  "summary_bg_p95": 206.52152709960927,
  "summary_bg_stdv": 88.92363739013672,
  "summary_fg_k": 1.7642875796836055,
  "summary_fg_mad": 125.40684613758587,
  "summary_fg_mean": 839.919189453125,
  "summary_fg_median": 817.254638671875,
  "summary_fg_n": 40480.0,
  "summary_fg_p05": 648.1608917236329,
  "summary_fg_p95": 1111.5840698242187,
  "summary_fg_stdv": 146.91746520996094,
  "tsnr": 48.955385606735945
}