{
  "aor": 0.003406898148148148,
  "aqi": 0.015355628750000001,
  "bids_meta": {
    "AcquisitionMatrixPE": 74,
    "AcquisitionNumber": 1,
    "AcquisitionTime": "",
    "BandwidthPerPixelPhaseEncode": 27.579,
    "BaseResolution": 74,
    "BodyPartExamined": "BRAIN",
    "CogAtlasID": "doi:TODO",
    "CoilString": "HE1-4;NE1_2",
    "ConsistencyInfo": "N4_VE11C_LATEST_20160120",
    "ConversionSoftware": "dcm2niix",
    "ConversionSoftwareVersion": "v1.0.20190410  GCC6.3.0",
    "DerivedVendorReportedEchoSpacing": 0.000489993,
    "DeviceSerialNumber": "166048",
    "DwellTime": 2.9e-06,
    "EchoTime": 0.023,
    "EchoTrainLength": 74,
    "EffectiveEchoSpacing": 0.000489993,
    "FlipAngle": 76,
    "ImageOrientationPatientDICOM": [
      1,
      0,
      0,
      0,
      0.92521,
      -0.379456
    ],
    "ImageType": [
      "ORIGINAL",
      "PRIMARY",
      "M",
      "ND",
      "NORM",
      "MOSAIC"
    ],
    "ImagingFrequency": 123.246,
    "InPlanePhaseEncodingDirectionDICOM": "COL",
    "InstitutionAddress": "North_13th_1701_Philadelphia_PA_US_19122",
    "InstitutionName": "Temple_University_-_Weiss_Hall",
    "InstitutionalDepartmentName": "Department",
    "MRAcquisitionType": "2D",
    "MagneticFieldStrength": 3,
    "Manufacturer": "Siemens",
    "ManufacturersModelName": "Prisma",
    "Modality": "MR",
    "PartialFourier": 1,
    "PatientPosition": "HFS",
    "PercentPhaseFOV": 100,
    "PhaseEncodingDirection": "j-",
    "PhaseEncodingSteps": 74,
    "PhaseResolution": 1,
    "PixelBandwidth": 2330,
    "ProcedureStepDescription": "SMITH_SRNDNA",
    "ProtocolName": "func-bold_trust_run1",
    "PulseSequenceDetails": "%SiemensSeq%_ep2d_bold",
    "ReceiveCoilActiveElements": "HE1-4;NE1,2",
    "ReceiveCoilName": "HeadNeck_20",
    "ReconMatrixPE": 74,
    "RepetitionTime": 2.02,
    "SAR": 0.105227,
    "ScanOptions": "FS",
    "ScanningSequence": "EP",
    "SequenceName": "_epfid2d1_74",
    "SequenceVariant": "SK",
    "SeriesDescription": "func-bold_trust_run1",
    "SeriesNumber": 10,
    "ShimSetting": [
      1422,
      -7369,
      6500,
      229,
      -66,
      39,
      -145,
      2
    ],
    "SliceThickness": 2.8,
    "SliceTiming": [
      1.9425,
      1.8875,
      1.8325,
      1.7775,
      1.72,
      1.665,
      1.61,
      1.555,
      1.5,
      1.4425,
      1.3875,
      1.3325,
      1.2775,
      1.22,
      1.165,
      1.11,
      1.055,
      1,
      0.9425,
      0.8875,
      0.8325,
      0.7775,
      0.72,
      0.665,
      0.61,
      0.555,
      0.5,
      0.4425,
      0.3875,
      0.3325,
      0.2775,
      0.22,
      0.165,
      0.11,
      0.055,
      0
    ],
    "SoftwareVersions": "syngo_MR_E11",
    "SpacingBetweenSlices": 3.22,
    "StationName": "AWP166048",
    "TaskName": "trust",
    "TotalReadoutTime": 0.0357695,
    "TxRefAmp": 316.624,
    "dataset": "ds003745",
    "modality": "bold",
    "run_id": 2,
    "subject_id": "138",
    "task_id": "trust"
  },
  "dummy_trs": 1,
  "dvars_nstd": 45.73918755995349,
  "dvars_std": 1.3124147103720938,
  "dvars_vstd": 1.002532396465116,
  "efc": 0.552706332154109,
  "fber": 1417.7752685546875,
  "fd_mean": 0.6112562330117626,
  "fd_num": 208,
  "fd_perc": 96.29629629629629,
  "fwhm_avg": 1.8993849635199818,
  "fwhm_x": 1.81159406282439,
  "fwhm_y": 2.067163328373251,
  "fwhm_z": 1.8193974993623043,
  "gcor": 0.0157934,
  "gsr_x": -0.012884394265711308,
  "gsr_y": 0.04753660410642624,
  "provenance": {
    "md5sum": "cec71c2a50fcb6a4182a0ceaf353bc56",
    "settings": {
      "fd_thres": 0.2,
      "testing": false
    },
    "software": "mriqc",
    "version": "22.0.6",
    "webapi_port": null,
    "webapi_url": "https://mriqc.nimh.nih.gov/api/v1"
  },
  "size_t": 216,
  "size_x": 74,
  "size_y": 74,
  "size_z": 36,
  "snr": 5.489020589869464,
  "spacing_tr": 2.0199999809265137,
  "spacing_x": 2.972972869873047,
  "spacing_y": 2.9729726314544678,
  "spacing_z": 3.2200000286102295,
  "summary_bg_k": 28.132023118219305,
  "summary_bg_mad": 12.101054009166422,
  "summary_bg_mean": 55.26892852783203,
  "summary_bg_median": 21.449073791503906,
  "summary_bg_n": 118107.0,
  "summary_bg_p05": 10.833333015441895,
  "summary_bg_p95": 211.2773147583007,
  "summary_bg_stdv": 89.05944061279297,
  "summary_fg_k": 1.6955373107868859,
  "summary_fg_mad": 127.65482003358906,
  "summary_fg_mean": 839.2988891601562,
  "summary_fg_median": 816.879638671875,
  "summary_fg_n": 40491.0,
  "summary_fg_p05": 643.9861145019531,
  "summary_fg_p95": 1116.4166870117188,
  "summary_fg_stdv": 148.81881713867188,
  "tsnr": 47.63772062212229
}