{
  "bids_meta": {
    "AcquisitionMatrixPE": 192,
    "AcquisitionNumber": 1,
    "AcquisitionTime": "10:38:0.280000",
    "BaseResolution": 192,
    "BodyPartExamined": "BRAIN",
    "CoilString": "HE1-4;NE1_2",
    "ConsistencyInfo": "N4_VE11C_LATEST_20160120",
    "ConversionSoftware": "dcm2niix",
    "ConversionSoftwareVersion": "v1.0.20190410  GCC6.3.0",
    "DeviceSerialNumber": "166048",
    "DwellTime": 1.24e-05,
    "EchoTime": 0.0022,
    "FlipAngle": 8,
    "ImageOrientationPatientDICOM": [
      0.109734,
      0.993961,
      -4.85601e-08,
      0.223593,
      -0.0246849,
      -0.97437
    ],
    "ImageType": [
      "ORIGINAL",
      "PRIMARY",
      "M",
      "ND",
      "NORM",
      "FM3",
      "2",
      "FIL"
    ],
    "ImagingFrequency": 123.246,
    "InPlanePhaseEncodingDirectionDICOM": "ROW",
    "InstitutionAddress": "North_13th_1701_Philadelphia_PA_US_19122",
    "InstitutionName": "Temple_University_-_Weiss_Hall",
    "InstitutionalDepartmentName": "Department",
    "InversionTime": 1.15,
    "MRAcquisitionType": "3D",
    "MagneticFieldStrength": 3,
    "Manufacturer": "Siemens",
    "ManufacturersModelName": "Prisma",
    "Modality": "MR",
    "PartialFourier": 1,
    "PatientPosition": "HFS",
    "PercentPhaseFOV": 100,
    "PhaseEncodingSteps": 211,
    "PhaseOversampling": 0.1,
    "PhaseResolution": 1,
    "PixelBandwidth": 210,
    "ProcedureStepDescription": "SMITH_SRNDNA",
    "ProtocolName": "T1w-anat_mpg_07sag_iso",
    "PulseSequenceDetails": "%SiemensSeq%_tfl",
    "ReceiveCoilActiveElements": "HE1-4;NE1,2",
    "ReceiveCoilName": "HeadNeck_20",
    "ReconMatrixPE": 192,
    "RefLinesPE": 32,
    "RepetitionTime": 2.4,
    "SAR": 0.044839,
    "ScanOptions": "IR_WE",
    "ScanningSequence": "GR_IR",
    "SequenceName": "_tfl3d1_16ns",
    "SequenceVariant": "SK_SP_MP_OSP",
    "SeriesDescription": "T1w-anat_mpg_07sag_iso",
    "SeriesNumber": 5,
    "ShimSetting": [
      1322,
      -7137,
      6203,
      167,
      -356,
      812,
      611,
      303
    ],
    "SliceThickness": 1,
    "SoftwareVersions": "syngo_MR_E11",
    "StationName": "AWP166048",
    "TxRefAmp": 260.097,
    "dataset": "ds003745",
    "modality": "T1w",
    "subject_id": "150"
  },
  "cjv": 0.3919956525111821,
  "cnr": 3.4568529211492374,
  "efc": 0.6128858273143986,
  "fber": 8378.351111111113,
  "fwhm_avg": 4.30209,
  "fwhm_x": 4.16055,
  "fwhm_y": 4.43293,
  "fwhm_z": 4.31279,
  "icvs_csf": 0.23026483668934739,
  "icvs_gm": 0.39278682889874555,
  "icvs_wm": 0.37694833441190706,
  "inu_med": 0.571550190448761,
  "inu_range": 0.22506228387355803,
  "provenance": {
    "md5sum": "a4bb4eaac0f3d062774545340557afae",
    "settings": {
      "testing": false
    },
    "software": "mriqc",
    "version": "22.0.6",
    "warnings": {
      "large_rot_frame": true,
      "small_air_mask": false
    },
    "webapi_port": null,
    "webapi_url": "https://mriqc.nimh.nih.gov/api/v1"
  },
  "qi_1": 6.370012418754645e-05,
  "qi_2": 0.0036596178972050286,
  "rpve_csf": 17.692888912435258,
  "rpve_gm": 9.734329625600898,
  "rpve_wm": 12.060346773401518,
  "size_x": 192,
  "size_y": 192,
  "size_z": 192,
  "snr_csf": 2.093112539231068,
  "snr_gm": 10.224621002423843,
  "snr_total": 10.750080369106731,
  "snr_wm": 19.93250756566528,
  "snrd_csf": 17.24940557718078,
  "snrd_gm": 52.756581515516785,
  "snrd_total": 48.31579996754726,
  "snrd_wm": 74.9414128099442,
  "spacing_x": 1.0,
  "spacing_y": 1.0,
  "spacing_z": 1.0,
  "summary_bg_k": 13.628052731145004,
  "summary_bg_mad": 0.0,
  "summary_bg_mean": 5.42913074320964,
  "summary_bg_median": 0.0,
  "summary_bg_n": 1632662.0,
  "summary_bg_p05": 0.0,
  "summary_bg_p95": 22.545391842722893,
  "summary_bg_stdv": 8.742545054285081,
  "summary_csf_k": 0.0322600072824919,
  "summary_csf_mad": 106.7522071874929,
  "summary_csf_mean": 242.18762877217287,
  "summary_csf_median": 230.18672969192266,
  "summary_csf_n": 32569.0,
  "summary_csf_p05": 72.77342702820897,
  "summary_csf_p95": 440.5386776290832,
  "summary_csf_stdv": 109.97172465349183,
  "summary_gm_k": -0.06652717592204471,
  "summary_gm_mad": 71.2691386197947,
  "summary_gm_mean": 701.3967250289969,
  "summary_gm_median": 704.0164320124313,
  "summary_gm_n": 13798.0,
  "summary_gm_p05": 585.5778301134706,
  "summary_gm_p95": 808.7578478557989,
  "summary_gm_stdv": 68.85251979943611,
  "summary_wm_k": 1.0658095652159956,
  "summary_wm_mad": 44.780429904762485,
  "summary_wm_mean": 1005.5324845918229,
  "summary_wm_median": 1000.0645330082625,
  "summary_wm_n": 153887.0,
  "summary_wm_p05": 933.2458430621773,
  "summary_wm_p95": 1097.4464273350309,
  "summary_wm_stdv": 50.17237697572019,
  "tpm_overlap_csf": 0.14593820101152521,
  "tpm_overlap_gm": 0.4501730573716447,
  "tpm_overlap_wm": 0.499743608189675,
  "wm2max": 0.8104569465994874
}