{
  "bids_meta": {
    "AcquisitionMatrixPE": 192,
    "AcquisitionNumber": 1,
    "AcquisitionTime": "16:20:45.292500",
    "BaseResolution": 192,
    "BodyPartExamined": "BRAIN",
    "CoilString": "HE1-4;NE1_2",
    "ConsistencyInfo": "N4_VE11C_LATEST_20160120",
    "ConversionSoftware": "dcm2niix",
    "ConversionSoftwareVersion": "v1.0.20190410  GCC6.3.0",
    "DeviceSerialNumber": "166048",
    "DwellTime": 1.24e-05,
    "EchoTime": 0.0022,
    "FlipAngle": 8,
    "ImageOrientationPatientDICOM": [
      0,
      1,
      0,
      0,
      0,
      -1
    ],
    "ImageType": [
      "ORIGINAL",
      "PRIMARY",
      "M",
      "ND",
      "NORM",
      "FM3",
      "2",
      "FIL"
    ],
    "ImagingFrequency": 123.246,
    "InPlanePhaseEncodingDirectionDICOM": "ROW",
    "InstitutionAddress": "North_13th_1701_Philadelphia_PA_US_19122",
    "InstitutionName": "Temple_University_-_Weiss_Hall",
    "InstitutionalDepartmentName": "Department",
    "InversionTime": 1.15,
    "MRAcquisitionType": "3D",
    "MagneticFieldStrength": 3,
    "Manufacturer": "Siemens",
    "ManufacturersModelName": "Prisma",
    "Modality": "MR",
    "PartialFourier": 1,
    "PatientPosition": "HFS",
    "PercentPhaseFOV": 100,
    "PhaseEncodingSteps": 211,
    "PhaseOversampling": 0.1,
    "PhaseResolution": 1,
    "PixelBandwidth": 210,
    "ProcedureStepDescription": "SMITH_SRNDNA",
    "ProtocolName": "T1w-anat_mpg_07sag_iso",
    "PulseSequenceDetails": "%SiemensSeq%_tfl",
    "ReceiveCoilActiveElements": "HE1-4;NE1,2",
    "ReceiveCoilName": "HeadNeck_20",
    "ReconMatrixPE": 192,
    "RefLinesPE": 32,
    "RepetitionTime": 2.4,
    "SAR": 0.0596068,
    "ScanOptions": "IR_WE",
    "ScanningSequence": "GR_IR",
    "SequenceName": "_tfl3d1_16ns",
    "SequenceVariant": "SK_SP_MP_OSP",
    "SeriesDescription": "T1w-anat_mpg_07sag_iso",
    "SeriesNumber": 5,
    "ShimSetting": [
      1424,
      -7605,
      6473,
      38,
      39,
      -430,
      -105,
      24
    ],
    "SliceThickness": 1,
    "SoftwareVersions": "syngo_MR_E11",
    "StationName": "AWP166048",
    "TxRefAmp": 290.758,
    "dataset": "ds003745",
    "modality": "T1w",
    "subject_id": "147"
  },
  "cjv": 0.391613943395884,
  "cnr": 3.4726838977256103,
  "efc": 0.6218780843473257,
  "fber": 15893.338064443884,
  "fwhm_avg": 4.38854,
  "fwhm_x": 4.33423,
  "fwhm_y": 4.44587,
  "fwhm_z": 4.38552,
  "icvs_csf": 0.2648870591919154,
  "icvs_gm": 0.3761663137019531,
  "icvs_wm": 0.3589466271061315,
  "inu_med": 0.4897720068693161,
  "inu_range": 0.20242329984903334,
  "provenance": {
    "md5sum": "b5547a551c611ad7622035414fb307fb",
    "settings": {
      "testing": false
    },
    "software": "mriqc",
    "version": "22.0.6",
    "warnings": {
      "large_rot_frame": true,
      "small_air_mask": false
    },
    "webapi_port": null,
    "webapi_url": "https://mriqc.nimh.nih.gov/api/v1"
  },
  "qi_1": 0.0,
  "qi_2": 0.006729441290395943,
  "rpve_csf": 14.79978802824038,
  "rpve_gm": 9.554730469637802,
  "rpve_wm": 11.95026438415299,
  "size_x": 192,
  "size_y": 192,
  "size_z": 192,
  "snr_csf": 2.3003379502593426,
  "snr_gm": 12.02836856981531,
  "snr_total": 13.109540753456654,
  "snr_wm": 24.999915740295307,
  "snrd_csf": 27.247631226560742,
  "snrd_gm": 91.3775649938994,
  "snrd_total": 80.51393541787999,
  "snrd_wm": 122.91661003317984,
  "spacing_x": 1.0,
  "spacing_y": 1.0,
  "spacing_z": 1.0,
  "summary_bg_k": 12.594759022923988,
  "summary_bg_mad": 5.330161027696225,
  "summary_bg_mean": 4.398833863587833,
  "summary_bg_median": 3.595138980075717,
  "summary_bg_n": 1486209.0,
  "summary_bg_p05": 0.0,
  "summary_bg_p95": 17.291956812143326,
  "summary_bg_stdv": 6.313366918236839,
  "summary_csf_k": 1.035960074798,
  "summary_csf_mad": 83.61485734858434,
  "summary_csf_mean": 237.003795522825,
  "summary_csf_median": 221.68553305976093,
  "summary_csf_n": 62554.0,
  "summary_csf_p05": 104.75860034795478,
  "summary_csf_p95": 422.05828822720787,
  "summary_csf_stdv": 96.37008382806947,
  "summary_gm_k": 0.010459002420424746,
  "summary_gm_mad": 61.640205749738556,
  "summary_gm_mean": 740.343761425297,
  "summary_gm_median": 743.4438625853509,
  "summary_gm_n": 13437.0,
  "summary_gm_p05": 634.2045721527189,
  "summary_gm_p95": 835.9337754629552,
  "summary_gm_stdv": 61.805239313949784,
  "summary_wm_k": 0.4755888668826085,
  "summary_wm_mad": 38.84804479081666,
  "summary_wm_mean": 1001.2169284109493,
  "summary_wm_median": 1000.0441502798349,
  "summary_wm_n": 163119.0,
  "summary_wm_p05": 938.1327691935003,
  "summary_wm_p95": 1067.403380004689,
  "summary_wm_stdv": 40.001778217239234,
  "tpm_overlap_csf": 0.15275890846680557,
  "tpm_overlap_gm": 0.4393848330611389,
  "tpm_overlap_wm": 0.5083062285912047,
  "wm2max": 0.8883066849001283
}