{
  "bids_meta": {
    "AcquisitionMatrixPE": 192,
    "AcquisitionNumber": 1,
    "AcquisitionTime": "16:16:42.550000",
    "BaseResolution": 192,
    "BodyPartExamined": "BRAIN",
    "CoilString": "HE1-4;NE1_2",
    "ConsistencyInfo": "N4_VE11C_LATEST_20160120",
    "ConversionSoftware": "dcm2niix",
    "ConversionSoftwareVersion": "v1.0.20190410  GCC6.3.0",
    "DeviceSerialNumber": "166048",
    "DwellTime": 3.5e-06,
    "EchoTime": 0.567,
    "EchoTrainLength": 314,
    "FlipAngle": 120,
    "ImageOrientationPatientDICOM": [
      0,
      1,
      0,
      0,
      0,
      -1
    ],
    "ImageType": [
      "ORIGINAL",
      "PRIMARY",
      "M",
      "ND",
      "NORM"
    ],
    "ImagingFrequency": 123.246,
    "InPlanePhaseEncodingDirectionDICOM": "ROW",
    "InstitutionAddress": "North_13th_1701_Philadelphia_PA_US_19122",
    "InstitutionName": "Temple_University_-_Weiss_Hall",
    "InstitutionalDepartmentName": "Department",
    "MRAcquisitionType": "3D",
    "MagneticFieldStrength": 3,
    "Manufacturer": "Siemens",
    "ManufacturersModelName": "Prisma",
    "Modality": "MR",
    "PartialFourier": 1,
    "PatientPosition": "HFS",
    "PercentPhaseFOV": 100,
    "PhaseEncodingSteps": 209,
    "PhaseOversampling": 0.1,
    "PhaseResolution": 1,
    "PixelBandwidth": 745,
    "ProcedureStepDescription": "SMITH_SRNDNA",
    "ProtocolName": "T2w-anat_spc_07sag_iso",
    "PulseSequenceDetails": "%SiemensSeq%_tse_vfl",
    "ReceiveCoilActiveElements": "HE1-4;NE1,2",
    "ReceiveCoilName": "HeadNeck_20",
    "ReconMatrixPE": 192,
    "RefLinesPE": 32,
    "RepetitionTime": 3.2,
    "SAR": 0.218953,
    "ScanOptions": "PFP",
    "ScanningSequence": "SE",
    "SequenceName": "_spc_314ns",
    "SequenceVariant": "SK_SP_OSP",
    "SeriesDescription": "T2w-anat_spc_07sag_iso",
    "SeriesNumber": 3,
    "ShimSetting": [
      1424,
      -7605,
      6473,
      38,
      39,
      -430,
      -105,
      24
    ],
    "SliceThickness": 1,
    "SoftwareVersions": "syngo_MR_E11",
    "StationName": "AWP166048",
    "TxRefAmp": 290.758,
    "dataset": "ds003745",
    "modality": "T2w",
    "subject_id": "147"
  },
  "cjv": 0.10089391247294213,
  "cnr": 2.0812760699566963,
  "efc": 0.5982703873320135,
  "fber": 5126.009245562131,
  "fwhm_avg": 2.57484,
  "fwhm_x": 2.47068,
  "fwhm_y": 2.79382,
  "fwhm_z": 2.46002,
  "icvs_csf": 0.262514020474036,
  "icvs_gm": 0.6577732467783752,
  "icvs_wm": 0.07971273274758876,
  "inu_med": 0.9222379326820374,
  "inu_range": 0.2013245344161988,
  "provenance": {
    "md5sum": "7cb06bf1a768d0ad5f4a10ad9196f38d",
    "settings": {
      "testing": false
    },
    "software": "mriqc",
    "version": "22.0.6",
    "warnings": {
      "large_rot_frame": true,
      "small_air_mask": false
    },
    "webapi_port": null,
    "webapi_url": "https://mriqc.nimh.nih.gov/api/v1"
  },
  "qi_1": 0.0,
  "qi_2": 0.002137713337931174,
  "rpve_csf": 12.093913002778795,
  "rpve_gm": 6.718643659208046,
  "rpve_wm": 52.1532078870245,
  "size_x": 192,
  "size_y": 192,
  "size_z": 192,
  "snr_csf": 5.931394588430685,
  "snr_gm": 7.462507103899061,
  "snr_total": 5.423996909476041,
  "snr_wm": 2.8780890360983764,
  "snrd_csf": 105.72014762405169,
  "snrd_gm": 43.639911961511096,
  "snrd_total": 103.1018480135027,
  "snrd_wm": 159.94548445494533,
  "spacing_x": 1.0,
  "spacing_y": 1.0,
  "spacing_z": 1.0,
  "summary_bg_k": 5.203430571428617,
  "summary_bg_mad": 0.0,
  "summary_bg_mean": 3.0272366061601477,
  "summary_bg_median": 0.0,
  "summary_bg_n": 1451999.0,
  "summary_bg_p05": 0.0,
  "summary_bg_p95": 11.292480569332838,
  "summary_bg_stdv": 4.096217299565344,
  "summary_csf_k": 2.9016424995884424,
  "summary_csf_mad": 75.85591207471658,
  "summary_csf_mean": 665.8840108825856,
  "summary_csf_median": 661.0115047954023,
  "summary_csf_n": 33001.0,
  "summary_csf_p05": 488.76995677500963,
  "summary_csf_p95": 868.2365510724485,
  "summary_csf_stdv": 111.44115938374516,
  "summary_gm_k": 0.18688860139274555,
  "summary_gm_mad": 35.970725391079,
  "summary_gm_mean": 274.98416496227117,
  "summary_gm_median": 272.85701470449567,
  "summary_gm_n": 297610.0,
  "summary_gm_p05": 218.55320608988404,
  "summary_gm_p95": 338.1420024888588,
  "summary_gm_stdv": 36.56365782859036,
  "summary_wm_k": 1.245460856082353,
  "summary_wm_mad": 37.39897478160714,
  "summary_wm_mean": 853.0627868471412,
  "summary_wm_median": 1000.0535162016749,
  "summary_wm_n": 11927.0,
  "summary_wm_p05": 42.087235638499266,
  "summary_wm_p95": 1063.8087564207613,
  "summary_wm_stdv": 347.45679471568764,
  "tpm_overlap_csf": 0.13819875446140747,
  "tpm_overlap_gm": 0.40528102849739417,
  "tpm_overlap_wm": 0.019902871837328258,
  "wm2max": 0.9602425529728156
}