{
  "bids_meta": {
    "AcquisitionMatrixPE": 192,
    "AcquisitionNumber": 1,
    "AcquisitionTime": "18:17:40.532500",
    "BaseResolution": 192,
    "BodyPartExamined": "BRAIN",
    "CoilString": "HE1-4;NE1_2",
    "ConsistencyInfo": "N4_VE11C_LATEST_20160120",
    "ConversionSoftware": "dcm2niix",
    "ConversionSoftwareVersion": "v1.0.20190410  GCC6.3.0",
    "DeviceSerialNumber": "166048",
    "DwellTime": 3.5e-06,
    "EchoTime": 0.567,
    "EchoTrainLength": 314,
    "FlipAngle": 120,
    "ImageOrientationPatientDICOM": [
      0,
      1,
      0,
      0,
      0,
      -1
    ],
    "ImageType": [
      "ORIGINAL",
      "PRIMARY",
      "M",
      "ND",
      "NORM"
    ],
    "ImagingFrequency": 123.246,
    "InPlanePhaseEncodingDirectionDICOM": "ROW",
    "InstitutionAddress": "North_13th_1701_Philadelphia_PA_US_19122",
    "InstitutionName": "Temple_University_-_Weiss_Hall",
    "InstitutionalDepartmentName": "Department",
    "MRAcquisitionType": "3D",
    "MagneticFieldStrength": 3,
    "Manufacturer": "Siemens",
    "ManufacturersModelName": "Prisma",
    "Modality": "MR",
    "PartialFourier": 1,
    "PatientPosition": "HFS",
    "PercentPhaseFOV": 100,
    "PhaseEncodingSteps": 209,
    "PhaseOversampling": 0.1,
    "PhaseResolution": 1,
    "PixelBandwidth": 745,
    "ProcedureStepDescription": "SMITH_SRNDNA",
    "ProtocolName": "T2w-anat_spc_07sag_iso",
    "PulseSequenceDetails": "%SiemensSeq%_tse_vfl",
    "ReceiveCoilActiveElements": "HE1-4;NE1,2",
    "ReceiveCoilName": "HeadNeck_20",
    "ReconMatrixPE": 192,
    "RefLinesPE": 32,
    "RepetitionTime": 3.2,
    "SAR": 0.198861,
    "ScanOptions": "PFP",
    "ScanningSequence": "SE",
    "SequenceName": "_spc_314ns",
    "SequenceVariant": "SK_SP_OSP",
    "SeriesDescription": "T2w-anat_spc_07sag_iso",
    "SeriesNumber": 4,
    "ShimSetting": [
      1442,
      -7450,
      6470,
      165,
      102,
      -188,
      -53,
      38
    ],
    "SliceThickness": 1,
    "SoftwareVersions": "syngo_MR_E11",
    "StationName": "AWP166048",
    "TxRefAmp": 278.861,
    "dataset": "ds003745",
    "modality": "T2w",
    "subject_id": "104"
  },
  "cjv": 0.3781123403180839,
  "cnr": 1.6787076375538612,
  "efc": 0.5952706733367067,
  "fber": 5806.288359199029,
  "fwhm_avg": 2.4455266666666664,
  "fwhm_x": 2.34233,
  "fwhm_y": 2.6741,
  "fwhm_z": 2.32015,
  "icvs_csf": 0.27765145577593825,
  "icvs_gm": 0.5904249530027659,
  "icvs_wm": 0.1319235912212959,
  "inu_med": 0.9803865551948547,
  "inu_range": 0.3036069512367249,
  "provenance": {
    "md5sum": "2644726fd1d394d151cbc5785300c9ed",
    "settings": {
      "testing": false
    },
    "software": "mriqc",
    "version": "22.0.6",
    "warnings": {
      "large_rot_frame": true,
      "small_air_mask": false
    },
    "webapi_port": null,
    "webapi_url": "https://mriqc.nimh.nih.gov/api/v1"
  },
  "qi_1": 0.0,
  "qi_2": 0.0013847286608047681,
  "rpve_csf": 10.039597288202405,
  "rpve_gm": 6.208805140393267,
  "rpve_wm": 28.755518390561086,
  "size_x": 192,
  "size_y": 192,
  "size_z": 192,
  "snr_csf": 7.365476327298593,
  "snr_gm": 8.62935036115101,
  "snr_total": 6.216408077367755,
  "snr_wm": 2.65439754365366,
  "snrd_csf": 86.18940383488636,
  "snrd_gm": 52.5408582891208,
  "snrd_total": 94.41038951081102,
  "snrd_wm": 144.5009064084259,
  "spacing_x": 1.0,
  "spacing_y": 1.0,
  "spacing_z": 1.0,
  "summary_bg_k": 415.42577326232015,
  "summary_bg_mad": 0.0,
  "summary_bg_mean": 2.4375000579888124,
  "summary_bg_median": 0.0,
  "summary_bg_n": 1609906.0,
  "summary_bg_p05": 0.0,
  "summary_bg_p95": 8.936475852504373,
  "summary_bg_stdv": 4.533551280622672,
  "summary_csf_k": 1.366559964852068,
  "summary_csf_mad": 67.51243890222555,
  "summary_csf_mean": 610.9051753522588,
  "summary_csf_median": 596.4316471070051,
  "summary_csf_n": 18877.0,
  "summary_csf_p05": 503.77143291793766,
  "summary_csf_p95": 761.1669346053154,
  "summary_csf_stdv": 80.97451170230515,
  "summary_gm_k": 0.49014519587635075,
  "summary_gm_mad": 40.241860882708096,
  "summary_gm_mean": 366.59721736948956,
  "summary_gm_median": 363.5833322368562,
  "summary_gm_n": 238349.0,
  "summary_gm_p05": 303.2985743880272,
  "summary_gm_p95": 441.94935125112534,
  "summary_gm_stdv": 42.13324923748504,
  "summary_wm_k": -0.24819895182615204,
  "summary_wm_mad": 200.37543622947823,
  "summary_wm_mean": 831.0210176040906,
  "summary_wm_median": 999.9479029085487,
  "summary_wm_n": 19471.0,
  "summary_wm_p05": 41.453582625836134,
  "summary_wm_p95": 1201.0498560089618,
  "summary_wm_stdv": 376.70401974719545,
  "tpm_overlap_csf": 0.11471626940801025,
  "tpm_overlap_gm": 0.3747168814245298,
  "tpm_overlap_wm": 0.036338077793598336,
  "wm2max": 0.8497610196494955
}