{
  "bids_meta": {
    "AcquisitionMatrixPE": 192,
    "AcquisitionNumber": 1,
    "AcquisitionTime": "18:21:59.285000",
    "BaseResolution": 192,
    "BodyPartExamined": "BRAIN",
    "CoilString": "HE1-4;NE1_2",
    "ConsistencyInfo": "N4_VE11C_LATEST_20160120",
    "ConversionSoftware": "dcm2niix",
    "ConversionSoftwareVersion": "v1.0.20190410  GCC6.3.0",
    "DeviceSerialNumber": "166048",
    "DwellTime": 1.24e-05,
    "EchoTime": 0.0022,
    "FlipAngle": 8,
    "ImageOrientationPatientDICOM": [
      0,
      1,
      0,
      0,
      0,
      -1
    ],
    "ImageType": [
      "ORIGINAL",
      "PRIMARY",
      "M",
      "ND",
      "NORM",
      "FM3",
      "2",
      "FIL"
    ],
    "ImagingFrequency": 123.246,
    "InPlanePhaseEncodingDirectionDICOM": "ROW",
    "InstitutionAddress": "North_13th_1701_Philadelphia_PA_US_19122",
    "InstitutionName": "Temple_University_-_Weiss_Hall",
    "InstitutionalDepartmentName": "Department",
    "InversionTime": 1.15,
    "MRAcquisitionType": "3D",
    "MagneticFieldStrength": 3,
    "Manufacturer": "Siemens",
    "ManufacturersModelName": "Prisma",
    "Modality": "MR",
    "PartialFourier": 1,
    "PatientPosition": "HFS",
    "PercentPhaseFOV": 100,
    "PhaseEncodingSteps": 211,
    "PhaseOversampling": 0.1,
    "PhaseResolution": 1,
    "PixelBandwidth": 210,
    "ProcedureStepDescription": "SMITH_SRNDNA",
    "ProtocolName": "T1w-anat_mpg_07sag_iso",
    "PulseSequenceDetails": "%SiemensSeq%_tfl",
    "ReceiveCoilActiveElements": "HE1-4;NE1,2",
    "ReceiveCoilName": "HeadNeck_20",
    "ReconMatrixPE": 192,
    "RefLinesPE": 32,
    "RepetitionTime": 2.4,
    "SAR": 0.0541371,
    "ScanOptions": "IR_WE",
    "ScanningSequence": "GR_IR",
    "SequenceName": "_tfl3d1_16ns",
    "SequenceVariant": "SK_SP_MP_OSP",
    "SeriesDescription": "T1w-anat_mpg_07sag_iso",
    "SeriesNumber": 6,
    "ShimSetting": [
      1442,
      -7453,
      6469,
      154,
      102,
      -204,
      -75,
      39
    ],
    "SliceThickness": 1,
    "SoftwareVersions": "syngo_MR_E11",
    "StationName": "AWP166048",
    "TxRefAmp": 278.861,
    "dataset": "ds003745",
    "modality": "T1w",
    "subject_id": "104"
  },
  "cjv": 0.3193461952400935,
  "cnr": 4.215696925700062,
  "efc": 0.6471548421079123,
  "fber": -1.0,
  "fwhm_avg": 4.080266666666667,
  "fwhm_x": 4.02527,
  "fwhm_y": 4.00157,
  "fwhm_z": 4.21396,
  "icvs_csf": 0.2114956351309018,
  "icvs_gm": 0.47045056710627037,
  "icvs_wm": 0.31805379776282783,
  "inu_med": 0.49966078996658325,
  "inu_range": 0.23737261295318596,
  "provenance": {
    "md5sum": "cf001d5de1dc27b197d8ebc71e367a2d",
    "settings": {
      "testing": false
    },
    "software": "mriqc",
    "version": "22.0.6",
    "warnings": {
      "large_rot_frame": true,
      "small_air_mask": false
    },
    "webapi_port": null,
    "webapi_url": "https://mriqc.nimh.nih.gov/api/v1"
  },
  "qi_1": 0.0,
  "qi_2": 0.007592962964243903,
  "rpve_csf": 15.314930620848292,
  "rpve_gm": 7.285793368991154,
  "rpve_wm": 11.777960775341423,
  "size_x": 192,
  "size_y": 192,
  "size_z": 192,
  "snr_csf": 2.480067584445549,
  "snr_gm": 13.156631725894076,
  "snr_total": 14.185222373166317,
  "snr_wm": 26.918967809159327,
  "snrd_csf": 33.965305339452165,
  "snrd_gm": 95.04350069609319,
  "snrd_total": 86.98621624011803,
  "snrd_wm": 131.94984268480871,
  "spacing_x": 1.0,
  "spacing_y": 1.0,
  "spacing_z": 1.0,
  "summary_bg_k": 11.644346248322105,
  "summary_bg_mad": 0.0,
  "summary_bg_mean": 2.6139374471689387,
  "summary_bg_median": 0.0,
  "summary_bg_n": 1573132.0,
  "summary_bg_p05": 0.0,
  "summary_bg_p95": 12.939422607421875,
  "summary_bg_stdv": 4.9652922437755995,
  "summary_csf_k": 0.6552942650372624,
  "summary_csf_mad": 99.06746105365457,
  "summary_csf_mean": 265.1267148876888,
  "summary_csf_median": 257.423747420311,
  "summary_csf_n": 36798.0,
  "summary_csf_p05": 114.9131925702095,
  "summary_csf_p95": 454.627371481061,
  "summary_csf_stdv": 103.79565912464251,
  "summary_gm_k": 0.09054040447460343,
  "summary_gm_mad": 54.51707860554743,
  "summary_gm_mean": 718.5326502010975,
  "summary_gm_median": 720.3366456627846,
  "summary_gm_n": 55949.0,
  "summary_gm_p05": 625.9698409438133,
  "summary_gm_p95": 805.2010619044304,
  "summary_gm_stdv": 54.75035124502633,
  "summary_wm_k": 0.7466452226378273,
  "summary_wm_mad": 34.808498985947466,
  "summary_wm_mean": 1000.4593533307697,
  "summary_wm_median": 1000.0505703091621,
  "summary_wm_n": 160225.0,
  "summary_wm_p05": 941.1660885214806,
  "summary_wm_p95": 1061.7655507922173,
  "summary_wm_stdv": 37.150289588539536,
  "tpm_overlap_csf": 0.16669536330217982,
  "tpm_overlap_gm": 0.48381244881040886,
  "tpm_overlap_wm": 0.5031727071795344,
  "wm2max": 0.8689082564432832
}