{
  "bids_meta": {
    "AcquisitionMatrixPE": 192,
    "AcquisitionNumber": 1,
    "AcquisitionTime": "13:24:30.290000",
    "BaseResolution": 192,
    "BodyPartExamined": "BRAIN",
    "CoilString": "HE1-4;NE1_2",
    "ConsistencyInfo": "N4_VE11C_LATEST_20160120",
    "ConversionSoftware": "dcm2niix",
    "ConversionSoftwareVersion": "v1.0.20190410  GCC6.3.0",
    "DeviceSerialNumber": "166048",
    "DwellTime": 1.24e-05,
    "EchoTime": 0.0022,
    "FlipAngle": 8,
    "ImageOrientationPatientDICOM": [
      0,
      1,
      0,
      0,
      0,
      -1
    ],
    "ImageType": [
      "ORIGINAL",
      "PRIMARY",
      "M",
      "ND",
      "NORM",
      "FM3",
      "2",
      "FIL"
    ],
    "ImagingFrequency": 123.246,
    "InPlanePhaseEncodingDirectionDICOM": "ROW",
    "InstitutionAddress": "North_13th_1701_Philadelphia_PA_US_19122",
    "InstitutionName": "Temple_University_-_Weiss_Hall",
    "InstitutionalDepartmentName": "Department",
    "InversionTime": 1.15,
    "MRAcquisitionType": "3D",
    "MagneticFieldStrength": 3,
    "Manufacturer": "Siemens",
    "ManufacturersModelName": "Prisma",
    "Modality": "MR",
    "PartialFourier": 1,
    "PatientPosition": "HFS",
    "PercentPhaseFOV": 100,
    "PhaseEncodingSteps": 211,
    "PhaseOversampling": 0.1,
    "PhaseResolution": 1,
    "PixelBandwidth": 210,
    "ProcedureStepDescription": "SMITH_SRNDNA",
    "ProtocolName": "T1w-anat_mpg_07sag_iso",
    "PulseSequenceDetails": "%SiemensSeq%_tfl",
    "ReceiveCoilActiveElements": "HE1-4;NE1,2",
    "ReceiveCoilName": "HeadNeck_20",
    "ReconMatrixPE": 192,
    "RefLinesPE": 32,
    "RepetitionTime": 2.4,
    "SAR": 0.0417689,
    "ScanOptions": "IR_WE",
    "ScanningSequence": "GR_IR",
    "SequenceName": "_tfl3d1_16ns",
    "SequenceVariant": "SK_SP_MP_OSP",
    "SeriesDescription": "T1w-anat_mpg_07sag_iso",
    "SeriesNumber": 5,
    "ShimSetting": [
      1407,
      -7453,
      6497,
      264,
      27,
      -353,
      -80,
      27
    ],
    "SliceThickness": 1,
    "SoftwareVersions": "syngo_MR_E11",
    "StationName": "AWP166048",
    "TxRefAmp": 245.267,
    "dataset": "ds003745",
    "modality": "T1w",
    "subject_id": "117"
  },
  "cjv": 0.31655140122100706,
  "cnr": 4.18331525215132,
  "efc": 0.6253014934676075,
  "fber": 43936.99707100591,
  "fwhm_avg": 3.9121633333333334,
  "fwhm_x": 3.8141,
  "fwhm_y": 3.95778,
  "fwhm_z": 3.96461,
  "icvs_csf": 0.19687598985431315,
  "icvs_gm": 0.46621829544382676,
  "icvs_wm": 0.3369057147018601,
  "inu_med": 0.43486306071281433,
  "inu_range": 0.17304022908210753,
  "provenance": {
    "md5sum": "c5dc648d60362efa92d858ecd98f1bb0",
    "settings": {
      "testing": false
    },
    "software": "mriqc",
    "version": "22.0.6",
    "warnings": {
      "large_rot_frame": true,
      "small_air_mask": false
    },
    "webapi_port": null,
    "webapi_url": "https://mriqc.nimh.nih.gov/api/v1"
  },
  "qi_1": 0.0,
  "qi_2": 0.006209961817401924,
  "rpve_csf": 16.35802734502771,
  "rpve_gm": 7.482397126696197,
  "rpve_wm": 11.703221968605774,
  "size_x": 192,
  "size_y": 192,
  "size_z": 192,
  "snr_csf": 2.408935496816651,
  "snr_gm": 11.451910112179169,
  "snr_total": 14.750567854838314,
  "snr_wm": 30.390857955519117,
  "snrd_csf": 36.905454773870034,
  "snrd_gm": 109.76042955799753,
  "snrd_total": 100.64824696129487,
  "snrd_wm": 155.278856552017,
  "spacing_x": 1.0,
  "spacing_y": 1.0,
  "spacing_z": 1.0,
  "summary_bg_k": 8.038931864027152,
  "summary_bg_mad": 0.0,
  "summary_bg_mean": 2.405158680682937,
  "summary_bg_median": 0.0,
  "summary_bg_n": 1510982.0,
  "summary_bg_p05": 0.0,
  "summary_bg_p95": 10.281563194468617,
  "summary_bg_stdv": 4.219355832895718,
  "summary_csf_k": 2.060070281107148,
  "summary_csf_mad": 83.39789798283742,
  "summary_csf_mean": 247.972844867425,
  "summary_csf_median": 237.686756324023,
  "summary_csf_n": 28443.0,
  "summary_csf_p05": 109.5920234952122,
  "summary_csf_p95": 436.03062881547953,
  "summary_csf_stdv": 98.66705783600102,
  "summary_gm_k": 0.08476916733836992,
  "summary_gm_mad": 61.034725776567626,
  "summary_gm_mean": 705.7996619208325,
  "summary_gm_median": 706.9036443047225,
  "summary_gm_n": 47556.0,
  "summary_gm_p05": 602.0306736170314,
  "summary_gm_p95": 805.3942474205978,
  "summary_gm_stdv": 61.72736294753085,
  "summary_wm_k": 0.7585206712049026,
  "summary_wm_mad": 31.76483235829342,
  "summary_wm_mean": 1000.9142066593082,
  "summary_wm_median": 1000.0615888815373,
  "summary_wm_n": 165904.0,
  "summary_wm_p05": 948.8795158136636,
  "summary_wm_p95": 1054.4245846942067,
  "summary_wm_stdv": 32.9065594779846,
  "tpm_overlap_csf": 0.15555089341605857,
  "tpm_overlap_gm": 0.47017280168617426,
  "tpm_overlap_wm": 0.4918632123811582,
  "wm2max": 0.8984328908554572
}