{
  "bids_meta": {
    "AcquisitionMatrixPE": 192,
    "AcquisitionNumber": 1,
    "AcquisitionTime": "13:20:27.550000",
    "BaseResolution": 192,
    "BodyPartExamined": "BRAIN",
    "CoilString": "HE1-4;NE1_2",
    "ConsistencyInfo": "N4_VE11C_LATEST_20160120",
    "ConversionSoftware": "dcm2niix",
    "ConversionSoftwareVersion": "v1.0.20190410  GCC6.3.0",
    "DeviceSerialNumber": "166048",
    "DwellTime": 3.5e-06,
    "EchoTime": 0.567,
    "EchoTrainLength": 314,
    "FlipAngle": 120,
    "ImageOrientationPatientDICOM": [
      0,
      1,
      0,
      0,
      0,
      -1
    ],
    "ImageType": [
      "ORIGINAL",
      "PRIMARY",
      "M",
      "ND",
      "NORM"
    ],
    "ImagingFrequency": 123.246,
    "InPlanePhaseEncodingDirectionDICOM": "ROW",
    "InstitutionAddress": "North_13th_1701_Philadelphia_PA_US_19122",
    "InstitutionName": "Temple_University_-_Weiss_Hall",
    "InstitutionalDepartmentName": "Department",
    "MRAcquisitionType": "3D",
    "MagneticFieldStrength": 3,
    "Manufacturer": "Siemens",
    "ManufacturersModelName": "Prisma",
    "Modality": "MR",
    "PartialFourier": 1,
    "PatientPosition": "HFS",
    "PercentPhaseFOV": 100,
    "PhaseEncodingSteps": 209,
    "PhaseOversampling": 0.1,
    "PhaseResolution": 1,
    "PixelBandwidth": 745,
    "ProcedureStepDescription": "SMITH_SRNDNA",
    "ProtocolName": "T2w-anat_spc_07sag_iso",
    "PulseSequenceDetails": "%SiemensSeq%_tse_vfl",
    "ReceiveCoilActiveElements": "HE1-4;NE1,2",
    "ReceiveCoilName": "HeadNeck_20",
    "ReconMatrixPE": 192,
    "RefLinesPE": 32,
    "RepetitionTime": 3.2,
    "SAR": 0.153429,
    "ScanOptions": "PFP",
    "ScanningSequence": "SE",
    "SequenceName": "_spc_314ns",
    "SequenceVariant": "SK_SP_OSP",
    "SeriesDescription": "T2w-anat_spc_07sag_iso",
    "SeriesNumber": 3,
    "ShimSetting": [
      1407,
      -7453,
      6497,
      264,
      27,
      -353,
      -80,
      27
    ],
    "SliceThickness": 1,
    "SoftwareVersions": "syngo_MR_E11",
    "StationName": "AWP166048",
    "TxRefAmp": 245.267,
    "dataset": "ds003745",
    "modality": "T2w",
    "subject_id": "117"
  },
  "cjv": 0.34140491478277374,
  "cnr": 1.9713998181207903,
  "efc": 0.6067757300432369,
  "fber": 5473.167830406813,
  "fwhm_avg": 2.4563166666666665,
  "fwhm_x": 2.3189,
  "fwhm_y": 2.75915,
  "fwhm_z": 2.2909,
  "icvs_csf": 0.34142370516021076,
  "icvs_gm": 0.5172471696891112,
  "icvs_wm": 0.14132912515067803,
  "inu_med": 0.9318803548812866,
  "inu_range": 0.23073793053627023,
  "provenance": {
    "md5sum": "7bc72f8503baae90e2e23a8dd1d59db5",
    "settings": {
      "testing": false
    },
    "software": "mriqc",
    "version": "22.0.6",
    "warnings": {
      "large_rot_frame": true,
      "small_air_mask": false
    },
    "webapi_port": null,
    "webapi_url": "https://mriqc.nimh.nih.gov/api/v1"
  },
  "qi_1": 0.0,
  "qi_2": 0.0010109282180445268,
  "rpve_csf": 9.149266141515781,
  "rpve_gm": 7.028394535236152,
  "rpve_wm": 28.041633710785813,
  "size_x": 192,
  "size_y": 192,
  "size_z": 192,
  "snr_csf": 9.482425523598264,
  "snr_gm": 9.250474465191594,
  "snr_total": 7.20596651448225,
  "snr_wm": 2.884999554656891,
  "snrd_csf": 76.59758364403974,
  "snrd_gm": 45.23168729539012,
  "snrd_total": 88.72222368295373,
  "snrd_wm": 144.33740010943131,
  "spacing_x": 1.0,
  "spacing_y": 1.0,
  "spacing_z": 1.0,
  "summary_bg_k": 5.4801985279950145,
  "summary_bg_mad": 0.0,
  "summary_bg_mean": 3.005425004619945,
  "summary_bg_median": 0.0,
  "summary_bg_n": 1516231.0,
  "summary_bg_p05": 0.0,
  "summary_bg_p95": 12.389723215252161,
  "summary_bg_stdv": 4.5402432954305185,
  "summary_csf_k": 1.3289351843340986,
  "summary_csf_mad": 51.600017011671,
  "summary_csf_mean": 534.6095404381508,
  "summary_csf_median": 530.8385636731982,
  "summary_csf_n": 26505.0,
  "summary_csf_p05": 451.6723040677607,
  "summary_csf_p95": 631.1933827929198,
  "summary_csf_stdv": 55.98024981321199,
  "summary_gm_k": 0.42780138919431954,
  "summary_gm_mad": 33.3172254688171,
  "summary_gm_mean": 313.4553579594008,
  "summary_gm_median": 313.46581411734223,
  "summary_gm_n": 193717.0,
  "summary_gm_p05": 258.39649975746875,
  "summary_gm_p95": 367.85262729227543,
  "summary_gm_stdv": 33.88637050066862,
  "summary_wm_k": 0.2191586041440159,
  "summary_wm_mad": 201.16820002655913,
  "summary_wm_mean": 851.2760936093667,
  "summary_wm_median": 1000.2907991781831,
  "summary_wm_n": 20775.0,
  "summary_wm_p05": 79.00726785212757,
  "summary_wm_p95": 1171.344597577676,
  "summary_wm_stdv": 346.7129562936682,
  "tpm_overlap_csf": 0.11568312881202965,
  "tpm_overlap_gm": 0.3308180399071047,
  "tpm_overlap_wm": 0.04314467371234905,
  "wm2max": 0.8705107791600469
}