{
  "aor": 0.0008956744186046512,
  "aqi": 0.00568538111627907,
  "bids_meta": {
    "AcquisitionMatrixPE": 74,
    "AcquisitionNumber": 1,
    "AcquisitionTime": "",
    "BandwidthPerPixelPhaseEncode": 27.579,
    "BaseResolution": 74,
    "BodyPartExamined": "BRAIN",
    "CogAtlasID": "doi:TODO",
    "CoilString": "HE1-4;NE1_2",
    "ConsistencyInfo": "N4_VE11C_LATEST_20160120",
    "ConversionSoftware": "dcm2niix",
    "ConversionSoftwareVersion": "v1.0.20190410  GCC6.3.0",
    "DerivedVendorReportedEchoSpacing": 0.000489993,
    "DeviceSerialNumber": "166048",
    "DwellTime": 2.9e-06,
    "EchoTime": 0.023,
    "EchoTrainLength": 74,
    "EffectiveEchoSpacing": 0.000489993,
    "FlipAngle": 76,
    "ImageOrientationPatientDICOM": [
      1,
      0,
      0,
      0,
      0.970716,
      -0.240228
    ],
    "ImageType": [
      "ORIGINAL",
      "PRIMARY",
      "M",
      "ND",
      "NORM",
      "MOSAIC"
    ],
    "ImagingFrequency": 123.246,
    "InPlanePhaseEncodingDirectionDICOM": "COL",
    "InstitutionAddress": "North_13th_1701_Philadelphia_PA_US_19122",
    "InstitutionName": "Temple_University_-_Weiss_Hall",
    "InstitutionalDepartmentName": "Department",
    "MRAcquisitionType": "2D",
    "MagneticFieldStrength": 3,
    "Manufacturer": "Siemens",
    "ManufacturersModelName": "Prisma",
    "Modality": "MR",
    "PartialFourier": 1,
    "PatientPosition": "HFS",
    "PercentPhaseFOV": 100,
    "PhaseEncodingDirection": "j-",
    "PhaseEncodingSteps": 74,
    "PhaseResolution": 1,
    "PixelBandwidth": 2330,
    "ProcedureStepDescription": "SMITH_SRNDNA",
    "ProtocolName": "func-bold_trust_run1",
    "PulseSequenceDetails": "%SiemensSeq%_ep2d_bold",
    "ReceiveCoilActiveElements": "HE1-4;NE1,2",
    "ReceiveCoilName": "HeadNeck_20",
    "ReconMatrixPE": 74,
    "RepetitionTime": 2.02,
    "SAR": 0.15136,
    "ScanOptions": "FS",
    "ScanningSequence": "EP",
    "SequenceName": "_epfid2d1_74",
    "SequenceVariant": "SK",
    "SeriesDescription": "func-bold_trust_run1",
    "SeriesNumber": 11,
    "ShimSetting": [
      1386,
      -7434,
      6596,
      194,
      7,
      82,
      66,
      -15
    ],
    "SliceThickness": 2.8,
    "SliceTiming": [
      1.945,
      1.8875,
      1.8325,
      1.7775,
      1.7225,
      1.6675,
      1.61,
      1.555,
      1.5,
      1.445,
      1.3875,
      1.3325,
      1.2775,
      1.2225,
      1.1675,
      1.11,
      1.055,
      1,
      0.945,
      0.8875,
      0.8325,
      0.7775,
      0.7225,
      0.6675,
      0.61,
      0.555,
      0.5,
      0.445,
      0.39,
      0.3325,
      0.2775,
      0.2225,
      0.1675,
      0.11,
      0.055,
      0
    ],
    "SoftwareVersions": "syngo_MR_E11",
    "SpacingBetweenSlices": 3.22,
    "StationName": "AWP166048",
    "TaskName": "trust",
    "TotalReadoutTime": 0.0357695,
    "TxRefAmp": 304.996,
    "dataset": "ds003745",
    "modality": "bold",
    "run_id": 2,
    "subject_id": "154",
    "task_id": "trust"
  },
  "dummy_trs": 2,
  "dvars_nstd": 33.522639497242984,
  "dvars_std": 1.4254945074299061,
  "dvars_vstd": 0.9958303117289723,
  "efc": 0.4944895495480394,
  "fber": 1547.2318115234375,
  "fd_mean": 0.1794541441593462,
  "fd_num": 67,
  "fd_perc": 31.162790697674417,
  "fwhm_avg": 1.844845206765602,
  "fwhm_x": 1.7869251528779864,
  "fwhm_y": 1.957377431516385,
  "fwhm_z": 1.7902330359024343,
  "gcor": 0.0107811,
  "gsr_x": -0.030089637264609337,
  "gsr_y": 0.023515472188591957,
  "provenance": {
    "md5sum": "f627a1156cd0e6dfa6375796762b8164",
    "settings": {
      "fd_thres": 0.2,
      "testing": false
    },
    "software": "mriqc",
    "version": "22.0.6",
    "webapi_port": null,
    "webapi_url": "https://mriqc.nimh.nih.gov/api/v1"
  },
  "size_t": 215,
  "size_x": 74,
  "size_y": 74,
  "size_z": 36,
  "snr": 5.939386576262219,
  "spacing_tr": 2.0199999809265137,
  "spacing_x": 2.972972869873047,
  "spacing_y": 2.972972869873047,
  "spacing_z": 3.2199997901916504,
  "summary_bg_k": 52.33269696759441,
  "summary_bg_mad": 6.233824721107935,
  "summary_bg_mean": 25.357593536376953,
  "summary_bg_median": 12.358139038085938,
  "summary_bg_n": 129371.0,
  "summary_bg_p05": 7.0790696144104,
  "summary_bg_p95": 76.66743850708008,
  "summary_bg_stdv": 41.77651596069336,
  "summary_fg_k": 2.4477038960362334,
  "summary_fg_mad": 75.26789772913631,
  "summary_fg_mean": 516.5841674804688,
  "summary_fg_median": 503.9162902832031,
  "summary_fg_n": 30739.0,
  "summary_fg_p05": 410.5060577392578,
  "summary_fg_p95": 666.9395263671871,
  "summary_fg_stdv": 84.8417739868164,
  "tsnr": 86.72109255613759
}