{
  "bids_meta": {
    "AcquisitionMatrixPE": 192,
    "AcquisitionNumber": 1,
    "AcquisitionTime": "13:10:25.280000",
    "BaseResolution": 192,
    "BodyPartExamined": "HEAD",
    "CoilString": "HE1-4;NE1_2",
    "ConsistencyInfo": "N4_VE11C_LATEST_20160120",
    "ConversionSoftware": "dcm2niix",
    "ConversionSoftwareVersion": "v1.0.20190410  GCC6.3.0",
    "DeviceSerialNumber": "166048",
    "DwellTime": 1.24e-05,
    "EchoTime": 0.0022,
    "FlipAngle": 8,
    "ImageOrientationPatientDICOM": [
      0,
      1,
      0,
      0,
      0,
      -1
    ],
    "ImageType": [
      "ORIGINAL",
      "PRIMARY",
      "M",
      "ND",
      "NORM",
      "FM3",
      "2",
      "FIL"
    ],
    "ImagingFrequency": 123.246,
    "InPlanePhaseEncodingDirectionDICOM": "ROW",
    "InstitutionAddress": "North_13th_1701_Philadelphia_PA_US_19122",
    "InstitutionName": "Temple_University_-_Weiss_Hall",
    "InstitutionalDepartmentName": "Department",
    "InversionTime": 1.15,
    "MRAcquisitionType": "3D",
    "MagneticFieldStrength": 3,
    "Manufacturer": "Siemens",
    "ManufacturersModelName": "Prisma",
    "Modality": "MR",
    "PartialFourier": 1,
    "PatientPosition": "HFS",
    "PercentPhaseFOV": 100,
    "PhaseEncodingSteps": 211,
    "PhaseOversampling": 0.1,
    "PhaseResolution": 1,
    "PixelBandwidth": 210,
    "ProcedureStepDescription": "SMITH_SRNDNA",
    "ProtocolName": "T1w-anat_mpg_07sag_iso",
    "PulseSequenceDetails": "%SiemensSeq%_tfl",
    "ReceiveCoilActiveElements": "HE1-4;NE1,2",
    "ReceiveCoilName": "HeadNeck_20",
    "ReconMatrixPE": 192,
    "RefLinesPE": 32,
    "RepetitionTime": 2.4,
    "SAR": 0.0492673,
    "ScanOptions": "IR_WE",
    "ScanningSequence": "GR_IR",
    "SequenceName": "_tfl3d1_16ns",
    "SequenceVariant": "SK_SP_MP_OSP",
    "SeriesDescription": "T1w-anat_mpg_07sag_iso",
    "SeriesNumber": 5,
    "ShimSetting": [
      1416,
      -7488,
      6535,
      88,
      84,
      -298,
      85,
      12
    ],
    "SliceThickness": 1,
    "SoftwareVersions": "syngo_MR_E11",
    "StationName": "AWP166048",
    "TxRefAmp": 301.681,
    "dataset": "ds003745",
    "modality": "T1w",
    "subject_id": "112"
  },
  "cjv": 0.3194430113762458,
  "cnr": 4.122162107689774,
  "efc": 0.6145101019534773,
  "fber": 32083.974400000003,
  "fwhm_avg": 4.016666666666667,
  "fwhm_x": 3.95166,
  "fwhm_y": 4.03184,
  "fwhm_z": 4.0665,
  "icvs_csf": 0.1838172649357007,
  "icvs_gm": 0.44640314482288035,
  "icvs_wm": 0.369779590241419,
  "inu_med": 0.3654174506664276,
  "inu_range": 0.13115447014570236,
  "provenance": {
    "md5sum": "d576997eedaae34df7cff14df816d042",
    "settings": {
      "testing": false
    },
    "software": "mriqc",
    "version": "22.0.6",
    "warnings": {
      "large_rot_frame": true,
      "small_air_mask": false
    },
    "webapi_port": null,
    "webapi_url": "https://mriqc.nimh.nih.gov/api/v1"
  },
  "qi_1": 0.0,
  "qi_2": 0.014876547275068383,
  "rpve_csf": 16.19078079967432,
  "rpve_gm": 7.240725083684833,
  "rpve_wm": 10.02828294265869,
  "size_x": 192,
  "size_y": 192,
  "size_z": 192,
  "snr_csf": 2.4801804741541456,
  "snr_gm": 12.853084163589108,
  "snr_total": 14.921942349828486,
  "snr_wm": 29.432562411742207,
  "snrd_csf": 37.97144498816061,
  "snrd_gm": 104.6866033895099,
  "snrd_total": 95.53607432441224,
  "snrd_wm": 143.9501745955662,
  "spacing_x": 1.0,
  "spacing_y": 1.0,
  "spacing_z": 1.0,
  "summary_bg_k": 14.472006453936597,
  "summary_bg_mad": 4.551325689642834,
  "summary_bg_mean": 3.800240141305944,
  "summary_bg_median": 3.0698225274682045,
  "summary_bg_n": 1925952.0,
  "summary_bg_p05": 0.0,
  "summary_bg_p95": 13.316678412258625,
  "summary_bg_stdv": 4.753696531226654,
  "summary_csf_k": 1.5708943126422055,
  "summary_csf_mad": 84.62326937432469,
  "summary_csf_mean": 275.78744319020257,
  "summary_csf_median": 263.7930254638195,
  "summary_csf_n": 23603.0,
  "summary_csf_p05": 119.11334830373526,
  "summary_csf_p95": 477.57334915772066,
  "summary_csf_stdv": 106.35816225013329,
  "summary_gm_k": 0.22109211435674903,
  "summary_gm_mad": 54.64729672874603,
  "summary_gm_mean": 726.29090961743,
  "summary_gm_median": 727.2727135419846,
  "summary_gm_n": 37562.0,
  "summary_gm_p05": 631.0708268880844,
  "summary_gm_p95": 817.1020720526576,
  "summary_gm_stdv": 56.58276435893304,
  "summary_wm_k": 0.837689159010468,
  "summary_wm_mad": 32.48704888814023,
  "summary_wm_mean": 1000.6291517762972,
  "summary_wm_median": 1000.042323499918,
  "summary_wm_n": 217588.0,
  "summary_wm_p05": 946.8602946102619,
  "summary_wm_p95": 1056.357688486576,
  "summary_wm_stdv": 33.977334745418275,
  "tpm_overlap_csf": 0.16056550174760936,
  "tpm_overlap_gm": 0.46210012287040225,
  "tpm_overlap_wm": 0.5094733908265284,
  "wm2max": 0.8924398642926886
}