{
  "bids_meta": {
    "AcquisitionMatrixPE": 192,
    "AcquisitionNumber": 1,
    "AcquisitionTime": "13:06:22.540000",
    "BaseResolution": 192,
    "BodyPartExamined": "HEAD",
    "CoilString": "HE1-4;NE1_2",
    "ConsistencyInfo": "N4_VE11C_LATEST_20160120",
    "ConversionSoftware": "dcm2niix",
    "ConversionSoftwareVersion": "v1.0.20190410  GCC6.3.0",
    "DeviceSerialNumber": "166048",
    "DwellTime": 3.5e-06,
    "EchoTime": 0.567,
    "EchoTrainLength": 314,
    "FlipAngle": 120,
    "ImageOrientationPatientDICOM": [
      0,
      1,
      0,
      0,
      0,
      -1
    ],
    "ImageType": [
      "ORIGINAL",
      "PRIMARY",
      "M",
      "ND",
      "NORM"
    ],
    "ImagingFrequency": 123.246,
    "InPlanePhaseEncodingDirectionDICOM": "ROW",
    "InstitutionAddress": "North_13th_1701_Philadelphia_PA_US_19122",
    "InstitutionName": "Temple_University_-_Weiss_Hall",
    "InstitutionalDepartmentName": "Department",
    "MRAcquisitionType": "3D",
    "MagneticFieldStrength": 3,
    "Manufacturer": "Siemens",
    "ManufacturersModelName": "Prisma",
    "Modality": "MR",
    "PartialFourier": 1,
    "PatientPosition": "HFS",
    "PercentPhaseFOV": 100,
    "PhaseEncodingSteps": 209,
    "PhaseOversampling": 0.1,
    "PhaseResolution": 1,
    "PixelBandwidth": 745,
    "ProcedureStepDescription": "SMITH_SRNDNA",
    "ProtocolName": "T2w-anat_spc_07sag_iso",
    "PulseSequenceDetails": "%SiemensSeq%_tse_vfl",
    "ReceiveCoilActiveElements": "HE1-4;NE1,2",
    "ReceiveCoilName": "HeadNeck_20",
    "ReconMatrixPE": 192,
    "RefLinesPE": 32,
    "RepetitionTime": 3.2,
    "SAR": 0.180973,
    "ScanOptions": "PFP",
    "ScanningSequence": "SE",
    "SequenceName": "_spc_314ns",
    "SequenceVariant": "SK_SP_OSP",
    "SeriesDescription": "T2w-anat_spc_07sag_iso",
    "SeriesNumber": 3,
    "ShimSetting": [
      1416,
      -7488,
      6535,
      88,
      84,
      -298,
      85,
      12
    ],
    "SliceThickness": 1,
    "SoftwareVersions": "syngo_MR_E11",
    "StationName": "AWP166048",
    "TxRefAmp": 301.681,
    "dataset": "ds003745",
    "modality": "T2w",
    "subject_id": "112"
  },
  "cjv": 0.37247969599064024,
  "cnr": 1.9876639634206326,
  "efc": 0.5958886224631772,
  "fber": -1.0,
  "fwhm_avg": 2.527756666666667,
  "fwhm_x": 2.43874,
  "fwhm_y": 2.81496,
  "fwhm_z": 2.32957,
  "icvs_csf": 0.34663532991016255,
  "icvs_gm": 0.5134938268005667,
  "icvs_wm": 0.1398708432892708,
  "inu_med": 0.9689872562885284,
  "inu_range": 0.26477548778057103,
  "provenance": {
    "md5sum": "a2304835ab3174a1a64c5e926a44d445",
    "settings": {
      "testing": false
    },
    "software": "mriqc",
    "version": "22.0.6",
    "warnings": {
      "large_rot_frame": true,
      "small_air_mask": false
    },
    "webapi_port": null,
    "webapi_url": "https://mriqc.nimh.nih.gov/api/v1"
  },
  "qi_1": 0.0,
  "qi_2": 0.003539337192069153,
  "rpve_csf": 8.437623275365432,
  "rpve_gm": 6.8539991171795664,
  "rpve_wm": 25.034459046454767,
  "size_x": 192,
  "size_y": 192,
  "size_z": 192,
  "snr_csf": 10.196808567758575,
  "snr_gm": 9.847692341885182,
  "snr_total": 7.619210122910787,
  "snr_wm": 2.813129459088606,
  "snrd_csf": 105.63646762692792,
  "snrd_gm": 65.67700867177845,
  "snrd_total": 132.33892568566634,
  "snrd_wm": 225.70330075829256,
  "spacing_x": 1.0,
  "spacing_y": 1.0,
  "spacing_z": 1.0,
  "summary_bg_k": 3.2193109823494135,
  "summary_bg_mad": 0.0,
  "summary_bg_mean": 1.964460704492679,
  "summary_bg_median": 0.0,
  "summary_bg_n": 1918769.0,
  "summary_bg_p05": 0.0,
  "summary_bg_p95": 7.9926040805876255,
  "summary_bg_stdv": 2.902904080909986,
  "summary_csf_k": 1.1719307405858883,
  "summary_csf_mad": 43.110470999918796,
  "summary_csf_mean": 469.82237259043404,
  "summary_csf_median": 468.0743322568014,
  "summary_csf_n": 27644.0,
  "summary_csf_p05": 400.34894193364306,
  "summary_csf_p95": 547.2885938933118,
  "summary_csf_stdv": 45.903172836788364,
  "summary_gm_k": 0.06426425794496415,
  "summary_gm_mad": 29.889926559943696,
  "summary_gm_mean": 290.64740649459253,
  "summary_gm_median": 291.014293352142,
  "summary_gm_n": 206621.0,
  "summary_gm_p05": 242.00491758435965,
  "summary_gm_p95": 338.13486964814365,
  "summary_gm_stdv": 29.55145012919147,
  "summary_wm_k": 0.413041043709367,
  "summary_wm_mad": 234.22618978827674,
  "summary_wm_mean": 866.9717703397956,
  "summary_wm_median": 1000.0894971583039,
  "summary_wm_n": 22809.0,
  "summary_wm_p05": 45.39878646172584,
  "summary_wm_p95": 1187.5697445172816,
  "summary_wm_stdv": 355.5000181572372,
  "tpm_overlap_csf": 0.11380443546643704,
  "tpm_overlap_gm": 0.32161045938871763,
  "tpm_overlap_wm": 0.037410476425738685,
  "wm2max": 0.8514184717895765
}