{
  "bids_meta": {
    "AcquisitionMatrixPE": 192,
    "AcquisitionNumber": 1,
    "AcquisitionTime": "14:53:11.290000",
    "BaseResolution": 192,
    "BodyPartExamined": "BRAIN",
    "CoilString": "HE1-4;NE1_2",
    "ConsistencyInfo": "N4_VE11C_LATEST_20160120",
    "ConversionSoftware": "dcm2niix",
    "ConversionSoftwareVersion": "v1.0.20190410  GCC6.3.0",
    "DeviceSerialNumber": "166048",
    "DwellTime": 1.24e-05,
    "EchoTime": 0.0022,
    "FlipAngle": 8,
    "ImageOrientationPatientDICOM": [
      0,
      1,
      0,
      0,
      0,
      -1
    ],
    "ImageType": [
      "ORIGINAL",
      "PRIMARY",
      "M",
      "ND",
      "NORM",
      "FM3",
      "2",
      "FIL"
    ],
    "ImagingFrequency": 123.246,
    "InPlanePhaseEncodingDirectionDICOM": "ROW",
    "InstitutionAddress": "North_13th_1701_Philadelphia_PA_US_19122",
    "InstitutionName": "Temple_University_-_Weiss_Hall",
    "InstitutionalDepartmentName": "Department",
    "InversionTime": 1.15,
    "MRAcquisitionType": "3D",
    "MagneticFieldStrength": 3,
    "Manufacturer": "Siemens",
    "ManufacturersModelName": "Prisma",
    "Modality": "MR",
    "PartialFourier": 1,
    "PatientPosition": "HFS",
    "PercentPhaseFOV": 100,
    "PhaseEncodingSteps": 211,
    "PhaseOversampling": 0.1,
    "PhaseResolution": 1,
    "PixelBandwidth": 210,
    "ProcedureStepDescription": "SMITH_SRNDNA",
    "ProtocolName": "T1w-anat_mpg_07sag_iso",
    "PulseSequenceDetails": "%SiemensSeq%_tfl",
    "ReceiveCoilActiveElements": "HE1-4;NE1,2",
    "ReceiveCoilName": "HeadNeck_20",
    "ReconMatrixPE": 192,
    "RefLinesPE": 32,
    "RepetitionTime": 2.4,
    "SAR": 0.0456964,
    "ScanOptions": "IR_WE",
    "ScanningSequence": "GR_IR",
    "SequenceName": "_tfl3d1_16ns",
    "SequenceVariant": "SK_SP_MP_OSP",
    "SeriesDescription": "T1w-anat_mpg_07sag_iso",
    "SeriesNumber": 5,
    "ShimSetting": [
      1440,
      -7408,
      6486,
      206,
      10,
      -120,
      -20,
      9
    ],
    "SliceThickness": 1,
    "SoftwareVersions": "syngo_MR_E11",
    "StationName": "AWP166048",
    "TxRefAmp": 247.916,
    "dataset": "ds003745",
    "modality": "T1w",
    "subject_id": "126"
  },
  "cjv": 0.3037703323001698,
  "cnr": 4.303184036220605,
  "efc": 0.6101870028351086,
  "fber": -1.0,
  "fwhm_avg": 4.066333333333334,
  "fwhm_x": 4.05506,
  "fwhm_y": 3.94547,
  "fwhm_z": 4.19847,
  "icvs_csf": 0.2067344118697442,
  "icvs_gm": 0.4593513806262547,
  "icvs_wm": 0.3339142075040011,
  "inu_med": 0.45493969321250916,
  "inu_range": 0.18666366338729862,
  "provenance": {
    "md5sum": "2294c5b82323082ea268f0e724b9291f",
    "settings": {
      "testing": false
    },
    "software": "mriqc",
    "version": "22.0.6",
    "warnings": {
      "large_rot_frame": true,
      "small_air_mask": false
    },
    "webapi_port": null,
    "webapi_url": "https://mriqc.nimh.nih.gov/api/v1"
  },
  "qi_1": 2.3017509901543938e-05,
  "qi_2": 0.0059050632869732216,
  "rpve_csf": 14.842623044736596,
  "rpve_gm": 7.149468695543488,
  "rpve_wm": 11.187225021487064,
  "size_x": 192,
  "size_y": 192,
  "size_z": 192,
  "snr_csf": 2.4871846325706533,
  "snr_gm": 11.693904445462854,
  "snr_total": 15.09744744087432,
  "snr_wm": 31.111253244589445,
  "snrd_csf": 34.4349257566604,
  "snrd_gm": 104.64881766144137,
  "snrd_total": 95.81989778693288,
  "snrd_wm": 148.3759499426969,
  "spacing_x": 1.0,
  "spacing_y": 1.0,
  "spacing_z": 1.0,
  "summary_bg_k": 11.844860429010147,
  "summary_bg_mad": 0.0,
  "summary_bg_mean": 2.3742403428458254,
  "summary_bg_median": 0.0,
  "summary_bg_n": 1679515.0,
  "summary_bg_p05": 0.0,
  "summary_bg_p95": 10.437897535040975,
  "summary_bg_stdv": 4.415472210981814,
  "summary_csf_k": 1.3267550292887869,
  "summary_csf_mad": 81.92420337808711,
  "summary_csf_mean": 241.98653473389712,
  "summary_csf_median": 232.0836664941162,
  "summary_csf_n": 38929.0,
  "summary_csf_p05": 109.96644160486758,
  "summary_csf_p95": 422.5927959423512,
  "summary_csf_stdv": 93.31059808647633,
  "summary_gm_k": 0.17138714851292924,
  "summary_gm_mad": 59.30653023980002,
  "summary_gm_mean": 704.2790361650892,
  "summary_gm_median": 705.3095298875123,
  "summary_gm_n": 54364.0,
  "summary_gm_p05": 603.2775374148041,
  "summary_gm_p95": 800.853349957522,
  "summary_gm_stdv": 60.313734068022505,
  "summary_wm_k": 0.6591421335470726,
  "summary_wm_mad": 30.217943868966557,
  "summary_wm_mean": 1000.6295396341679,
  "summary_wm_median": 1000.0205815918744,
  "summary_wm_n": 186615.0,
  "summary_wm_p05": 949.0457604937255,
  "summary_wm_p95": 1053.1776850149035,
  "summary_wm_stdv": 32.143285722314296,
  "tpm_overlap_csf": 0.17114346261149035,
  "tpm_overlap_gm": 0.4767064341686602,
  "tpm_overlap_wm": 0.5026896577287271,
  "wm2max": 0.8965631806268227
}