{
  "bids_meta": {
    "AcquisitionMatrixPE": 192,
    "AcquisitionNumber": 1,
    "AcquisitionTime": "14:49:8.560000",
    "BaseResolution": 192,
    "BodyPartExamined": "BRAIN",
    "CoilString": "HE1-4;NE1_2",
    "ConsistencyInfo": "N4_VE11C_LATEST_20160120",
    "ConversionSoftware": "dcm2niix",
    "ConversionSoftwareVersion": "v1.0.20190410  GCC6.3.0",
    "DeviceSerialNumber": "166048",
    "DwellTime": 3.5e-06,
    "EchoTime": 0.567,
    "EchoTrainLength": 314,
    "FlipAngle": 120,
    "ImageOrientationPatientDICOM": [
      0,
      1,
      0,
      0,
      0,
      -1
    ],
    "ImageType": [
      "ORIGINAL",
      "PRIMARY",
      "M",
      "ND",
      "NORM"
    ],
    "ImagingFrequency": 123.246,
    "InPlanePhaseEncodingDirectionDICOM": "ROW",
    "InstitutionAddress": "North_13th_1701_Philadelphia_PA_US_19122",
    "InstitutionName": "Temple_University_-_Weiss_Hall",
    "InstitutionalDepartmentName": "Department",
    "MRAcquisitionType": "3D",
    "MagneticFieldStrength": 3,
    "Manufacturer": "Siemens",
    "ManufacturersModelName": "Prisma",
    "Modality": "MR",
    "PartialFourier": 1,
    "PatientPosition": "HFS",
    "PercentPhaseFOV": 100,
    "PhaseEncodingSteps": 209,
    "PhaseOversampling": 0.1,
    "PhaseResolution": 1,
    "PixelBandwidth": 745,
    "ProcedureStepDescription": "SMITH_SRNDNA",
    "ProtocolName": "T2w-anat_spc_07sag_iso",
    "PulseSequenceDetails": "%SiemensSeq%_tse_vfl",
    "ReceiveCoilActiveElements": "HE1-4;NE1,2",
    "ReceiveCoilName": "HeadNeck_20",
    "ReconMatrixPE": 192,
    "RefLinesPE": 32,
    "RepetitionTime": 3.2,
    "SAR": 0.167856,
    "ScanOptions": "PFP",
    "ScanningSequence": "SE",
    "SequenceName": "_spc_314ns",
    "SequenceVariant": "SK_SP_OSP",
    "SeriesDescription": "T2w-anat_spc_07sag_iso",
    "SeriesNumber": 3,
    "ShimSetting": [
      1440,
      -7408,
      6486,
      206,
      10,
      -120,
      -20,
      9
    ],
    "SliceThickness": 1,
    "SoftwareVersions": "syngo_MR_E11",
    "StationName": "AWP166048",
    "TxRefAmp": 247.916,
    "dataset": "ds003745",
    "modality": "T2w",
    "subject_id": "126"
  },
  "cjv": 0.3232925629697505,
  "cnr": 2.2442103464647043,
  "efc": 0.5660336714510468,
  "fber": -1.0,
  "fwhm_avg": 2.5909999999999997,
  "fwhm_x": 2.47714,
  "fwhm_y": 2.84163,
  "fwhm_z": 2.45423,
  "icvs_csf": 0.3293102390170467,
  "icvs_gm": 0.13372383134477756,
  "icvs_wm": 0.5369659296381757,
  "inu_med": 0.9382517039775848,
  "inu_range": 0.22868427336215957,
  "provenance": {
    "md5sum": "dd525c13c97ecb54700c1f1327cf94ce",
    "settings": {
      "testing": false
    },
    "software": "mriqc",
    "version": "22.0.6",
    "warnings": {
      "large_rot_frame": true,
      "small_air_mask": false
    },
    "webapi_port": null,
    "webapi_url": "https://mriqc.nimh.nih.gov/api/v1"
  },
  "qi_1": 0.0,
  "qi_2": 0.0018019323535846958,
  "rpve_csf": 8.644226690740108,
  "rpve_gm": 27.84109659337623,
  "rpve_wm": 6.589269390739979,
  "size_x": 192,
  "size_y": 192,
  "size_z": 192,
  "snr_csf": 8.873319579274451,
  "snr_gm": 3.142046594524416,
  "snr_total": 7.105496935908107,
  "snr_wm": 9.301124633925452,
  "snrd_csf": 81.45577510428927,
  "snrd_gm": 163.20294569867144,
  "snrd_total": 96.91916244522001,
  "snrd_wm": 46.09876653269933,
  "spacing_x": 1.0,
  "spacing_y": 1.0,
  "spacing_z": 1.0,
  "summary_bg_k": 787.899052163656,
  "summary_bg_mad": 0.0,
  "summary_bg_mean": 5.66230304959887,
  "summary_bg_median": 0.0,
  "summary_bg_n": 1666899.0,
  "summary_bg_p05": 0.0,
  "summary_bg_p95": 27.750048838555813,
  "summary_bg_stdv": 14.213472909359812,
  "summary_csf_k": 1.724456918542291,
  "summary_csf_mad": 175.81666675668274,
  "summary_csf_mean": 1782.5402238741517,
  "summary_csf_median": 1767.2189375460148,
  "summary_csf_n": 29595.0,
  "summary_csf_p05": 1496.7790730975569,
  "summary_csf_p95": 2137.7253450125454,
  "summary_csf_stdv": 199.1576055377115,
  "summary_gm_k": 1.1033574678649316,
  "summary_gm_mad": 720.9272637435919,
  "summary_gm_mean": 3116.93402976154,
  "summary_gm_median": 3540.7598286643624,
  "summary_gm_n": 24104.0,
  "summary_gm_p05": 280.0991440381855,
  "summary_gm_p95": 4085.7787734791636,
  "summary_gm_stdv": 1126.8726525303086,
  "summary_wm_k": 0.9082214315846193,
  "summary_wm_mad": 100.43847741767847,
  "summary_wm_mean": 1001.4607020794506,
  "summary_wm_median": 1000.1330551430583,
  "summary_wm_n": 242797.0,
  "summary_wm_p05": 830.8244837880135,
  "summary_wm_p95": 1179.4103490784764,
  "summary_wm_stdv": 107.52796407925558,
  "tpm_overlap_csf": 0.11358624233910314,
  "tpm_overlap_gm": 0.07864240377856552,
  "tpm_overlap_wm": 0.45142753561884424,
  "wm2max": 0.24650636399422649
}