{
  "bids_meta": {
    "AcquisitionMatrixPE": 192,
    "AcquisitionNumber": 1,
    "AcquisitionTime": "14:44:56.552500",
    "BaseResolution": 192,
    "BodyPartExamined": "BRAIN",
    "CoilString": "HE1-4;NE1_2",
    "ConsistencyInfo": "N4_VE11C_LATEST_20160120",
    "ConversionSoftware": "dcm2niix",
    "ConversionSoftwareVersion": "v1.0.20190410  GCC6.3.0",
    "DeviceSerialNumber": "166048",
    "DwellTime": 3.5e-06,
    "EchoTime": 0.567,
    "EchoTrainLength": 314,
    "FlipAngle": 120,
    "ImageOrientationPatientDICOM": [
      0,
      1,
      0,
      0,
      0,
      -1
    ],
    "ImageType": [
      "ORIGINAL",
      "PRIMARY",
      "M",
      "ND",
      "NORM"
    ],
    "ImagingFrequency": 123.246,
    "InPlanePhaseEncodingDirectionDICOM": "ROW",
    "InstitutionAddress": "North_13th_1701_Philadelphia_PA_US_19122",
    "InstitutionName": "Temple_University_-_Weiss_Hall",
    "InstitutionalDepartmentName": "Department",
    "MRAcquisitionType": "3D",
    "MagneticFieldStrength": 3,
    "Manufacturer": "Siemens",
    "ManufacturersModelName": "Prisma",
    "Modality": "MR",
    "PartialFourier": 1,
    "PatientPosition": "HFS",
    "PercentPhaseFOV": 100,
    "PhaseEncodingSteps": 209,
    "PhaseOversampling": 0.1,
    "PhaseResolution": 1,
    "PixelBandwidth": 745,
    "ProcedureStepDescription": "SMITH_SRNDNA",
    "ProtocolName": "T2w-anat_spc_07sag_iso",
    "PulseSequenceDetails": "%SiemensSeq%_tse_vfl",
    "ReceiveCoilActiveElements": "HE1-4;NE1,2",
    "ReceiveCoilName": "HeadNeck_20",
    "ReconMatrixPE": 192,
    "RefLinesPE": 32,
    "RepetitionTime": 3.2,
    "SAR": 0.189949,
    "ScanOptions": "PFP",
    "ScanningSequence": "SE",
    "SequenceName": "_spc_314ns",
    "SequenceVariant": "SK_SP_OSP",
    "SeriesDescription": "T2w-anat_spc_07sag_iso",
    "SeriesNumber": 3,
    "ShimSetting": [
      1406,
      -7407,
      6453,
      120,
      56,
      -300,
      118,
      5
    ],
    "SliceThickness": 1,
    "SoftwareVersions": "syngo_MR_E11",
    "StationName": "AWP166048",
    "TxRefAmp": 288.874,
    "dataset": "ds003745",
    "modality": "T2w",
    "subject_id": "151"
  },
  "cjv": 0.5061712067297193,
  "cnr": 2.5718471874334274,
  "efc": 0.6270767169964622,
  "fber": 775.769085872576,
  "fwhm_avg": 2.90409,
  "fwhm_x": 2.70998,
  "fwhm_y": 3.14986,
  "fwhm_z": 2.85243,
  "icvs_csf": 0.27534288140006735,
  "icvs_gm": 0.6579049266493694,
  "icvs_wm": 0.06675219195056328,
  "inu_med": 0.9684699773788452,
  "inu_range": 0.5023342967033386,
  "provenance": {
    "md5sum": "9c5644962130090b7b7dde27f907705e",
    "settings": {
      "testing": false
    },
    "software": "mriqc",
    "version": "22.0.6",
    "warnings": {
      "large_rot_frame": true,
      "small_air_mask": false
    },
    "webapi_port": null,
    "webapi_url": "https://mriqc.nimh.nih.gov/api/v1"
  },
  "qi_1": 0.0,
  "qi_2": 0.000386651690464517,
  "rpve_csf": 11.041816289274946,
  "rpve_gm": 6.10763372712418,
  "rpve_wm": 49.30621512774258,
  "size_x": 192,
  "size_y": 192,
  "size_z": 192,
  "snr_csf": 4.612009873620625,
  "snr_gm": 6.45320707194542,
  "snr_total": 4.162791361677683,
  "snr_wm": 1.4231571394670042,
  "snrd_csf": 85.31820013343732,
  "snrd_gm": 28.56147816945013,
  "snrd_total": 40.8705554718563,
  "snrd_wm": 8.731988112681465,
  "spacing_x": 1.0,
  "spacing_y": 1.0,
  "spacing_z": 1.0,
  "summary_bg_k": 11.575595343430471,
  "summary_bg_mad": 75.18225025285909,
  "summary_bg_mean": 122.87635622090804,
  "summary_bg_median": 50.709657192230225,
  "summary_bg_n": 1154612.0,
  "summary_bg_p05": 0.0,
  "summary_bg_p95": 447.567843914032,
  "summary_bg_stdv": 171.39255299148004,
  "summary_csf_k": -0.14320578077945711,
  "summary_csf_mad": 2159.8552980250715,
  "summary_csf_mean": 10097.291834993113,
  "summary_csf_median": 9790.959979563951,
  "summary_csf_n": 70660.0,
  "summary_csf_p05": 6699.186668634415,
  "summary_csf_p95": 13340.222589075565,
  "summary_csf_stdv": 2122.911911599241,
  "summary_gm_k": 0.05339746624773056,
  "summary_gm_mad": 505.0285940898578,
  "summary_gm_mean": 3301.4142768109073,
  "summary_gm_median": 3277.6627879738808,
  "summary_gm_n": 307530.0,
  "summary_gm_p05": 2506.54528349638,
  "summary_gm_p95": 4174.176455616951,
  "summary_gm_stdv": 507.91140318520144,
  "summary_wm_k": 4.266092965551554,
  "summary_wm_mad": 646.8125116862823,
  "summary_wm_mean": 1127.8790735228806,
  "summary_wm_median": 1002.0669214725494,
  "summary_wm_n": 2071.0,
  "summary_wm_p05": 242.24885147809982,
  "summary_wm_p95": 2359.5148372352123,
  "summary_wm_stdv": 703.9454296381238,
  "tpm_overlap_csf": 0.16182445516158894,
  "tpm_overlap_gm": 0.40854810796352414,
  "tpm_overlap_wm": 0.044136770144753465,
  "wm2max": 0.07443041084112914
}