{
  "bids_meta": {
    "AcquisitionMatrixPE": 192,
    "AcquisitionNumber": 1,
    "AcquisitionTime": "17:23:57.062500",
    "BaseResolution": 192,
    "BodyPartExamined": "BRAIN",
    "CoilString": "HE1-4;NE1_2",
    "ConsistencyInfo": "N4_VE11C_LATEST_20160120",
    "ConversionSoftware": "dcm2niix",
    "ConversionSoftwareVersion": "v1.0.20190410  GCC6.3.0",
    "DeviceSerialNumber": "166048",
    "DwellTime": 1.24e-05,
    "EchoTime": 0.0022,
    "FlipAngle": 8,
    "ImageOrientationPatientDICOM": [
      0.00174528,
      0.999998,
      0,
      0,
      0,
      -1
    ],
    "ImageType": [
      "ORIGINAL",
      "PRIMARY",
      "M",
      "ND",
      "NORM",
      "FM3",
      "2",
      "FIL"
    ],
    "ImagingFrequency": 123.246,
    "InPlanePhaseEncodingDirectionDICOM": "ROW",
    "InstitutionAddress": "North_13th_1701_Philadelphia_PA_US_19122",
    "InstitutionName": "Temple_University_-_Weiss_Hall",
    "InstitutionalDepartmentName": "Department",
    "InversionTime": 1.15,
    "MRAcquisitionType": "3D",
    "MagneticFieldStrength": 3,
    "Manufacturer": "Siemens",
    "ManufacturersModelName": "Prisma",
    "Modality": "MR",
    "PartialFourier": 1,
    "PatientPosition": "HFS",
    "PercentPhaseFOV": 100,
    "PhaseEncodingSteps": 211,
    "PhaseOversampling": 0.1,
    "PhaseResolution": 1,
    "PixelBandwidth": 210,
    "ProcedureStepDescription": "SMITH_SRNDNA",
    "ProtocolName": "T1w-anat_mpg_07sag_iso",
    "PulseSequenceDetails": "%SiemensSeq%_tfl",
    "ReceiveCoilActiveElements": "HE1-4;NE1,2",
    "ReceiveCoilName": "HeadNeck_20",
    "ReconMatrixPE": 192,
    "RefLinesPE": 32,
    "RepetitionTime": 2.4,
    "SAR": 0.0439024,
    "ScanOptions": "IR_WE",
    "ScanningSequence": "GR_IR",
    "SequenceName": "_tfl3d1_16ns",
    "SequenceVariant": "SK_SP_MP_OSP",
    "SeriesDescription": "T1w-anat_mpg_07sag_iso",
    "SeriesNumber": 5,
    "ShimSetting": [
      1417,
      -7427,
      6466,
      116,
      -93,
      -235,
      -57,
      131
    ],
    "SliceThickness": 1,
    "SoftwareVersions": "syngo_MR_E11",
    "StationName": "AWP166048",
    "TxRefAmp": 247.797,
    "dataset": "ds003745",
    "modality": "T1w",
    "subject_id": "133"
  },
  "cjv": 0.3929591139662215,
  "cnr": 3.3696812818406126,
  "efc": 0.6088013352859418,
  "fber": 24307.318800369932,
  "fwhm_avg": 3.893096666666666,
  "fwhm_x": 3.81601,
  "fwhm_y": 3.89924,
  "fwhm_z": 3.96404,
  "icvs_csf": 0.26866886744909585,
  "icvs_gm": 0.380769731354302,
  "icvs_wm": 0.3505614011966022,
  "inu_med": 0.40512940287590027,
  "inu_range": 0.10449019819498062,
  "provenance": {
    "md5sum": "9faa7646b29e727b2583e111ea09a163",
    "settings": {
      "testing": false
    },
    "software": "mriqc",
    "version": "22.0.6",
    "warnings": {
      "large_rot_frame": true,
      "small_air_mask": false
    },
    "webapi_port": null,
    "webapi_url": "https://mriqc.nimh.nih.gov/api/v1"
  },
  "qi_1": 0.0,
  "qi_2": 0.004240054775924308,
  "rpve_csf": 14.546423291891937,
  "rpve_gm": 9.6058337403374,
  "rpve_wm": 12.653176599214826,
  "size_x": 192,
  "size_y": 192,
  "size_z": 192,
  "snr_csf": 2.569318508542461,
  "snr_gm": 11.44570748367042,
  "snr_total": 13.812816881005,
  "snr_wm": 27.42342465080212,
  "snrd_csf": 21.520488235163434,
  "snrd_gm": 66.59726539313809,
  "snrd_total": 59.094330153125185,
  "snrd_wm": 89.16523683107404,
  "spacing_x": 1.0,
  "spacing_y": 1.0,
  "spacing_z": 1.0,
  "summary_bg_k": 12.804019213855879,
  "summary_bg_mad": 0.0,
  "summary_bg_mean": 4.571865246054441,
  "summary_bg_median": 0.0,
  "summary_bg_n": 1430455.0,
  "summary_bg_p05": 0.0,
  "summary_bg_p95": 19.215670712292194,
  "summary_bg_stdv": 7.347716268583605,
  "summary_csf_k": 1.5285630292860368,
  "summary_csf_mad": 77.02891085617964,
  "summary_csf_mean": 253.9438406419537,
  "summary_csf_median": 241.36415182147175,
  "summary_csf_n": 56726.0,
  "summary_csf_p05": 124.21024502255023,
  "summary_csf_p95": 437.0163165545091,
  "summary_csf_stdv": 93.94009483584662,
  "summary_gm_k": 0.09207979416705792,
  "summary_gm_mad": 64.5718159003053,
  "summary_gm_mean": 742.3431781366884,
  "summary_gm_median": 746.9250836502761,
  "summary_gm_n": 20783.0,
  "summary_gm_p05": 628.9393700938672,
  "summary_gm_p95": 842.1192920515313,
  "summary_gm_stdv": 65.25652650857307,
  "summary_wm_k": 0.5946225974049439,
  "summary_wm_mad": 34.89095116673148,
  "summary_wm_mean": 999.5827069873113,
  "summary_wm_median": 1000.0373376533389,
  "summary_wm_n": 152250.0,
  "summary_wm_p05": 939.6051748003811,
  "summary_wm_p95": 1058.5068104043603,
  "summary_wm_stdv": 36.46641753125559,
  "tpm_overlap_csf": 0.17335817872160533,
  "tpm_overlap_gm": 0.4237527729766139,
  "tpm_overlap_wm": 0.5003893241854215,
  "wm2max": 0.9075162411905421
}