{
  "bids_meta": {
    "AcquisitionMatrixPE": 192,
    "AcquisitionNumber": 1,
    "AcquisitionTime": "17:19:35.190000",
    "BaseResolution": 192,
    "BodyPartExamined": "BRAIN",
    "CoilString": "HE1-4;NE1_2",
    "ConsistencyInfo": "N4_VE11C_LATEST_20160120",
    "ConversionSoftware": "dcm2niix",
    "ConversionSoftwareVersion": "v1.0.20190410  GCC6.3.0",
    "DeviceSerialNumber": "166048",
    "DwellTime": 3.5e-06,
    "EchoTime": 0.567,
    "EchoTrainLength": 314,
    "FlipAngle": 120,
    "ImageOrientationPatientDICOM": [
      0.00174528,
      0.999998,
      0,
      0,
      0,
      -1
    ],
    "ImageType": [
      "ORIGINAL",
      "PRIMARY",
      "M",
      "ND",
      "NORM"
    ],
    "ImagingFrequency": 123.246,
    "InPlanePhaseEncodingDirectionDICOM": "ROW",
    "InstitutionAddress": "North_13th_1701_Philadelphia_PA_US_19122",
    "InstitutionName": "Temple_University_-_Weiss_Hall",
    "InstitutionalDepartmentName": "Department",
    "MRAcquisitionType": "3D",
    "MagneticFieldStrength": 3,
    "Manufacturer": "Siemens",
    "ManufacturersModelName": "Prisma",
    "Modality": "MR",
    "PartialFourier": 1,
    "PatientPosition": "HFS",
    "PercentPhaseFOV": 100,
    "PhaseEncodingSteps": 209,
    "PhaseOversampling": 0.1,
    "PhaseResolution": 1,
    "PixelBandwidth": 745,
    "ProcedureStepDescription": "SMITH_SRNDNA",
    "ProtocolName": "T2w-anat_spc_07sag_iso",
    "PulseSequenceDetails": "%SiemensSeq%_tse_vfl",
    "ReceiveCoilActiveElements": "HE1-4;NE1,2",
    "ReceiveCoilName": "HeadNeck_20",
    "ReconMatrixPE": 192,
    "RefLinesPE": 32,
    "RepetitionTime": 3.2,
    "SAR": 0.161266,
    "ScanOptions": "PFP",
    "ScanningSequence": "SE",
    "SequenceName": "_spc_314ns",
    "SequenceVariant": "SK_SP_OSP",
    "SeriesDescription": "T2w-anat_spc_07sag_iso",
    "SeriesNumber": 3,
    "ShimSetting": [
      1417,
      -7427,
      6466,
      116,
      -93,
      -235,
      -57,
      131
    ],
    "SliceThickness": 1,
    "SoftwareVersions": "syngo_MR_E11",
    "StationName": "AWP166048",
    "TxRefAmp": 247.797,
    "dataset": "ds003745",
    "modality": "T2w",
    "subject_id": "133"
  },
  "cjv": 0.5031543203258646,
  "cnr": 2.518763659453389,
  "efc": 0.5796115026539702,
  "fber": 886.0409448737922,
  "fwhm_avg": 2.7160233333333337,
  "fwhm_x": 2.59014,
  "fwhm_y": 2.99162,
  "fwhm_z": 2.56631,
  "icvs_csf": 0.2875326064846852,
  "icvs_gm": 0.6505653536133604,
  "icvs_wm": 0.06190203990195431,
  "inu_med": 0.9051418304443359,
  "inu_range": 0.20578399300575245,
  "provenance": {
    "md5sum": "04007333a68f87114317a6b922d2fd4d",
    "settings": {
      "testing": false
    },
    "software": "mriqc",
    "version": "22.0.6",
    "warnings": {
      "large_rot_frame": true,
      "small_air_mask": false
    },
    "webapi_port": null,
    "webapi_url": "https://mriqc.nimh.nih.gov/api/v1"
  },
  "qi_1": 0.0,
  "qi_2": 0.0010443874158998353,
  "rpve_csf": 11.870076479074028,
  "rpve_gm": 7.020354532951266,
  "rpve_wm": 62.84993544940569,
  "size_x": 192,
  "size_y": 192,
  "size_z": 192,
  "snr_csf": 5.1939682471991535,
  "snr_gm": 6.338500153060765,
  "snr_total": 4.182875313687748,
  "snr_wm": 1.016157540803325,
  "snrd_csf": 96.61245311571203,
  "snrd_gm": 31.78669393347164,
  "snrd_total": 45.46951670804742,
  "snrd_wm": 8.00940307495859,
  "spacing_x": 1.0,
  "spacing_y": 1.0,
  "spacing_z": 1.0,
  "summary_bg_k": 2.4200436696479013,
  "summary_bg_mad": 82.30934540515922,
  "summary_bg_mean": 132.4386520746406,
  "summary_bg_median": 55.516809821128845,
  "summary_bg_n": 1411005.0,
  "summary_bg_p05": 0.0,
  "summary_bg_p95": 484.0284675359726,
  "summary_bg_stdv": 172.16659428593454,
  "summary_csf_k": 0.6637632034352494,
  "summary_csf_mad": 2577.2338252238546,
  "summary_csf_mean": 12082.287344069213,
  "summary_csf_median": 12138.094866871834,
  "summary_csf_n": 57108.0,
  "summary_csf_p05": 7998.88427734375,
  "summary_csf_p95": 15424.090203553436,
  "summary_csf_stdv": 2336.9393141352566,
  "summary_gm_k": 0.23811125985496462,
  "summary_gm_mad": 615.4588239340549,
  "summary_gm_mean": 4046.998452427884,
  "summary_gm_median": 3993.583580851555,
  "summary_gm_n": 274279.0,
  "summary_gm_p05": 3104.756665825844,
  "summary_gm_p95": 5172.548597455025,
  "summary_gm_stdv": 630.050675121969,
  "summary_wm_k": 7.436785984954794,
  "summary_wm_mad": 887.6173630124205,
  "summary_wm_mean": 1270.917858427154,
  "summary_wm_median": 1006.2770503759384,
  "summary_wm_n": 1615.0,
  "summary_wm_p05": 173.99916726350784,
  "summary_wm_p95": 2896.0246200561523,
  "summary_wm_stdv": 989.9699808920595,
  "tpm_overlap_csf": 0.1710806592232461,
  "tpm_overlap_gm": 0.4086851432897786,
  "tpm_overlap_wm": 0.03164440084427634,
  "wm2max": 0.06441294976014039
}