{
  "bids_meta": {
    "AcquisitionMatrixPE": 192,
    "AcquisitionNumber": 1,
    "AcquisitionTime": "12:04:41.287500",
    "BaseResolution": 192,
    "BodyPartExamined": "HEAD",
    "CoilString": "HE1-4;NE1_2",
    "ConsistencyInfo": "N4_VE11C_LATEST_20160120",
    "ConversionSoftware": "dcm2niix",
    "ConversionSoftwareVersion": "v1.0.20190410  GCC6.3.0",
    "DeviceSerialNumber": "166048",
    "DwellTime": 1.24e-05,
    "EchoTime": 0.0022,
    "FlipAngle": 8,
    "ImageOrientationPatientDICOM": [
      0,
      1,
      0,
      0,
      0,
      -1
    ],
    "ImageType": [
      "ORIGINAL",
      "PRIMARY",
      "M",
      "ND",
      "NORM",
      "FM3",
      "2",
      "FIL"
    ],
    "ImagingFrequency": 123.246,
    "InPlanePhaseEncodingDirectionDICOM": "ROW",
    "InstitutionAddress": "North_13th_1701_Philadelphia_PA_US_19122",
    "InstitutionName": "Temple_University_-_Weiss_Hall",
    "InstitutionalDepartmentName": "Department",
    "InversionTime": 1.15,
    "MRAcquisitionType": "3D",
    "MagneticFieldStrength": 3,
    "Manufacturer": "Siemens",
    "ManufacturersModelName": "Prisma",
    "Modality": "MR",
    "PartialFourier": 1,
    "PatientPosition": "HFS",
    "PercentPhaseFOV": 100,
    "PhaseEncodingSteps": 211,
    "PhaseOversampling": 0.1,
    "PhaseResolution": 1,
    "PixelBandwidth": 210,
    "ProcedureStepDescription": "SMITH_SRNDNA",
    "ProtocolName": "T1w-anat_mpg_07sag_iso",
    "PulseSequenceDetails": "%SiemensSeq%_tfl",
    "ReceiveCoilActiveElements": "HE1-4;NE1,2",
    "ReceiveCoilName": "HeadNeck_20",
    "ReconMatrixPE": 192,
    "RefLinesPE": 32,
    "RepetitionTime": 2.4,
    "SAR": 0.0389324,
    "ScanOptions": "IR_WE",
    "ScanningSequence": "GR_IR",
    "SequenceName": "_tfl3d1_16ns",
    "SequenceVariant": "SK_SP_MP_OSP",
    "SeriesDescription": "T1w-anat_mpg_07sag_iso",
    "SeriesNumber": 5,
    "ShimSetting": [
      1406,
      -7274,
      6352,
      420,
      -126,
      123,
      -483,
      61
    ],
    "SliceThickness": 1,
    "SoftwareVersions": "syngo_MR_E11",
    "StationName": "AWP166048",
    "TxRefAmp": 248.237,
    "dataset": "ds003745",
    "modality": "T1w",
    "subject_id": "108"
  },
  "cjv": 0.3182236028727324,
  "cnr": 4.1519355666055064,
  "efc": 0.5978868464449553,
  "fber": 44991.883714880336,
  "fwhm_avg": 4.0013700000000005,
  "fwhm_x": 3.90158,
  "fwhm_y": 4.06117,
  "fwhm_z": 4.04136,
  "icvs_csf": 0.21612880415739683,
  "icvs_gm": 0.44650242368064547,
  "icvs_wm": 0.3373687721619577,
  "inu_med": 0.39350706338882446,
  "inu_range": 0.12657634913921356,
  "provenance": {
    "md5sum": "19b8f65117b84c230d4b6fa230a69de3",
    "settings": {
      "testing": false
    },
    "software": "mriqc",
    "version": "22.0.6",
    "warnings": {
      "large_rot_frame": true,
      "small_air_mask": false
    },
    "webapi_port": null,
    "webapi_url": "https://mriqc.nimh.nih.gov/api/v1"
  },
  "qi_1": 0.0,
  "qi_2": 0.00672175880245557,
  "rpve_csf": 18.207405387861083,
  "rpve_gm": 9.19354013266472,
  "rpve_wm": 13.957525843326883,
  "size_x": 192,
  "size_y": 192,
  "size_z": 192,
  "snr_csf": 2.2897431798104124,
  "snr_gm": 11.871505585144709,
  "snr_total": 14.84927154149127,
  "snr_wm": 30.386565859518686,
  "snrd_csf": 37.21586232608858,
  "snrd_gm": 111.1227241447304,
  "snrd_total": 101.27897315891552,
  "snrd_wm": 155.4983330059276,
  "spacing_x": 1.0,
  "spacing_y": 1.0,
  "spacing_z": 1.0,
  "summary_bg_k": 13.187867529684766,
  "summary_bg_mad": 0.0,
  "summary_bg_mean": 2.4759207482789423,
  "summary_bg_median": 0.0,
  "summary_bg_n": 1587595.0,
  "summary_bg_p05": 0.0,
  "summary_bg_p95": 11.57595805451274,
  "summary_bg_stdv": 4.213308119627786,
  "summary_csf_k": 0.900901349608838,
  "summary_csf_mad": 95.88061121738056,
  "summary_csf_mean": 249.611011884778,
  "summary_csf_median": 239.34236430376768,
  "summary_csf_n": 24456.0,
  "summary_csf_p05": 104.36232510209084,
  "summary_csf_p95": 452.50479602627456,
  "summary_csf_stdv": 104.52590187319636,
  "summary_gm_k": 0.24583011640464747,
  "summary_gm_mad": 58.228998768185065,
  "summary_gm_mean": 713.0094793201271,
  "summary_gm_median": 714.6515991389751,
  "summary_gm_n": 35990.0,
  "summary_gm_p05": 610.9643727913499,
  "summary_gm_p95": 809.2756247078999,
  "summary_gm_stdv": 60.19806548292433,
  "summary_wm_k": 0.38675185579028515,
  "summary_wm_mad": 32.58822125196202,
  "summary_wm_mean": 1000.680396213211,
  "summary_wm_median": 1000.0396696664393,
  "summary_wm_n": 150179.0,
  "summary_wm_p05": 947.8783629611135,
  "summary_wm_p95": 1052.9753543548286,
  "summary_wm_stdv": 32.910475793540876,
  "tpm_overlap_csf": 0.14905134845065188,
  "tpm_overlap_gm": 0.4664942321963361,
  "tpm_overlap_wm": 0.5055830544639136,
  "wm2max": 0.9096245191352562
}