{
  "aor": 0.004635492957746479,
  "aqi": 0.011107460140845071,
  "bids_meta": {
    "AcquisitionMatrixPE": 74,
    "AcquisitionNumber": 1,
    "AcquisitionTime": "",
    "BandwidthPerPixelPhaseEncode": 27.579,
    "BaseResolution": 74,
    "BodyPartExamined": "BRAIN",
    "CogAtlasID": "doi:TODO",
    "CoilString": "HE1-4;NE1_2",
    "ConsistencyInfo": "N4_VE11C_LATEST_20160120",
    "ConversionSoftware": "dcm2niix",
    "ConversionSoftwareVersion": "v1.0.20190410  GCC6.3.0",
    "DerivedVendorReportedEchoSpacing": 0.000489993,
    "DeviceSerialNumber": "166048",
    "DwellTime": 2.9e-06,
    "EchoTime": 0.023,
    "EchoTrainLength": 74,
    "EffectiveEchoSpacing": 0.000489993,
    "FlipAngle": 76,
    "ImageOrientationPatientDICOM": [
      0.969523,
      0.0594212,
      0.237687,
      2.46409e-09,
      0.970143,
      -0.242534
    ],
    "ImageType": [
      "ORIGINAL",
      "PRIMARY",
      "M",
      "ND",
      "NORM",
      "MOSAIC"
    ],
    "ImagingFrequency": 123.246,
    "InPlanePhaseEncodingDirectionDICOM": "COL",
    "InstitutionAddress": "North_13th_1701_Philadelphia_PA_US_19122",
    "InstitutionName": "Temple_University_-_Weiss_Hall",
    "InstitutionalDepartmentName": "Department",
    "MRAcquisitionType": "2D",
    "MagneticFieldStrength": 3,
    "Manufacturer": "Siemens",
    "ManufacturersModelName": "Prisma",
    "Modality": "MR",
    "PartialFourier": 1,
    "PatientPosition": "HFS",
    "PercentPhaseFOV": 100,
    "PhaseEncodingDirection": "j-",
    "PhaseEncodingSteps": 74,
    "PhaseResolution": 1,
    "PixelBandwidth": 2330,
    "ProcedureStepDescription": "SMITH_SRNDNA",
    "ProtocolName": "func-bold_trust_run2",
    "PulseSequenceDetails": "%SiemensSeq%_ep2d_bold",
    "ReceiveCoilActiveElements": "HE1-4;NE1,2",
    "ReceiveCoilName": "HeadNeck_20",
    "ReconMatrixPE": 74,
    "RepetitionTime": 2.02,
    "SAR": 0.09244,
    "ScanOptions": "FS",
    "ScanningSequence": "EP",
    "SequenceName": "_epfid2d1_74",
    "SequenceVariant": "SK",
    "SeriesDescription": "func-bold_trust_run2",
    "SeriesNumber": 11,
    "ShimSetting": [
      1322,
      -7038,
      6167,
      69,
      -378,
      1354,
      545,
      409
    ],
    "SliceThickness": 2.8,
    "SliceTiming": [
      1.945,
      1.89,
      1.8325,
      1.7775,
      1.7225,
      1.6675,
      1.6125,
      1.555,
      1.5,
      1.445,
      1.39,
      1.3325,
      1.2775,
      1.2225,
      1.1675,
      1.1125,
      1.055,
      1,
      0.945,
      0.89,
      0.8325,
      0.7775,
      0.7225,
      0.6675,
      0.6125,
      0.555,
      0.5,
      0.445,
      0.39,
      0.3325,
      0.2775,
      0.2225,
      0.1675,
      0.1125,
      0.055,
      0
    ],
    "SoftwareVersions": "syngo_MR_E11",
    "SpacingBetweenSlices": 3.22,
    "StationName": "AWP166048",
    "TaskName": "trust",
    "TotalReadoutTime": 0.0357695,
    "TxRefAmp": 260.097,
    "dataset": "ds003745",
    "modality": "bold",
    "run_id": 3,
    "subject_id": "150",
    "task_id": "trust"
  },
  "dummy_trs": 4,
  "dvars_nstd": 21.68901178976416,
  "dvars_std": 1.1630283414622644,
  "dvars_vstd": 0.9882882629245285,
  "efc": 0.5028480551047165,
  "fber": 1771.5335693359375,
  "fd_mean": 0.2514760697621278,
  "fd_num": 89,
  "fd_perc": 41.78403755868545,
  "fwhm_avg": 1.8531281085505003,
  "fwhm_x": 1.7823741527201618,
  "fwhm_y": 1.992100250902358,
  "fwhm_z": 1.7849099220289808,
  "gcor": 0.0133899,
  "gsr_x": -0.01909027248620987,
  "gsr_y": 0.015619137324392796,
  "provenance": {
    "md5sum": "f6da429df7f1b83e298dfe98e2250a9d",
    "settings": {
      "fd_thres": 0.2,
      "testing": false
    },
    "software": "mriqc",
    "version": "22.0.6",
    "webapi_port": null,
    "webapi_url": "https://mriqc.nimh.nih.gov/api/v1"
  },
  "size_t": 213,
  "size_x": 74,
  "size_y": 74,
  "size_z": 36,
  "snr": 6.807264649539879,
  "spacing_tr": 2.0199999809265137,
  "spacing_x": 2.972972869873047,
  "spacing_y": 2.972972869873047,
  "spacing_z": 3.2200000286102295,
  "summary_bg_k": 18.972801490282198,
  "summary_bg_mad": 13.058037250773275,
  "summary_bg_mean": 60.454551696777344,
  "summary_bg_median": 23.671361923217773,
  "summary_bg_n": 130315.0,
  "summary_bg_p05": 12.230047225952148,
  "summary_bg_p95": 254.85821685790984,
  "summary_bg_stdv": 106.09188079833984,
  "summary_fg_k": 2.848349268918179,
  "summary_fg_mad": 134.47479928780064,
  "summary_fg_mean": 1013.9290771484375,
  "summary_fg_median": 1005.713623046875,
  "summary_fg_n": 29890.0,
  "summary_fg_p05": 805.5516387939454,
  "summary_fg_p95": 1244.745098876953,
  "summary_fg_stdv": 147.73875427246094,
  "tsnr": 56.13357755355537
}