{
  "aor": 0.0033945833333333337,
  "aqi": 0.019675473425925925,
  "bids_meta": {
    "AcquisitionMatrixPE": 74,
    "AcquisitionNumber": 1,
    "AcquisitionTime": "",
    "BandwidthPerPixelPhaseEncode": 27.579,
    "BaseResolution": 74,
    "BodyPartExamined": "BRAIN",
    "CogAtlasID": "doi:TODO",
    "CoilString": "HE1-4;NE1_2",
    "ConsistencyInfo": "N4_VE11C_LATEST_20160120",
    "ConversionSoftware": "dcm2niix",
    "ConversionSoftwareVersion": "v1.0.20190410  GCC6.3.0",
    "DerivedVendorReportedEchoSpacing": 0.000489993,
    "DeviceSerialNumber": "166048",
    "DwellTime": 2.9e-06,
    "EchoTime": 0.023,
    "EchoTrainLength": 74,
    "EffectiveEchoSpacing": 0.000489993,
    "FlipAngle": 76,
    "ImageOrientationPatientDICOM": [
      1,
      0,
      0,
      0,
      1,
      0
    ],
    "ImageType": [
      "ORIGINAL",
      "PRIMARY",
      "M",
      "ND",
      "NORM",
      "MOSAIC"
    ],
    "ImagingFrequency": 123.246,
    "InPlanePhaseEncodingDirectionDICOM": "COL",
    "InstitutionAddress": "North_13th_1701_Philadelphia_PA_US_19122",
    "InstitutionName": "Temple_University_-_Weiss_Hall",
    "InstitutionalDepartmentName": "Department",
    "MRAcquisitionType": "2D",
    "MagneticFieldStrength": 3,
    "Manufacturer": "Siemens",
    "ManufacturersModelName": "Prisma",
    "Modality": "MR",
    "PartialFourier": 1,
    "PatientPosition": "HFS",
    "PercentPhaseFOV": 100,
    "PhaseEncodingDirection": "j-",
    "PhaseEncodingSteps": 74,
    "PhaseResolution": 1,
    "PixelBandwidth": 2330,
    "ProcedureStepDescription": "SMITH_SRNDNA",
    "ProtocolName": "func-bold_trust_run1",
    "PulseSequenceDetails": "%SiemensSeq%_ep2d_bold",
    "ReceiveCoilActiveElements": "HE1-4;NE1,2",
    "ReceiveCoilName": "HeadNeck_20",
    "ReconMatrixPE": 74,
    "RepetitionTime": 2.02,
    "SAR": 0.09244,
    "ScanOptions": "FS",
    "ScanningSequence": "EP",
    "SequenceName": "_epfid2d1_74",
    "SequenceVariant": "SK",
    "SeriesDescription": "func-bold_trust_run1",
    "SeriesNumber": 10,
    "ShimSetting": [
      1315,
      -7045,
      6192,
      201,
      -473,
      1307,
      589,
      281
    ],
    "SliceThickness": 2.8,
    "SliceTiming": [
      1.9425,
      1.8875,
      1.8325,
      1.7775,
      1.7225,
      1.665,
      1.61,
      1.555,
      1.5,
      1.4425,
      1.3875,
      1.3325,
      1.2775,
      1.2225,
      1.165,
      1.11,
      1.055,
      1,
      0.9425,
      0.8875,
      0.8325,
      0.7775,
      0.7225,
      0.665,
      0.61,
      0.555,
      0.5,
      0.4425,
      0.3875,
      0.3325,
      0.2775,
      0.2225,
      0.165,
      0.11,
      0.055,
      0
    ],
    "SoftwareVersions": "syngo_MR_E11",
    "SpacingBetweenSlices": 3.22,
    "StationName": "AWP166048",
    "TaskName": "trust",
    "TotalReadoutTime": 0.0357695,
    "TxRefAmp": 260.097,
    "dataset": "ds003745",
    "modality": "bold",
    "run_id": 2,
    "subject_id": "150",
    "task_id": "trust"
  },
  "dummy_trs": 1,
  "dvars_nstd": 21.93191115818605,
  "dvars_std": 1.103640876465116,
  "dvars_vstd": 0.9357940249767436,
  "efc": 0.5033706956680014,
  "fber": 1765.0615234375,
  "fd_mean": 0.18995188599372897,
  "fd_num": 44,
  "fd_perc": 20.37037037037037,
  "fwhm_avg": 1.918646312068067,
  "fwhm_x": 1.8599934281391985,
  "fwhm_y": 2.0879268905891726,
  "fwhm_z": 1.80801861747583,
  "gcor": 0.00998531,
  "gsr_x": -0.015233597718179226,
  "gsr_y": 0.010940441861748695,
  "provenance": {
    "md5sum": "807e5fc1b00cd3f26f50fe19b551edb2",
    "settings": {
      "fd_thres": 0.2,
      "testing": false
    },
    "software": "mriqc",
    "version": "22.0.6",
    "webapi_port": null,
    "webapi_url": "https://mriqc.nimh.nih.gov/api/v1"
  },
  "size_t": 216,
  "size_x": 74,
  "size_y": 74,
  "size_z": 36,
  "snr": 6.855829466333923,
  "spacing_tr": 2.0199999809265137,
  "spacing_x": 2.972972869873047,
  "spacing_y": 2.972972869873047,
  "spacing_z": 3.2200000286102295,
  "summary_bg_k": 20.634438223683404,
  "summary_bg_mad": 12.2795161204634,
  "summary_bg_mean": 59.23127365112305,
  "summary_bg_median": 23.282407760620117,
  "summary_bg_n": 130350.0,
  "summary_bg_p05": 12.143518447875977,
  "summary_bg_p95": 242.0055564880369,
  "summary_bg_stdv": 102.79634857177734,
  "summary_fg_k": 2.65399854677998,
  "summary_fg_mad": 134.5392740241706,
  "summary_fg_mean": 1006.9535522460938,
  "summary_fg_median": 997.8472290039062,
  "summary_fg_n": 29703.0,
  "summary_fg_p05": 802.280078125,
  "summary_fg_p95": 1239.2000244140625,
  "summary_fg_stdv": 145.54481506347656,
  "tsnr": 46.36867718026042
}