{
  "aor": 0.028214558139534884,
  "aqi": 0.018545713674418603,
  "bids_meta": {
    "AcquisitionMatrixPE": 74,
    "AcquisitionNumber": 1,
    "AcquisitionTime": "",
    "BandwidthPerPixelPhaseEncode": 27.579,
    "BaseResolution": 74,
    "BodyPartExamined": "BRAIN",
    "CogAtlasID": "doi:TODO",
    "CoilString": "HE1-4;NE1_2",
    "ConsistencyInfo": "N4_VE11C_LATEST_20160120",
    "ConversionSoftware": "dcm2niix",
    "ConversionSoftwareVersion": "v1.0.20190410  GCC6.3.0",
    "DerivedVendorReportedEchoSpacing": 0.000489993,
    "DeviceSerialNumber": "166048",
    "DwellTime": 2.9e-06,
    "EchoTime": 0.023,
    "EchoTrainLength": 74,
    "EffectiveEchoSpacing": 0.000489993,
    "FlipAngle": 76,
    "ImageOrientationPatientDICOM": [
      0.970385,
      0.0711182,
      0.230858,
      -5.1006e-08,
      0.95568,
      -0.294407
    ],
    "ImageType": [
      "ORIGINAL",
      "PRIMARY",
      "M",
      "ND",
      "NORM",
      "MOSAIC"
    ],
    "ImagingFrequency": 123.246,
    "InPlanePhaseEncodingDirectionDICOM": "COL",
    "InstitutionAddress": "North_13th_1701_Philadelphia_PA_US_19122",
    "InstitutionName": "Temple_University_-_Weiss_Hall",
    "InstitutionalDepartmentName": "Department",
    "MRAcquisitionType": "2D",
    "MagneticFieldStrength": 3,
    "Manufacturer": "Siemens",
    "ManufacturersModelName": "Prisma",
    "Modality": "MR",
    "PartialFourier": 1,
    "PatientPosition": "HFS",
    "PercentPhaseFOV": 100,
    "PhaseEncodingDirection": "j-",
    "PhaseEncodingSteps": 74,
    "PhaseResolution": 1,
    "PixelBandwidth": 2330,
    "ProcedureStepDescription": "SMITH_SRNDNA",
    "ProtocolName": "func-bold_trust_run3",
    "PulseSequenceDetails": "%SiemensSeq%_ep2d_bold",
    "ReceiveCoilActiveElements": "HE1-4;NE1,2",
    "ReceiveCoilName": "HeadNeck_20",
    "ReconMatrixPE": 74,
    "RepetitionTime": 2.02,
    "SAR": 0.09244,
    "ScanOptions": "FS",
    "ScanningSequence": "EP",
    "SequenceName": "_epfid2d1_74",
    "SequenceVariant": "SK",
    "SeriesDescription": "func-bold_trust_run3",
    "SeriesNumber": 12,
    "ShimSetting": [
      1321,
      -7039,
      6165,
      54,
      -389,
      1349,
      545,
      412
    ],
    "SliceThickness": 2.8,
    "SliceTiming": [
      1.9425,
      1.8875,
      1.8325,
      1.7775,
      1.72,
      1.665,
      1.61,
      1.555,
      1.4975,
      1.4425,
      1.3875,
      1.3325,
      1.2775,
      1.22,
      1.165,
      1.11,
      1.055,
      0.9975,
      0.9425,
      0.8875,
      0.8325,
      0.7775,
      0.72,
      0.665,
      0.61,
      0.555,
      0.5,
      0.4425,
      0.3875,
      0.3325,
      0.2775,
      0.22,
      0.165,
      0.11,
      0.055,
      0
    ],
    "SoftwareVersions": "syngo_MR_E11",
    "SpacingBetweenSlices": 3.22,
    "StationName": "AWP166048",
    "TaskName": "trust",
    "TotalReadoutTime": 0.0357695,
    "TxRefAmp": 260.097,
    "dataset": "ds003745",
    "modality": "bold",
    "run_id": 4,
    "subject_id": "150",
    "task_id": "trust"
  },
  "dummy_trs": 2,
  "dvars_nstd": 20.529492034906546,
  "dvars_std": 1.1415696876168229,
  "dvars_vstd": 1.0753094004205608,
  "efc": 0.5023208592517447,
  "fber": 1802.620849609375,
  "fd_mean": 0.2657153689574781,
  "fd_num": 86,
  "fd_perc": 40.0,
  "fwhm_avg": 1.85531329438081,
  "fwhm_x": 1.7996699715017828,
  "fwhm_y": 2.019127070021441,
  "fwhm_z": 1.7471428416192056,
  "gcor": 0.0188977,
  "gsr_x": -0.01944495551288128,
  "gsr_y": 0.01806543581187725,
  "provenance": {
    "md5sum": "88f2e1796ede32be7868f99b1e8624f1",
    "settings": {
      "fd_thres": 0.2,
      "testing": false
    },
    "software": "mriqc",
    "version": "22.0.6",
    "webapi_port": null,
    "webapi_url": "https://mriqc.nimh.nih.gov/api/v1"
  },
  "size_t": 215,
  "size_x": 74,
  "size_y": 74,
  "size_z": 36,
  "snr": 6.882507397054041,
  "spacing_tr": 2.0199999809265137,
  "spacing_x": 2.972972869873047,
  "spacing_y": 2.972972869873047,
  "spacing_z": 3.2200000286102295,
  "summary_bg_k": 20.224164469824963,
  "summary_bg_mad": 12.653838624439642,
  "summary_bg_mean": 59.1147346496582,
  "summary_bg_median": 23.29302406311035,
  "summary_bg_n": 129973.0,
  "summary_bg_p05": 12.339534759521484,
  "summary_bg_p95": 239.4502288818356,
  "summary_bg_stdv": 103.89309692382812,
  "summary_fg_k": 2.622458308212167,
  "summary_fg_mad": 133.7444928178025,
  "summary_fg_mean": 1012.4647216796875,
  "summary_fg_median": 1003.3534545898438,
  "summary_fg_n": 29661.0,
  "summary_fg_p05": 807.1302490234375,
  "summary_fg_p95": 1243.4000244140625,
  "summary_fg_stdv": 145.78067016601562,
  "tsnr": 44.1527706948109
}