{
  "aor": 0.005077663551401869,
  "aqi": 0.03703270981308411,
  "bids_meta": {
    "AcquisitionMatrixPE": 74,
    "AcquisitionNumber": 1,
    "AcquisitionTime": "",
    "BandwidthPerPixelPhaseEncode": 27.579,
    "BaseResolution": 74,
    "BodyPartExamined": "BRAIN",
    "CogAtlasID": "doi:TODO",
    "CoilString": "HE1-4;NE1_2",
    "ConsistencyInfo": "N4_VE11C_LATEST_20160120",
    "ConversionSoftware": "dcm2niix",
    "ConversionSoftwareVersion": "v1.0.20190410  GCC6.3.0",
    "DerivedVendorReportedEchoSpacing": 0.000489993,
    "DeviceSerialNumber": "166048",
    "DwellTime": 2.9e-06,
    "EchoTime": 0.023,
    "EchoTrainLength": 74,
    "EffectiveEchoSpacing": 0.000489993,
    "FlipAngle": 76,
    "ImageOrientationPatientDICOM": [
      0.970385,
      0.0711182,
      0.230858,
      -5.1006e-08,
      0.95568,
      -0.294407
    ],
    "ImageType": [
      "ORIGINAL",
      "PRIMARY",
      "M",
      "ND",
      "NORM",
      "MOSAIC"
    ],
    "ImagingFrequency": 123.246,
    "InPlanePhaseEncodingDirectionDICOM": "COL",
    "InstitutionAddress": "North_13th_1701_Philadelphia_PA_US_19122",
    "InstitutionName": "Temple_University_-_Weiss_Hall",
    "InstitutionalDepartmentName": "Department",
    "MRAcquisitionType": "2D",
    "MagneticFieldStrength": 3,
    "Manufacturer": "Siemens",
    "ManufacturersModelName": "Prisma",
    "Modality": "MR",
    "PartialFourier": 1,
    "PatientPosition": "HFS",
    "PercentPhaseFOV": 100,
    "PhaseEncodingDirection": "j-",
    "PhaseEncodingSteps": 74,
    "PhaseResolution": 1,
    "PixelBandwidth": 2330,
    "ProcedureStepDescription": "SMITH_SRNDNA",
    "ProtocolName": "func-bold_trust_run4",
    "PulseSequenceDetails": "%SiemensSeq%_ep2d_bold",
    "ReceiveCoilActiveElements": "HE1-4;NE1,2",
    "ReceiveCoilName": "HeadNeck_20",
    "ReconMatrixPE": 74,
    "RepetitionTime": 2.02,
    "SAR": 0.09244,
    "ScanOptions": "FS",
    "ScanningSequence": "EP",
    "SequenceName": "_epfid2d1_74",
    "SequenceVariant": "SK",
    "SeriesDescription": "func-bold_trust_run4",
    "SeriesNumber": 13,
    "ShimSetting": [
      1321,
      -7039,
      6165,
      54,
      -389,
      1349,
      545,
      412
    ],
    "SliceThickness": 2.8,
    "SliceTiming": [
      1.9425,
      1.8875,
      1.8325,
      1.7775,
      1.7225,
      1.665,
      1.61,
      1.555,
      1.5,
      1.445,
      1.3875,
      1.3325,
      1.2775,
      1.2225,
      1.165,
      1.11,
      1.055,
      1,
      0.945,
      0.8875,
      0.8325,
      0.7775,
      0.7225,
      0.665,
      0.61,
      0.555,
      0.5,
      0.445,
      0.3875,
      0.3325,
      0.2775,
      0.2225,
      0.165,
      0.11,
      0.055,
      0
    ],
    "SoftwareVersions": "syngo_MR_E11",
    "SpacingBetweenSlices": 3.22,
    "StationName": "AWP166048",
    "TaskName": "trust",
    "TotalReadoutTime": 0.0357695,
    "TxRefAmp": 260.097,
    "dataset": "ds003745",
    "modality": "bold",
    "run_id": 5,
    "subject_id": "150",
    "task_id": "trust"
  },
  "dummy_trs": 3,
  "dvars_nstd": 24.099278351784044,
  "dvars_std": 0.8151009711737086,
  "dvars_vstd": 0.8047624733333336,
  "efc": 0.5055403666153075,
  "fber": 1706.1302490234375,
  "fd_mean": 0.3445700804003057,
  "fd_num": 81,
  "fd_perc": 37.850467289719624,
  "fwhm_avg": 1.9139328094403416,
  "fwhm_x": 1.8522873369628676,
  "fwhm_y": 2.0608496169228854,
  "fwhm_z": 1.8286614744352718,
  "gcor": 0.0179185,
  "gsr_x": -0.021037153899669647,
  "gsr_y": 0.016440540552139282,
  "provenance": {
    "md5sum": "85d794c1b4fbdd5a8a9632dc36aa3c81",
    "settings": {
      "fd_thres": 0.2,
      "testing": false
    },
    "software": "mriqc",
    "version": "22.0.6",
    "webapi_port": null,
    "webapi_url": "https://mriqc.nimh.nih.gov/api/v1"
  },
  "size_t": 214,
  "size_x": 74,
  "size_y": 74,
  "size_z": 36,
  "snr": 6.94751304177847,
  "spacing_tr": 2.0199999809265137,
  "spacing_x": 2.972972869873047,
  "spacing_y": 2.972972869873047,
  "spacing_z": 3.2200000286102295,
  "summary_bg_k": 19.282527165176866,
  "summary_bg_mad": 12.692184125543875,
  "summary_bg_mean": 60.28053665161133,
  "summary_bg_median": 23.831775665283203,
  "summary_bg_n": 130022.0,
  "summary_bg_p05": 12.841120719909668,
  "summary_bg_p95": 247.97592315673825,
  "summary_bg_stdv": 104.61009979248047,
  "summary_fg_k": 2.7510377005383386,
  "summary_fg_mad": 132.99776225706592,
  "summary_fg_mean": 1010.34765625,
  "summary_fg_median": 1002.23828125,
  "summary_fg_n": 29824.0,
  "summary_fg_p05": 808.6464447021484,
  "summary_fg_p95": 1236.9716552734374,
  "summary_fg_stdv": 144.2561492919922,
  "tsnr": 35.784172136802226
}