{
  "aor": 0.0048653023255813945,
  "aqi": 0.020850443116279073,
  "bids_meta": {
    "AcquisitionMatrixPE": 74,
    "AcquisitionNumber": 1,
    "AcquisitionTime": "",
    "BandwidthPerPixelPhaseEncode": 27.579,
    "BaseResolution": 74,
    "BodyPartExamined": "BRAIN",
    "CogAtlasID": "doi:TODO",
    "CoilString": "HE1-4;NE1_2",
    "ConsistencyInfo": "N4_VE11C_LATEST_20160120",
    "ConversionSoftware": "dcm2niix",
    "ConversionSoftwareVersion": "v1.0.20190410  GCC6.3.0",
    "DerivedVendorReportedEchoSpacing": 0.000489993,
    "DeviceSerialNumber": "166048",
    "DwellTime": 2.9e-06,
    "EchoTime": 0.023,
    "EchoTrainLength": 74,
    "EffectiveEchoSpacing": 0.000489993,
    "FlipAngle": 76,
    "ImageOrientationPatientDICOM": [
      1,
      0,
      0,
      0,
      0.957823,
      -0.287361
    ],
    "ImageType": [
      "ORIGINAL",
      "PRIMARY",
      "M",
      "ND",
      "NORM",
      "MOSAIC"
    ],
    "ImagingFrequency": 123.246,
    "InPlanePhaseEncodingDirectionDICOM": "COL",
    "InstitutionAddress": "North_13th_1701_Philadelphia_PA_US_19122",
    "InstitutionName": "Temple_University_-_Weiss_Hall",
    "InstitutionalDepartmentName": "Department",
    "MRAcquisitionType": "2D",
    "MagneticFieldStrength": 3,
    "Manufacturer": "Siemens",
    "ManufacturersModelName": "Prisma",
    "Modality": "MR",
    "PartialFourier": 1,
    "PatientPosition": "HFS",
    "PercentPhaseFOV": 100,
    "PhaseEncodingDirection": "j-",
    "PhaseEncodingSteps": 74,
    "PhaseResolution": 1,
    "PixelBandwidth": 2330,
    "ProcedureStepDescription": "SMITH_SRNDNA",
    "ProtocolName": "func-bold_trust_run0",
    "PulseSequenceDetails": "%SiemensSeq%_ep2d_bold",
    "ReceiveCoilActiveElements": "HE1-4;NE1,2",
    "ReceiveCoilName": "HeadNeck_20",
    "ReconMatrixPE": 74,
    "RepetitionTime": 2.02,
    "SAR": 0.0856297,
    "ScanOptions": "FS",
    "ScanningSequence": "EP",
    "SequenceName": "_epfid2d1_74",
    "SequenceVariant": "SK",
    "SeriesDescription": "func-bold_trust_run0",
    "SeriesNumber": 9,
    "ShimSetting": [
      1424,
      -7408,
      6537,
      26,
      -50,
      -134,
      -134,
      43
    ],
    "SliceThickness": 2.8,
    "SliceTiming": [
      1.945,
      1.89,
      1.835,
      1.78,
      1.7225,
      1.6675,
      1.6125,
      1.5575,
      1.5,
      1.445,
      1.39,
      1.335,
      1.28,
      1.2225,
      1.1675,
      1.1125,
      1.0575,
      1,
      0.945,
      0.89,
      0.835,
      0.78,
      0.7225,
      0.6675,
      0.6125,
      0.5575,
      0.5,
      0.445,
      0.39,
      0.335,
      0.28,
      0.2225,
      0.1675,
      0.1125,
      0.0575,
      0
    ],
    "SoftwareVersions": "syngo_MR_E11",
    "SpacingBetweenSlices": 3.22,
    "StationName": "AWP166048",
    "TaskName": "trust",
    "TotalReadoutTime": 0.0357695,
    "TxRefAmp": 302.849,
    "dataset": "ds003745",
    "modality": "bold",
    "run_id": 1,
    "subject_id": "134",
    "task_id": "trust"
  },
  "dummy_trs": 2,
  "dvars_nstd": 28.80980468476634,
  "dvars_std": 1.1920986447663553,
  "dvars_vstd": 0.9730106252803734,
  "efc": 0.5362322397561373,
  "fber": 1307.800537109375,
  "fd_mean": 0.2142106034576619,
  "fd_num": 75,
  "fd_perc": 34.883720930232556,
  "fwhm_avg": 1.8600261672787608,
  "fwhm_x": 1.773362970589481,
  "fwhm_y": 1.9926720691040063,
  "fwhm_z": 1.814043462142795,
  "gcor": 0.00627507,
  "gsr_x": -0.016155846416950226,
  "gsr_y": 0.031029552221298218,
  "provenance": {
    "md5sum": "8604193ea5a262ee0d0f105783f53043",
    "settings": {
      "fd_thres": 0.2,
      "testing": false
    },
    "software": "mriqc",
    "version": "22.0.6",
    "webapi_port": null,
    "webapi_url": "https://mriqc.nimh.nih.gov/api/v1"
  },
  "size_t": 215,
  "size_x": 74,
  "size_y": 74,
  "size_z": 36,
  "snr": 6.63791616213933,
  "spacing_tr": 2.0199999809265137,
  "spacing_x": 2.972972869873047,
  "spacing_y": 2.972972869873047,
  "spacing_z": 3.2200000286102295,
  "summary_bg_k": 29.415027437756024,
  "summary_bg_mad": 12.584878934916942,
  "summary_bg_mean": 43.193790435791016,
  "summary_bg_median": 20.544185638427734,
  "summary_bg_n": 120933.0,
  "summary_bg_p05": 10.055813789367676,
  "summary_bg_p95": 133.56465148925778,
  "summary_bg_stdv": 66.33032989501953,
  "summary_fg_k": 3.062359092792505,
  "summary_fg_mad": 97.01045291395722,
  "summary_fg_mean": 771.8485717773438,
  "summary_fg_median": 756.7581176757812,
  "summary_fg_n": 38229.0,
  "summary_fg_p05": 621.7274291992187,
  "summary_fg_p95": 968.3916259765624,
  "summary_fg_stdv": 114.0038833618164,
  "tsnr": 47.469086050987244
}