{
  "aor": 0.021335990783410138,
  "aqi": 0.02124216783410138,
  "bids_meta": {
    "AcquisitionMatrixPE": 74,
    "AcquisitionNumber": 1,
    "AcquisitionTime": "",
    "BandwidthPerPixelPhaseEncode": 27.579,
    "BaseResolution": 74,
    "BodyPartExamined": "BRAIN",
    "CogAtlasID": "doi:TODO",
    "CoilString": "HE1-4;NE1_2",
    "ConsistencyInfo": "N4_VE11C_LATEST_20160120",
    "ConversionSoftware": "dcm2niix",
    "ConversionSoftwareVersion": "v1.0.20190410  GCC6.3.0",
    "DerivedVendorReportedEchoSpacing": 0.000489993,
    "DeviceSerialNumber": "166048",
    "DwellTime": 2.9e-06,
    "EchoTime": 0.023,
    "EchoTrainLength": 74,
    "EffectiveEchoSpacing": 0.000489993,
    "FlipAngle": 76,
    "ImageOrientationPatientDICOM": [
      1,
      0,
      0,
      0,
      0.942057,
      -0.335452
    ],
    "ImageType": [
      "ORIGINAL",
      "PRIMARY",
      "M",
      "ND",
      "NORM",
      "MOSAIC"
    ],
    "ImagingFrequency": 123.246,
    "InPlanePhaseEncodingDirectionDICOM": "COL",
    "InstitutionAddress": "North_13th_1701_Philadelphia_PA_US_19122",
    "InstitutionName": "Temple_University_-_Weiss_Hall",
    "InstitutionalDepartmentName": "Department",
    "MRAcquisitionType": "2D",
    "MagneticFieldStrength": 3,
    "Manufacturer": "Siemens",
    "ManufacturersModelName": "Prisma",
    "Modality": "MR",
    "PartialFourier": 1,
    "PatientPosition": "HFS",
    "PercentPhaseFOV": 100,
    "PhaseEncodingDirection": "j-",
    "PhaseEncodingSteps": 74,
    "PhaseResolution": 1,
    "PixelBandwidth": 2330,
    "ProcedureStepDescription": "SMITH_SRNDNA",
    "ProtocolName": "func-bold_trust_run4",
    "PulseSequenceDetails": "%SiemensSeq%_ep2d_bold",
    "ReceiveCoilActiveElements": "HE1-4;NE1,2",
    "ReceiveCoilName": "HeadNeck_20",
    "ReconMatrixPE": 74,
    "RepetitionTime": 2.02,
    "SAR": 0.0984745,
    "ScanOptions": "FS",
    "ScanningSequence": "EP",
    "SequenceName": "_epfid2d1_74",
    "SequenceVariant": "SK",
    "SeriesDescription": "func-bold_trust_run4",
    "SeriesNumber": 13,
    "ShimSetting": [
      1450,
      -7431,
      6497,
      562,
      66,
      89,
      28,
      71
    ],
    "SliceThickness": 2.8,
    "SliceTiming": [
      1.945,
      1.89,
      1.835,
      1.7775,
      1.7225,
      1.6675,
      1.6125,
      1.555,
      1.5,
      1.445,
      1.39,
      1.335,
      1.2775,
      1.2225,
      1.1675,
      1.1125,
      1.055,
      1,
      0.945,
      0.89,
      0.835,
      0.7775,
      0.7225,
      0.6675,
      0.6125,
      0.555,
      0.5,
      0.445,
      0.39,
      0.335,
      0.2775,
      0.2225,
      0.1675,
      0.1125,
      0.0575,
      0
    ],
    "SoftwareVersions": "syngo_MR_E11",
    "SpacingBetweenSlices": 3.22,
    "StationName": "AWP166048",
    "TaskName": "trust",
    "TotalReadoutTime": 0.0357695,
    "TxRefAmp": 266.623,
    "dataset": "ds003745",
    "modality": "bold",
    "run_id": 5,
    "subject_id": "118",
    "task_id": "trust"
  },
  "dummy_trs": 0,
  "dvars_nstd": 36.41893672037037,
  "dvars_std": 1.380757846157408,
  "dvars_vstd": 1.1996704398611113,
  "efc": 0.5151291161005936,
  "fber": 1938.996826171875,
  "fd_mean": 0.5837626674818691,
  "fd_num": 131,
  "fd_perc": 60.36866359447004,
  "fwhm_avg": 1.793145728347248,
  "fwhm_x": 1.7004157862415588,
  "fwhm_y": 1.8945245202457954,
  "fwhm_z": 1.7844968785543898,
  "gcor": 0.0400168,
  "gsr_x": 0.004218107555061579,
  "gsr_y": 0.03718367964029312,
  "provenance": {
    "md5sum": "b6e6c73b66f0a90e9b2aa2b81add1f9c",
    "settings": {
      "fd_thres": 0.2,
      "testing": false
    },
    "software": "mriqc",
    "version": "22.0.6",
    "webapi_port": null,
    "webapi_url": "https://mriqc.nimh.nih.gov/api/v1"
  },
  "size_t": 217,
  "size_x": 74,
  "size_y": 74,
  "size_z": 36,
  "snr": 6.850275497484063,
  "spacing_tr": 2.0199999809265137,
  "spacing_x": 2.972972869873047,
  "spacing_y": 2.972972869873047,
  "spacing_z": 3.2200000286102295,
  "summary_bg_k": 19.912651998121262,
  "summary_bg_mad": 10.651506404407677,
  "summary_bg_mean": 41.82929229736328,
  "summary_bg_median": 19.12442398071289,
  "summary_bg_n": 125211.0,
  "summary_bg_p05": 9.345622062683105,
  "summary_bg_p95": 158.9147491455078,
  "summary_bg_stdv": 62.4033203125,
  "summary_fg_k": 1.0262305232225541,
  "summary_fg_mad": 129.53295779268842,
  "summary_fg_mean": 855.2036743164062,
  "summary_fg_median": 844.5668334960938,
  "summary_fg_n": 36499.0,
  "summary_fg_p05": 684.2709899902344,
  "summary_fg_p95": 1059.4244384765623,
  "summary_fg_stdv": 123.28778076171875,
  "tsnr": 40.19261679996271
}