{
  "aor": 0.021271209302325577,
  "aqi": 0.02785482688372093,
  "bids_meta": {
    "AcquisitionMatrixPE": 74,
    "AcquisitionNumber": 1,
    "AcquisitionTime": "",
    "BandwidthPerPixelPhaseEncode": 27.579,
    "BaseResolution": 74,
    "BodyPartExamined": "BRAIN",
    "CogAtlasID": "doi:TODO",
    "CoilString": "HE1-4;NE1_2",
    "ConsistencyInfo": "N4_VE11C_LATEST_20160120",
    "ConversionSoftware": "dcm2niix",
    "ConversionSoftwareVersion": "v1.0.20190410  GCC6.3.0",
    "DerivedVendorReportedEchoSpacing": 0.000489993,
    "DeviceSerialNumber": "166048",
    "DwellTime": 2.9e-06,
    "EchoTime": 0.023,
    "EchoTrainLength": 74,
    "EffectiveEchoSpacing": 0.000489993,
    "FlipAngle": 76,
    "ImageOrientationPatientDICOM": [
      1,
      0,
      0,
      0,
      0.942057,
      -0.335452
    ],
    "ImageType": [
      "ORIGINAL",
      "PRIMARY",
      "M",
      "ND",
      "NORM",
      "MOSAIC"
    ],
    "ImagingFrequency": 123.246,
    "InPlanePhaseEncodingDirectionDICOM": "COL",
    "InstitutionAddress": "North_13th_1701_Philadelphia_PA_US_19122",
    "InstitutionName": "Temple_University_-_Weiss_Hall",
    "InstitutionalDepartmentName": "Department",
    "MRAcquisitionType": "2D",
    "MagneticFieldStrength": 3,
    "Manufacturer": "Siemens",
    "ManufacturersModelName": "Prisma",
    "Modality": "MR",
    "PartialFourier": 1,
    "PatientPosition": "HFS",
    "PercentPhaseFOV": 100,
    "PhaseEncodingDirection": "j-",
    "PhaseEncodingSteps": 74,
    "PhaseResolution": 1,
    "PixelBandwidth": 2330,
    "ProcedureStepDescription": "SMITH_SRNDNA",
    "ProtocolName": "func-bold_trust_run3",
    "PulseSequenceDetails": "%SiemensSeq%_ep2d_bold",
    "ReceiveCoilActiveElements": "HE1-4;NE1,2",
    "ReceiveCoilName": "HeadNeck_20",
    "ReconMatrixPE": 74,
    "RepetitionTime": 2.02,
    "SAR": 0.0984745,
    "ScanOptions": "FS",
    "ScanningSequence": "EP",
    "SequenceName": "_epfid2d1_74",
    "SequenceVariant": "SK",
    "SeriesDescription": "func-bold_trust_run3",
    "SeriesNumber": 12,
    "ShimSetting": [
      1450,
      -7431,
      6497,
      562,
      66,
      89,
      28,
      71
    ],
    "SliceThickness": 2.8,
    "SliceTiming": [
      1.945,
      1.8875,
      1.8325,
      1.7775,
      1.7225,
      1.6675,
      1.61,
      1.555,
      1.5,
      1.445,
      1.39,
      1.3325,
      1.2775,
      1.2225,
      1.1675,
      1.11,
      1.055,
      1,
      0.945,
      0.89,
      0.8325,
      0.7775,
      0.7225,
      0.6675,
      0.61,
      0.555,
      0.5,
      0.445,
      0.39,
      0.3325,
      0.2775,
      0.2225,
      0.1675,
      0.11,
      0.055,
      0
    ],
    "SoftwareVersions": "syngo_MR_E11",
    "SpacingBetweenSlices": 3.22,
    "StationName": "AWP166048",
    "TaskName": "trust",
    "TotalReadoutTime": 0.0357695,
    "TxRefAmp": 266.623,
    "dataset": "ds003745",
    "modality": "bold",
    "run_id": 4,
    "subject_id": "118",
    "task_id": "trust"
  },
  "dummy_trs": 2,
  "dvars_nstd": 31.274444758037372,
  "dvars_std": 1.2183814046261678,
  "dvars_vstd": 1.0630618700934582,
  "efc": 0.5157069162607802,
  "fber": 1934.5501708984375,
  "fd_mean": 0.43825300408640316,
  "fd_num": 103,
  "fd_perc": 47.906976744186046,
  "fwhm_avg": 1.7847032869441197,
  "fwhm_x": 1.7110213320638947,
  "fwhm_y": 1.8894487927970467,
  "fwhm_z": 1.7536397359714178,
  "gcor": 0.0405191,
  "gsr_x": 0.0030815168283879757,
  "gsr_y": 0.035766035318374634,
  "provenance": {
    "md5sum": "fe56474c393ab938a815ec8bb489e137",
    "settings": {
      "fd_thres": 0.2,
      "testing": false
    },
    "software": "mriqc",
    "version": "22.0.6",
    "webapi_port": null,
    "webapi_url": "https://mriqc.nimh.nih.gov/api/v1"
  },
  "size_t": 215,
  "size_x": 74,
  "size_y": 74,
  "size_z": 36,
  "snr": 6.855326765065543,
  "spacing_tr": 2.0199999809265137,
  "spacing_x": 2.972972869873047,
  "spacing_y": 2.972972869873047,
  "spacing_z": 3.2200000286102295,
  "summary_bg_k": 19.68460577906263,
  "summary_bg_mad": 10.37821694345887,
  "summary_bg_mean": 41.71049880981445,
  "summary_bg_median": 19.167442321777344,
  "summary_bg_n": 124882.0,
  "summary_bg_p05": 9.520930290222168,
  "summary_bg_p95": 158.71627807617188,
  "summary_bg_stdv": 61.97495651245117,
  "summary_fg_k": 1.1100357842502468,
  "summary_fg_mad": 130.54482656754982,
  "summary_fg_mean": 856.92529296875,
  "summary_fg_median": 847.18603515625,
  "summary_fg_n": 36706.0,
  "summary_fg_p05": 686.6162719726562,
  "summary_fg_p95": 1062.4372253417969,
  "summary_fg_stdv": 123.57901000976562,
  "tsnr": 44.01398677309044
}