{
  "aor": 0.0036990740740740742,
  "aqi": 0.007525485648148148,
  "bids_meta": {
    "AcquisitionMatrixPE": 74,
    "AcquisitionNumber": 1,
    "AcquisitionTime": "",
    "BandwidthPerPixelPhaseEncode": 27.579,
    "BaseResolution": 74,
    "BodyPartExamined": "BRAIN",
    "CogAtlasID": "doi:TODO",
    "CoilString": "HE1-4;NE1_2",
    "ConsistencyInfo": "N4_VE11C_LATEST_20160120",
    "ConversionSoftware": "dcm2niix",
    "ConversionSoftwareVersion": "v1.0.20190410  GCC6.3.0",
    "DerivedVendorReportedEchoSpacing": 0.000489993,
    "DeviceSerialNumber": "166048",
    "DwellTime": 2.9e-06,
    "EchoTime": 0.023,
    "EchoTrainLength": 74,
    "EffectiveEchoSpacing": 0.000489993,
    "FlipAngle": 76,
    "ImageOrientationPatientDICOM": [
      1,
      0,
      0,
      0,
      0.949425,
      -0.313992
    ],
    "ImageType": [
      "ORIGINAL",
      "PRIMARY",
      "M",
      "ND",
      "NORM",
      "MOSAIC"
    ],
    "ImagingFrequency": 123.246,
    "InPlanePhaseEncodingDirectionDICOM": "COL",
    "InstitutionAddress": "North_13th_1701_Philadelphia_PA_US_19122",
    "InstitutionName": "Temple_University_-_Weiss_Hall",
    "InstitutionalDepartmentName": "Department",
    "MRAcquisitionType": "2D",
    "MagneticFieldStrength": 3,
    "Manufacturer": "Siemens",
    "ManufacturersModelName": "Prisma",
    "Modality": "MR",
    "PartialFourier": 1,
    "PatientPosition": "HFS",
    "PercentPhaseFOV": 100,
    "PhaseEncodingDirection": "j-",
    "PhaseEncodingSteps": 74,
    "PhaseResolution": 1,
    "PixelBandwidth": 2330,
    "ProcedureStepDescription": "SMITH_SRNDNA",
    "ProtocolName": "func-bold_trust_run1",
    "PulseSequenceDetails": "%SiemensSeq%_ep2d_bold",
    "ReceiveCoilActiveElements": "HE1-4;NE1,2",
    "ReceiveCoilName": "HeadNeck_20",
    "ReconMatrixPE": 74,
    "RepetitionTime": 2.02,
    "SAR": 0.0855222,
    "ScanOptions": "FS",
    "ScanningSequence": "EP",
    "SequenceName": "_epfid2d1_74",
    "SequenceVariant": "SK",
    "SeriesDescription": "func-bold_trust_run1",
    "SeriesNumber": 10,
    "ShimSetting": [
      1430,
      -7380,
      6458,
      395,
      25,
      36,
      -114,
      62
    ],
    "SliceThickness": 2.8,
    "SliceTiming": [
      1.945,
      1.8875,
      1.8325,
      1.7775,
      1.7225,
      1.6675,
      1.61,
      1.555,
      1.5,
      1.445,
      1.3875,
      1.3325,
      1.2775,
      1.2225,
      1.1675,
      1.11,
      1.055,
      1,
      0.945,
      0.8875,
      0.8325,
      0.7775,
      0.7225,
      0.6675,
      0.61,
      0.555,
      0.5,
      0.445,
      0.3875,
      0.3325,
      0.2775,
      0.2225,
      0.1675,
      0.11,
      0.055,
      0
    ],
    "SoftwareVersions": "syngo_MR_E11",
    "SpacingBetweenSlices": 3.22,
    "StationName": "AWP166048",
    "TaskName": "trust",
    "TotalReadoutTime": 0.0357695,
    "TxRefAmp": 249.419,
    "dataset": "ds003745",
    "modality": "bold",
    "run_id": 2,
    "subject_id": "124",
    "task_id": "trust"
  },
  "dummy_trs": 1,
  "dvars_nstd": 18.955628758790695,
  "dvars_std": 1.1632699866046512,
  "dvars_vstd": 1.0092948129302317,
  "efc": 0.5154481216843108,
  "fber": 1895.99267578125,
  "fd_mean": 0.15037676981515552,
  "fd_num": 30,
  "fd_perc": 13.88888888888889,
  "fwhm_avg": 1.7478527422446346,
  "fwhm_x": 1.6953871497035338,
  "fwhm_y": 1.9085374298226592,
  "fwhm_z": 1.639633647207711,
  "gcor": 0.0526651,
  "gsr_x": -0.014020003378391266,
  "gsr_y": 0.03048015385866165,
  "provenance": {
    "md5sum": "d61230f35a08f08692f18c8ffb104936",
    "settings": {
      "fd_thres": 0.2,
      "testing": false
    },
    "software": "mriqc",
    "version": "22.0.6",
    "webapi_port": null,
    "webapi_url": "https://mriqc.nimh.nih.gov/api/v1"
  },
  "size_t": 216,
  "size_x": 74,
  "size_y": 74,
  "size_z": 36,
  "snr": 7.346314856027243,
  "spacing_tr": 2.0199999809265137,
  "spacing_x": 2.972972869873047,
  "spacing_y": 2.972972869873047,
  "spacing_z": 3.2199997901916504,
  "summary_bg_k": 23.842422466267706,
  "summary_bg_mad": 9.170169643995301,
  "summary_bg_mean": 50.717037200927734,
  "summary_bg_median": 19.26388931274414,
  "summary_bg_n": 126341.0,
  "summary_bg_p05": 10.287036895751953,
  "summary_bg_p95": 229.67129516601562,
  "summary_bg_stdv": 88.02610778808594,
  "summary_fg_k": 2.921207406531151,
  "summary_fg_mad": 113.22686713315255,
  "summary_fg_mean": 859.280029296875,
  "summary_fg_median": 852.0277709960938,
  "summary_fg_n": 32855.0,
  "summary_fg_p05": 699.8472473144532,
  "summary_fg_p95": 1038.6856445312499,
  "summary_fg_stdv": 115.97853088378906,
  "tsnr": 78.09855070989579
}