{
  "aor": 0.0063939170506912444,
  "aqi": 0.007333242811059908,
  "bids_meta": {
    "AcquisitionMatrixPE": 74,
    "AcquisitionNumber": 1,
    "AcquisitionTime": "",
    "BandwidthPerPixelPhaseEncode": 27.579,
    "BaseResolution": 74,
    "BodyPartExamined": "BRAIN",
    "CogAtlasID": "doi:TODO",
    "CoilString": "HE1-4;NE1_2",
    "ConsistencyInfo": "N4_VE11C_LATEST_20160120",
    "ConversionSoftware": "dcm2niix",
    "ConversionSoftwareVersion": "v1.0.20190410  GCC6.3.0",
    "DerivedVendorReportedEchoSpacing": 0.000489993,
    "DeviceSerialNumber": "166048",
    "DwellTime": 2.9e-06,
    "EchoTime": 0.023,
    "EchoTrainLength": 74,
    "EffectiveEchoSpacing": 0.000489993,
    "FlipAngle": 76,
    "ImageOrientationPatientDICOM": [
      1,
      0,
      0,
      0,
      0.949425,
      -0.313992
    ],
    "ImageType": [
      "ORIGINAL",
      "PRIMARY",
      "M",
      "ND",
      "NORM",
      "MOSAIC"
    ],
    "ImagingFrequency": 123.246,
    "InPlanePhaseEncodingDirectionDICOM": "COL",
    "InstitutionAddress": "North_13th_1701_Philadelphia_PA_US_19122",
    "InstitutionName": "Temple_University_-_Weiss_Hall",
    "InstitutionalDepartmentName": "Department",
    "MRAcquisitionType": "2D",
    "MagneticFieldStrength": 3,
    "Manufacturer": "Siemens",
    "ManufacturersModelName": "Prisma",
    "Modality": "MR",
    "PartialFourier": 1,
    "PatientPosition": "HFS",
    "PercentPhaseFOV": 100,
    "PhaseEncodingDirection": "j-",
    "PhaseEncodingSteps": 74,
    "PhaseResolution": 1,
    "PixelBandwidth": 2330,
    "ProcedureStepDescription": "SMITH_SRNDNA",
    "ProtocolName": "func-bold_trust_run0",
    "PulseSequenceDetails": "%SiemensSeq%_ep2d_bold",
    "ReceiveCoilActiveElements": "HE1-4;NE1,2",
    "ReceiveCoilName": "HeadNeck_20",
    "ReconMatrixPE": 74,
    "RepetitionTime": 2.02,
    "SAR": 0.0855222,
    "ScanOptions": "FS",
    "ScanningSequence": "EP",
    "SequenceName": "_epfid2d1_74",
    "SequenceVariant": "SK",
    "SeriesDescription": "func-bold_trust_run0",
    "SeriesNumber": 9,
    "ShimSetting": [
      1430,
      -7383,
      6459,
      402,
      29,
      49,
      -113,
      63
    ],
    "SliceThickness": 2.8,
    "SliceTiming": [
      1.945,
      1.89,
      1.835,
      1.78,
      1.7225,
      1.6675,
      1.6125,
      1.5575,
      1.5,
      1.445,
      1.39,
      1.335,
      1.28,
      1.2225,
      1.1675,
      1.1125,
      1.0575,
      1,
      0.945,
      0.89,
      0.835,
      0.78,
      0.7225,
      0.6675,
      0.6125,
      0.5575,
      0.5,
      0.445,
      0.39,
      0.335,
      0.28,
      0.2225,
      0.1675,
      0.1125,
      0.0575,
      0
    ],
    "SoftwareVersions": "syngo_MR_E11",
    "SpacingBetweenSlices": 3.22,
    "StationName": "AWP166048",
    "TaskName": "trust",
    "TotalReadoutTime": 0.0357695,
    "TxRefAmp": 249.419,
    "dataset": "ds003745",
    "modality": "bold",
    "run_id": 1,
    "subject_id": "124",
    "task_id": "trust"
  },
  "dummy_trs": 0,
  "dvars_nstd": 18.392186544351862,
  "dvars_std": 1.2401655856481482,
  "dvars_vstd": 1.074742379814815,
  "efc": 0.5109029348181044,
  "fber": 2014.073974609375,
  "fd_mean": 0.12925190901791664,
  "fd_num": 31,
  "fd_perc": 14.285714285714286,
  "fwhm_avg": 1.7397040451002674,
  "fwhm_x": 1.6895916040480043,
  "fwhm_y": 1.8977906112681515,
  "fwhm_z": 1.6317299199846464,
  "gcor": 0.0469552,
  "gsr_x": -0.011014064773917198,
  "gsr_y": 0.03240794688463211,
  "provenance": {
    "md5sum": "1a9b581d0eed580a18f0b86d57eab80b",
    "settings": {
      "fd_thres": 0.2,
      "testing": false
    },
    "software": "mriqc",
    "version": "22.0.6",
    "webapi_port": null,
    "webapi_url": "https://mriqc.nimh.nih.gov/api/v1"
  },
  "size_t": 217,
  "size_x": 74,
  "size_y": 74,
  "size_z": 36,
  "snr": 7.317865515137175,
  "spacing_tr": 2.0199999809265137,
  "spacing_x": 2.972972869873047,
  "spacing_y": 2.972972869873047,
  "spacing_z": 3.2199997901916504,
  "summary_bg_k": 26.11567837573976,
  "summary_bg_mad": 8.711142041193382,
  "summary_bg_mean": 48.67094802856445,
  "summary_bg_median": 18.612903594970703,
  "summary_bg_n": 126862.0,
  "summary_bg_p05": 9.976958274841309,
  "summary_bg_p95": 221.61727752685545,
  "summary_bg_stdv": 85.88024139404297,
  "summary_fg_k": 2.9217359810953187,
  "summary_fg_mad": 112.79730702992708,
  "summary_fg_mean": 855.2646484375,
  "summary_fg_median": 847.83642578125,
  "summary_fg_n": 32668.0,
  "summary_fg_p05": 695.8426208496094,
  "summary_fg_p95": 1035.8527404785154,
  "summary_fg_stdv": 115.85665893554688,
  "tsnr": 80.13443930400535
}