{
  "bids_meta": {
    "AcquisitionMatrixPE": 192,
    "AcquisitionNumber": 1,
    "AcquisitionTime": "17:02:21.547500",
    "BaseResolution": 192,
    "BodyPartExamined": "BRAIN",
    "CoilString": "HE1-4;NE1_2",
    "ConsistencyInfo": "N4_VE11C_LATEST_20160120",
    "ConversionSoftware": "dcm2niix",
    "ConversionSoftwareVersion": "v1.0.20190410  GCC6.3.0",
    "DeviceSerialNumber": "166048",
    "DwellTime": 3.5e-06,
    "EchoTime": 0.567,
    "EchoTrainLength": 314,
    "FlipAngle": 120,
    "ImageOrientationPatientDICOM": [
      0,
      1,
      0,
      0.101056,
      0,
      -0.994881
    ],
    "ImageType": [
      "ORIGINAL",
      "PRIMARY",
      "M",
      "ND",
      "NORM"
    ],
    "ImagingFrequency": 123.246,
    "InPlanePhaseEncodingDirectionDICOM": "ROW",
    "InstitutionAddress": "North_13th_1701_Philadelphia_PA_US_19122",
    "InstitutionName": "Temple_University_-_Weiss_Hall",
    "InstitutionalDepartmentName": "Department",
    "MRAcquisitionType": "3D",
    "MagneticFieldStrength": 3,
    "Manufacturer": "Siemens",
    "ManufacturersModelName": "Prisma",
    "Modality": "MR",
    "PartialFourier": 1,
    "PatientPosition": "HFS",
    "PercentPhaseFOV": 100,
    "PhaseEncodingSteps": 209,
    "PhaseOversampling": 0.1,
    "PhaseResolution": 1,
    "PixelBandwidth": 745,
    "ProcedureStepDescription": "SMITH_SRNDNA",
    "ProtocolName": "T2w-anat_spc_07sag_iso",
    "PulseSequenceDetails": "%SiemensSeq%_tse_vfl",
    "ReceiveCoilActiveElements": "HE1-4;NE1,2",
    "ReceiveCoilName": "HeadNeck_20",
    "ReconMatrixPE": 192,
    "RefLinesPE": 32,
    "RepetitionTime": 3.2,
    "SAR": 0.244484,
    "ScanOptions": "PFP",
    "ScanningSequence": "SE",
    "SequenceName": "_spc_314ns",
    "SequenceVariant": "SK_SP_OSP",
    "SeriesDescription": "T2w-anat_spc_07sag_iso",
    "SeriesNumber": 3,
    "ShimSetting": [
      1408,
      -7447,
      6539,
      91,
      -58,
      -101,
      90,
      33
    ],
    "SliceThickness": 1,
    "SoftwareVersions": "syngo_MR_E11",
    "StationName": "AWP166048",
    "TxRefAmp": 359.52,
    "dataset": "ds003745",
    "modality": "T2w",
    "subject_id": "145"
  },
  "cjv": 0.5741980253722855,
  "cnr": 2.337871184686745,
  "efc": 0.6692413148876013,
  "fber": 694.231270817692,
  "fwhm_avg": 2.6736,
  "fwhm_x": 2.43238,
  "fwhm_y": 2.94197,
  "fwhm_z": 2.64645,
  "icvs_csf": 0.261688720568788,
  "icvs_gm": 0.6518927105382623,
  "icvs_wm": 0.0864185688929498,
  "inu_med": 0.9776619374752045,
  "inu_range": 0.5024430990219118,
  "provenance": {
    "md5sum": "4a248e7932e8f904253fc65a44b8c52a",
    "settings": {
      "testing": false
    },
    "software": "mriqc",
    "version": "22.0.6",
    "warnings": {
      "large_rot_frame": true,
      "small_air_mask": false
    },
    "webapi_port": null,
    "webapi_url": "https://mriqc.nimh.nih.gov/api/v1"
  },
  "qi_1": 0.0,
  "qi_2": 0.000357475021924542,
  "rpve_csf": 9.68200834493897,
  "rpve_gm": 4.974405809416905,
  "rpve_wm": 30.59191229222013,
  "size_x": 192,
  "size_y": 192,
  "size_z": 192,
  "snr_csf": 5.317373472102348,
  "snr_gm": 6.291857095300273,
  "snr_total": 4.457135524473602,
  "snr_wm": 1.7621760060181868,
  "snrd_csf": 74.11138772882927,
  "snrd_gm": 27.325882375750886,
  "snrd_total": 37.1312054798771,
  "snrd_wm": 9.956346335051155,
  "spacing_x": 1.0,
  "spacing_y": 1.0,
  "spacing_z": 1.0,
  "summary_bg_k": 6.818696943013164,
  "summary_bg_mad": 65.82554095130497,
  "summary_bg_mean": 142.88278950577887,
  "summary_bg_median": 44.39865267276764,
  "summary_bg_n": 1235800.0,
  "summary_bg_p05": 0.0,
  "summary_bg_p95": 585.9872808456421,
  "summary_bg_stdv": 211.26862519300815,
  "summary_csf_k": 0.32756447499989205,
  "summary_csf_mad": 1461.7714009566164,
  "summary_csf_mean": 7415.517247142753,
  "summary_csf_median": 7446.422131180763,
  "summary_csf_n": 84649.0,
  "summary_csf_p05": 5054.215231728554,
  "summary_csf_p95": 9540.764651942252,
  "summary_csf_stdv": 1400.386522783612,
  "summary_gm_k": -0.011713491026621892,
  "summary_gm_mad": 436.0594906900794,
  "summary_gm_mean": 2758.2789491400968,
  "summary_gm_median": 2745.5976943969727,
  "summary_gm_n": 320385.0,
  "summary_gm_p05": 2059.048401927948,
  "summary_gm_p95": 3496.628068089485,
  "summary_gm_stdv": 436.3724998781779,
  "summary_wm_k": 3.0924765113217267,
  "summary_wm_mad": 566.044103201517,
  "summary_wm_mean": 1050.7024775381276,
  "summary_wm_median": 1000.3747057914734,
  "summary_wm_n": 4815.0,
  "summary_wm_p05": 243.72424948215485,
  "summary_wm_p95": 2002.1544322371492,
  "summary_wm_stdv": 567.6338889594418,
  "tpm_overlap_csf": 0.14606635491008504,
  "tpm_overlap_gm": 0.4116321184274714,
  "tpm_overlap_wm": 0.06733091978848728,
  "wm2max": 0.10081357594126686
}