{
  "bids_meta": {
    "AcquisitionMatrixPE": 192,
    "AcquisitionNumber": 1,
    "AcquisitionTime": "11:52:24.270000",
    "BaseResolution": 192,
    "BodyPartExamined": "BRAIN",
    "CoilString": "HE1-4;NE1_2",
    "ConsistencyInfo": "N4_VE11C_LATEST_20160120",
    "ConversionSoftware": "dcm2niix",
    "ConversionSoftwareVersion": "v1.0.20190410  GCC6.3.0",
    "DeviceSerialNumber": "166048",
    "DwellTime": 1.24e-05,
    "EchoTime": 0.0022,
    "FlipAngle": 8,
    "ImageOrientationPatientDICOM": [
      0,
      1,
      0,
      0,
      0,
      -1
    ],
    "ImageType": [
      "ORIGINAL",
      "PRIMARY",
      "M",
      "ND",
      "NORM",
      "FM3",
      "2",
      "FIL"
    ],
    "ImagingFrequency": 123.246,
    "InPlanePhaseEncodingDirectionDICOM": "ROW",
    "InstitutionAddress": "North_13th_1701_Philadelphia_PA_US_19122",
    "InstitutionName": "Temple_University_-_Weiss_Hall",
    "InstitutionalDepartmentName": "Department",
    "InversionTime": 1.15,
    "MRAcquisitionType": "3D",
    "MagneticFieldStrength": 3,
    "Manufacturer": "Siemens",
    "ManufacturersModelName": "Prisma",
    "Modality": "MR",
    "PartialFourier": 1,
    "PatientPosition": "HFS",
    "PercentPhaseFOV": 100,
    "PhaseEncodingSteps": 211,
    "PhaseOversampling": 0.1,
    "PhaseResolution": 1,
    "PixelBandwidth": 210,
    "ProcedureStepDescription": "SMITH_SRNDNA",
    "ProtocolName": "T1w-anat_mpg_07sag_iso",
    "PulseSequenceDetails": "%SiemensSeq%_tfl",
    "ReceiveCoilActiveElements": "HE1-4;NE1,2",
    "ReceiveCoilName": "HeadNeck_20",
    "ReconMatrixPE": 192,
    "RefLinesPE": 32,
    "RepetitionTime": 2.4,
    "SAR": 0.0421865,
    "ScanOptions": "IR_WE",
    "ScanningSequence": "GR_IR",
    "SequenceName": "_tfl3d1_16ns",
    "SequenceVariant": "SK_SP_MP_OSP",
    "SeriesDescription": "T1w-anat_mpg_07sag_iso",
    "SeriesNumber": 5,
    "ShimSetting": [
      1437,
      -7362,
      6402,
      232,
      -14,
      -39,
      -47,
      -18
    ],
    "SliceThickness": 1,
    "SoftwareVersions": "syngo_MR_E11",
    "StationName": "AWP166048",
    "TxRefAmp": 256.601,
    "dataset": "ds003745",
    "modality": "T1w",
    "subject_id": "127"
  },
  "cjv": 0.3750641791684427,
  "cnr": 3.5017887078435708,
  "efc": 0.6096197567409152,
  "fber": -1.0,
  "fwhm_avg": 3.9004600000000003,
  "fwhm_x": 3.88358,
  "fwhm_y": 3.9333,
  "fwhm_z": 3.8845,
  "icvs_csf": 0.27047635839212575,
  "icvs_gm": 0.37575572473502306,
  "icvs_wm": 0.3537679168728512,
  "inu_med": 0.44822925329208374,
  "inu_range": 0.16319826841354373,
  "provenance": {
    "md5sum": "5906edf83bba96c90ec1cee860cf60b0",
    "settings": {
      "testing": false
    },
    "software": "mriqc",
    "version": "22.0.6",
    "warnings": {
      "large_rot_frame": true,
      "small_air_mask": false
    },
    "webapi_port": null,
    "webapi_url": "https://mriqc.nimh.nih.gov/api/v1"
  },
  "qi_1": 0.0,
  "qi_2": 0.004792475146850304,
  "rpve_csf": 12.592942651736497,
  "rpve_gm": 8.370453798410642,
  "rpve_wm": 10.750280174398968,
  "size_x": 192,
  "size_y": 192,
  "size_z": 192,
  "snr_csf": 2.9738968788388975,
  "snr_gm": 13.12901881097704,
  "snr_total": 14.195965729947938,
  "snr_wm": 26.48498150002788,
  "snrd_csf": 28.088041419268535,
  "snrd_gm": 90.62908293802144,
  "snrd_total": 79.44085107106764,
  "snrd_wm": 119.60542885591293,
  "spacing_x": 1.0,
  "spacing_y": 1.0,
  "spacing_z": 1.0,
  "summary_bg_k": 176.38393362475298,
  "summary_bg_mad": 0.0,
  "summary_bg_mean": 2.9489684322733827,
  "summary_bg_median": 0.0,
  "summary_bg_n": 1658462.0,
  "summary_bg_p05": 0.0,
  "summary_bg_p95": 13.668078981339931,
  "summary_bg_stdv": 5.477816889098758,
  "summary_csf_k": 3.3823846898292382,
  "summary_csf_mad": 59.549204258581284,
  "summary_csf_mean": 244.77121386394637,
  "summary_csf_median": 234.85360860452056,
  "summary_csf_n": 76569.0,
  "summary_csf_p05": 139.4021288920194,
  "summary_csf_p95": 392.87542592920363,
  "summary_csf_stdv": 78.9711562169415,
  "summary_gm_k": 0.42362344866793444,
  "summary_gm_mad": 54.55896274022335,
  "summary_gm_mean": 754.5761922627793,
  "summary_gm_median": 757.780396817252,
  "summary_gm_n": 16804.0,
  "summary_gm_p05": 655.0887228718959,
  "summary_gm_p95": 845.2162029654718,
  "summary_gm_stdv": 57.71625890494714,
  "summary_wm_k": 0.5609868631522827,
  "summary_wm_mad": 36.31197019741304,
  "summary_wm_mean": 1000.5743093958672,
  "summary_wm_median": 1000.0614195987582,
  "summary_wm_n": 188739.0,
  "summary_wm_p05": 939.9464255161583,
  "summary_wm_p95": 1062.508990034461,
  "summary_wm_stdv": 37.759466445935594,
  "tpm_overlap_csf": 0.15157640482323395,
  "tpm_overlap_gm": 0.41436407966888117,
  "tpm_overlap_wm": 0.4786629471840154,
  "wm2max": 0.8895755553752283
}