{
  "bids_meta": {
    "AcquisitionMatrixPE": 192,
    "AcquisitionNumber": 1,
    "AcquisitionTime": "11:48:20.530000",
    "BaseResolution": 192,
    "BodyPartExamined": "BRAIN",
    "CoilString": "HE1-4;NE1_2",
    "ConsistencyInfo": "N4_VE11C_LATEST_20160120",
    "ConversionSoftware": "dcm2niix",
    "ConversionSoftwareVersion": "v1.0.20190410  GCC6.3.0",
    "DeviceSerialNumber": "166048",
    "DwellTime": 3.5e-06,
    "EchoTime": 0.567,
    "EchoTrainLength": 314,
    "FlipAngle": 120,
    "ImageOrientationPatientDICOM": [
      0,
      1,
      0,
      0,
      0,
      -1
    ],
    "ImageType": [
      "ORIGINAL",
      "PRIMARY",
      "M",
      "ND",
      "NORM"
    ],
    "ImagingFrequency": 123.246,
    "InPlanePhaseEncodingDirectionDICOM": "ROW",
    "InstitutionAddress": "North_13th_1701_Philadelphia_PA_US_19122",
    "InstitutionName": "Temple_University_-_Weiss_Hall",
    "InstitutionalDepartmentName": "Department",
    "MRAcquisitionType": "3D",
    "MagneticFieldStrength": 3,
    "Manufacturer": "Siemens",
    "ManufacturersModelName": "Prisma",
    "Modality": "MR",
    "PartialFourier": 1,
    "PatientPosition": "HFS",
    "PercentPhaseFOV": 100,
    "PhaseEncodingSteps": 209,
    "PhaseOversampling": 0.1,
    "PhaseResolution": 1,
    "PixelBandwidth": 745,
    "ProcedureStepDescription": "SMITH_SRNDNA",
    "ProtocolName": "T2w-anat_spc_07sag_iso",
    "PulseSequenceDetails": "%SiemensSeq%_tse_vfl",
    "ReceiveCoilActiveElements": "HE1-4;NE1,2",
    "ReceiveCoilName": "HeadNeck_20",
    "ReconMatrixPE": 192,
    "RefLinesPE": 32,
    "RepetitionTime": 3.2,
    "SAR": 0.154963,
    "ScanOptions": "PFP",
    "ScanningSequence": "SE",
    "SequenceName": "_spc_314ns",
    "SequenceVariant": "SK_SP_OSP",
    "SeriesDescription": "T2w-anat_spc_07sag_iso",
    "SeriesNumber": 3,
    "ShimSetting": [
      1437,
      -7362,
      6402,
      232,
      -14,
      -39,
      -47,
      -18
    ],
    "SliceThickness": 1,
    "SoftwareVersions": "syngo_MR_E11",
    "StationName": "AWP166048",
    "TxRefAmp": 256.601,
    "dataset": "ds003745",
    "modality": "T2w",
    "subject_id": "127"
  },
  "cjv": 0.36736300137863387,
  "cnr": 2.9889728386050423,
  "efc": 0.5759082042452894,
  "fber": 5791.363738394041,
  "fwhm_avg": 2.7208733333333335,
  "fwhm_x": 2.69255,
  "fwhm_y": 2.96686,
  "fwhm_z": 2.50321,
  "icvs_csf": 0.26970372823923133,
  "icvs_gm": 0.6746019155931096,
  "icvs_wm": 0.05569435616765907,
  "inu_med": 0.8436950445175171,
  "inu_range": 0.17214542627334595,
  "provenance": {
    "md5sum": "63fe5369660003d962fce8bd0614ce71",
    "settings": {
      "testing": false
    },
    "software": "mriqc",
    "version": "22.0.6",
    "warnings": {
      "large_rot_frame": true,
      "small_air_mask": false
    },
    "webapi_port": null,
    "webapi_url": "https://mriqc.nimh.nih.gov/api/v1"
  },
  "qi_1": 0.0,
  "qi_2": 0.000887450202256566,
  "rpve_csf": 10.989104858852322,
  "rpve_gm": 5.956619386352186,
  "rpve_wm": 61.50360614612731,
  "size_x": 192,
  "size_y": 192,
  "size_z": 192,
  "snr_csf": 5.857119032673851,
  "snr_gm": 8.30979204404015,
  "snr_total": 5.050306579364324,
  "snr_wm": 0.9840086613789703,
  "snrd_csf": 152.81842866715184,
  "snrd_gm": 52.908962008759815,
  "snrd_total": 72.55308127970436,
  "snrd_wm": 11.931853163201412,
  "spacing_x": 1.0,
  "spacing_y": 1.0,
  "spacing_z": 1.0,
  "summary_bg_k": 9.527733775659199,
  "summary_bg_mad": 0.0,
  "summary_bg_mean": 34.55073692821435,
  "summary_bg_median": 0.0,
  "summary_bg_n": 1677880.0,
  "summary_bg_p05": 0.0,
  "summary_bg_p95": 151.3569974899292,
  "summary_bg_stdv": 55.03546589324816,
  "summary_csf_k": 1.430641029439066,
  "summary_csf_mad": 2481.965936205923,
  "summary_csf_mean": 12669.625932636021,
  "summary_csf_median": 12837.682990550995,
  "summary_csf_n": 70763.0,
  "summary_csf_p05": 8865.370783495902,
  "summary_csf_p95": 15346.26864774227,
  "summary_csf_stdv": 2191.7929633338063,
  "summary_gm_k": 0.2367778045890967,
  "summary_gm_mad": 514.5775050902381,
  "summary_gm_mean": 4481.837566374456,
  "summary_gm_median": 4444.676519393921,
  "summary_gm_n": 383164.0,
  "summary_gm_p05": 3663.883180618286,
  "summary_gm_p95": 5432.933328866959,
  "summary_gm_stdv": 534.8714740234279,
  "summary_wm_k": 14.491279527984325,
  "summary_wm_mad": 750.0063861785161,
  "summary_wm_mean": 1234.3426992373657,
  "summary_wm_median": 1002.3486678600311,
  "summary_wm_n": 2712.0,
  "summary_wm_p05": 173.94311496019364,
  "summary_wm_p95": 3007.5809722781178,
  "summary_wm_stdv": 1018.4502345959974,
  "tpm_overlap_csf": 0.1486128903994597,
  "tpm_overlap_gm": 0.40814630985122785,
  "tpm_overlap_wm": 0.02153704604929363,
  "wm2max": 0.06366755623332063
}