{
  "aor": 0.0011825806451612904,
  "aqi": 0.026843640092165902,
  "bids_meta": {
    "AcquisitionMatrixPE": 74,
    "AcquisitionNumber": 1,
    "AcquisitionTime": "",
    "BandwidthPerPixelPhaseEncode": 27.579,
    "BaseResolution": 74,
    "BodyPartExamined": "BRAIN",
    "CogAtlasID": "doi:TODO",
    "CoilString": "HE1_3_4;NE1_2",
    "ConsistencyInfo": "N4_VE11C_LATEST_20160120",
    "ConversionSoftware": "dcm2niix",
    "ConversionSoftwareVersion": "v1.0.20190410  GCC6.3.0",
    "DerivedVendorReportedEchoSpacing": 0.000489993,
    "DeviceSerialNumber": "166048",
    "DwellTime": 2.9e-06,
    "EchoTime": 0.023,
    "EchoTrainLength": 74,
    "EffectiveEchoSpacing": 0.000489993,
    "FlipAngle": 76,
    "ImageOrientationPatientDICOM": [
      1,
      0,
      0,
      0,
      0.942057,
      -0.335452
    ],
    "ImageType": [
      "ORIGINAL",
      "PRIMARY",
      "M",
      "ND",
      "NORM",
      "MOSAIC"
    ],
    "ImagingFrequency": 123.246,
    "InPlanePhaseEncodingDirectionDICOM": "COL",
    "InstitutionAddress": "North_13th_1701_Philadelphia_PA_US_19122",
    "InstitutionName": "Temple_University_-_Weiss_Hall",
    "InstitutionalDepartmentName": "Department",
    "MRAcquisitionType": "2D",
    "MagneticFieldStrength": 3,
    "Manufacturer": "Siemens",
    "ManufacturersModelName": "Prisma",
    "Modality": "MR",
    "PartialFourier": 1,
    "PatientPosition": "HFS",
    "PercentPhaseFOV": 100,
    "PhaseEncodingDirection": "j-",
    "PhaseEncodingSteps": 74,
    "PhaseResolution": 1,
    "PixelBandwidth": 2330,
    "ProcedureStepDescription": "SMITH_SRNDNA",
    "ProtocolName": "func-bold_trust_run2",
    "PulseSequenceDetails": "%SiemensSeq%_ep2d_bold",
    "ReceiveCoilActiveElements": "HE1,3,4;NE1,2",
    "ReceiveCoilName": "HeadNeck_20",
    "ReconMatrixPE": 74,
    "RepetitionTime": 2.02,
    "SAR": 0.0709806,
    "ScanOptions": "FS",
    "ScanningSequence": "EP",
    "SequenceName": "_epfid2d1_74",
    "SequenceVariant": "SK",
    "SeriesDescription": "func-bold_trust_run2",
    "SeriesNumber": 11,
    "ShimSetting": [
      1426,
      -7377,
      6509,
      718,
      36,
      156,
      -16,
      34
    ],
    "SliceThickness": 2.8,
    "SliceTiming": [
      1.945,
      1.89,
      1.835,
      1.7775,
      1.7225,
      1.6675,
      1.6125,
      1.555,
      1.5,
      1.445,
      1.39,
      1.335,
      1.2775,
      1.2225,
      1.1675,
      1.1125,
      1.0575,
      1,
      0.945,
      0.89,
      0.835,
      0.7775,
      0.7225,
      0.6675,
      0.6125,
      0.5575,
      0.5,
      0.445,
      0.39,
      0.335,
      0.2775,
      0.2225,
      0.1675,
      0.1125,
      0.0575,
      0
    ],
    "SoftwareVersions": "syngo_MR_E11",
    "SpacingBetweenSlices": 3.22,
    "StationName": "AWP166048",
    "TaskName": "trust",
    "TotalReadoutTime": 0.0357695,
    "TxRefAmp": 248.114,
    "dataset": "ds003745",
    "modality": "bold",
    "run_id": 3,
    "subject_id": "116",
    "task_id": "trust"
  },
  "dummy_trs": 0,
  "dvars_nstd": 21.200060217314814,
  "dvars_std": 0.9487815700000001,
  "dvars_vstd": 0.9023123685185181,
  "efc": 0.5022277238734928,
  "fber": 2026.13623046875,
  "fd_mean": 0.2721713090859507,
  "fd_num": 120,
  "fd_perc": 55.29953917050691,
  "fwhm_avg": 1.7969675424424267,
  "fwhm_x": 1.7305775145602666,
  "fwhm_y": 2.013005251627324,
  "fwhm_z": 1.6473198611396895,
  "gcor": 0.0112211,
  "gsr_x": -0.006455820519477129,
  "gsr_y": 0.04491113871335983,
  "provenance": {
    "md5sum": "ad2d4158b50a36375124f5169879999f",
    "settings": {
      "fd_thres": 0.2,
      "testing": false
    },
    "software": "mriqc",
    "version": "22.0.6",
    "webapi_port": null,
    "webapi_url": "https://mriqc.nimh.nih.gov/api/v1"
  },
  "size_t": 217,
  "size_x": 74,
  "size_y": 74,
  "size_z": 36,
  "snr": 6.892059851129601,
  "spacing_tr": 2.0199999809265137,
  "spacing_x": 2.972972869873047,
  "spacing_y": 2.972972869873047,
  "spacing_z": 3.2200000286102295,
  "summary_bg_k": 20.72845361452442,
  "summary_bg_mad": 10.57635091894697,
  "summary_bg_mean": 40.838287353515625,
  "summary_bg_median": 18.958524703979492,
  "summary_bg_n": 127193.0,
  "summary_bg_p05": 9.276497840881348,
  "summary_bg_p95": 161.20921020507797,
  "summary_bg_stdv": 61.88787078857422,
  "summary_fg_k": 2.740605321184966,
  "summary_fg_mad": 111.35225851751767,
  "summary_fg_mean": 878.4818725585938,
  "summary_fg_median": 867.7511596679688,
  "summary_fg_n": 33653.0,
  "summary_fg_p05": 704.9907836914062,
  "summary_fg_p95": 1085.791650390625,
  "summary_fg_stdv": 125.904052734375,
  "tsnr": 45.4927651474718
}