{
  "aor": 0.0024508294930875576,
  "aqi": 0.010471304930875574,
  "bids_meta": {
    "AcquisitionMatrixPE": 74,
    "AcquisitionNumber": 1,
    "AcquisitionTime": "",
    "BandwidthPerPixelPhaseEncode": 27.579,
    "BaseResolution": 74,
    "BodyPartExamined": "BRAIN",
    "CogAtlasID": "doi:TODO",
    "CoilString": "HE1_3_4;NE1_2",
    "ConsistencyInfo": "N4_VE11C_LATEST_20160120",
    "ConversionSoftware": "dcm2niix",
    "ConversionSoftwareVersion": "v1.0.20190410  GCC6.3.0",
    "DerivedVendorReportedEchoSpacing": 0.000489993,
    "DeviceSerialNumber": "166048",
    "DwellTime": 2.9e-06,
    "EchoTime": 0.023,
    "EchoTrainLength": 74,
    "EffectiveEchoSpacing": 0.000489993,
    "FlipAngle": 76,
    "ImageOrientationPatientDICOM": [
      1,
      0,
      0,
      0,
      0.942057,
      -0.335452
    ],
    "ImageType": [
      "ORIGINAL",
      "PRIMARY",
      "M",
      "ND",
      "NORM",
      "MOSAIC"
    ],
    "ImagingFrequency": 123.246,
    "InPlanePhaseEncodingDirectionDICOM": "COL",
    "InstitutionAddress": "North_13th_1701_Philadelphia_PA_US_19122",
    "InstitutionName": "Temple_University_-_Weiss_Hall",
    "InstitutionalDepartmentName": "Department",
    "MRAcquisitionType": "2D",
    "MagneticFieldStrength": 3,
    "Manufacturer": "Siemens",
    "ManufacturersModelName": "Prisma",
    "Modality": "MR",
    "PartialFourier": 1,
    "PatientPosition": "HFS",
    "PercentPhaseFOV": 100,
    "PhaseEncodingDirection": "j-",
    "PhaseEncodingSteps": 74,
    "PhaseResolution": 1,
    "PixelBandwidth": 2330,
    "ProcedureStepDescription": "SMITH_SRNDNA",
    "ProtocolName": "func-bold_trust_run0",
    "PulseSequenceDetails": "%SiemensSeq%_ep2d_bold",
    "ReceiveCoilActiveElements": "HE1,3,4;NE1,2",
    "ReceiveCoilName": "HeadNeck_20",
    "ReconMatrixPE": 74,
    "RepetitionTime": 2.02,
    "SAR": 0.0709806,
    "ScanOptions": "FS",
    "ScanningSequence": "EP",
    "SequenceName": "_epfid2d1_74",
    "SequenceVariant": "SK",
    "SeriesDescription": "func-bold_trust_run0",
    "SeriesNumber": 9,
    "ShimSetting": [
      1426,
      -7377,
      6509,
      718,
      36,
      156,
      -16,
      34
    ],
    "SliceThickness": 2.8,
    "SliceTiming": [
      1.945,
      1.8875,
      1.8325,
      1.7775,
      1.7225,
      1.665,
      1.61,
      1.555,
      1.5,
      1.445,
      1.3875,
      1.3325,
      1.2775,
      1.2225,
      1.165,
      1.11,
      1.055,
      1,
      0.945,
      0.8875,
      0.8325,
      0.7775,
      0.7225,
      0.665,
      0.61,
      0.555,
      0.5,
      0.445,
      0.3875,
      0.3325,
      0.2775,
      0.2225,
      0.165,
      0.11,
      0.055,
      0
    ],
    "SoftwareVersions": "syngo_MR_E11",
    "SpacingBetweenSlices": 3.22,
    "StationName": "AWP166048",
    "TaskName": "trust",
    "TotalReadoutTime": 0.0357695,
    "TxRefAmp": 248.114,
    "dataset": "ds003745",
    "modality": "bold",
    "run_id": 1,
    "subject_id": "116",
    "task_id": "trust"
  },
  "dummy_trs": 0,
  "dvars_nstd": 21.745903483055546,
  "dvars_std": 1.1068491481481482,
  "dvars_vstd": 1.0066409861574075,
  "efc": 0.5006961542973771,
  "fber": 2022.8880615234375,
  "fd_mean": 0.20419716282277958,
  "fd_num": 104,
  "fd_perc": 47.92626728110599,
  "fwhm_avg": 1.757163803749953,
  "fwhm_x": 1.6919629677666048,
  "fwhm_y": 1.9278110668546873,
  "fwhm_z": 1.6517173766285673,
  "gcor": 0.0142175,
  "gsr_x": -0.00480817211791873,
  "gsr_y": 0.040920794010162354,
  "provenance": {
    "md5sum": "0b17e54e4e1399efbbccd23d3f7aa6e0",
    "settings": {
      "fd_thres": 0.2,
      "testing": false
    },
    "software": "mriqc",
    "version": "22.0.6",
    "webapi_port": null,
    "webapi_url": "https://mriqc.nimh.nih.gov/api/v1"
  },
  "size_t": 217,
  "size_x": 74,
  "size_y": 74,
  "size_z": 36,
  "snr": 6.922413267524859,
  "spacing_tr": 2.0199999809265137,
  "spacing_x": 2.972972869873047,
  "spacing_y": 2.972972869873047,
  "spacing_z": 3.2200000286102295,
  "summary_bg_k": 21.46673162944432,
  "summary_bg_mad": 10.234736618401561,
  "summary_bg_mean": 39.93496322631836,
  "summary_bg_median": 18.953916549682617,
  "summary_bg_n": 127364.0,
  "summary_bg_p05": 9.543778419494629,
  "summary_bg_p95": 155.79240036010634,
  "summary_bg_stdv": 61.01900863647461,
  "summary_fg_k": 2.90471287661936,
  "summary_fg_mad": 112.35661655115986,
  "summary_fg_mean": 880.5025024414062,
  "summary_fg_median": 869.8525390625,
  "summary_fg_n": 33563.0,
  "summary_fg_p05": 709.6737426757812,
  "summary_fg_p95": 1085.1290283203125,
  "summary_fg_stdv": 125.6555404663086,
  "tsnr": 65.19951551081613
}