{
  "bids_meta": {
    "AcquisitionMatrixPE": 192,
    "AcquisitionNumber": 1,
    "AcquisitionTime": "10:35:44.287500",
    "BaseResolution": 192,
    "BodyPartExamined": "BRAIN",
    "CoilString": "HE1-4;NE1_2",
    "ConsistencyInfo": "N4_VE11C_LATEST_20160120",
    "ConversionSoftware": "dcm2niix",
    "ConversionSoftwareVersion": "v1.0.20190410  GCC6.3.0",
    "DeviceSerialNumber": "166048",
    "DwellTime": 1.24e-05,
    "EchoTime": 0.0022,
    "FlipAngle": 8,
    "ImageOrientationPatientDICOM": [
      0,
      1,
      0,
      0,
      0,
      -1
    ],
    "ImageType": [
      "ORIGINAL",
      "PRIMARY",
      "M",
      "ND",
      "NORM",
      "FM3",
      "2",
      "FIL"
    ],
    "ImagingFrequency": 123.246,
    "InPlanePhaseEncodingDirectionDICOM": "ROW",
    "InstitutionAddress": "North_13th_1701_Philadelphia_PA_US_19122",
    "InstitutionName": "Temple_University_-_Weiss_Hall",
    "InstitutionalDepartmentName": "Department",
    "InversionTime": 1.15,
    "MRAcquisitionType": "3D",
    "MagneticFieldStrength": 3,
    "Manufacturer": "Siemens",
    "ManufacturersModelName": "Prisma",
    "Modality": "MR",
    "PartialFourier": 1,
    "PatientPosition": "HFS",
    "PercentPhaseFOV": 100,
    "PhaseEncodingSteps": 211,
    "PhaseOversampling": 0.1,
    "PhaseResolution": 1,
    "PixelBandwidth": 210,
    "ProcedureStepDescription": "SMITH_SRNDNA",
    "ProtocolName": "T1w-anat_mpg_07sag_iso",
    "PulseSequenceDetails": "%SiemensSeq%_tfl",
    "ReceiveCoilActiveElements": "HE1-4;NE1,2",
    "ReceiveCoilName": "HeadNeck_20",
    "ReconMatrixPE": 192,
    "RefLinesPE": 32,
    "RepetitionTime": 2.4,
    "SAR": 0.0414835,
    "ScanOptions": "IR_WE",
    "ScanningSequence": "GR_IR",
    "SequenceName": "_tfl3d1_16ns",
    "SequenceVariant": "SK_SP_MP_OSP",
    "SeriesDescription": "T1w-anat_mpg_07sag_iso",
    "SeriesNumber": 5,
    "ShimSetting": [
      1424,
      -7377,
      6433,
      209,
      36,
      -347,
      -52,
      53
    ],
    "SliceThickness": 1,
    "SoftwareVersions": "syngo_MR_E11",
    "StationName": "AWP166048",
    "TxRefAmp": 249.419,
    "dataset": "ds003745",
    "modality": "T1w",
    "subject_id": "124"
  },
  "cjv": 0.30232259450474686,
  "cnr": 4.3977775421409495,
  "efc": 0.6021086361278688,
  "fber": 44501.042777574876,
  "fwhm_avg": 3.9976866666666666,
  "fwhm_x": 3.88028,
  "fwhm_y": 4.08177,
  "fwhm_z": 4.03101,
  "icvs_csf": 0.16311577543119976,
  "icvs_gm": 0.4773040895182938,
  "icvs_wm": 0.3595801350505064,
  "inu_med": 0.34826718270778656,
  "inu_range": 0.1001041546463966,
  "provenance": {
    "md5sum": "dda329ab1ba832de5ca6d5abdf6aff50",
    "settings": {
      "testing": false
    },
    "software": "mriqc",
    "version": "22.0.6",
    "warnings": {
      "large_rot_frame": true,
      "small_air_mask": false
    },
    "webapi_port": null,
    "webapi_url": "https://mriqc.nimh.nih.gov/api/v1"
  },
  "qi_1": 0.0,
  "qi_2": 0.009196477431256152,
  "rpve_csf": 20.707445316674686,
  "rpve_gm": 8.09555560993116,
  "rpve_wm": 12.062718180676397,
  "size_x": 192,
  "size_y": 192,
  "size_z": 192,
  "snr_csf": 2.483243263370198,
  "snr_gm": 11.98347069727741,
  "snr_total": 15.691249990529728,
  "snr_wm": 32.60703601094158,
  "snrd_csf": 29.690591193481524,
  "snrd_gm": 76.18398746071641,
  "snrd_total": 71.23487661162004,
  "snrd_wm": 107.83005118066214,
  "spacing_x": 1.0,
  "spacing_y": 1.0,
  "spacing_z": 1.0,
  "summary_bg_k": 1633.9798802583998,
  "summary_bg_mad": 0.0,
  "summary_bg_mean": 3.22510352717032,
  "summary_bg_median": 0.0,
  "summary_bg_n": 1672999.0,
  "summary_bg_p05": 0.0,
  "summary_bg_p95": 13.034853748977184,
  "summary_bg_stdv": 6.075867806440108,
  "summary_csf_k": 0.786020807421878,
  "summary_csf_mad": 99.47032494259334,
  "summary_csf_mean": 282.83344669994204,
  "summary_csf_median": 275.35656267404556,
  "summary_csf_n": 16184.0,
  "summary_csf_p05": 103.99829726982863,
  "summary_csf_p95": 475.34805681351565,
  "summary_csf_stdv": 110.88243328507271,
  "summary_gm_k": 0.02830805340355136,
  "summary_gm_mad": 59.18085220433612,
  "summary_gm_mean": 706.6036420105185,
  "summary_gm_median": 706.5457464717329,
  "summary_gm_n": 63539.0,
  "summary_gm_p05": 609.9744821749628,
  "summary_gm_p95": 802.9677711386233,
  "summary_gm_stdv": 58.95956224708837,
  "summary_wm_k": 0.5104083495967524,
  "summary_wm_mad": 29.548414138937343,
  "summary_wm_mean": 1001.3238360775636,
  "summary_wm_median": 1000.0377578400075,
  "summary_wm_n": 184181.0,
  "summary_wm_p05": 953.07450215891,
  "summary_wm_p95": 1052.309410482645,
  "summary_wm_stdv": 30.66930225358124,
  "tpm_overlap_csf": 0.14621123066378952,
  "tpm_overlap_gm": 0.4803020115506273,
  "tpm_overlap_wm": 0.5095916132748708,
  "wm2max": 0.9043958109100849
}