{
  "aor": 0.006510787037037037,
  "aqi": 0.01658444541666667,
  "bids_meta": {
    "AcquisitionMatrixPE": 74,
    "AcquisitionNumber": 1,
    "AcquisitionTime": "",
    "BandwidthPerPixelPhaseEncode": 27.579,
    "BaseResolution": 74,
    "BodyPartExamined": "BRAIN",
    "CogAtlasID": "doi:TODO",
    "CoilString": "HE1-4;NE1_2",
    "ConsistencyInfo": "N4_VE11C_LATEST_20160120",
    "ConversionSoftware": "dcm2niix",
    "ConversionSoftwareVersion": "v1.0.20190410  GCC6.3.0",
    "DerivedVendorReportedEchoSpacing": 0.000489993,
    "DeviceSerialNumber": "166048",
    "DwellTime": 2.9e-06,
    "EchoTime": 0.023,
    "EchoTrainLength": 74,
    "EffectiveEchoSpacing": 0.000489993,
    "FlipAngle": 76,
    "ImageOrientationPatientDICOM": [
      1,
      0,
      0,
      0,
      0.93606,
      -0.351842
    ],
    "ImageType": [
      "ORIGINAL",
      "PRIMARY",
      "M",
      "ND",
      "NORM",
      "MOSAIC"
    ],
    "ImagingFrequency": 123.246,
    "InPlanePhaseEncodingDirectionDICOM": "COL",
    "InstitutionAddress": "North_13th_1701_Philadelphia_PA_US_19122",
    "InstitutionName": "Temple_University_-_Weiss_Hall",
    "InstitutionalDepartmentName": "Department",
    "MRAcquisitionType": "2D",
    "MagneticFieldStrength": 3,
    "Manufacturer": "Siemens",
    "ManufacturersModelName": "Prisma",
    "Modality": "MR",
    "PartialFourier": 1,
    "PatientPosition": "HFS",
    "PercentPhaseFOV": 100,
    "PhaseEncodingDirection": "j-",
    "PhaseEncodingSteps": 74,
    "PhaseResolution": 1,
    "PixelBandwidth": 2330,
    "ProcedureStepDescription": "SMITH_SRNDNA",
    "ProtocolName": "func-bold_trust_run0",
    "PulseSequenceDetails": "%SiemensSeq%_ep2d_bold",
    "ReceiveCoilActiveElements": "HE1-4;NE1,2",
    "ReceiveCoilName": "HeadNeck_20",
    "ReconMatrixPE": 74,
    "RepetitionTime": 2.02,
    "SAR": 0.135383,
    "ScanOptions": "FS",
    "ScanningSequence": "EP",
    "SequenceName": "_epfid2d1_74",
    "SequenceVariant": "SK",
    "SeriesDescription": "func-bold_trust_run0",
    "SeriesNumber": 10,
    "ShimSetting": [
      1375,
      -7441,
      6534,
      93,
      -131,
      -60,
      -25,
      -20
    ],
    "SliceThickness": 2.8,
    "SliceTiming": [
      1.945,
      1.89,
      1.8325,
      1.7775,
      1.7225,
      1.6675,
      1.6125,
      1.555,
      1.5,
      1.445,
      1.39,
      1.3325,
      1.2775,
      1.2225,
      1.1675,
      1.1125,
      1.055,
      1,
      0.945,
      0.89,
      0.8325,
      0.7775,
      0.7225,
      0.6675,
      0.6125,
      0.555,
      0.5,
      0.445,
      0.39,
      0.3325,
      0.2775,
      0.2225,
      0.1675,
      0.1125,
      0.055,
      0
    ],
    "SoftwareVersions": "syngo_MR_E11",
    "SpacingBetweenSlices": 3.22,
    "StationName": "AWP166048",
    "TaskName": "trust",
    "TotalReadoutTime": 0.0357695,
    "TxRefAmp": 349.084,
    "dataset": "ds003745",
    "modality": "bold",
    "run_id": 1,
    "subject_id": "144",
    "task_id": "trust"
  },
  "dummy_trs": 1,
  "dvars_nstd": 40.906564082604646,
  "dvars_std": 1.2466668186046501,
  "dvars_vstd": 1.0280646383720926,
  "efc": 0.5424483610017516,
  "fber": 1103.7587890625,
  "fd_mean": 0.5104409042685403,
  "fd_num": 198,
  "fd_perc": 91.66666666666667,
  "fwhm_avg": 1.7779544631546302,
  "fwhm_x": 1.7577556973209623,
  "fwhm_y": 1.8801449742925809,
  "fwhm_z": 1.6959627178503471,
  "gcor": 0.0104879,
  "gsr_x": -0.03301544114947319,
  "gsr_y": 0.05205889046192169,
  "provenance": {
    "md5sum": "b31adaad04d460c169db2f0ea998ec8e",
    "settings": {
      "fd_thres": 0.2,
      "testing": false
    },
    "software": "mriqc",
    "version": "22.0.6",
    "webapi_port": null,
    "webapi_url": "https://mriqc.nimh.nih.gov/api/v1"
  },
  "size_t": 216,
  "size_x": 74,
  "size_y": 74,
  "size_z": 36,
  "snr": 6.002987931802121,
  "spacing_tr": 2.0199999809265137,
  "spacing_x": 2.972972869873047,
  "spacing_y": 2.972972869873047,
  "spacing_z": 3.2200000286102295,
  "summary_bg_k": 29.979750915904546,
  "summary_bg_mad": 11.455847121578332,
  "summary_bg_mean": 34.39580535888672,
  "summary_bg_median": 15.75,
  "summary_bg_n": 121315.0,
  "summary_bg_p05": 6.185185432434082,
  "summary_bg_p95": 125.98889083862294,
  "summary_bg_stdv": 51.38154983520508,
  "summary_fg_k": 2.5887738818638306,
  "summary_fg_mad": 78.87307613708418,
  "summary_fg_mean": 547.6050415039062,
  "summary_fg_median": 536.8680419921875,
  "summary_fg_n": 37380.0,
  "summary_fg_p05": 430.068994140625,
  "summary_fg_p95": 704.422946166992,
  "summary_fg_stdv": 89.4322738647461,
  "tsnr": 45.603695241734385
}