{
  "bids_meta": {
    "AcquisitionMatrixPE": 192,
    "AcquisitionNumber": 1,
    "AcquisitionTime": "18:09:28.305000",
    "BaseResolution": 192,
    "BodyPartExamined": "BRAIN",
    "CoilString": "HE1-4;NE1_2",
    "ConsistencyInfo": "N4_VE11C_LATEST_20160120",
    "ConversionSoftware": "dcm2niix",
    "ConversionSoftwareVersion": "v1.0.20190410  GCC6.3.0",
    "DeviceSerialNumber": "166048",
    "DwellTime": 1.24e-05,
    "EchoTime": 0.0022,
    "FlipAngle": 8,
    "ImageOrientationPatientDICOM": [
      0,
      1,
      0,
      0,
      0,
      -1
    ],
    "ImageType": [
      "ORIGINAL",
      "PRIMARY",
      "M",
      "ND",
      "NORM",
      "FM3",
      "2",
      "FIL"
    ],
    "ImagingFrequency": 123.245,
    "InPlanePhaseEncodingDirectionDICOM": "ROW",
    "InstitutionAddress": "North_13th_1701_Philadelphia_PA_US_19122",
    "InstitutionName": "Temple_University_-_Weiss_Hall",
    "InstitutionalDepartmentName": "Department",
    "InversionTime": 1.15,
    "MRAcquisitionType": "3D",
    "MagneticFieldStrength": 3,
    "Manufacturer": "Siemens",
    "ManufacturersModelName": "Prisma",
    "Modality": "MR",
    "PartialFourier": 1,
    "PatientPosition": "HFS",
    "PercentPhaseFOV": 100,
    "PhaseEncodingSteps": 211,
    "PhaseOversampling": 0.1,
    "PhaseResolution": 1,
    "PixelBandwidth": 210,
    "ProcedureStepDescription": "SMITH_SRNDNA",
    "ProtocolName": "T1w-anat_mpg_07sag_iso",
    "PulseSequenceDetails": "%SiemensSeq%_tfl",
    "ReceiveCoilActiveElements": "HE1-4;NE1,2",
    "ReceiveCoilName": "HeadNeck_20",
    "ReconMatrixPE": 192,
    "RefLinesPE": 32,
    "RepetitionTime": 2.4,
    "SAR": 0.0666906,
    "ScanOptions": "IR_WE",
    "ScanningSequence": "GR_IR",
    "SequenceName": "_tfl3d1_16ns",
    "SequenceVariant": "SK_SP_MP_OSP",
    "SeriesDescription": "T1w-anat_mpg_07sag_iso",
    "SeriesNumber": 5,
    "ShimSetting": [
      1394,
      -7517,
      6486,
      -7,
      29,
      -328,
      -11,
      28
    ],
    "SliceThickness": 1,
    "SoftwareVersions": "syngo_MR_E11",
    "StationName": "AWP166048",
    "TxRefAmp": 354.935,
    "dataset": "ds003745",
    "modality": "T1w",
    "subject_id": "140"
  },
  "cjv": 0.4419376919555107,
  "cnr": 3.0767366953037953,
  "efc": 0.6961444421699029,
  "fber": 12487.093588158643,
  "fwhm_avg": 3.77585,
  "fwhm_x": 3.75366,
  "fwhm_y": 3.77689,
  "fwhm_z": 3.797,
  "icvs_csf": 0.24511298263683562,
  "icvs_gm": 0.38203999290530744,
  "icvs_wm": 0.37284702445785695,
  "inu_med": 0.6044742465019226,
  "inu_range": 0.29575923830270767,
  "provenance": {
    "md5sum": "e0dc1898288fb717b4eaacdd5bd81902",
    "settings": {
      "testing": false
    },
    "software": "mriqc",
    "version": "22.0.6",
    "warnings": {
      "large_rot_frame": true,
      "small_air_mask": false
    },
    "webapi_port": null,
    "webapi_url": "https://mriqc.nimh.nih.gov/api/v1"
  },
  "qi_1": 0.0,
  "qi_2": 0.004152625310732243,
  "rpve_csf": 14.22516275062784,
  "rpve_gm": 8.607436680728636,
  "rpve_wm": 10.61135795991344,
  "size_x": 192,
  "size_y": 192,
  "size_z": 192,
  "snr_csf": 2.409087229083444,
  "snr_gm": 11.225347135786938,
  "snr_total": 11.011284330926578,
  "snr_wm": 19.399418627909355,
  "snrd_csf": 25.466257355635634,
  "snrd_gm": 68.78181752978044,
  "snrd_total": 62.360708284378326,
  "snrd_wm": 92.83404996771893,
  "spacing_x": 1.0,
  "spacing_y": 1.0,
  "spacing_z": 1.0,
  "summary_bg_k": 23.974928256745276,
  "summary_bg_mad": 7.057489831713946,
  "summary_bg_mean": 6.447829982949129,
  "summary_bg_median": 4.760204553604126,
  "summary_bg_n": 1375602.0,
  "summary_bg_p05": 0.0,
  "summary_bg_p95": 23.44400742650032,
  "summary_bg_stdv": 8.819811258111004,
  "summary_csf_k": 0.41363353394107705,
  "summary_csf_mad": 104.05386570633249,
  "summary_csf_mean": 287.21809058676286,
  "summary_csf_median": 274.3365386798978,
  "summary_csf_n": 42074.0,
  "summary_csf_p05": 116.91211140044034,
  "summary_csf_p95": 498.61208865903313,
  "summary_csf_stdv": 113.87436502157179,
  "summary_gm_k": 0.03393639930354819,
  "summary_gm_mad": 66.07574854942182,
  "summary_gm_mean": 738.9787125441622,
  "summary_gm_median": 740.9555900469422,
  "summary_gm_n": 15698.0,
  "summary_gm_p05": 626.1706950563937,
  "summary_gm_p95": 843.0619777217507,
  "summary_gm_stdv": 66.00526294556718,
  "summary_wm_k": 0.742734878859594,
  "summary_wm_mad": 48.43202397013695,
  "summary_wm_mean": 1004.9211457059694,
  "summary_wm_median": 1000.0594741553068,
  "summary_wm_n": 179107.0,
  "summary_wm_p05": 929.1621775850654,
  "summary_wm_p95": 1095.6503318473697,
  "summary_wm_stdv": 51.55085838084229,
  "tpm_overlap_csf": 0.1697396961077411,
  "tpm_overlap_gm": 0.4218414322828156,
  "tpm_overlap_wm": 0.5033545624460819,
  "wm2max": 0.6662034715297267
}