{
  "aor": 0.0028166046511627903,
  "aqi": 0.009769995906976746,
  "bids_meta": {
    "AcquisitionMatrixPE": 74,
    "AcquisitionNumber": 1,
    "AcquisitionTime": "",
    "BandwidthPerPixelPhaseEncode": 27.579,
    "BaseResolution": 74,
    "BodyPartExamined": "HEAD",
    "CogAtlasID": "doi:TODO",
    "CoilString": "HE1-4;NE1_2",
    "ConsistencyInfo": "N4_VE11C_LATEST_20160120",
    "ConversionSoftware": "dcm2niix",
    "ConversionSoftwareVersion": "v1.0.20190410  GCC6.3.0",
    "DerivedVendorReportedEchoSpacing": 0.000489993,
    "DeviceSerialNumber": "166048",
    "DwellTime": 2.9e-06,
    "EchoTime": 0.023,
    "EchoTrainLength": 74,
    "EffectiveEchoSpacing": 0.000489993,
    "FlipAngle": 76,
    "ImageOrientationPatientDICOM": [
      1,
      0,
      0,
      0,
      0.971549,
      -0.236838
    ],
    "ImageType": [
      "ORIGINAL",
      "PRIMARY",
      "M",
      "ND",
      "NORM",
      "MOSAIC"
    ],
    "ImagingFrequency": 123.246,
    "InPlanePhaseEncodingDirectionDICOM": "COL",
    "InstitutionAddress": "North_13th_1701_Philadelphia_PA_US_19122",
    "InstitutionName": "Temple_University_-_Weiss_Hall",
    "InstitutionalDepartmentName": "Department",
    "MRAcquisitionType": "2D",
    "MagneticFieldStrength": 3,
    "Manufacturer": "Siemens",
    "ManufacturersModelName": "Prisma",
    "Modality": "MR",
    "PartialFourier": 1,
    "PatientPosition": "HFS",
    "PercentPhaseFOV": 100,
    "PhaseEncodingDirection": "j-",
    "PhaseEncodingSteps": 74,
    "PhaseResolution": 1,
    "PixelBandwidth": 2330,
    "ProcedureStepDescription": "SMITH_SRNDNA",
    "ProtocolName": "func-bold_trust_run4",
    "PulseSequenceDetails": "%SiemensSeq%_ep2d_bold",
    "ReceiveCoilActiveElements": "HE1-4;NE1,2",
    "ReceiveCoilName": "HeadNeck_20",
    "ReconMatrixPE": 74,
    "RepetitionTime": 2.02,
    "SAR": 0.0802629,
    "ScanOptions": "FS",
    "ScanningSequence": "EP",
    "SequenceName": "_epfid2d1_74",
    "SequenceVariant": "SK",
    "SeriesDescription": "func-bold_trust_run4",
    "SeriesNumber": 13,
    "ShimSetting": [
      1426,
      -7219,
      6365,
      292,
      -4,
      570,
      -350,
      87
    ],
    "SliceThickness": 2.8,
    "SliceTiming": [
      1.945,
      1.89,
      1.835,
      1.7775,
      1.7225,
      1.6675,
      1.6125,
      1.555,
      1.5,
      1.445,
      1.39,
      1.335,
      1.2775,
      1.2225,
      1.1675,
      1.1125,
      1.055,
      1,
      0.945,
      0.89,
      0.835,
      0.7775,
      0.7225,
      0.6675,
      0.6125,
      0.555,
      0.5,
      0.445,
      0.39,
      0.335,
      0.2775,
      0.2225,
      0.1675,
      0.1125,
      0.055,
      0
    ],
    "SoftwareVersions": "syngo_MR_E11",
    "SpacingBetweenSlices": 3.22,
    "StationName": "AWP166048",
    "TaskName": "trust",
    "TotalReadoutTime": 0.0357695,
    "TxRefAmp": 248.237,
    "dataset": "ds003745",
    "modality": "bold",
    "run_id": 5,
    "subject_id": "108",
    "task_id": "trust"
  },
  "dummy_trs": 2,
  "dvars_nstd": 17.01816639056075,
  "dvars_std": 1.101687346261682,
  "dvars_vstd": 0.9809144604205609,
  "efc": 0.47526167177964274,
  "fber": 2729.1201171875,
  "fd_mean": 0.1528724969369537,
  "fd_num": 38,
  "fd_perc": 17.674418604651162,
  "fwhm_avg": 1.6889446162250235,
  "fwhm_x": 1.608790328518619,
  "fwhm_y": 1.809559062753818,
  "fwhm_z": 1.6484844574026338,
  "gcor": 0.0317165,
  "gsr_x": -0.0190978292375803,
  "gsr_y": 0.0428154431283474,
  "provenance": {
    "md5sum": "fb884150ee62bbfba5daff87d0932c6b",
    "settings": {
      "fd_thres": 0.2,
      "testing": false
    },
    "software": "mriqc",
    "version": "22.0.6",
    "webapi_port": null,
    "webapi_url": "https://mriqc.nimh.nih.gov/api/v1"
  },
  "size_t": 215,
  "size_x": 74,
  "size_y": 74,
  "size_z": 36,
  "snr": 7.079492039476104,
  "spacing_tr": 2.0199999809265137,
  "spacing_x": 2.972972869873047,
  "spacing_y": 2.972972869873047,
  "spacing_z": 3.2200000286102295,
  "summary_bg_k": 37.643832181838405,
  "summary_bg_mad": 9.75759246303148,
  "summary_bg_mean": 44.46092987060547,
  "summary_bg_median": 18.539535522460938,
  "summary_bg_n": 132546.0,
  "summary_bg_p05": 9.846511840820312,
  "summary_bg_p95": 178.35465240478516,
  "summary_bg_stdv": 78.80077362060547,
  "summary_fg_k": 2.7590064220635737,
  "summary_fg_mad": 130.67250916827686,
  "summary_fg_mean": 985.0387573242188,
  "summary_fg_median": 977.3906860351562,
  "summary_fg_n": 29136.0,
  "summary_fg_p05": 793.1511688232422,
  "summary_fg_p95": 1204.2128295898438,
  "summary_fg_stdv": 138.05706787109375,
  "tsnr": 74.76061372528784
}