{
  "aor": 0.004549537037037038,
  "aqi": 0.013171415370370372,
  "bids_meta": {
    "AcquisitionMatrixPE": 74,
    "AcquisitionNumber": 1,
    "AcquisitionTime": "",
    "BandwidthPerPixelPhaseEncode": 27.579,
    "BaseResolution": 74,
    "BodyPartExamined": "BRAIN",
    "CogAtlasID": "doi:TODO",
    "CoilString": "HE1-4;NE1_2",
    "ConsistencyInfo": "N4_VE11C_LATEST_20160120",
    "ConversionSoftware": "dcm2niix",
    "ConversionSoftwareVersion": "v1.0.20190410  GCC6.3.0",
    "DerivedVendorReportedEchoSpacing": 0.000489993,
    "DeviceSerialNumber": "166048",
    "DwellTime": 2.9e-06,
    "EchoTime": 0.023,
    "EchoTrainLength": 74,
    "EffectiveEchoSpacing": 0.000489993,
    "FlipAngle": 76,
    "ImageOrientationPatientDICOM": [
      1,
      0,
      0,
      0,
      0.91496,
      -0.403545
    ],
    "ImageType": [
      "ORIGINAL",
      "PRIMARY",
      "M",
      "ND",
      "NORM",
      "MOSAIC"
    ],
    "ImagingFrequency": 123.246,
    "InPlanePhaseEncodingDirectionDICOM": "COL",
    "InstitutionAddress": "North_13th_1701_Philadelphia_PA_US_19122",
    "InstitutionName": "Temple_University_-_Weiss_Hall",
    "InstitutionalDepartmentName": "Department",
    "MRAcquisitionType": "2D",
    "MagneticFieldStrength": 3,
    "Manufacturer": "Siemens",
    "ManufacturersModelName": "Prisma",
    "Modality": "MR",
    "PartialFourier": 1,
    "PatientPosition": "HFS",
    "PercentPhaseFOV": 100,
    "PhaseEncodingDirection": "j-",
    "PhaseEncodingSteps": 74,
    "PhaseResolution": 1,
    "PixelBandwidth": 2330,
    "ProcedureStepDescription": "SMITH_SRNDNA",
    "ProtocolName": "func-bold_trust_run0",
    "PulseSequenceDetails": "%SiemensSeq%_ep2d_bold",
    "ReceiveCoilActiveElements": "HE1-4;NE1,2",
    "ReceiveCoilName": "HeadNeck_20",
    "ReconMatrixPE": 74,
    "RepetitionTime": 2.02,
    "SAR": 0.0812621,
    "ScanOptions": "FS",
    "ScanningSequence": "EP",
    "SequenceName": "_epfid2d1_74",
    "SequenceVariant": "SK",
    "SeriesDescription": "func-bold_trust_run0",
    "SeriesNumber": 9,
    "ShimSetting": [
      1393,
      -7338,
      6453,
      158,
      -60,
      369,
      -124,
      42
    ],
    "SliceThickness": 2.8,
    "SliceTiming": [
      1.945,
      1.8875,
      1.8325,
      1.7775,
      1.7225,
      1.665,
      1.61,
      1.555,
      1.5,
      1.445,
      1.3875,
      1.3325,
      1.2775,
      1.2225,
      1.165,
      1.11,
      1.055,
      1,
      0.945,
      0.8875,
      0.8325,
      0.7775,
      0.7225,
      0.665,
      0.61,
      0.555,
      0.5,
      0.445,
      0.3875,
      0.3325,
      0.2775,
      0.2225,
      0.165,
      0.11,
      0.055,
      0
    ],
    "SoftwareVersions": "syngo_MR_E11",
    "SpacingBetweenSlices": 3.22,
    "StationName": "AWP166048",
    "TaskName": "trust",
    "TotalReadoutTime": 0.0357695,
    "TxRefAmp": 250.969,
    "dataset": "ds003745",
    "modality": "bold",
    "run_id": 1,
    "subject_id": "136",
    "task_id": "trust"
  },
  "dummy_trs": 1,
  "dvars_nstd": 27.48040880613955,
  "dvars_std": 1.4066551597674426,
  "dvars_vstd": 0.9917100360465115,
  "efc": 0.5184969184393101,
  "fber": 2074.77294921875,
  "fd_mean": 0.15944213703860632,
  "fd_num": 54,
  "fd_perc": 25.0,
  "fwhm_avg": 1.7545006034531887,
  "fwhm_x": 1.7330195146449527,
  "fwhm_y": 1.8957959748353428,
  "fwhm_z": 1.6346863208792701,
  "gcor": 0.0199015,
  "gsr_x": -0.019084328785538673,
  "gsr_y": 0.04400334879755974,
  "provenance": {
    "md5sum": "3542850091b5ba4bcd7d39039a6273ef",
    "settings": {
      "fd_thres": 0.2,
      "testing": false
    },
    "software": "mriqc",
    "version": "22.0.6",
    "webapi_port": null,
    "webapi_url": "https://mriqc.nimh.nih.gov/api/v1"
  },
  "size_t": 216,
  "size_x": 74,
  "size_y": 74,
  "size_z": 36,
  "snr": 7.403463728533277,
  "spacing_tr": 2.0199999809265137,
  "spacing_x": 2.972972869873047,
  "spacing_y": 2.972972869873047,
  "spacing_z": 3.2200000286102295,
  "summary_bg_k": 45.224916676951146,
  "summary_bg_mad": 10.481174331139805,
  "summary_bg_mean": 44.047245025634766,
  "summary_bg_median": 19.95833396911621,
  "summary_bg_n": 121051.0,
  "summary_bg_p05": 9.800926208496094,
  "summary_bg_p95": 150.39352416992188,
  "summary_bg_stdv": 82.52176666259766,
  "summary_fg_k": 4.1945817524059485,
  "summary_fg_mad": 104.79800566800833,
  "summary_fg_mean": 930.8991088867188,
  "summary_fg_median": 918.7662353515625,
  "summary_fg_n": 36930.0,
  "summary_fg_p05": 763.084506225586,
  "summary_fg_p95": 1133.9907775878903,
  "summary_fg_stdv": 124.09783172607422,
  "tsnr": 67.22418426722288
}