{
  "bids_meta": {
    "AcquisitionMatrixPE": 192,
    "AcquisitionNumber": 1,
    "AcquisitionTime": "15:55:20.270000",
    "BaseResolution": 192,
    "BodyPartExamined": "BRAIN",
    "CoilString": "HE1-4;NE1_2",
    "ConsistencyInfo": "N4_VE11C_LATEST_20160120",
    "ConversionSoftware": "dcm2niix",
    "ConversionSoftwareVersion": "v1.0.20190410  GCC6.3.0",
    "DeviceSerialNumber": "166048",
    "DwellTime": 1.24e-05,
    "EchoTime": 0.0022,
    "FlipAngle": 8,
    "ImageOrientationPatientDICOM": [
      0,
      1,
      0,
      0,
      0,
      -1
    ],
    "ImageType": [
      "ORIGINAL",
      "PRIMARY",
      "M",
      "ND",
      "NORM",
      "FM3",
      "2",
      "FIL"
    ],
    "ImagingFrequency": 123.245,
    "InPlanePhaseEncodingDirectionDICOM": "ROW",
    "InstitutionAddress": "North_13th_1701_Philadelphia_PA_US_19122",
    "InstitutionName": "Temple_University_-_Weiss_Hall",
    "InstitutionalDepartmentName": "Department",
    "InversionTime": 1.15,
    "MRAcquisitionType": "3D",
    "MagneticFieldStrength": 3,
    "Manufacturer": "Siemens",
    "ManufacturersModelName": "Prisma",
    "Modality": "MR",
    "PartialFourier": 1,
    "PatientPosition": "HFS",
    "PercentPhaseFOV": 100,
    "PhaseEncodingSteps": 211,
    "PhaseOversampling": 0.1,
    "PhaseResolution": 1,
    "PixelBandwidth": 210,
    "ProcedureStepDescription": "SMITH_SRNDNA",
    "ProtocolName": "T1w-anat_mpg_07sag_iso",
    "PulseSequenceDetails": "%SiemensSeq%_tfl",
    "ReceiveCoilActiveElements": "HE1-4;NE1,2",
    "ReceiveCoilName": "HeadNeck_20",
    "ReconMatrixPE": 192,
    "RefLinesPE": 32,
    "RepetitionTime": 2.4,
    "SAR": 0.0414227,
    "ScanOptions": "IR_WE",
    "ScanningSequence": "GR_IR",
    "SequenceName": "_tfl3d1_16ns",
    "SequenceVariant": "SK_SP_MP_OSP",
    "SeriesDescription": "T1w-anat_mpg_07sag_iso",
    "SeriesNumber": 5,
    "ShimSetting": [
      1418,
      -7469,
      6468,
      199,
      14,
      -216,
      -101,
      36
    ],
    "SliceThickness": 1,
    "SoftwareVersions": "syngo_MR_E11",
    "StationName": "AWP166048",
    "TxRefAmp": 259.454,
    "dataset": "ds003745",
    "modality": "T1w",
    "subject_id": "107"
  },
  "cjv": 0.2935320398128714,
  "cnr": 4.49558342722526,
  "efc": 0.6103184304786718,
  "fber": 29498.0625,
  "fwhm_avg": 3.905366666666667,
  "fwhm_x": 3.92328,
  "fwhm_y": 3.78876,
  "fwhm_z": 4.00406,
  "icvs_csf": 0.2346043193677693,
  "icvs_gm": 0.4254867298834522,
  "icvs_wm": 0.33990895074877847,
  "inu_med": 0.4308716356754303,
  "inu_range": 0.1526248291134834,
  "provenance": {
    "md5sum": "47e333a182a5157461b99cbaef930544",
    "settings": {
      "testing": false
    },
    "software": "mriqc",
    "version": "22.0.6",
    "warnings": {
      "large_rot_frame": true,
      "small_air_mask": false
    },
    "webapi_port": null,
    "webapi_url": "https://mriqc.nimh.nih.gov/api/v1"
  },
  "qi_1": 0.0,
  "qi_2": 0.014212221871364101,
  "rpve_csf": 12.845948495060755,
  "rpve_gm": 7.2078225335668415,
  "rpve_wm": 10.696909050647893,
  "size_x": 192,
  "size_y": 192,
  "size_z": 192,
  "snr_csf": 2.45628058325715,
  "snr_gm": 11.62369395395294,
  "snr_total": 14.632905034273955,
  "snr_wm": 29.818740565611783,
  "snrd_csf": 35.957433811599024,
  "snrd_gm": 105.55086087889464,
  "snrd_total": 97.99736216214679,
  "snrd_wm": 152.4837917959467,
  "spacing_x": 1.0,
  "spacing_y": 1.0,
  "spacing_z": 1.0,
  "summary_bg_k": 4.708566950519433,
  "summary_bg_mad": 4.296608466579847,
  "summary_bg_mean": 3.1119930404927727,
  "summary_bg_median": 2.8980183713138103,
  "summary_bg_n": 1747486.0,
  "summary_bg_p05": 0.0,
  "summary_bg_p95": 11.490030584856868,
  "summary_bg_stdv": 4.062408010424774,
  "summary_csf_k": 0.8445536686193496,
  "summary_csf_mad": 89.44207483950723,
  "summary_csf_mean": 243.92006943086093,
  "summary_csf_median": 235.8211428206414,
  "summary_csf_n": 37940.0,
  "summary_csf_p05": 104.26641519805416,
  "summary_csf_p95": 420.1320499491877,
  "summary_csf_stdv": 96.00614709521622,
  "summary_gm_k": 0.3780866962060423,
  "summary_gm_mad": 57.97395649272525,
  "summary_gm_mean": 693.3774157830369,
  "summary_gm_median": 692.2386277224869,
  "summary_gm_n": 30495.0,
  "summary_gm_p05": 598.6448794770986,
  "summary_gm_p95": 791.8100490732118,
  "summary_gm_stdv": 59.55312315833477,
  "summary_wm_k": 0.5795066988558562,
  "summary_wm_mad": 32.37585252986222,
  "summary_wm_mean": 999.7064492060618,
  "summary_wm_median": 1000.040832484141,
  "summary_wm_n": 202533.0,
  "summary_wm_p05": 944.6111289877445,
  "summary_wm_p95": 1053.1439578514546,
  "summary_wm_stdv": 33.537243514573,
  "tpm_overlap_csf": 0.1517763359737311,
  "tpm_overlap_gm": 0.446429931645006,
  "tpm_overlap_wm": 0.50228135323742,
  "wm2max": 0.9009027228769465
}