{
  "aor": 0.0030037500000000003,
  "aqi": 0.013894580740740743,
  "bids_meta": {
    "AcquisitionMatrixPE": 74,
    "AcquisitionNumber": 1,
    "AcquisitionTime": "",
    "BandwidthPerPixelPhaseEncode": 27.579,
    "BaseResolution": 74,
    "BodyPartExamined": "BRAIN",
    "CogAtlasID": "doi:TODO",
    "CoilString": "HE1-4;NE1_2",
    "ConsistencyInfo": "N4_VE11C_LATEST_20160120",
    "ConversionSoftware": "dcm2niix",
    "ConversionSoftwareVersion": "v1.0.20190410  GCC6.3.0",
    "DerivedVendorReportedEchoSpacing": 0.000489993,
    "DeviceSerialNumber": "166048",
    "DwellTime": 2.9e-06,
    "EchoTime": 0.023,
    "EchoTrainLength": 74,
    "EffectiveEchoSpacing": 0.000489993,
    "FlipAngle": 76,
    "ImageOrientationPatientDICOM": [
      1,
      0,
      0,
      0,
      0.926529,
      -0.376224
    ],
    "ImageType": [
      "ORIGINAL",
      "PRIMARY",
      "M",
      "ND",
      "NORM",
      "MOSAIC"
    ],
    "ImagingFrequency": 123.246,
    "InPlanePhaseEncodingDirectionDICOM": "COL",
    "InstitutionAddress": "North_13th_1701_Philadelphia_PA_US_19122",
    "InstitutionName": "Temple_University_-_Weiss_Hall",
    "InstitutionalDepartmentName": "Department",
    "MRAcquisitionType": "2D",
    "MagneticFieldStrength": 3,
    "Manufacturer": "Siemens",
    "ManufacturersModelName": "Prisma",
    "Modality": "MR",
    "PartialFourier": 1,
    "PatientPosition": "HFS",
    "PercentPhaseFOV": 100,
    "PhaseEncodingDirection": "j-",
    "PhaseEncodingSteps": 74,
    "PhaseResolution": 1,
    "PixelBandwidth": 2330,
    "ProcedureStepDescription": "SMITH_SRNDNA",
    "ProtocolName": "func-bold_trust_run4",
    "PulseSequenceDetails": "%SiemensSeq%_ep2d_bold",
    "ReceiveCoilActiveElements": "HE1-4;NE1,2",
    "ReceiveCoilName": "HeadNeck_20",
    "ReconMatrixPE": 74,
    "RepetitionTime": 2.02,
    "SAR": 0.0842193,
    "ScanOptions": "FS",
    "ScanningSequence": "EP",
    "SequenceName": "_epfid2d1_74",
    "SequenceVariant": "SK",
    "SeriesDescription": "func-bold_trust_run4",
    "SeriesNumber": 13,
    "ShimSetting": [
      1411,
      -7418,
      6503,
      188,
      113,
      232,
      119,
      38
    ],
    "SliceThickness": 2.8,
    "SliceTiming": [
      1.945,
      1.8875,
      1.8325,
      1.7775,
      1.7225,
      1.6675,
      1.61,
      1.555,
      1.5,
      1.445,
      1.3875,
      1.3325,
      1.2775,
      1.2225,
      1.1675,
      1.11,
      1.055,
      1,
      0.945,
      0.8875,
      0.8325,
      0.7775,
      0.7225,
      0.6675,
      0.61,
      0.555,
      0.5,
      0.445,
      0.3875,
      0.3325,
      0.2775,
      0.2225,
      0.1675,
      0.11,
      0.055,
      0
    ],
    "SoftwareVersions": "syngo_MR_E11",
    "SpacingBetweenSlices": 3.22,
    "StationName": "AWP166048",
    "TaskName": "trust",
    "TotalReadoutTime": 0.0357695,
    "TxRefAmp": 276.954,
    "dataset": "ds003745",
    "modality": "bold",
    "run_id": 5,
    "subject_id": "132",
    "task_id": "trust"
  },
  "dummy_trs": 1,
  "dvars_nstd": 26.36556269627908,
  "dvars_std": 1.1706858391162793,
  "dvars_vstd": 0.9827963395813949,
  "efc": 0.5150158652847144,
  "fber": 2128.49072265625,
  "fd_mean": 0.2916273708867259,
  "fd_num": 141,
  "fd_perc": 65.27777777777777,
  "fwhm_avg": 1.743764051966406,
  "fwhm_x": 1.6687135124148806,
  "fwhm_y": 1.8492028823104472,
  "fwhm_z": 1.7133757611738902,
  "gcor": 0.0192427,
  "gsr_x": -0.012110283598303795,
  "gsr_y": 0.03301887586712837,
  "provenance": {
    "md5sum": "76866d370d8567757cd8244c682b7daf",
    "settings": {
      "fd_thres": 0.2,
      "testing": false
    },
    "software": "mriqc",
    "version": "22.0.6",
    "webapi_port": null,
    "webapi_url": "https://mriqc.nimh.nih.gov/api/v1"
  },
  "size_t": 216,
  "size_x": 74,
  "size_y": 74,
  "size_z": 36,
  "snr": 6.4076439030573695,
  "spacing_tr": 2.0199999809265137,
  "spacing_x": 2.972972869873047,
  "spacing_y": 2.972972869873047,
  "spacing_z": 3.2200000286102295,
  "summary_bg_k": 37.92733233564731,
  "summary_bg_mad": 8.284726495285604,
  "summary_bg_mean": 35.50278091430664,
  "summary_bg_median": 16.56944465637207,
  "summary_bg_n": 121775.0,
  "summary_bg_p05": 8.287036895751953,
  "summary_bg_p95": 122.24073791503906,
  "summary_bg_stdv": 59.0540657043457,
  "summary_fg_k": 2.583152377454197,
  "summary_fg_mad": 102.98592623529504,
  "summary_fg_mean": 791.747802734375,
  "summary_fg_median": 775.1111450195312,
  "summary_fg_n": 36827.0,
  "summary_fg_p05": 637.7814636230469,
  "summary_fg_p95": 1011.0333557128905,
  "summary_fg_stdv": 120.96499633789062,
  "tsnr": 57.041748023126274
}