{
  "bids_meta": {
    "AcquisitionMatrixPE": 192,
    "AcquisitionNumber": 1,
    "AcquisitionTime": "11:44:58.170000",
    "BaseResolution": 192,
    "BodyPartExamined": "BRAIN",
    "CoilString": "HE1-4;NE1_2",
    "ConsistencyInfo": "N4_VE11C_LATEST_20160120",
    "ConversionSoftware": "dcm2niix",
    "ConversionSoftwareVersion": "v1.0.20190410  GCC6.3.0",
    "DeviceSerialNumber": "166048",
    "DwellTime": 3.5e-06,
    "EchoTime": 0.567,
    "EchoTrainLength": 314,
    "FlipAngle": 120,
    "ImageOrientationPatientDICOM": [
      0,
      1,
      0,
      0,
      0,
      -1
    ],
    "ImageType": [
      "ORIGINAL",
      "PRIMARY",
      "M",
      "ND",
      "NORM"
    ],
    "ImagingFrequency": 123.246,
    "InPlanePhaseEncodingDirectionDICOM": "ROW",
    "InstitutionAddress": "North_13th_1701_Philadelphia_PA_US_19122",
    "InstitutionName": "Temple_University_-_Weiss_Hall",
    "InstitutionalDepartmentName": "Department",
    "MRAcquisitionType": "3D",
    "MagneticFieldStrength": 3,
    "Manufacturer": "Siemens",
    "ManufacturersModelName": "Prisma",
    "Modality": "MR",
    "PartialFourier": 1,
    "PatientPosition": "HFS",
    "PercentPhaseFOV": 100,
    "PhaseEncodingSteps": 209,
    "PhaseOversampling": 0.1,
    "PhaseResolution": 1,
    "PixelBandwidth": 745,
    "ProcedureStepDescription": "SMITH_SRNDNA",
    "ProtocolName": "T2w-anat_spc_07sag_iso",
    "PulseSequenceDetails": "%SiemensSeq%_tse_vfl",
    "ReceiveCoilActiveElements": "HE1-4;NE1,2",
    "ReceiveCoilName": "HeadNeck_20",
    "ReconMatrixPE": 192,
    "RefLinesPE": 32,
    "RepetitionTime": 3.2,
    "SAR": 0.14479,
    "ScanOptions": "PFP",
    "ScanningSequence": "SE",
    "SequenceName": "_spc_314ns",
    "SequenceVariant": "SK_SP_OSP",
    "SeriesDescription": "T2w-anat_spc_07sag_iso",
    "SeriesNumber": 3,
    "ShimSetting": [
      1397,
      -7352,
      6423,
      173,
      -51,
      -103,
      -37,
      90
    ],
    "SliceThickness": 1,
    "SoftwareVersions": "syngo_MR_E11",
    "StationName": "AWP166048",
    "TxRefAmp": 250.969,
    "dataset": "ds003745",
    "modality": "T2w",
    "subject_id": "136"
  },
  "cjv": 0.4644532169359609,
  "cnr": 1.9261745950546,
  "efc": 0.5866474662278974,
  "fber": 6277.83726659388,
  "fwhm_avg": 2.50671,
  "fwhm_x": 2.46715,
  "fwhm_y": 2.74541,
  "fwhm_z": 2.30757,
  "icvs_csf": 0.22400636213883227,
  "icvs_gm": 0.6353222984964556,
  "icvs_wm": 0.1406713393647121,
  "inu_med": 0.9325710535049438,
  "inu_range": 0.23907610476016983,
  "provenance": {
    "md5sum": "3e5966808e82d019b7089513e42221c0",
    "settings": {
      "testing": false
    },
    "software": "mriqc",
    "version": "22.0.6",
    "warnings": {
      "large_rot_frame": true,
      "small_air_mask": false
    },
    "webapi_port": null,
    "webapi_url": "https://mriqc.nimh.nih.gov/api/v1"
  },
  "qi_1": 0.0,
  "qi_2": 0.00173583466006992,
  "rpve_csf": 12.487970415761518,
  "rpve_gm": 6.459863805966684,
  "rpve_wm": 28.82182061634301,
  "size_x": 192,
  "size_y": 192,
  "size_z": 192,
  "snr_csf": 6.158883495224182,
  "snr_gm": 9.098876347663172,
  "snr_total": 6.067070286564193,
  "snr_wm": 2.9434510168052257,
  "snrd_csf": 99.06536037596405,
  "snrd_gm": 58.50604323922891,
  "snrd_total": 109.61411812659948,
  "snrd_wm": 171.2709507646055,
  "spacing_x": 1.0,
  "spacing_y": 1.0,
  "spacing_z": 1.0,
  "summary_bg_k": 29.67831957515518,
  "summary_bg_mad": 0.0,
  "summary_bg_mean": 2.701851379611672,
  "summary_bg_median": 0.0,
  "summary_bg_n": 1367161.0,
  "summary_bg_p05": 0.0,
  "summary_bg_p95": 10.958052769303322,
  "summary_bg_stdv": 3.8247498439087995,
  "summary_csf_k": 1.5875320216471325,
  "summary_csf_mad": 79.06699933832431,
  "summary_csf_mean": 591.9873547693546,
  "summary_csf_median": 578.3531820774078,
  "summary_csf_n": 4966.0,
  "summary_csf_p05": 465.14758966863155,
  "summary_csf_p95": 763.0968373194337,
  "summary_csf_stdv": 93.89606871165171,
  "summary_gm_k": 0.023265388577550006,
  "summary_gm_mad": 37.498856551599914,
  "summary_gm_mean": 341.84854299974546,
  "summary_gm_median": 341.56395484507084,
  "summary_gm_n": 302887.0,
  "summary_gm_p05": 281.2014486640692,
  "summary_gm_p95": 404.4536489993334,
  "summary_gm_stdv": 37.53907383137029,
  "summary_wm_k": 1.0002864273024032,
  "summary_wm_mad": 268.26577557594203,
  "summary_wm_mean": 923.835386053761,
  "summary_wm_median": 999.89642187953,
  "summary_wm_n": 18791.0,
  "summary_wm_p05": 94.05489338189363,
  "summary_wm_p95": 1263.2418374866247,
  "summary_wm_stdv": 339.69303721726834,
  "tpm_overlap_csf": 0.11716579364522484,
  "tpm_overlap_gm": 0.38493313909931326,
  "tpm_overlap_wm": 0.03611471145805769,
  "wm2max": 0.8037766010590468
}