{
  "bids_meta": {
    "AcquisitionMatrixPE": 192,
    "AcquisitionNumber": 1,
    "AcquisitionTime": "11:49:1.265000",
    "BaseResolution": 192,
    "BodyPartExamined": "BRAIN",
    "CoilString": "HE1-4;NE1_2",
    "ConsistencyInfo": "N4_VE11C_LATEST_20160120",
    "ConversionSoftware": "dcm2niix",
    "ConversionSoftwareVersion": "v1.0.20190410  GCC6.3.0",
    "DeviceSerialNumber": "166048",
    "DwellTime": 1.24e-05,
    "EchoTime": 0.0022,
    "FlipAngle": 8,
    "ImageOrientationPatientDICOM": [
      0,
      1,
      0,
      0,
      0,
      -1
    ],
    "ImageType": [
      "ORIGINAL",
      "PRIMARY",
      "M",
      "ND",
      "NORM",
      "FM3",
      "2",
      "FIL"
    ],
    "ImagingFrequency": 123.246,
    "InPlanePhaseEncodingDirectionDICOM": "ROW",
    "InstitutionAddress": "North_13th_1701_Philadelphia_PA_US_19122",
    "InstitutionName": "Temple_University_-_Weiss_Hall",
    "InstitutionalDepartmentName": "Department",
    "InversionTime": 1.15,
    "MRAcquisitionType": "3D",
    "MagneticFieldStrength": 3,
    "Manufacturer": "Siemens",
    "ManufacturersModelName": "Prisma",
    "Modality": "MR",
    "PartialFourier": 1,
    "PatientPosition": "HFS",
    "PercentPhaseFOV": 100,
    "PhaseEncodingSteps": 211,
    "PhaseOversampling": 0.1,
    "PhaseResolution": 1,
    "PixelBandwidth": 210,
    "ProcedureStepDescription": "SMITH_SRNDNA",
    "ProtocolName": "T1w-anat_mpg_07sag_iso",
    "PulseSequenceDetails": "%SiemensSeq%_tfl",
    "ReceiveCoilActiveElements": "HE1-4;NE1,2",
    "ReceiveCoilName": "HeadNeck_20",
    "ReconMatrixPE": 192,
    "RefLinesPE": 32,
    "RepetitionTime": 2.4,
    "SAR": 0.0394171,
    "ScanOptions": "IR_WE",
    "ScanningSequence": "GR_IR",
    "SequenceName": "_tfl3d1_16ns",
    "SequenceVariant": "SK_SP_MP_OSP",
    "SeriesDescription": "T1w-anat_mpg_07sag_iso",
    "SeriesNumber": 5,
    "ShimSetting": [
      1397,
      -7352,
      6423,
      173,
      -51,
      -103,
      -37,
      90
    ],
    "SliceThickness": 1,
    "SoftwareVersions": "syngo_MR_E11",
    "StationName": "AWP166048",
    "TxRefAmp": 250.969,
    "dataset": "ds003745",
    "modality": "T1w",
    "subject_id": "136"
  },
  "cjv": 0.3909846081525842,
  "cnr": 3.367583400533416,
  "efc": 0.6036403997709072,
  "fber": 29692.731301939057,
  "fwhm_avg": 3.9797733333333336,
  "fwhm_x": 3.96714,
  "fwhm_y": 4.05764,
  "fwhm_z": 3.91454,
  "icvs_csf": 0.23210212711055053,
  "icvs_gm": 0.40262126909389323,
  "icvs_wm": 0.3652766037955562,
  "inu_med": 0.38950657844543457,
  "inu_range": 0.10695304274559025,
  "provenance": {
    "md5sum": "87e27b96de95946b84186e66c33556ca",
    "settings": {
      "testing": false
    },
    "software": "mriqc",
    "version": "22.0.6",
    "warnings": {
      "large_rot_frame": true,
      "small_air_mask": false
    },
    "webapi_port": null,
    "webapi_url": "https://mriqc.nimh.nih.gov/api/v1"
  },
  "qi_1": 0.0,
  "qi_2": 0.004735277708181376,
  "rpve_csf": 14.842414068812817,
  "rpve_gm": 8.392306126306911,
  "rpve_wm": 11.20578076480667,
  "size_x": 192,
  "size_y": 192,
  "size_z": 192,
  "snr_csf": 2.4987916606226825,
  "snr_gm": 11.979734381677419,
  "snr_total": 14.133722219523214,
  "snr_wm": 27.92264061626954,
  "snrd_csf": 29.383532717419683,
  "snrd_gm": 86.27667698682367,
  "snrd_total": 76.63926126853865,
  "snrd_wm": 114.25757410137257,
  "spacing_x": 1.0,
  "spacing_y": 1.0,
  "spacing_z": 1.0,
  "summary_bg_k": 10.347011692902964,
  "summary_bg_mad": 0.0,
  "summary_bg_mean": 3.539121527487874,
  "summary_bg_median": 0.0,
  "summary_bg_n": 1437096.0,
  "summary_bg_p05": 0.0,
  "summary_bg_p95": 15.321455262601376,
  "summary_bg_stdv": 5.734192966065017,
  "summary_csf_k": 0.9230246825430806,
  "summary_csf_mad": 88.15409298128743,
  "summary_csf_mean": 272.0675686136055,
  "summary_csf_median": 257.1843766067177,
  "summary_csf_n": 37895.0,
  "summary_csf_p05": 131.7055865842849,
  "summary_csf_p95": 474.77457709442814,
  "summary_csf_stdv": 102.92213923062272,
  "summary_gm_k": 0.18196999414236847,
  "summary_gm_mad": 61.88551291220212,
  "summary_gm_mean": 750.9733577421891,
  "summary_gm_median": 755.1513155326247,
  "summary_gm_n": 21187.0,
  "summary_gm_p05": 643.2064776588231,
  "summary_gm_p95": 848.5277282016352,
  "summary_gm_stdv": 63.03424351183586,
  "summary_wm_k": 0.9835794940417735,
  "summary_wm_mad": 33.86957718441932,
  "summary_wm_mean": 1001.6177652156912,
  "summary_wm_median": 1000.058885037899,
  "summary_wm_n": 184758.0,
  "summary_wm_p05": 946.4141487274319,
  "summary_wm_p95": 1061.6786352414638,
  "summary_wm_stdv": 35.815243707624894,
  "tpm_overlap_csf": 0.15502489500052583,
  "tpm_overlap_gm": 0.44149586012263475,
  "tpm_overlap_wm": 0.49570096793360496,
  "wm2max": 0.8984884447868648
}