{
  "bids_meta": {
    "AcquisitionMatrixPE": 192,
    "AcquisitionNumber": 1,
    "AcquisitionTime": "10:33:57.505000",
    "BaseResolution": 192,
    "BodyPartExamined": "BRAIN",
    "CoilString": "HE1-4;NE1_2",
    "ConsistencyInfo": "N4_VE11C_LATEST_20160120",
    "ConversionSoftware": "dcm2niix",
    "ConversionSoftwareVersion": "v1.0.20190410  GCC6.3.0",
    "DeviceSerialNumber": "166048",
    "DwellTime": 3.5e-06,
    "EchoTime": 0.567,
    "EchoTrainLength": 314,
    "FlipAngle": 120,
    "ImageOrientationPatientDICOM": [
      0.109734,
      0.993961,
      -4.85601e-08,
      0.223593,
      -0.0246849,
      -0.97437
    ],
    "ImageType": [
      "ORIGINAL",
      "PRIMARY",
      "M",
      "ND",
      "NORM"
    ],
    "ImagingFrequency": 123.246,
    "InPlanePhaseEncodingDirectionDICOM": "ROW",
    "InstitutionAddress": "North_13th_1701_Philadelphia_PA_US_19122",
    "InstitutionName": "Temple_University_-_Weiss_Hall",
    "InstitutionalDepartmentName": "Department",
    "MRAcquisitionType": "3D",
    "MagneticFieldStrength": 3,
    "Manufacturer": "Siemens",
    "ManufacturersModelName": "Prisma",
    "Modality": "MR",
    "PartialFourier": 1,
    "PatientPosition": "HFS",
    "PercentPhaseFOV": 100,
    "PhaseEncodingSteps": 209,
    "PhaseOversampling": 0.1,
    "PhaseResolution": 1,
    "PixelBandwidth": 745,
    "ProcedureStepDescription": "SMITH_SRNDNA",
    "ProtocolName": "T2w-anat_spc_07sag_iso",
    "PulseSequenceDetails": "%SiemensSeq%_tse_vfl",
    "ReceiveCoilActiveElements": "HE1-4;NE1,2",
    "ReceiveCoilName": "HeadNeck_20",
    "ReconMatrixPE": 192,
    "RefLinesPE": 32,
    "RepetitionTime": 3.2,
    "SAR": 0.164706,
    "ScanOptions": "PFP",
    "ScanningSequence": "SE",
    "SequenceName": "_spc_314ns",
    "SequenceVariant": "SK_SP_OSP",
    "SeriesDescription": "T2w-anat_spc_07sag_iso",
    "SeriesNumber": 3,
    "ShimSetting": [
      1322,
      -7137,
      6203,
      167,
      -356,
      812,
      611,
      303
    ],
    "SliceThickness": 1,
    "SoftwareVersions": "syngo_MR_E11",
    "StationName": "AWP166048",
    "TxRefAmp": 260.097,
    "dataset": "ds003745",
    "modality": "T2w",
    "subject_id": "150"
  },
  "cjv": 0.28753022326127137,
  "cnr": 1.394609328373175,
  "efc": 0.5791430457378511,
  "fber": 5884.4241,
  "fwhm_avg": 2.625336666666666,
  "fwhm_x": 2.60403,
  "fwhm_y": 2.75437,
  "fwhm_z": 2.51761,
  "icvs_csf": 0.30980025308841747,
  "icvs_gm": 0.6073056566100138,
  "icvs_wm": 0.08289409030156876,
  "inu_med": 0.8815591335296631,
  "inu_range": 0.19368648529052734,
  "provenance": {
    "md5sum": "46530de1ac3564584116f4eaf7305960",
    "settings": {
      "testing": false
    },
    "software": "mriqc",
    "version": "22.0.6",
    "warnings": {
      "large_rot_frame": true,
      "small_air_mask": false
    },
    "webapi_port": null,
    "webapi_url": "https://mriqc.nimh.nih.gov/api/v1"
  },
  "qi_1": 0.0,
  "qi_2": 0.0005014952578829741,
  "rpve_csf": 11.594431309212608,
  "rpve_gm": 7.584909015729004,
  "rpve_wm": 54.16689548323759,
  "size_x": 192,
  "size_y": 192,
  "size_z": 192,
  "snr_csf": 5.343877369959609,
  "snr_gm": 7.678273349493627,
  "snr_total": 5.045407850556551,
  "snr_wm": 2.114072832216421,
  "snrd_csf": 98.1278356102927,
  "snrd_gm": 42.5545066447508,
  "snrd_total": 88.92791560804574,
  "snrd_wm": 126.10140456909372,
  "spacing_x": 1.0,
  "spacing_y": 1.0,
  "spacing_z": 1.0,
  "summary_bg_k": 10.604501560527536,
  "summary_bg_mad": 5.195805899850836,
  "summary_bg_mean": 4.618943588511431,
  "summary_bg_median": 3.504517823457718,
  "summary_bg_n": 1650131.0,
  "summary_bg_p05": 0.0,
  "summary_bg_p95": 18.24243602156639,
  "summary_bg_stdv": 6.67317376238294,
  "summary_csf_k": -0.15446066435702566,
  "summary_csf_mad": 156.39375758551017,
  "summary_csf_mean": 765.3470994273176,
  "summary_csf_median": 778.2397485524416,
  "summary_csf_n": 26630.0,
  "summary_csf_p05": 524.0911688283086,
  "summary_csf_p95": 975.3272007748484,
  "summary_csf_stdv": 145.62930292957665,
  "summary_gm_k": -0.043575416904553244,
  "summary_gm_mad": 44.51541811493824,
  "summary_gm_mean": 339.2085458604776,
  "summary_gm_median": 337.49453806877136,
  "summary_gm_n": 199808.0,
  "summary_gm_p05": 269.7910423874855,
  "summary_gm_p95": 413.7604232430458,
  "summary_gm_stdv": 43.954373354376806,
  "summary_wm_k": -1.838844609760638,
  "summary_wm_mad": 146.0021457858085,
  "summary_wm_mean": 640.569150611802,
  "summary_wm_median": 1000.0946701169014,
  "summary_wm_n": 6804.0,
  "summary_wm_p05": 24.531624764204025,
  "summary_wm_p95": 1102.9863662466407,
  "summary_wm_stdv": 473.030616086372,
  "tpm_overlap_csf": 0.13346980437805475,
  "tpm_overlap_gm": 0.3753583472841918,
  "tpm_overlap_wm": 0.022894643805514772,
  "wm2max": 0.9280177187153932
}