{
  "bids_meta": {
    "AcquisitionMatrixPE": 192,
    "AcquisitionNumber": 1,
    "AcquisitionTime": "11:04:26.527500",
    "BaseResolution": 192,
    "BodyPartExamined": "BRAIN",
    "CoilString": "HE1-4;NE1_2",
    "ConsistencyInfo": "N4_VE11C_LATEST_20160120",
    "ConversionSoftware": "dcm2niix",
    "ConversionSoftwareVersion": "v1.0.20190410  GCC6.3.0",
    "DeviceSerialNumber": "166048",
    "DwellTime": 3.5e-06,
    "EchoTime": 0.567,
    "EchoTrainLength": 314,
    "FlipAngle": 120,
    "ImageOrientationPatientDICOM": [
      0,
      1,
      0,
      0,
      0,
      -1
    ],
    "ImageType": [
      "ORIGINAL",
      "PRIMARY",
      "M",
      "ND",
      "NORM"
    ],
    "ImagingFrequency": 123.246,
    "InPlanePhaseEncodingDirectionDICOM": "ROW",
    "InstitutionAddress": "North_13th_1701_Philadelphia_PA_US_19122",
    "InstitutionName": "Temple_University_-_Weiss_Hall",
    "InstitutionalDepartmentName": "Department",
    "MRAcquisitionType": "3D",
    "MagneticFieldStrength": 3,
    "Manufacturer": "Siemens",
    "ManufacturersModelName": "Prisma",
    "Modality": "MR",
    "PartialFourier": 1,
    "PatientPosition": "HFS",
    "PercentPhaseFOV": 100,
    "PhaseEncodingSteps": 209,
    "PhaseOversampling": 0.1,
    "PhaseResolution": 1,
    "PixelBandwidth": 745,
    "ProcedureStepDescription": "SMITH_SRNDNA",
    "ProtocolName": "T2w-anat_spc_07sag_iso",
    "PulseSequenceDetails": "%SiemensSeq%_tse_vfl",
    "ReceiveCoilActiveElements": "HE1-4;NE1,2",
    "ReceiveCoilName": "HeadNeck_20",
    "ReconMatrixPE": 192,
    "RefLinesPE": 32,
    "RepetitionTime": 3.2,
    "SAR": 0.205648,
    "ScanOptions": "PFP",
    "ScanningSequence": "SE",
    "SequenceName": "_spc_314ns",
    "SequenceVariant": "SK_SP_OSP",
    "SeriesDescription": "T2w-anat_spc_07sag_iso",
    "SeriesNumber": 3,
    "ShimSetting": [
      1443,
      -7362,
      6466,
      56,
      -37,
      -337,
      -53,
      -103
    ],
    "SliceThickness": 1,
    "SoftwareVersions": "syngo_MR_E11",
    "StationName": "AWP166048",
    "TxRefAmp": 290.647,
    "dataset": "ds003745",
    "modality": "T2w",
    "subject_id": "135"
  },
  "cjv": 0.5619540666916395,
  "cnr": 2.584888134925906,
  "efc": 0.5698439860770146,
  "fber": 5454.769335963182,
  "fwhm_avg": 2.808806666666667,
  "fwhm_x": 2.73582,
  "fwhm_y": 3.11645,
  "fwhm_z": 2.57415,
  "icvs_csf": 0.27164763057198626,
  "icvs_gm": 0.6733502669343473,
  "icvs_wm": 0.05500210249366652,
  "inu_med": 0.8260127902030945,
  "inu_range": 0.20410468578338636,
  "provenance": {
    "md5sum": "7ce08a786f4650f188a4979f8f8f011d",
    "settings": {
      "testing": false
    },
    "software": "mriqc",
    "version": "22.0.6",
    "warnings": {
      "large_rot_frame": true,
      "small_air_mask": false
    },
    "webapi_port": null,
    "webapi_url": "https://mriqc.nimh.nih.gov/api/v1"
  },
  "qi_1": 0.0,
  "qi_2": 0.0013185031321124067,
  "rpve_csf": 11.529879594005108,
  "rpve_gm": 6.219910823765466,
  "rpve_wm": 63.00176271610007,
  "size_x": 192,
  "size_y": 192,
  "size_z": 192,
  "snr_csf": 5.618669422604772,
  "snr_gm": 6.904177774808396,
  "snr_total": 4.554877959182555,
  "snr_wm": 1.1417866801344967,
  "snrd_csf": 110.05885386392897,
  "snrd_gm": 33.594018947262114,
  "snrd_total": 50.951880528441,
  "snrd_wm": 9.20276877413193,
  "spacing_x": 1.0,
  "spacing_y": 1.0,
  "spacing_z": 1.0,
  "summary_bg_k": 6.98300616204547,
  "summary_bg_mad": 0.0,
  "summary_bg_mean": 49.381390626013605,
  "summary_bg_median": 0.0,
  "summary_bg_n": 1886085.0,
  "summary_bg_p05": 0.0,
  "summary_bg_p95": 181.6712891459465,
  "summary_bg_stdv": 71.50128857570225,
  "summary_csf_k": 0.13221136994557003,
  "summary_csf_mad": 1925.8086205203476,
  "summary_csf_mean": 11272.705422130352,
  "summary_csf_median": 12011.773228347301,
  "summary_csf_n": 66653.0,
  "summary_csf_p05": 7421.976224422455,
  "summary_csf_p95": 13714.220188260078,
  "summary_csf_stdv": 2137.8163080592317,
  "summary_gm_k": -0.040088777749871074,
  "summary_gm_mad": 535.6123140420018,
  "summary_gm_mean": 3691.737738471454,
  "summary_gm_median": 3666.4359409213066,
  "summary_gm_n": 347637.0,
  "summary_gm_p05": 2864.727697968483,
  "summary_gm_p95": 4606.41750305891,
  "summary_gm_stdv": 531.0452290100344,
  "summary_wm_k": 0.25411185979464257,
  "summary_wm_mad": 960.3374780842537,
  "summary_wm_mean": 1196.0403078111526,
  "summary_wm_median": 1004.3859962821007,
  "summary_wm_n": 2325.0,
  "summary_wm_p05": 144.78301467895508,
  "summary_wm_p95": 2773.314952731132,
  "summary_wm_stdv": 879.4724912580764,
  "tpm_overlap_csf": 0.15731445581070844,
  "tpm_overlap_gm": 0.41453034890695917,
  "tpm_overlap_wm": 0.03200025536106359,
  "wm2max": 0.07289450317478932
}