{
  "bids_meta": {
    "AcquisitionMatrixPE": 192,
    "AcquisitionNumber": 1,
    "AcquisitionTime": "11:08:30.057500",
    "BaseResolution": 192,
    "BodyPartExamined": "BRAIN",
    "CoilString": "HE1-4;NE1_2",
    "ConsistencyInfo": "N4_VE11C_LATEST_20160120",
    "ConversionSoftware": "dcm2niix",
    "ConversionSoftwareVersion": "v1.0.20190410  GCC6.3.0",
    "DeviceSerialNumber": "166048",
    "DwellTime": 1.24e-05,
    "EchoTime": 0.0022,
    "FlipAngle": 8,
    "ImageOrientationPatientDICOM": [
      0,
      1,
      0,
      0,
      0,
      -1
    ],
    "ImageType": [
      "ORIGINAL",
      "PRIMARY",
      "M",
      "ND",
      "NORM",
      "FM3",
      "2",
      "FIL"
    ],
    "ImagingFrequency": 123.246,
    "InPlanePhaseEncodingDirectionDICOM": "ROW",
    "InstitutionAddress": "North_13th_1701_Philadelphia_PA_US_19122",
    "InstitutionName": "Temple_University_-_Weiss_Hall",
    "InstitutionalDepartmentName": "Department",
    "InversionTime": 1.15,
    "MRAcquisitionType": "3D",
    "MagneticFieldStrength": 3,
    "Manufacturer": "Siemens",
    "ManufacturersModelName": "Prisma",
    "Modality": "MR",
    "PartialFourier": 1,
    "PatientPosition": "HFS",
    "PercentPhaseFOV": 100,
    "PhaseEncodingSteps": 211,
    "PhaseOversampling": 0.1,
    "PhaseResolution": 1,
    "PixelBandwidth": 210,
    "ProcedureStepDescription": "SMITH_SRNDNA",
    "ProtocolName": "T1w-anat_mpg_07sag_iso",
    "PulseSequenceDetails": "%SiemensSeq%_tfl",
    "ReceiveCoilActiveElements": "HE1-4;NE1,2",
    "ReceiveCoilName": "HeadNeck_20",
    "ReconMatrixPE": 192,
    "RefLinesPE": 32,
    "RepetitionTime": 2.4,
    "SAR": 0.0559847,
    "ScanOptions": "IR_WE",
    "ScanningSequence": "GR_IR",
    "SequenceName": "_tfl3d1_16ns",
    "SequenceVariant": "SK_SP_MP_OSP",
    "SeriesDescription": "T1w-anat_mpg_07sag_iso",
    "SeriesNumber": 5,
    "ShimSetting": [
      1443,
      -7362,
      6466,
      56,
      -37,
      -337,
      -53,
      -103
    ],
    "SliceThickness": 1,
    "SoftwareVersions": "syngo_MR_E11",
    "StationName": "AWP166048",
    "TxRefAmp": 290.647,
    "dataset": "ds003745",
    "modality": "T1w",
    "subject_id": "135"
  },
  "cjv": 0.40231089960502286,
  "cnr": 3.3325497868761795,
  "efc": 0.6200055958969504,
  "fber": 23228.079188327032,
  "fwhm_avg": 3.824733333333333,
  "fwhm_x": 3.73496,
  "fwhm_y": 3.92882,
  "fwhm_z": 3.81042,
  "icvs_csf": 0.2628369637130588,
  "icvs_gm": 0.3915635538958663,
  "icvs_wm": 0.3455994823910749,
  "inu_med": 0.46050024032592773,
  "inu_range": 0.1657677784562111,
  "provenance": {
    "md5sum": "b105e02c6f4145b500661367b2b17144",
    "settings": {
      "testing": false
    },
    "software": "mriqc",
    "version": "22.0.6",
    "warnings": {
      "large_rot_frame": true,
      "small_air_mask": false
    },
    "webapi_port": null,
    "webapi_url": "https://mriqc.nimh.nih.gov/api/v1"
  },
  "qi_1": 0.0,
  "qi_2": 0.00902242890591677,
  "rpve_csf": 13.396353515890343,
  "rpve_gm": 8.50504597966388,
  "rpve_wm": 11.397423085624258,
  "size_x": 192,
  "size_y": 192,
  "size_z": 192,
  "snr_csf": 2.939585153498467,
  "snr_gm": 12.672731142063174,
  "snr_total": 12.978960921486442,
  "snr_wm": 23.324566468897682,
  "snrd_csf": 30.417557211646898,
  "snrd_gm": 90.53428909268959,
  "snrd_total": 80.30724362009073,
  "snrd_wm": 119.96988455593569,
  "spacing_x": 1.0,
  "spacing_y": 1.0,
  "spacing_z": 1.0,
  "summary_bg_k": 8.507998582742093,
  "summary_bg_mad": 5.461193237229973,
  "summary_bg_mean": 5.010970444524156,
  "summary_bg_median": 3.683518862351775,
  "summary_bg_n": 1882848.0,
  "summary_bg_p05": 0.0,
  "summary_bg_p95": 16.672769587486982,
  "summary_bg_stdv": 6.056929915753387,
  "summary_csf_k": 3.2135979159078785,
  "summary_csf_mad": 57.48624460242077,
  "summary_csf_mean": 268.5457969804267,
  "summary_csf_median": 253.55965221486986,
  "summary_csf_n": 66368.0,
  "summary_csf_p05": 160.30846417322755,
  "summary_csf_p95": 445.2017218686635,
  "summary_csf_stdv": 86.25630104662005,
  "summary_gm_k": 0.17220361549914998,
  "summary_gm_mad": 57.96529664077428,
  "summary_gm_mean": 751.9298616102258,
  "summary_gm_median": 754.6905458625406,
  "summary_gm_n": 17658.0,
  "summary_gm_p05": 649.5271593946964,
  "summary_gm_p95": 845.1974046465008,
  "summary_gm_stdv": 59.55063414905707,
  "summary_wm_k": 0.6299460820267666,
  "summary_wm_mad": 40.751360062604945,
  "summary_wm_mean": 1000.3473013523756,
  "summary_wm_median": 1000.0646006055176,
  "summary_wm_n": 170445.0,
  "summary_wm_p05": 932.0379774048924,
  "summary_wm_p95": 1071.5377911627293,
  "summary_wm_stdv": 42.87589517462798,
  "tpm_overlap_csf": 0.15702045795879602,
  "tpm_overlap_gm": 0.42213259924861046,
  "tpm_overlap_wm": 0.46888966866243326,
  "wm2max": 0.8765576618080205
}