{
  "bids_meta": {
    "AcquisitionMatrixPE": 192,
    "AcquisitionNumber": 1,
    "AcquisitionTime": "18:26:30.540000",
    "BaseResolution": 192,
    "BodyPartExamined": "BRAIN",
    "CoilString": "HE1-4;NE1_2",
    "ConsistencyInfo": "N4_VE11C_LATEST_20160120",
    "ConversionSoftware": "dcm2niix",
    "ConversionSoftwareVersion": "v1.0.20190410  GCC6.3.0",
    "DeviceSerialNumber": "166048",
    "DwellTime": 3.5e-06,
    "EchoTime": 0.567,
    "EchoTrainLength": 314,
    "FlipAngle": 120,
    "ImageOrientationPatientDICOM": [
      0,
      1,
      0,
      0,
      0,
      -1
    ],
    "ImageType": [
      "ORIGINAL",
      "PRIMARY",
      "M",
      "ND",
      "NORM"
    ],
    "ImagingFrequency": 123.246,
    "InPlanePhaseEncodingDirectionDICOM": "ROW",
    "InstitutionAddress": "North_13th_1701_Philadelphia_PA_US_19122",
    "InstitutionName": "Temple_University_-_Weiss_Hall",
    "InstitutionalDepartmentName": "Department",
    "MRAcquisitionType": "3D",
    "MagneticFieldStrength": 3,
    "Manufacturer": "Siemens",
    "ManufacturersModelName": "Prisma",
    "Modality": "MR",
    "PartialFourier": 1,
    "PatientPosition": "HFS",
    "PercentPhaseFOV": 100,
    "PhaseEncodingSteps": 209,
    "PhaseOversampling": 0.1,
    "PhaseResolution": 1,
    "PixelBandwidth": 745,
    "ProcedureStepDescription": "SMITH_SRNDNA",
    "ProtocolName": "T2w-anat_spc_07sag_iso",
    "PulseSequenceDetails": "%SiemensSeq%_tse_vfl",
    "ReceiveCoilActiveElements": "HE1-4;NE1,2",
    "ReceiveCoilName": "HeadNeck_20",
    "ReconMatrixPE": 192,
    "RefLinesPE": 32,
    "RepetitionTime": 3.2,
    "SAR": 0.183048,
    "ScanOptions": "PFP",
    "ScanningSequence": "SE",
    "SequenceName": "_spc_314ns",
    "SequenceVariant": "SK_SP_OSP",
    "SeriesDescription": "T2w-anat_spc_07sag_iso",
    "SeriesNumber": 3,
    "ShimSetting": [
      1411,
      -7471,
      6483,
      221,
      9,
      -141,
      -186,
      47
    ],
    "SliceThickness": 1,
    "SoftwareVersions": "syngo_MR_E11",
    "StationName": "AWP166048",
    "TxRefAmp": 266.646,
    "dataset": "ds003745",
    "modality": "T2w",
    "subject_id": "157"
  },
  "cjv": 0.3684889349060858,
  "cnr": 2.059676848428699,
  "efc": 0.6083839483715672,
  "fber": 4531.982400000001,
  "fwhm_avg": 2.5037599999999998,
  "fwhm_x": 2.42352,
  "fwhm_y": 2.75441,
  "fwhm_z": 2.33335,
  "icvs_csf": 0.31601626170909064,
  "icvs_gm": 0.1373165379872054,
  "icvs_wm": 0.546667200303704,
  "inu_med": 0.9731346368789673,
  "inu_range": 0.3092490375041961,
  "provenance": {
    "md5sum": "dc2e39a3750b859c3ead98a0aace88fb",
    "settings": {
      "testing": false
    },
    "software": "mriqc",
    "version": "22.0.6",
    "warnings": {
      "large_rot_frame": true,
      "small_air_mask": false
    },
    "webapi_port": null,
    "webapi_url": "https://mriqc.nimh.nih.gov/api/v1"
  },
  "qi_1": 0.0,
  "qi_2": 0.002285989602820637,
  "rpve_csf": 8.118006154019874,
  "rpve_gm": 24.257887363696444,
  "rpve_wm": 5.852045554295901,
  "size_x": 192,
  "size_y": 192,
  "size_z": 192,
  "snr_csf": 9.108734503108357,
  "snr_gm": 2.858728866220604,
  "snr_total": 6.53470910712259,
  "snr_wm": 7.636663952038813,
  "snrd_csf": 77.18925465514924,
  "snrd_gm": 159.79490246719567,
  "snrd_total": 93.6774401446901,
  "snrd_wm": 44.0481633117254,
  "spacing_x": 1.0,
  "spacing_y": 1.0,
  "spacing_z": 1.0,
  "summary_bg_k": 5.375949499793787,
  "summary_bg_mad": 0.0,
  "summary_bg_mean": 9.515421782329883,
  "summary_bg_median": 0.0,
  "summary_bg_n": 1322068.0,
  "summary_bg_p05": 0.0,
  "summary_bg_p95": 42.0975441634655,
  "summary_bg_stdv": 14.876455949617906,
  "summary_csf_k": 1.0236353034717114,
  "summary_csf_mad": 180.06522453896923,
  "summary_csf_mean": 1762.2250359987456,
  "summary_csf_median": 1752.768654987216,
  "summary_csf_n": 25318.0,
  "summary_csf_p05": 1468.3535395413637,
  "summary_csf_p95": 2088.313218017667,
  "summary_csf_stdv": 192.4234413658526,
  "summary_gm_k": 0.2792631013140139,
  "summary_gm_mad": 834.6501591552703,
  "summary_gm_mean": 3144.898301070019,
  "summary_gm_median": 3628.5296123474836,
  "summary_gm_n": 22052.0,
  "summary_gm_p05": 241.47782061919568,
  "summary_gm_p95": 4409.534399449825,
  "summary_gm_stdv": 1269.2520029334019,
  "summary_wm_k": 0.011951200381919769,
  "summary_wm_mad": 133.85283297552604,
  "summary_wm_mean": 1002.592906681534,
  "summary_wm_median": 1000.2200475633144,
  "summary_wm_n": 253124.0,
  "summary_wm_p05": 793.7770646564663,
  "summary_wm_p95": 1219.2152860164642,
  "summary_wm_stdv": 130.975787083471,
  "tpm_overlap_csf": 0.11018398222936394,
  "tpm_overlap_gm": 0.09411476616099754,
  "tpm_overlap_wm": 0.4473072879370754,
  "wm2max": 0.23563334404637468
}