{
  "bids_meta": {
    "AcquisitionMatrixPE": 192,
    "AcquisitionNumber": 1,
    "AcquisitionTime": "12:55:21.570000",
    "BaseResolution": 192,
    "BodyPartExamined": "BRAIN",
    "CoilString": "HE1-4;NE1_2",
    "ConsistencyInfo": "N4_VE11C_LATEST_20160120",
    "ConversionSoftware": "dcm2niix",
    "ConversionSoftwareVersion": "v1.0.20190410  GCC6.3.0",
    "DeviceSerialNumber": "166048",
    "DwellTime": 3.5e-06,
    "EchoTime": 0.567,
    "EchoTrainLength": 314,
    "FlipAngle": 120,
    "ImageOrientationPatientDICOM": [
      0,
      1,
      0,
      0,
      0,
      -1
    ],
    "ImageType": [
      "ORIGINAL",
      "PRIMARY",
      "M",
      "ND",
      "NORM"
    ],
    "ImagingFrequency": 123.246,
    "InPlanePhaseEncodingDirectionDICOM": "ROW",
    "InstitutionAddress": "North_13th_1701_Philadelphia_PA_US_19122",
    "InstitutionName": "Temple_University_-_Weiss_Hall",
    "InstitutionalDepartmentName": "Department",
    "MRAcquisitionType": "3D",
    "MagneticFieldStrength": 3,
    "Manufacturer": "Siemens",
    "ManufacturersModelName": "Prisma",
    "Modality": "MR",
    "PartialFourier": 1,
    "PatientPosition": "HFS",
    "PercentPhaseFOV": 100,
    "PhaseEncodingSteps": 209,
    "PhaseOversampling": 0.1,
    "PhaseResolution": 1,
    "PixelBandwidth": 745,
    "ProcedureStepDescription": "SMITH_SRNDNA",
    "ProtocolName": "T2w-anat_spc_07sag_iso",
    "PulseSequenceDetails": "%SiemensSeq%_tse_vfl",
    "ReceiveCoilActiveElements": "HE1-4;NE1,2",
    "ReceiveCoilName": "HeadNeck_20",
    "ReconMatrixPE": 192,
    "RefLinesPE": 32,
    "RepetitionTime": 3.2,
    "SAR": 0.241221,
    "ScanOptions": "PFP",
    "ScanningSequence": "SE",
    "SequenceName": "_spc_314ns",
    "SequenceVariant": "SK_SP_OSP",
    "SeriesDescription": "T2w-anat_spc_07sag_iso",
    "SeriesNumber": 3,
    "ShimSetting": [
      1401,
      -7514,
      6450,
      -133,
      -64,
      -214,
      -11,
      -86
    ],
    "SliceThickness": 1,
    "SoftwareVersions": "syngo_MR_E11",
    "StationName": "AWP166048",
    "TxRefAmp": 349.084,
    "dataset": "ds003745",
    "modality": "T2w",
    "subject_id": "144"
  },
  "cjv": 0.4767813867035837,
  "cnr": 2.832941310312479,
  "efc": 0.659974088637554,
  "fber": 3336.568001617214,
  "fwhm_avg": 2.79443,
  "fwhm_x": 2.66856,
  "fwhm_y": 3.04977,
  "fwhm_z": 2.66496,
  "icvs_csf": 0.28715672104056733,
  "icvs_gm": 0.655964421006832,
  "icvs_wm": 0.05687885795260066,
  "inu_med": 0.9719733595848083,
  "inu_range": 0.23456126153469092,
  "provenance": {
    "md5sum": "394e7eac2686fee5e183fa1bf00312df",
    "settings": {
      "testing": false
    },
    "software": "mriqc",
    "version": "22.0.6",
    "warnings": {
      "large_rot_frame": true,
      "small_air_mask": false
    },
    "webapi_port": null,
    "webapi_url": "https://mriqc.nimh.nih.gov/api/v1"
  },
  "qi_1": 0.0,
  "qi_2": 0.0007482209012773657,
  "rpve_csf": 11.061279044716349,
  "rpve_gm": 6.28927669996219,
  "rpve_wm": 61.42327169893409,
  "size_x": 192,
  "size_y": 192,
  "size_z": 192,
  "snr_csf": 4.457485816062763,
  "snr_gm": 6.162295267648892,
  "snr_total": 3.9654507760520623,
  "snr_wm": 1.2765712444445323,
  "snrd_csf": 61.61463993670767,
  "snrd_gm": 21.82999198506079,
  "snrd_total": 29.700233618172494,
  "snrd_wm": 5.656068932749025,
  "spacing_x": 1.0,
  "spacing_y": 1.0,
  "spacing_z": 1.0,
  "summary_bg_k": 17.60492383651267,
  "summary_bg_mad": 0.0,
  "summary_bg_mean": 68.43795730089212,
  "summary_bg_median": 0.0,
  "summary_bg_n": 1033377.0,
  "summary_bg_p05": 0.0,
  "summary_bg_p95": 290.6515637040138,
  "summary_bg_stdv": 115.89455549225274,
  "summary_csf_k": -0.28593629948394117,
  "summary_csf_mad": 2522.523823466976,
  "summary_csf_mean": 11303.187909686607,
  "summary_csf_median": 10899.716925024986,
  "summary_csf_n": 75934.0,
  "summary_csf_p05": 7688.286267913878,
  "summary_csf_p95": 15187.53570497036,
  "summary_csf_stdv": 2445.245055973006,
  "summary_gm_k": 0.01080079130754319,
  "summary_gm_mad": 624.9609472725375,
  "summary_gm_mean": 3882.397850588106,
  "summary_gm_median": 3861.7564487457275,
  "summary_gm_n": 314524.0,
  "summary_gm_p05": 2886.402322202921,
  "summary_gm_p95": 4949.008594453335,
  "summary_gm_stdv": 626.6740138151965,
  "summary_wm_k": 1.0835068009074753,
  "summary_wm_mad": 739.2011204298831,
  "summary_wm_mean": 1170.1497364411118,
  "summary_wm_median": 1000.5665916204453,
  "summary_wm_n": 1397.0,
  "summary_wm_p05": 173.03116482496262,
  "summary_wm_p95": 2668.0453774631023,
  "summary_wm_stdv": 783.5116287233011,
  "tpm_overlap_csf": 0.16188463716209422,
  "tpm_overlap_gm": 0.4008134099965615,
  "tpm_overlap_wm": 0.030895974412365027,
  "wm2max": 0.06459400146305778
}