{
  "bids_meta": {
    "AcquisitionMatrixPE": 192,
    "AcquisitionNumber": 1,
    "AcquisitionTime": "12:59:29.325000",
    "BaseResolution": 192,
    "BodyPartExamined": "BRAIN",
    "CoilString": "HE1-4;NE1_2",
    "ConsistencyInfo": "N4_VE11C_LATEST_20160120",
    "ConversionSoftware": "dcm2niix",
    "ConversionSoftwareVersion": "v1.0.20190410  GCC6.3.0",
    "DeviceSerialNumber": "166048",
    "DwellTime": 1.24e-05,
    "EchoTime": 0.0022,
    "FlipAngle": 8,
    "ImageOrientationPatientDICOM": [
      0,
      1,
      0,
      0,
      0,
      -1
    ],
    "ImageType": [
      "ORIGINAL",
      "PRIMARY",
      "M",
      "ND",
      "NORM",
      "FM3",
      "2",
      "FIL"
    ],
    "ImagingFrequency": 123.246,
    "InPlanePhaseEncodingDirectionDICOM": "ROW",
    "InstitutionAddress": "North_13th_1701_Philadelphia_PA_US_19122",
    "InstitutionName": "Temple_University_-_Weiss_Hall",
    "InstitutionalDepartmentName": "Department",
    "InversionTime": 1.15,
    "MRAcquisitionType": "3D",
    "MagneticFieldStrength": 3,
    "Manufacturer": "Siemens",
    "ManufacturersModelName": "Prisma",
    "Modality": "MR",
    "PartialFourier": 1,
    "PatientPosition": "HFS",
    "PercentPhaseFOV": 100,
    "PhaseEncodingSteps": 211,
    "PhaseOversampling": 0.1,
    "PhaseResolution": 1,
    "PixelBandwidth": 210,
    "ProcedureStepDescription": "SMITH_SRNDNA",
    "ProtocolName": "T1w-anat_mpg_07sag_iso",
    "PulseSequenceDetails": "%SiemensSeq%_tfl",
    "ReceiveCoilActiveElements": "HE1-4;NE1,2",
    "ReceiveCoilName": "HeadNeck_20",
    "ReconMatrixPE": 192,
    "RefLinesPE": 32,
    "RepetitionTime": 2.4,
    "SAR": 0.065669,
    "ScanOptions": "IR_WE",
    "ScanningSequence": "GR_IR",
    "SequenceName": "_tfl3d1_16ns",
    "SequenceVariant": "SK_SP_MP_OSP",
    "SeriesDescription": "T1w-anat_mpg_07sag_iso",
    "SeriesNumber": 5,
    "ShimSetting": [
      1401,
      -7514,
      6450,
      -133,
      -64,
      -214,
      -11,
      -86
    ],
    "SliceThickness": 1,
    "SoftwareVersions": "syngo_MR_E11",
    "StationName": "AWP166048",
    "TxRefAmp": 349.084,
    "dataset": "ds003745",
    "modality": "T1w",
    "subject_id": "144"
  },
  "cjv": 0.46449714877039916,
  "cnr": 2.8755945015996094,
  "efc": 0.6986169642896635,
  "fber": -1.0,
  "fwhm_avg": 4.094036666666667,
  "fwhm_x": 3.93988,
  "fwhm_y": 4.20809,
  "fwhm_z": 4.13414,
  "icvs_csf": 0.26755794452070064,
  "icvs_gm": 0.3467657356259569,
  "icvs_wm": 0.38567631985334244,
  "inu_med": 0.6150158643722534,
  "inu_range": 0.30175282359123234,
  "provenance": {
    "md5sum": "a01f877641349fe5e2d33665a77c7e3b",
    "settings": {
      "testing": false
    },
    "software": "mriqc",
    "version": "22.0.6",
    "warnings": {
      "large_rot_frame": true,
      "small_air_mask": false
    },
    "webapi_port": null,
    "webapi_url": "https://mriqc.nimh.nih.gov/api/v1"
  },
  "qi_1": 0.0,
  "qi_2": 0.0061936260002403865,
  "rpve_csf": 13.645277448328377,
  "rpve_gm": 9.214616766467065,
  "rpve_wm": 10.186488155759555,
  "size_x": 192,
  "size_y": 192,
  "size_z": 192,
  "snr_csf": 2.716947585799465,
  "snr_gm": 11.7684282375909,
  "snr_total": 11.07341303878699,
  "snr_wm": 18.734863292970605,
  "snrd_csf": 13.75850791865085,
  "snrd_gm": 40.31735400389349,
  "snrd_total": 35.777293805463415,
  "snrd_wm": 53.25601949384592,
  "spacing_x": 1.0,
  "spacing_y": 1.0,
  "spacing_z": 1.0,
  "summary_bg_k": 8.130996909487834,
  "summary_bg_mad": 0.0,
  "summary_bg_mean": 6.529593508835457,
  "summary_bg_median": 0.0,
  "summary_bg_n": 1049611.0,
  "summary_bg_p05": 0.0,
  "summary_bg_p95": 34.46528148651123,
  "summary_bg_stdv": 12.302419823722147,
  "summary_csf_k": 1.2503004425755133,
  "summary_csf_mad": 79.841098114565,
  "summary_csf_mean": 269.20489365688206,
  "summary_csf_median": 258.3629005551338,
  "summary_csf_n": 73159.0,
  "summary_csf_p05": 132.34921512007713,
  "summary_csf_p95": 449.06234407424927,
  "summary_csf_stdv": 95.09242509370883,
  "summary_gm_k": 0.14687728519977838,
  "summary_gm_mad": 62.88660610317797,
  "summary_gm_mean": 753.594565471093,
  "summary_gm_median": 757.0957973599434,
  "summary_gm_n": 10860.0,
  "summary_gm_p05": 641.5927556723357,
  "summary_gm_p95": 852.7021080717444,
  "summary_gm_stdv": 64.32982588603987,
  "summary_wm_k": 0.8992584186254033,
  "summary_wm_mad": 49.971134349351274,
  "summary_wm_mean": 1005.2124017965199,
  "summary_wm_median": 1000.0633607804775,
  "summary_wm_n": 188132.0,
  "summary_wm_p05": 927.5215458869934,
  "summary_wm_p95": 1100.6715721786022,
  "summary_wm_stdv": 53.37966374568425,
  "tpm_overlap_csf": 0.1746442492070521,
  "tpm_overlap_gm": 0.4141825302247306,
  "tpm_overlap_wm": 0.502862317788855,
  "wm2max": 0.33232278574285773
}