{
  "bids_meta": {
    "AcquisitionMatrixPE": 192,
    "AcquisitionNumber": 1,
    "AcquisitionTime": "11:13:1.517500",
    "BaseResolution": 192,
    "BodyPartExamined": "BRAIN",
    "CoilString": "HE1-4;NE1_2",
    "ConsistencyInfo": "N4_VE11C_LATEST_20160120",
    "ConversionSoftware": "dcm2niix",
    "ConversionSoftwareVersion": "v1.0.20190410  GCC6.3.0",
    "DeviceSerialNumber": "166048",
    "DwellTime": 3.5e-06,
    "EchoTime": 0.567,
    "EchoTrainLength": 314,
    "FlipAngle": 120,
    "ImageOrientationPatientDICOM": [
      0,
      1,
      0,
      0,
      0,
      -1
    ],
    "ImageType": [
      "ORIGINAL",
      "PRIMARY",
      "M",
      "ND",
      "NORM"
    ],
    "ImagingFrequency": 123.245,
    "InPlanePhaseEncodingDirectionDICOM": "ROW",
    "InstitutionAddress": "North_13th_1701_Philadelphia_PA_US_19122",
    "InstitutionName": "Temple_University_-_Weiss_Hall",
    "InstitutionalDepartmentName": "Department",
    "MRAcquisitionType": "3D",
    "MagneticFieldStrength": 3,
    "Manufacturer": "Siemens",
    "ManufacturersModelName": "Prisma",
    "Modality": "MR",
    "PartialFourier": 1,
    "PatientPosition": "HFS",
    "PercentPhaseFOV": 100,
    "PhaseEncodingSteps": 209,
    "PhaseOversampling": 0.1,
    "PhaseResolution": 1,
    "PixelBandwidth": 745,
    "ProcedureStepDescription": "SMITH_SRNDNA",
    "ProtocolName": "T2w-anat_spc_07sag_iso",
    "PulseSequenceDetails": "%SiemensSeq%_tse_vfl",
    "ReceiveCoilActiveElements": "HE1-4;NE1,2",
    "ReceiveCoilName": "HeadNeck_20",
    "ReconMatrixPE": 192,
    "RefLinesPE": 32,
    "RepetitionTime": 3.2,
    "SAR": 0.191343,
    "ScanOptions": "PFP",
    "ScanningSequence": "SE",
    "SequenceName": "_spc_314ns",
    "SequenceVariant": "SK_SP_OSP",
    "SeriesDescription": "T2w-anat_spc_07sag_iso",
    "SeriesNumber": 3,
    "ShimSetting": [
      1443,
      -7517,
      6535,
      528,
      63,
      -161,
      -421,
      -8
    ],
    "SliceThickness": 1,
    "SoftwareVersions": "syngo_MR_E11",
    "StationName": "AWP166048",
    "TxRefAmp": 300.213,
    "dataset": "ds003745",
    "modality": "T2w",
    "subject_id": "142"
  },
  "cjv": 0.36236553748233924,
  "cnr": 3.3839849428083437,
  "efc": 0.6215184320779785,
  "fber": 4075.3024036281186,
  "fwhm_avg": 2.68545,
  "fwhm_x": 2.49101,
  "fwhm_y": 2.98168,
  "fwhm_z": 2.58366,
  "icvs_csf": 0.26152503331474336,
  "icvs_gm": 0.6874543046243518,
  "icvs_wm": 0.05102066206090488,
  "inu_med": 0.8806689083576202,
  "inu_range": 0.240205442905426,
  "provenance": {
    "md5sum": "5732e97051a2fdc67224af690180913b",
    "settings": {
      "testing": false
    },
    "software": "mriqc",
    "version": "22.0.6",
    "warnings": {
      "large_rot_frame": true,
      "small_air_mask": false
    },
    "webapi_port": null,
    "webapi_url": "https://mriqc.nimh.nih.gov/api/v1"
  },
  "qi_1": 0.00534137726835851,
  "qi_2": 0.00029437607100826454,
  "rpve_csf": 11.761370368375701,
  "rpve_gm": 6.124025556749468,
  "rpve_wm": 68.51576812606739,
  "size_x": 192,
  "size_y": 192,
  "size_z": 192,
  "snr_csf": 4.590028789531451,
  "snr_gm": 6.996951522030306,
  "snr_total": 4.249999790085227,
  "snr_wm": 1.1630190586939255,
  "snrd_csf": 57.36342576343485,
  "snrd_gm": 17.913023975923966,
  "snrd_total": 26.348283323997737,
  "snrd_wm": 3.768400232634406,
  "spacing_x": 1.0,
  "spacing_y": 1.0,
  "spacing_z": 1.0,
  "summary_bg_k": 86.42939848120815,
  "summary_bg_mad": 0.0,
  "summary_bg_mean": 81.05956642007546,
  "summary_bg_median": 0.0,
  "summary_bg_n": 1037297.0,
  "summary_bg_p05": 0.0,
  "summary_bg_p95": 334.73753318190575,
  "summary_bg_stdv": 173.90634486555837,
  "summary_csf_k": 0.09332993025444125,
  "summary_csf_mad": 4020.2254353608128,
  "summary_csf_mean": 14831.53629793219,
  "summary_csf_median": 15227.155296951532,
  "summary_csf_n": 57203.0,
  "summary_csf_p05": 9155.249756768346,
  "summary_csf_p95": 18819.831996262074,
  "summary_csf_stdv": 3317.413222674036,
  "summary_gm_k": 0.09458348239508885,
  "summary_gm_mad": 677.8845709003474,
  "summary_gm_mean": 4777.113352112596,
  "summary_gm_median": 4755.022809207439,
  "summary_gm_n": 366342.0,
  "summary_gm_p05": 3698.9631570875645,
  "summary_gm_p95": 5927.090241461992,
  "summary_gm_stdv": 679.5840023134461,
  "summary_wm_k": 6.095416692238578,
  "summary_wm_mad": 682.6888555984364,
  "summary_wm_mean": 1199.323065132057,
  "summary_wm_median": 1000.3240706026554,
  "summary_wm_n": 965.0,
  "summary_wm_p05": 210.49903345108032,
  "summary_wm_p95": 2786.1957965195174,
  "summary_wm_stdv": 859.6640150964297,
  "tpm_overlap_csf": 0.15789216396516223,
  "tpm_overlap_gm": 0.4097970767261604,
  "tpm_overlap_wm": 0.021256897190047308,
  "wm2max": 0.05251965020926197
}