{
  "bids_meta": {
    "AcquisitionMatrixPE": 192,
    "AcquisitionNumber": 1,
    "AcquisitionTime": "20:41:43.517500",
    "BaseResolution": 192,
    "BodyPartExamined": "BRAIN",
    "CoilString": "HE1-4;NE1_2",
    "ConsistencyInfo": "N4_VE11C_LATEST_20160120",
    "ConversionSoftware": "dcm2niix",
    "ConversionSoftwareVersion": "v1.0.20190410  GCC6.3.0",
    "DeviceSerialNumber": "166048",
    "DwellTime": 3.5e-06,
    "EchoTime": 0.567,
    "EchoTrainLength": 314,
    "FlipAngle": 120,
    "ImageOrientationPatientDICOM": [
      0,
      1,
      0,
      0,
      0,
      -1
    ],
    "ImageType": [
      "ORIGINAL",
      "PRIMARY",
      "M",
      "ND",
      "NORM"
    ],
    "ImagingFrequency": 123.246,
    "InPlanePhaseEncodingDirectionDICOM": "ROW",
    "InstitutionAddress": "North_13th_1701_Philadelphia_PA_US_19122",
    "InstitutionName": "Temple_University_-_Weiss_Hall",
    "InstitutionalDepartmentName": "Department",
    "MRAcquisitionType": "3D",
    "MagneticFieldStrength": 3,
    "Manufacturer": "Siemens",
    "ManufacturersModelName": "Prisma",
    "Modality": "MR",
    "PartialFourier": 1,
    "PatientPosition": "HFS",
    "PercentPhaseFOV": 100,
    "PhaseEncodingSteps": 209,
    "PhaseOversampling": 0.1,
    "PhaseResolution": 1,
    "PixelBandwidth": 745,
    "ProcedureStepDescription": "SMITH_SRNDNA",
    "ProtocolName": "T2w-anat_spc_07sag_iso",
    "PulseSequenceDetails": "%SiemensSeq%_tse_vfl",
    "ReceiveCoilActiveElements": "HE1-4;NE1,2",
    "ReceiveCoilName": "HeadNeck_20",
    "ReconMatrixPE": 192,
    "RefLinesPE": 32,
    "RepetitionTime": 3.2,
    "SAR": 0.154957,
    "ScanOptions": "PFP",
    "ScanningSequence": "SE",
    "SequenceName": "_spc_314ns",
    "SequenceVariant": "SK_SP_OSP",
    "SeriesDescription": "T2w-anat_spc_07sag_iso",
    "SeriesNumber": 3,
    "ShimSetting": [
      1433,
      -7411,
      6433,
      227,
      -47,
      -190,
      -15,
      -26
    ],
    "SliceThickness": 1,
    "SoftwareVersions": "syngo_MR_E11",
    "StationName": "AWP166048",
    "TxRefAmp": 243.917,
    "dataset": "ds003745",
    "modality": "T2w",
    "subject_id": "122"
  },
  "cjv": 0.16087976934953735,
  "cnr": 1.9405697002523696,
  "efc": 0.5851273876576947,
  "fber": 10857.64,
  "fwhm_avg": 2.338293333333333,
  "fwhm_x": 2.30871,
  "fwhm_y": 2.5199,
  "fwhm_z": 2.18627,
  "icvs_csf": 0.34919692618418735,
  "icvs_gm": 0.5261254599113904,
  "icvs_wm": 0.12467761390442227,
  "inu_med": 0.7698308229446411,
  "inu_range": 0.14088588953018188,
  "provenance": {
    "md5sum": "481ea7959a8fdff138a148c72f3912db",
    "settings": {
      "testing": false
    },
    "software": "mriqc",
    "version": "22.0.6",
    "warnings": {
      "large_rot_frame": true,
      "small_air_mask": false
    },
    "webapi_port": null,
    "webapi_url": "https://mriqc.nimh.nih.gov/api/v1"
  },
  "qi_1": 0.0,
  "qi_2": 0.002682774576500875,
  "rpve_csf": 9.22809709524114,
  "rpve_gm": 7.212957572816444,
  "rpve_wm": 33.725996629765945,
  "size_x": 192,
  "size_y": 192,
  "size_z": 192,
  "snr_csf": 8.5370755356459,
  "snr_gm": 10.393459702960925,
  "snr_total": 7.345848102976575,
  "snr_wm": 3.1070090703228987,
  "snrd_csf": 127.36764649575862,
  "snrd_gm": 72.47658321376403,
  "snrd_total": 131.63069449792317,
  "snrd_wm": 195.0478537842469,
  "spacing_x": 1.0,
  "spacing_y": 1.0,
  "spacing_z": 1.0,
  "summary_bg_k": 4.21450194131335,
  "summary_bg_mad": 0.0,
  "summary_bg_mean": 2.192081829208453,
  "summary_bg_median": 0.0,
  "summary_bg_n": 1264550.0,
  "summary_bg_p05": 0.0,
  "summary_bg_p95": 7.495647616684437,
  "summary_bg_stdv": 3.3581109889540315,
  "summary_csf_k": 1.616945001877605,
  "summary_csf_mad": 67.77882057031896,
  "summary_csf_mean": 658.8770909370086,
  "summary_csf_median": 652.8635767064989,
  "summary_csf_n": 34876.0,
  "summary_csf_p05": 548.808776570484,
  "summary_csf_p95": 792.9304735828191,
  "summary_csf_stdv": 76.47281719958599,
  "summary_gm_k": 0.5497595099587809,
  "summary_gm_mad": 34.317358340474186,
  "summary_gm_mean": 371.8124399185879,
  "summary_gm_median": 371.5018895789981,
  "summary_gm_n": 212363.0,
  "summary_gm_p05": 313.7909009605646,
  "summary_gm_p95": 429.8726418018341,
  "summary_gm_stdv": 35.74372975979553,
  "summary_wm_k": 1.0575656523509043,
  "summary_wm_mad": 66.75989662909348,
  "summary_wm_mean": 841.9557107584989,
  "summary_wm_median": 999.7801086381078,
  "summary_wm_n": 8401.0,
  "summary_wm_p05": 56.86795734614134,
  "summary_wm_p95": 1084.5414050370455,
  "summary_wm_stdv": 321.7630140765533,
  "tpm_overlap_csf": 0.12035114418298623,
  "tpm_overlap_gm": 0.32410243955392737,
  "tpm_overlap_wm": 0.0348852948342048,
  "wm2max": 0.9139080613817597
}