{
  "aor": 0.0011287037037037036,
  "aqi": 0.011098529814814814,
  "bids_meta": {
    "AcquisitionMatrixPE": 74,
    "AcquisitionNumber": 1,
    "AcquisitionTime": "",
    "BandwidthPerPixelPhaseEncode": 27.579,
    "BaseResolution": 74,
    "BodyPartExamined": "BRAIN",
    "CogAtlasID": "doi:TODO",
    "CoilString": "HE1-4;NE1_2",
    "ConsistencyInfo": "N4_VE11C_LATEST_20160120",
    "ConversionSoftware": "dcm2niix",
    "ConversionSoftwareVersion": "v1.0.20190410  GCC6.3.0",
    "DerivedVendorReportedEchoSpacing": 0.000489993,
    "DeviceSerialNumber": "166048",
    "DwellTime": 2.9e-06,
    "EchoTime": 0.023,
    "EchoTrainLength": 74,
    "EffectiveEchoSpacing": 0.000489993,
    "FlipAngle": 76,
    "ImageOrientationPatientDICOM": [
      1,
      0,
      0,
      0,
      0.967709,
      -0.252069
    ],
    "ImageType": [
      "ORIGINAL",
      "PRIMARY",
      "M",
      "ND",
      "NORM",
      "MOSAIC"
    ],
    "ImagingFrequency": 123.246,
    "InPlanePhaseEncodingDirectionDICOM": "COL",
    "InstitutionAddress": "North_13th_1701_Philadelphia_PA_US_19122",
    "InstitutionName": "Temple_University_-_Weiss_Hall",
    "InstitutionalDepartmentName": "Department",
    "MRAcquisitionType": "2D",
    "MagneticFieldStrength": 3,
    "Manufacturer": "Siemens",
    "ManufacturersModelName": "Prisma",
    "Modality": "MR",
    "PartialFourier": 1,
    "PatientPosition": "HFS",
    "PercentPhaseFOV": 100,
    "PhaseEncodingDirection": "j-",
    "PhaseEncodingSteps": 74,
    "PhaseResolution": 1,
    "PixelBandwidth": 2330,
    "ProcedureStepDescription": "SMITH_SRNDNA",
    "ProtocolName": "func-bold_trust_run0",
    "PulseSequenceDetails": "%SiemensSeq%_ep2d_bold",
    "ReceiveCoilActiveElements": "HE1-4;NE1,2",
    "ReceiveCoilName": "HeadNeck_20",
    "ReconMatrixPE": 74,
    "RepetitionTime": 2.02,
    "SAR": 0.0976022,
    "ScanOptions": "FS",
    "ScanningSequence": "EP",
    "SequenceName": "_epfid2d1_74",
    "SequenceVariant": "SK",
    "SeriesDescription": "func-bold_trust_run0",
    "SeriesNumber": 9,
    "ShimSetting": [
      1437,
      -7396,
      6535,
      182,
      -18,
      252,
      -165,
      66
    ],
    "SliceThickness": 2.8,
    "SliceTiming": [
      1.9425,
      1.8875,
      1.8325,
      1.7775,
      1.72,
      1.665,
      1.61,
      1.555,
      1.5,
      1.4425,
      1.3875,
      1.3325,
      1.2775,
      1.22,
      1.165,
      1.11,
      1.055,
      1,
      0.9425,
      0.8875,
      0.8325,
      0.7775,
      0.72,
      0.665,
      0.61,
      0.555,
      0.5,
      0.4425,
      0.3875,
      0.3325,
      0.2775,
      0.2225,
      0.165,
      0.11,
      0.055,
      0
    ],
    "SoftwareVersions": "syngo_MR_E11",
    "SpacingBetweenSlices": 3.22,
    "StationName": "AWP166048",
    "TaskName": "trust",
    "TotalReadoutTime": 0.0357695,
    "TxRefAmp": 284.81,
    "dataset": "ds003745",
    "modality": "bold",
    "run_id": 1,
    "subject_id": "113",
    "task_id": "trust"
  },
  "dummy_trs": 1,
  "dvars_nstd": 20.790004180046502,
  "dvars_std": 1.142804544093023,
  "dvars_vstd": 0.9518699223720927,
  "efc": 0.4939918052214592,
  "fber": 2633.5458984375,
  "fd_mean": 0.1507904033219772,
  "fd_num": 42,
  "fd_perc": 19.444444444444443,
  "fwhm_avg": 1.7073166644198838,
  "fwhm_x": 1.6568936938231624,
  "fwhm_y": 1.8253109723909888,
  "fwhm_z": 1.6397453270455,
  "gcor": 0.0189318,
  "gsr_x": -0.008060242980718613,
  "gsr_y": 0.0441928468644619,
  "provenance": {
    "md5sum": "3e250da116fcdcbfba851902a1eb712f",
    "settings": {
      "fd_thres": 0.2,
      "testing": false
    },
    "software": "mriqc",
    "version": "22.0.6",
    "webapi_port": null,
    "webapi_url": "https://mriqc.nimh.nih.gov/api/v1"
  },
  "size_t": 216,
  "size_x": 74,
  "size_y": 74,
  "size_z": 36,
  "snr": 7.064818987852238,
  "spacing_tr": 2.0199999809265137,
  "spacing_x": 2.972972869873047,
  "spacing_y": 2.972972869873047,
  "spacing_z": 3.2200000286102295,
  "summary_bg_k": 35.83252956698205,
  "summary_bg_mad": 7.900348194707102,
  "summary_bg_mean": 36.84280014038086,
  "summary_bg_median": 15.759259223937988,
  "summary_bg_n": 127458.0,
  "summary_bg_p05": 8.462963104248047,
  "summary_bg_p95": 132.1865699768066,
  "summary_bg_stdv": 69.74795532226562,
  "summary_fg_k": 1.7625546254496278,
  "summary_fg_mad": 106.69243178155905,
  "summary_fg_mean": 820.931884765625,
  "summary_fg_median": 809.11572265625,
  "summary_fg_n": 33919.0,
  "summary_fg_p05": 665.9796630859375,
  "summary_fg_p95": 1022.295849609375,
  "summary_fg_stdv": 114.52576446533203,
  "tsnr": 70.24875905015506
}