{
  "bids_meta": {
    "AcquisitionMatrixPE": 192,
    "AcquisitionNumber": 1,
    "AcquisitionTime": "10:42:10.267500",
    "BaseResolution": 192,
    "BodyPartExamined": "BRAIN",
    "CoilString": "HE1-4;NE1_2",
    "ConsistencyInfo": "N4_VE11C_LATEST_20160120",
    "ConversionSoftware": "dcm2niix",
    "ConversionSoftwareVersion": "v1.0.20190410  GCC6.3.0",
    "DeviceSerialNumber": "166048",
    "DwellTime": 1.24e-05,
    "EchoTime": 0.0022,
    "FlipAngle": 8,
    "ImageOrientationPatientDICOM": [
      0,
      1,
      0,
      0,
      0,
      -1
    ],
    "ImageType": [
      "ORIGINAL",
      "PRIMARY",
      "M",
      "ND",
      "NORM",
      "FM3",
      "2",
      "FIL"
    ],
    "ImagingFrequency": 123.246,
    "InPlanePhaseEncodingDirectionDICOM": "ROW",
    "InstitutionAddress": "North_13th_1701_Philadelphia_PA_US_19122",
    "InstitutionName": "Temple_University_-_Weiss_Hall",
    "InstitutionalDepartmentName": "Department",
    "InversionTime": 1.15,
    "MRAcquisitionType": "3D",
    "MagneticFieldStrength": 3,
    "Manufacturer": "Siemens",
    "ManufacturersModelName": "Prisma",
    "Modality": "MR",
    "PartialFourier": 1,
    "PatientPosition": "HFS",
    "PercentPhaseFOV": 100,
    "PhaseEncodingSteps": 211,
    "PhaseOversampling": 0.1,
    "PhaseResolution": 1,
    "PixelBandwidth": 210,
    "ProcedureStepDescription": "SMITH_SRNDNA",
    "ProtocolName": "T1w-anat_mpg_07sag_iso",
    "PulseSequenceDetails": "%SiemensSeq%_tfl",
    "ReceiveCoilActiveElements": "HE1-4;NE1,2",
    "ReceiveCoilName": "HeadNeck_20",
    "ReconMatrixPE": 192,
    "RefLinesPE": 32,
    "RepetitionTime": 2.4,
    "SAR": 0.0464694,
    "ScanOptions": "IR_WE",
    "ScanningSequence": "GR_IR",
    "SequenceName": "_tfl3d1_16ns",
    "SequenceVariant": "SK_SP_MP_OSP",
    "SeriesDescription": "T1w-anat_mpg_07sag_iso",
    "SeriesNumber": 5,
    "ShimSetting": [
      1434,
      -7476,
      6486,
      65,
      44,
      -404,
      -36,
      19
    ],
    "SliceThickness": 1,
    "SoftwareVersions": "syngo_MR_E11",
    "StationName": "AWP166048",
    "TxRefAmp": 257.693,
    "dataset": "ds003745",
    "modality": "T1w",
    "subject_id": "130"
  },
  "cjv": 0.4577874396016437,
  "cnr": 2.8286123584486624,
  "efc": 0.6449259835283259,
  "fber": 10106.162629757784,
  "fwhm_avg": 4.37962,
  "fwhm_x": 4.3209,
  "fwhm_y": 4.49277,
  "fwhm_z": 4.32519,
  "icvs_csf": 0.23463291665262523,
  "icvs_gm": 0.34473078369405014,
  "icvs_wm": 0.42063629965332466,
  "inu_med": 0.7335484027862549,
  "inu_range": 0.34519293904304504,
  "provenance": {
    "md5sum": "81f1418540a42d5db1a51d702f699f29",
    "settings": {
      "testing": false
    },
    "software": "mriqc",
    "version": "22.0.6",
    "warnings": {
      "large_rot_frame": true,
      "small_air_mask": false
    },
    "webapi_port": null,
    "webapi_url": "https://mriqc.nimh.nih.gov/api/v1"
  },
  "qi_1": 4.082553905750161e-06,
  "qi_2": 0.0022614669795038168,
  "rpve_csf": 16.44745291648099,
  "rpve_gm": 10.010205452247698,
  "rpve_wm": 10.240669464887791,
  "size_x": 192,
  "size_y": 192,
  "size_z": 192,
  "snr_csf": 2.242126430311202,
  "snr_gm": 10.616918351024378,
  "snr_total": 9.358852761695923,
  "snr_wm": 15.217513503752192,
  "snrd_csf": 20.049607041974554,
  "snrd_gm": 60.7621808150367,
  "snrd_total": 54.85941821550801,
  "snrd_wm": 83.76646678951276,
  "spacing_x": 1.0,
  "spacing_y": 1.0,
  "spacing_z": 1.0,
  "summary_bg_k": 116.24749995949907,
  "summary_bg_mad": 7.821807603323892,
  "summary_bg_mean": 10.709590080310377,
  "summary_bg_median": 5.275729056447744,
  "summary_bg_n": 1537265.0,
  "summary_bg_p05": 0.0,
  "summary_bg_p95": 43.4919554553926,
  "summary_bg_stdv": 20.983607765534543,
  "summary_csf_k": 0.3056785710494885,
  "summary_csf_mad": 103.04550514229685,
  "summary_csf_mean": 249.68405461681544,
  "summary_csf_median": 239.376363158226,
  "summary_csf_n": 45028.0,
  "summary_csf_p05": 92.02341329306364,
  "summary_csf_p95": 445.7072393409908,
  "summary_csf_stdv": 106.76191218476184,
  "summary_gm_k": 0.09436352003291937,
  "summary_gm_mad": 68.37271621412974,
  "summary_gm_mean": 725.4425930404898,
  "summary_gm_median": 725.4521163739264,
  "summary_gm_n": 11154.0,
  "summary_gm_p05": 613.2418214026839,
  "summary_gm_p95": 835.5350589072332,
  "summary_gm_stdv": 68.32675658245807,
  "summary_wm_k": 1.6215902215849427,
  "summary_wm_mad": 57.359922424375206,
  "summary_wm_mean": 1010.3109333324348,
  "summary_wm_median": 1000.1049962081015,
  "summary_wm_n": 199178.0,
  "summary_wm_p05": 921.8089774250984,
  "summary_wm_p95": 1133.8880360126495,
  "summary_wm_stdv": 65.7204927320995,
  "tpm_overlap_csf": 0.15674721585200385,
  "tpm_overlap_gm": 0.4026760825104596,
  "tpm_overlap_wm": 0.4918880479830752,
  "wm2max": 0.6751774081666455
}