{
  "aor": 0.000599861111111111,
  "aqi": 0.004173249537037037,
  "bids_meta": {
    "AcquisitionMatrixPE": 74,
    "AcquisitionNumber": 1,
    "AcquisitionTime": "",
    "BandwidthPerPixelPhaseEncode": 27.579,
    "BaseResolution": 74,
    "BodyPartExamined": "BRAIN",
    "CogAtlasID": "doi:TODO",
    "CoilString": "HE1-4;NE1_2",
    "ConsistencyInfo": "N4_VE11C_LATEST_20160120",
    "ConversionSoftware": "dcm2niix",
    "ConversionSoftwareVersion": "v1.0.20190410  GCC6.3.0",
    "DerivedVendorReportedEchoSpacing": 0.000489993,
    "DeviceSerialNumber": "166048",
    "DwellTime": 2.9e-06,
    "EchoTime": 0.023,
    "EchoTrainLength": 74,
    "EffectiveEchoSpacing": 0.000489993,
    "FlipAngle": 76,
    "ImageOrientationPatientDICOM": [
      1,
      0,
      0,
      0,
      0.956814,
      -0.290702
    ],
    "ImageType": [
      "ORIGINAL",
      "PRIMARY",
      "M",
      "ND",
      "NORM",
      "MOSAIC"
    ],
    "ImagingFrequency": 123.246,
    "InPlanePhaseEncodingDirectionDICOM": "COL",
    "InstitutionAddress": "North_13th_1701_Philadelphia_PA_US_19122",
    "InstitutionName": "Temple_University_-_Weiss_Hall",
    "InstitutionalDepartmentName": "Department",
    "MRAcquisitionType": "2D",
    "MagneticFieldStrength": 3,
    "Manufacturer": "Siemens",
    "ManufacturersModelName": "Prisma",
    "Modality": "MR",
    "PartialFourier": 1,
    "PatientPosition": "HFS",
    "PercentPhaseFOV": 100,
    "PhaseEncodingDirection": "j-",
    "PhaseEncodingSteps": 74,
    "PhaseResolution": 1,
    "PixelBandwidth": 2330,
    "ProcedureStepDescription": "SMITH_SRNDNA",
    "ProtocolName": "func-bold_trust_run2",
    "PulseSequenceDetails": "%SiemensSeq%_ep2d_bold",
    "ReceiveCoilActiveElements": "HE1-4;NE1,2",
    "ReceiveCoilName": "HeadNeck_20",
    "ReconMatrixPE": 74,
    "RepetitionTime": 2.02,
    "SAR": 0.0869682,
    "ScanOptions": "FS",
    "ScanningSequence": "EP",
    "SequenceName": "_epfid2d1_74",
    "SequenceVariant": "SK",
    "SeriesDescription": "func-bold_trust_run2",
    "SeriesNumber": 11,
    "ShimSetting": [
      1440,
      -7373,
      6508,
      390,
      -2,
      286,
      -58,
      35
    ],
    "SliceThickness": 2.8,
    "SliceTiming": [
      1.945,
      1.89,
      1.8325,
      1.7775,
      1.7225,
      1.6675,
      1.6125,
      1.555,
      1.5,
      1.445,
      1.39,
      1.3325,
      1.2775,
      1.2225,
      1.1675,
      1.1125,
      1.055,
      1,
      0.945,
      0.89,
      0.8325,
      0.7775,
      0.7225,
      0.6675,
      0.6125,
      0.555,
      0.5,
      0.445,
      0.39,
      0.335,
      0.2775,
      0.2225,
      0.1675,
      0.1125,
      0.055,
      0
    ],
    "SoftwareVersions": "syngo_MR_E11",
    "SpacingBetweenSlices": 3.22,
    "StationName": "AWP166048",
    "TaskName": "trust",
    "TotalReadoutTime": 0.0357695,
    "TxRefAmp": 243.917,
    "dataset": "ds003745",
    "modality": "bold",
    "run_id": 3,
    "subject_id": "122",
    "task_id": "trust"
  },
  "dummy_trs": 1,
  "dvars_nstd": 22.880326488418614,
  "dvars_std": 1.3675832178604654,
  "dvars_vstd": 0.9926426960930231,
  "efc": 0.5242376658898759,
  "fber": 2017.680908203125,
  "fd_mean": 0.132158855032157,
  "fd_num": 14,
  "fd_perc": 6.481481481481482,
  "fwhm_avg": 1.6763133453596304,
  "fwhm_x": 1.6592751484512034,
  "fwhm_y": 1.7240251506966728,
  "fwhm_z": 1.6456397369310154,
  "gcor": 0.014553,
  "gsr_x": -0.006357103120535612,
  "gsr_y": 0.018025999888777733,
  "provenance": {
    "md5sum": "69ca8ab10a6e03476d581df30e21bd06",
    "settings": {
      "fd_thres": 0.2,
      "testing": false
    },
    "software": "mriqc",
    "version": "22.0.6",
    "webapi_port": null,
    "webapi_url": "https://mriqc.nimh.nih.gov/api/v1"
  },
  "size_t": 216,
  "size_x": 74,
  "size_y": 74,
  "size_z": 36,
  "snr": 7.135289519689203,
  "spacing_tr": 2.0199999809265137,
  "spacing_x": 2.972972869873047,
  "spacing_y": 2.972972869873047,
  "spacing_z": 3.2200000286102295,
  "summary_bg_k": 21.93343269645526,
  "summary_bg_mad": 12.16969273892693,
  "summary_bg_mean": 52.937538146972656,
  "summary_bg_median": 21.231481552124023,
  "summary_bg_n": 122165.0,
  "summary_bg_p05": 9.787036895751953,
  "summary_bg_p95": 221.40370483398416,
  "summary_bg_stdv": 94.09532165527344,
  "summary_fg_k": 2.337464802265628,
  "summary_fg_mad": 137.50791711378818,
  "summary_fg_mean": 979.905029296875,
  "summary_fg_median": 972.245361328125,
  "summary_fg_n": 36018.0,
  "summary_fg_p05": 790.7756927490234,
  "summary_fg_p95": 1195.3521423339844,
  "summary_fg_stdv": 136.25682067871094,
  "tsnr": 100.41732876095921
}