{
  "aor": 0.0019113364055299538,
  "aqi": 0.005091253179723502,
  "bids_meta": {
    "AcquisitionMatrixPE": 74,
    "AcquisitionNumber": 1,
    "AcquisitionTime": "",
    "BandwidthPerPixelPhaseEncode": 27.579,
    "BaseResolution": 74,
    "BodyPartExamined": "BRAIN",
    "CogAtlasID": "doi:TODO",
    "CoilString": "HE1-4;NE1_2",
    "ConsistencyInfo": "N4_VE11C_LATEST_20160120",
    "ConversionSoftware": "dcm2niix",
    "ConversionSoftwareVersion": "v1.0.20190410  GCC6.3.0",
    "DerivedVendorReportedEchoSpacing": 0.000489993,
    "DeviceSerialNumber": "166048",
    "DwellTime": 2.9e-06,
    "EchoTime": 0.023,
    "EchoTrainLength": 74,
    "EffectiveEchoSpacing": 0.000489993,
    "FlipAngle": 76,
    "ImageOrientationPatientDICOM": [
      1,
      0,
      0,
      0,
      0.962218,
      -0.27228
    ],
    "ImageType": [
      "ORIGINAL",
      "PRIMARY",
      "M",
      "ND",
      "NORM",
      "MOSAIC"
    ],
    "ImagingFrequency": 123.246,
    "InPlanePhaseEncodingDirectionDICOM": "COL",
    "InstitutionAddress": "North_13th_1701_Philadelphia_PA_US_19122",
    "InstitutionName": "Temple_University_-_Weiss_Hall",
    "InstitutionalDepartmentName": "Department",
    "MRAcquisitionType": "2D",
    "MagneticFieldStrength": 3,
    "Manufacturer": "Siemens",
    "ManufacturersModelName": "Prisma",
    "Modality": "MR",
    "PartialFourier": 1,
    "PatientPosition": "HFS",
    "PercentPhaseFOV": 100,
    "PhaseEncodingDirection": "j-",
    "PhaseEncodingSteps": 74,
    "PhaseResolution": 1,
    "PixelBandwidth": 2330,
    "ProcedureStepDescription": "SMITH_SRNDNA",
    "ProtocolName": "func-bold_trust_run3",
    "PulseSequenceDetails": "%SiemensSeq%_ep2d_bold",
    "ReceiveCoilActiveElements": "HE1-4;NE1,2",
    "ReceiveCoilName": "HeadNeck_20",
    "ReconMatrixPE": 74,
    "RepetitionTime": 2.02,
    "SAR": 0.104676,
    "ScanOptions": "FS",
    "ScanningSequence": "EP",
    "SequenceName": "_epfid2d1_74",
    "SequenceVariant": "SK",
    "SeriesDescription": "func-bold_trust_run3",
    "SeriesNumber": 12,
    "ShimSetting": [
      1457,
      -7349,
      6583,
      407,
      104,
      176,
      -74,
      67
    ],
    "SliceThickness": 2.8,
    "SliceTiming": [
      1.9425,
      1.8875,
      1.8325,
      1.7775,
      1.72,
      1.665,
      1.61,
      1.555,
      1.4975,
      1.4425,
      1.3875,
      1.3325,
      1.2775,
      1.22,
      1.165,
      1.11,
      1.055,
      1,
      0.9425,
      0.8875,
      0.8325,
      0.7775,
      0.72,
      0.665,
      0.61,
      0.555,
      0.5,
      0.4425,
      0.3875,
      0.3325,
      0.2775,
      0.22,
      0.165,
      0.11,
      0.055,
      0
    ],
    "SoftwareVersions": "syngo_MR_E11",
    "SpacingBetweenSlices": 3.22,
    "StationName": "AWP166048",
    "TaskName": "trust",
    "TotalReadoutTime": 0.0357695,
    "TxRefAmp": 282.475,
    "dataset": "ds003745",
    "modality": "bold",
    "run_id": 4,
    "subject_id": "155",
    "task_id": "trust"
  },
  "dummy_trs": 0,
  "dvars_nstd": 19.753834397731485,
  "dvars_std": 1.2793725137037044,
  "dvars_vstd": 1.0036970566666665,
  "efc": 0.5428612235937701,
  "fber": 1580.45703125,
  "fd_mean": 0.1451289114125885,
  "fd_num": 44,
  "fd_perc": 20.276497695852534,
  "fwhm_avg": 1.7371321936266153,
  "fwhm_x": 1.6861842402934764,
  "fwhm_y": 1.8878241563770695,
  "fwhm_z": 1.6373881842093005,
  "gcor": 0.0261412,
  "gsr_x": -0.013216244988143444,
  "gsr_y": 0.04470273107290268,
  "provenance": {
    "md5sum": "1583e48a9ac4e02b160d5e7bec514295",
    "settings": {
      "fd_thres": 0.2,
      "testing": false
    },
    "software": "mriqc",
    "version": "22.0.6",
    "webapi_port": null,
    "webapi_url": "https://mriqc.nimh.nih.gov/api/v1"
  },
  "size_t": 217,
  "size_x": 74,
  "size_y": 74,
  "size_z": 36,
  "snr": 6.396138401153525,
  "spacing_tr": 2.0199999809265137,
  "spacing_x": 2.972972869873047,
  "spacing_y": 2.972972869873047,
  "spacing_z": 3.2200000286102295,
  "summary_bg_k": 17.971143266817506,
  "summary_bg_mad": 10.501195433486261,
  "summary_bg_mean": 52.17327117919922,
  "summary_bg_median": 19.216588973999023,
  "summary_bg_n": 121131.0,
  "summary_bg_p05": 9.880184173583984,
  "summary_bg_p95": 227.5622100830078,
  "summary_bg_stdv": 84.69735717773438,
  "summary_fg_k": 2.692710553956692,
  "summary_fg_mad": 112.23363947505212,
  "summary_fg_mean": 788.2448120117188,
  "summary_fg_median": 777.6589965820312,
  "summary_fg_n": 36945.0,
  "summary_fg_p05": 624.2774169921875,
  "summary_fg_p95": 988.2009155273437,
  "summary_fg_stdv": 121.5809326171875,
  "tsnr": 86.51837820629589
}