{
  "aor": 0.0028423963133640553,
  "aqi": 0.008028741382488479,
  "bids_meta": {
    "AcquisitionMatrixPE": 74,
    "AcquisitionNumber": 1,
    "AcquisitionTime": "",
    "BandwidthPerPixelPhaseEncode": 27.579,
    "BaseResolution": 74,
    "BodyPartExamined": "BRAIN",
    "CogAtlasID": "doi:TODO",
    "CoilString": "HE1-4;NE1_2",
    "ConsistencyInfo": "N4_VE11C_LATEST_20160120",
    "ConversionSoftware": "dcm2niix",
    "ConversionSoftwareVersion": "v1.0.20190410  GCC6.3.0",
    "DerivedVendorReportedEchoSpacing": 0.000489993,
    "DeviceSerialNumber": "166048",
    "DwellTime": 2.9e-06,
    "EchoTime": 0.023,
    "EchoTrainLength": 74,
    "EffectiveEchoSpacing": 0.000489993,
    "FlipAngle": 76,
    "ImageOrientationPatientDICOM": [
      1,
      0,
      0,
      0,
      0.962218,
      -0.27228
    ],
    "ImageType": [
      "ORIGINAL",
      "PRIMARY",
      "M",
      "ND",
      "NORM",
      "MOSAIC"
    ],
    "ImagingFrequency": 123.246,
    "InPlanePhaseEncodingDirectionDICOM": "COL",
    "InstitutionAddress": "North_13th_1701_Philadelphia_PA_US_19122",
    "InstitutionName": "Temple_University_-_Weiss_Hall",
    "InstitutionalDepartmentName": "Department",
    "MRAcquisitionType": "2D",
    "MagneticFieldStrength": 3,
    "Manufacturer": "Siemens",
    "ManufacturersModelName": "Prisma",
    "Modality": "MR",
    "PartialFourier": 1,
    "PatientPosition": "HFS",
    "PercentPhaseFOV": 100,
    "PhaseEncodingDirection": "j-",
    "PhaseEncodingSteps": 74,
    "PhaseResolution": 1,
    "PixelBandwidth": 2330,
    "ProcedureStepDescription": "SMITH_SRNDNA",
    "ProtocolName": "func-bold_trust_run0",
    "PulseSequenceDetails": "%SiemensSeq%_ep2d_bold",
    "ReceiveCoilActiveElements": "HE1-4;NE1,2",
    "ReceiveCoilName": "HeadNeck_20",
    "ReconMatrixPE": 74,
    "RepetitionTime": 2.02,
    "SAR": 0.104676,
    "ScanOptions": "FS",
    "ScanningSequence": "EP",
    "SequenceName": "_epfid2d1_74",
    "SequenceVariant": "SK",
    "SeriesDescription": "func-bold_trust_run0",
    "SeriesNumber": 9,
    "ShimSetting": [
      1457,
      -7349,
      6583,
      407,
      104,
      176,
      -74,
      67
    ],
    "SliceThickness": 2.8,
    "SliceTiming": [
      1.945,
      1.89,
      1.835,
      1.78,
      1.7225,
      1.6675,
      1.6125,
      1.5575,
      1.5,
      1.445,
      1.39,
      1.335,
      1.28,
      1.2225,
      1.1675,
      1.1125,
      1.0575,
      1,
      0.945,
      0.89,
      0.835,
      0.78,
      0.7225,
      0.6675,
      0.6125,
      0.5575,
      0.5,
      0.445,
      0.39,
      0.335,
      0.28,
      0.2225,
      0.1675,
      0.1125,
      0.0575,
      0
    ],
    "SoftwareVersions": "syngo_MR_E11",
    "SpacingBetweenSlices": 3.22,
    "StationName": "AWP166048",
    "TaskName": "trust",
    "TotalReadoutTime": 0.0357695,
    "TxRefAmp": 282.475,
    "dataset": "ds003745",
    "modality": "bold",
    "run_id": 1,
    "subject_id": "155",
    "task_id": "trust"
  },
  "dummy_trs": 0,
  "dvars_nstd": 23.2958730986574,
  "dvars_std": 1.348986354027777,
  "dvars_vstd": 1.0115954509259257,
  "efc": 0.5399425908589329,
  "fber": 1656.08203125,
  "fd_mean": 0.18757276695968358,
  "fd_num": 85,
  "fd_perc": 39.1705069124424,
  "fwhm_avg": 1.750766066985029,
  "fwhm_x": 1.6938802405603663,
  "fwhm_y": 1.9034179750996667,
  "fwhm_z": 1.6549999852950532,
  "gcor": 0.0351352,
  "gsr_x": -0.01229779701679945,
  "gsr_y": 0.042721740901470184,
  "provenance": {
    "md5sum": "701e5def03edd2a73621b10395798dfd",
    "settings": {
      "fd_thres": 0.2,
      "testing": false
    },
    "software": "mriqc",
    "version": "22.0.6",
    "webapi_port": null,
    "webapi_url": "https://mriqc.nimh.nih.gov/api/v1"
  },
  "size_t": 217,
  "size_x": 74,
  "size_y": 74,
  "size_z": 36,
  "snr": 6.368761781822707,
  "spacing_tr": 2.0199999809265137,
  "spacing_x": 2.972972869873047,
  "spacing_y": 2.972972869873047,
  "spacing_z": 3.2200000286102295,
  "summary_bg_k": 18.507252089794903,
  "summary_bg_mad": 10.200576319482746,
  "summary_bg_mean": 50.82303237915039,
  "summary_bg_median": 18.940092086791992,
  "summary_bg_n": 121224.0,
  "summary_bg_p05": 9.608294486999512,
  "summary_bg_p95": 219.7221130371093,
  "summary_bg_stdv": 82.79679107666016,
  "summary_fg_k": 2.9740771302879283,
  "summary_fg_mad": 111.63241821408097,
  "summary_fg_mean": 791.8016967773438,
  "summary_fg_median": 781.520751953125,
  "summary_fg_n": 36925.0,
  "summary_fg_p05": 627.92626953125,
  "summary_fg_p95": 990.815673828125,
  "summary_fg_stdv": 122.70990753173828,
  "tsnr": 73.1228329804726
}