{
  "aor": 0.0009378703703703704,
  "aqi": 0.008403281203703704,
  "bids_meta": {
    "AcquisitionMatrixPE": 74,
    "AcquisitionNumber": 1,
    "AcquisitionTime": "",
    "BandwidthPerPixelPhaseEncode": 27.579,
    "BaseResolution": 74,
    "BodyPartExamined": "HEAD",
    "CogAtlasID": "doi:TODO",
    "CoilString": "HE1-4;NE1_2",
    "ConsistencyInfo": "N4_VE11C_LATEST_20160120",
    "ConversionSoftware": "dcm2niix",
    "ConversionSoftwareVersion": "v1.0.20190410  GCC6.3.0",
    "DerivedVendorReportedEchoSpacing": 0.000489993,
    "DeviceSerialNumber": "166048",
    "DwellTime": 2.9e-06,
    "EchoTime": 0.023,
    "EchoTrainLength": 74,
    "EffectiveEchoSpacing": 0.000489993,
    "FlipAngle": 76,
    "ImageOrientationPatientDICOM": [
      1,
      0,
      0,
      0,
      0.969016,
      -0.246999
    ],
    "ImageType": [
      "ORIGINAL",
      "PRIMARY",
      "M",
      "ND",
      "NORM",
      "MOSAIC"
    ],
    "ImagingFrequency": 123.246,
    "InPlanePhaseEncodingDirectionDICOM": "COL",
    "InstitutionAddress": "North_13th_1701_Philadelphia_PA_US_19122",
    "InstitutionName": "Temple_University_-_Weiss_Hall",
    "InstitutionalDepartmentName": "Department",
    "MRAcquisitionType": "2D",
    "MagneticFieldStrength": 3,
    "Manufacturer": "Siemens",
    "ManufacturersModelName": "Prisma",
    "Modality": "MR",
    "PartialFourier": 1,
    "PatientPosition": "HFS",
    "PercentPhaseFOV": 100,
    "PhaseEncodingDirection": "j-",
    "PhaseEncodingSteps": 74,
    "PhaseResolution": 1,
    "PixelBandwidth": 2330,
    "ProcedureStepDescription": "SMITH_SRNDNA",
    "ProtocolName": "func-bold_trust_run4",
    "PulseSequenceDetails": "%SiemensSeq%_ep2d_bold",
    "ReceiveCoilActiveElements": "HE1-4;NE1,2",
    "ReceiveCoilName": "HeadNeck_20",
    "ReconMatrixPE": 74,
    "RepetitionTime": 2.02,
    "SAR": 0.101569,
    "ScanOptions": "FS",
    "ScanningSequence": "EP",
    "SequenceName": "_epfid2d1_74",
    "SequenceVariant": "SK",
    "SeriesDescription": "func-bold_trust_run4",
    "SeriesNumber": 13,
    "ShimSetting": [
      1420,
      -7473,
      6572,
      360,
      100,
      -87,
      71,
      52
    ],
    "SliceThickness": 2.8,
    "SliceTiming": [
      1.945,
      1.89,
      1.8325,
      1.7775,
      1.7225,
      1.6675,
      1.61,
      1.555,
      1.5,
      1.445,
      1.39,
      1.3325,
      1.2775,
      1.2225,
      1.1675,
      1.11,
      1.055,
      1,
      0.945,
      0.89,
      0.8325,
      0.7775,
      0.7225,
      0.6675,
      0.61,
      0.555,
      0.5,
      0.445,
      0.39,
      0.3325,
      0.2775,
      0.2225,
      0.1675,
      0.11,
      0.055,
      0
    ],
    "SoftwareVersions": "syngo_MR_E11",
    "SpacingBetweenSlices": 3.22,
    "StationName": "AWP166048",
    "TaskName": "trust",
    "TotalReadoutTime": 0.0357695,
    "TxRefAmp": 301.681,
    "dataset": "ds003745",
    "modality": "bold",
    "run_id": 5,
    "subject_id": "112",
    "task_id": "trust"
  },
  "dummy_trs": 1,
  "dvars_nstd": 22.464036998744188,
  "dvars_std": 1.2128864809767441,
  "dvars_vstd": 0.9969201125116278,
  "efc": 0.5294099943708972,
  "fber": 1927.4383544921875,
  "fd_mean": 0.19936591994049532,
  "fd_num": 72,
  "fd_perc": 33.333333333333336,
  "fwhm_avg": 1.78261418674679,
  "fwhm_x": 1.7202915142035575,
  "fwhm_y": 1.9279826123151818,
  "fwhm_z": 1.69956843372163,
  "gcor": 0.0500659,
  "gsr_x": -0.004643433727324009,
  "gsr_y": 0.03328071907162666,
  "provenance": {
    "md5sum": "5259eb4ac8f82ba59f193c38872b235f",
    "settings": {
      "fd_thres": 0.2,
      "testing": false
    },
    "software": "mriqc",
    "version": "22.0.6",
    "webapi_port": null,
    "webapi_url": "https://mriqc.nimh.nih.gov/api/v1"
  },
  "size_t": 216,
  "size_x": 74,
  "size_y": 74,
  "size_z": 36,
  "snr": 7.3350382377714825,
  "spacing_tr": 2.0199999809265137,
  "spacing_x": 2.972972869873047,
  "spacing_y": 2.972972869873047,
  "spacing_z": 3.2199997901916504,
  "summary_bg_k": 26.669889377324136,
  "summary_bg_mad": 6.198102040967875,
  "summary_bg_mean": 29.932437896728516,
  "summary_bg_median": 14.171296119689941,
  "summary_bg_n": 119834.0,
  "summary_bg_p05": 8.375,
  "summary_bg_p95": 105.65301017761219,
  "summary_bg_stdv": 43.16666030883789,
  "summary_fg_k": 2.47502184477254,
  "summary_fg_mad": 78.7632428581101,
  "summary_fg_mean": 642.7813720703125,
  "summary_fg_median": 633.3518676757812,
  "summary_fg_n": 39125.0,
  "summary_fg_p05": 527.1916748046875,
  "summary_fg_p95": 788.2898315429687,
  "summary_fg_stdv": 86.34498596191406,
  "tsnr": 76.02599808503874
}