{
  "aor": 0.000945668202764977,
  "aqi": 0.006997248894009217,
  "bids_meta": {
    "AcquisitionMatrixPE": 74,
    "AcquisitionNumber": 1,
    "AcquisitionTime": "",
    "BandwidthPerPixelPhaseEncode": 27.579,
    "BaseResolution": 74,
    "BodyPartExamined": "HEAD",
    "CogAtlasID": "doi:TODO",
    "CoilString": "HE1-4;NE1_2",
    "ConsistencyInfo": "N4_VE11C_LATEST_20160120",
    "ConversionSoftware": "dcm2niix",
    "ConversionSoftwareVersion": "v1.0.20190410  GCC6.3.0",
    "DerivedVendorReportedEchoSpacing": 0.000489993,
    "DeviceSerialNumber": "166048",
    "DwellTime": 2.9e-06,
    "EchoTime": 0.023,
    "EchoTrainLength": 74,
    "EffectiveEchoSpacing": 0.000489993,
    "FlipAngle": 76,
    "ImageOrientationPatientDICOM": [
      1,
      0,
      0,
      0,
      0.969016,
      -0.246999
    ],
    "ImageType": [
      "ORIGINAL",
      "PRIMARY",
      "M",
      "ND",
      "NORM",
      "MOSAIC"
    ],
    "ImagingFrequency": 123.246,
    "InPlanePhaseEncodingDirectionDICOM": "COL",
    "InstitutionAddress": "North_13th_1701_Philadelphia_PA_US_19122",
    "InstitutionName": "Temple_University_-_Weiss_Hall",
    "InstitutionalDepartmentName": "Department",
    "MRAcquisitionType": "2D",
    "MagneticFieldStrength": 3,
    "Manufacturer": "Siemens",
    "ManufacturersModelName": "Prisma",
    "Modality": "MR",
    "PartialFourier": 1,
    "PatientPosition": "HFS",
    "PercentPhaseFOV": 100,
    "PhaseEncodingDirection": "j-",
    "PhaseEncodingSteps": 74,
    "PhaseResolution": 1,
    "PixelBandwidth": 2330,
    "ProcedureStepDescription": "SMITH_SRNDNA",
    "ProtocolName": "func-bold_trust_run3",
    "PulseSequenceDetails": "%SiemensSeq%_ep2d_bold",
    "ReceiveCoilActiveElements": "HE1-4;NE1,2",
    "ReceiveCoilName": "HeadNeck_20",
    "ReconMatrixPE": 74,
    "RepetitionTime": 2.02,
    "SAR": 0.101569,
    "ScanOptions": "FS",
    "ScanningSequence": "EP",
    "SequenceName": "_epfid2d1_74",
    "SequenceVariant": "SK",
    "SeriesDescription": "func-bold_trust_run3",
    "SeriesNumber": 12,
    "ShimSetting": [
      1420,
      -7473,
      6572,
      360,
      100,
      -87,
      71,
      52
    ],
    "SliceThickness": 2.8,
    "SliceTiming": [
      1.945,
      1.89,
      1.835,
      1.7775,
      1.7225,
      1.6675,
      1.6125,
      1.5575,
      1.5,
      1.445,
      1.39,
      1.335,
      1.2775,
      1.2225,
      1.1675,
      1.1125,
      1.0575,
      1,
      0.945,
      0.89,
      0.835,
      0.7775,
      0.7225,
      0.6675,
      0.6125,
      0.5575,
      0.5,
      0.445,
      0.39,
      0.335,
      0.28,
      0.2225,
      0.1675,
      0.1125,
      0.0575,
      0
    ],
    "SoftwareVersions": "syngo_MR_E11",
    "SpacingBetweenSlices": 3.22,
    "StationName": "AWP166048",
    "TaskName": "trust",
    "TotalReadoutTime": 0.0357695,
    "TxRefAmp": 301.681,
    "dataset": "ds003745",
    "modality": "bold",
    "run_id": 4,
    "subject_id": "112",
    "task_id": "trust"
  },
  "dummy_trs": 0,
  "dvars_nstd": 21.798085490925935,
  "dvars_std": 1.2014924294907414,
  "dvars_vstd": 1.0009920036111117,
  "efc": 0.5300666777158599,
  "fber": 1927.462158203125,
  "fd_mean": 0.19260498567971535,
  "fd_num": 75,
  "fd_perc": 34.56221198156682,
  "fwhm_avg": 1.7695106123861126,
  "fwhm_x": 1.7057740591546513,
  "fwhm_y": 1.906226611560704,
  "fwhm_z": 1.6965311664429827,
  "gcor": 0.0433699,
  "gsr_x": -0.004972394090145826,
  "gsr_y": 0.032606106251478195,
  "provenance": {
    "md5sum": "52babc8fc93c20718fae1381e22c9a43",
    "settings": {
      "fd_thres": 0.2,
      "testing": false
    },
    "software": "mriqc",
    "version": "22.0.6",
    "webapi_port": null,
    "webapi_url": "https://mriqc.nimh.nih.gov/api/v1"
  },
  "size_t": 217,
  "size_x": 74,
  "size_y": 74,
  "size_z": 36,
  "snr": 7.365765247487439,
  "spacing_tr": 2.0199999809265137,
  "spacing_x": 2.972972869873047,
  "spacing_y": 2.972972869873047,
  "spacing_z": 3.2199997901916504,
  "summary_bg_k": 26.566262240084537,
  "summary_bg_mad": 6.292519353919104,
  "summary_bg_mean": 30.10009765625,
  "summary_bg_median": 14.193548202514648,
  "summary_bg_n": 119695.0,
  "summary_bg_p05": 8.364055633544922,
  "summary_bg_p95": 106.08294677734375,
  "summary_bg_stdv": 43.2941780090332,
  "summary_fg_k": 2.5679533650350885,
  "summary_fg_mad": 78.42765751098315,
  "summary_fg_mean": 644.1693725585938,
  "summary_fg_median": 634.5668334960938,
  "summary_fg_n": 39108.0,
  "summary_fg_p05": 528.8373321533203,
  "summary_fg_p95": 789.8506652832032,
  "summary_fg_stdv": 86.14973449707031,
  "tsnr": 81.3160150272306
}