{
  "bids_meta": {
    "AcquisitionMatrixPE": 192,
    "AcquisitionNumber": 1,
    "AcquisitionTime": "13:27:52.452500",
    "BaseResolution": 192,
    "BodyPartExamined": "BRAIN",
    "CoilString": "HE1-4;NE1_2",
    "ConsistencyInfo": "N4_VE11C_LATEST_20160120",
    "ConversionSoftware": "dcm2niix",
    "ConversionSoftwareVersion": "v1.0.20190410  GCC6.3.0",
    "DeviceSerialNumber": "166048",
    "DwellTime": 3.5e-06,
    "EchoTime": 0.567,
    "EchoTrainLength": 314,
    "FlipAngle": 120,
    "ImageOrientationPatientDICOM": [
      0,
      1,
      0,
      0,
      0,
      -1
    ],
    "ImageType": [
      "ORIGINAL",
      "PRIMARY",
      "M",
      "ND",
      "NORM"
    ],
    "ImagingFrequency": 123.246,
    "InPlanePhaseEncodingDirectionDICOM": "ROW",
    "InstitutionAddress": "North_13th_1701_Philadelphia_PA_US_19122",
    "InstitutionName": "Temple_University_-_Weiss_Hall",
    "InstitutionalDepartmentName": "Department",
    "MRAcquisitionType": "3D",
    "MagneticFieldStrength": 3,
    "Manufacturer": "Siemens",
    "ManufacturersModelName": "Prisma",
    "Modality": "MR",
    "PartialFourier": 1,
    "PatientPosition": "HFS",
    "PercentPhaseFOV": 100,
    "PhaseEncodingSteps": 209,
    "PhaseOversampling": 0.1,
    "PhaseResolution": 1,
    "PixelBandwidth": 745,
    "ProcedureStepDescription": "SMITH_SRNDNA",
    "ProtocolName": "T2w-anat_spc_07sag_iso",
    "PulseSequenceDetails": "%SiemensSeq%_tse_vfl",
    "ReceiveCoilActiveElements": "HE1-4;NE1,2",
    "ReceiveCoilName": "HeadNeck_20",
    "ReconMatrixPE": 192,
    "RefLinesPE": 32,
    "RepetitionTime": 3.2,
    "SAR": 0.173904,
    "ScanOptions": "PFP",
    "ScanningSequence": "SE",
    "SequenceName": "_spc_314ns",
    "SequenceVariant": "SK_SP_OSP",
    "SeriesDescription": "T2w-anat_spc_07sag_iso",
    "SeriesNumber": 3,
    "ShimSetting": [
      1434,
      -7422,
      6509,
      159,
      -11,
      -110,
      -61,
      2
    ],
    "SliceThickness": 1,
    "SoftwareVersions": "syngo_MR_E11",
    "StationName": "AWP166048",
    "TxRefAmp": 284.81,
    "dataset": "ds003745",
    "modality": "T2w",
    "subject_id": "113"
  },
  "cjv": 0.18333157749017448,
  "cnr": 2.681585072706403,
  "efc": 0.5794949161745435,
  "fber": 4589.056367022841,
  "fwhm_avg": 2.6391033333333334,
  "fwhm_x": 2.50231,
  "fwhm_y": 2.87855,
  "fwhm_z": 2.53645,
  "icvs_csf": 0.25144262677326745,
  "icvs_gm": 0.6320025114753755,
  "icvs_wm": 0.1165548617513571,
  "inu_med": 0.940335214138031,
  "inu_range": 0.2177150130271912,
  "provenance": {
    "md5sum": "555bc1794c59e2d8e911ca24bd933f32",
    "settings": {
      "testing": false
    },
    "software": "mriqc",
    "version": "22.0.6",
    "warnings": {
      "large_rot_frame": true,
      "small_air_mask": false
    },
    "webapi_port": null,
    "webapi_url": "https://mriqc.nimh.nih.gov/api/v1"
  },
  "qi_1": 0.0,
  "qi_2": 0.0005573665456042031,
  "rpve_csf": 11.738085112128209,
  "rpve_gm": 6.604676167687214,
  "rpve_wm": 36.093757665576454,
  "size_x": 192,
  "size_y": 192,
  "size_z": 192,
  "snr_csf": 5.25675401229896,
  "snr_gm": 7.223290688262634,
  "snr_total": 5.37745970191754,
  "snr_wm": 3.652334405191027,
  "snrd_csf": 70.48009876617405,
  "snrd_gm": 35.186495820462675,
  "snrd_total": 80.43664876120202,
  "snrd_wm": 135.64335169696932,
  "spacing_x": 1.0,
  "spacing_y": 1.0,
  "spacing_z": 1.0,
  "summary_bg_k": 77.81914547050128,
  "summary_bg_mad": 0.0,
  "summary_bg_mean": 3.2150856981529166,
  "summary_bg_median": 0.0,
  "summary_bg_n": 1594305.0,
  "summary_bg_p05": 0.0,
  "summary_bg_p95": 11.299235047772527,
  "summary_bg_stdv": 4.8281748393416954,
  "summary_csf_k": -0.39184487134957857,
  "summary_csf_mad": 117.05550705664702,
  "summary_csf_mean": 529.5196045965846,
  "summary_csf_median": 519.4189172470942,
  "summary_csf_n": 8818.0,
  "summary_csf_p05": 386.28217700170353,
  "summary_csf_p95": 682.2556169936432,
  "summary_csf_stdv": 98.80421701329422,
  "summary_gm_k": 0.10064748647902233,
  "summary_gm_mad": 35.76622997012805,
  "summary_gm_mean": 261.06935577772236,
  "summary_gm_median": 259.3147836159915,
  "summary_gm_n": 271343.0,
  "summary_gm_p05": 205.23100392892957,
  "summary_gm_p95": 322.994930902496,
  "summary_gm_stdv": 35.89974666271537,
  "summary_wm_k": 3.3403307675179352,
  "summary_wm_mad": 99.9613530268064,
  "summary_wm_mean": 883.4927898489741,
  "summary_wm_median": 999.6541449800134,
  "summary_wm_n": 20559.0,
  "summary_wm_p05": 93.40582718141377,
  "summary_wm_p95": 1091.720737866126,
  "summary_wm_stdv": 273.6961411380754,
  "tpm_overlap_csf": 0.12391646200895674,
  "tpm_overlap_gm": 0.3949144059758553,
  "tpm_overlap_wm": 0.0421808434816599,
  "wm2max": 0.9327194502582434
}