{
  "aor": 0.0008087962962962964,
  "aqi": 0.004938494814814815,
  "bids_meta": {
    "AcquisitionMatrixPE": 74,
    "AcquisitionNumber": 1,
    "AcquisitionTime": "",
    "BandwidthPerPixelPhaseEncode": 27.579,
    "BaseResolution": 74,
    "BodyPartExamined": "BRAIN",
    "CogAtlasID": "doi:TODO",
    "CoilString": "HE1_3_4;NE1_2",
    "ConsistencyInfo": "N4_VE11C_LATEST_20160120",
    "ConversionSoftware": "dcm2niix",
    "ConversionSoftwareVersion": "v1.0.20190410  GCC6.3.0",
    "DerivedVendorReportedEchoSpacing": 0.000489993,
    "DeviceSerialNumber": "166048",
    "DwellTime": 2.9e-06,
    "EchoTime": 0.023,
    "EchoTrainLength": 74,
    "EffectiveEchoSpacing": 0.000489993,
    "FlipAngle": 76,
    "ImageOrientationPatientDICOM": [
      1,
      0,
      0,
      0,
      0.953191,
      -0.30237
    ],
    "ImageType": [
      "ORIGINAL",
      "PRIMARY",
      "M",
      "ND",
      "NORM",
      "MOSAIC"
    ],
    "ImagingFrequency": 123.246,
    "InPlanePhaseEncodingDirectionDICOM": "COL",
    "InstitutionAddress": "North_13th_1701_Philadelphia_PA_US_19122",
    "InstitutionName": "Temple_University_-_Weiss_Hall",
    "InstitutionalDepartmentName": "Department",
    "MRAcquisitionType": "2D",
    "MagneticFieldStrength": 3,
    "Manufacturer": "Siemens",
    "ManufacturersModelName": "Prisma",
    "Modality": "MR",
    "PartialFourier": 1,
    "PatientPosition": "HFS",
    "PercentPhaseFOV": 100,
    "PhaseEncodingDirection": "j-",
    "PhaseEncodingSteps": 74,
    "PhaseResolution": 1,
    "PixelBandwidth": 2330,
    "ProcedureStepDescription": "SMITH_SRNDNA",
    "ProtocolName": "func-bold_trust_run2",
    "PulseSequenceDetails": "%SiemensSeq%_ep2d_bold",
    "ReceiveCoilActiveElements": "HE1,3,4;NE1,2",
    "ReceiveCoilName": "HeadNeck_20",
    "ReconMatrixPE": 74,
    "RepetitionTime": 2.02,
    "SAR": 0.0754259,
    "ScanOptions": "FS",
    "ScanningSequence": "EP",
    "SequenceName": "_epfid2d1_74",
    "SequenceVariant": "SK",
    "SeriesDescription": "func-bold_trust_run2",
    "SeriesNumber": 11,
    "ShimSetting": [
      1435,
      -7398,
      6202,
      -209,
      241,
      451,
      -536,
      165
    ],
    "SliceThickness": 2.8,
    "SliceTiming": [
      1.9425,
      1.8875,
      1.8325,
      1.7775,
      1.7225,
      1.665,
      1.61,
      1.555,
      1.5,
      1.445,
      1.3875,
      1.3325,
      1.2775,
      1.2225,
      1.165,
      1.11,
      1.055,
      1,
      0.945,
      0.8875,
      0.8325,
      0.7775,
      0.7225,
      0.665,
      0.61,
      0.555,
      0.5,
      0.445,
      0.3875,
      0.3325,
      0.2775,
      0.2225,
      0.165,
      0.11,
      0.055,
      0
    ],
    "SoftwareVersions": "syngo_MR_E11",
    "SpacingBetweenSlices": 3.22,
    "StationName": "AWP166048",
    "TaskName": "trust",
    "TotalReadoutTime": 0.0357695,
    "TxRefAmp": 262.506,
    "dataset": "ds003745",
    "modality": "bold",
    "run_id": 3,
    "subject_id": "106",
    "task_id": "trust"
  },
  "dummy_trs": 1,
  "dvars_nstd": 21.159304347999996,
  "dvars_std": 1.1390632453953482,
  "dvars_vstd": 0.996602286697674,
  "efc": 0.5152867471645116,
  "fber": 1972.3876953125,
  "fd_mean": 0.23622218679624338,
  "fd_num": 136,
  "fd_perc": 62.96296296296296,
  "fwhm_avg": 1.7877632746799257,
  "fwhm_x": 1.726026514402442,
  "fwhm_y": 1.8612850645476278,
  "fwhm_z": 1.7759782450897066,
  "gcor": 0.0161888,
  "gsr_x": -0.009557872079312801,
  "gsr_y": 0.023826997727155685,
  "provenance": {
    "md5sum": "bb13d93433591081874443050666a776",
    "settings": {
      "fd_thres": 0.2,
      "testing": false
    },
    "software": "mriqc",
    "version": "22.0.6",
    "webapi_port": null,
    "webapi_url": "https://mriqc.nimh.nih.gov/api/v1"
  },
  "size_t": 216,
  "size_x": 74,
  "size_y": 74,
  "size_z": 36,
  "snr": 7.243534680431908,
  "spacing_tr": 2.0199999809265137,
  "spacing_x": 2.972972869873047,
  "spacing_y": 2.972972869873047,
  "spacing_z": 3.2200000286102295,
  "summary_bg_k": 31.303154266465533,
  "summary_bg_mad": 10.556676226916535,
  "summary_bg_mean": 39.26799774169922,
  "summary_bg_median": 20.75,
  "summary_bg_n": 122024.0,
  "summary_bg_p05": 9.824073791503906,
  "summary_bg_p95": 144.38796691894498,
  "summary_bg_stdv": 58.711246490478516,
  "summary_fg_k": 1.9250317595312074,
  "summary_fg_mad": 124.72042773374834,
  "summary_fg_mean": 953.6263427734375,
  "summary_fg_median": 943.9837646484375,
  "summary_fg_n": 37876.0,
  "summary_fg_p05": 770.0011596679688,
  "summary_fg_p95": 1167.1713256835938,
  "summary_fg_stdv": 130.31915283203125,
  "tsnr": 85.86326278932393
}