{
  "aor": 0.0021742790697674417,
  "aqi": 0.0078761508372093,
  "bids_meta": {
    "AcquisitionMatrixPE": 74,
    "AcquisitionNumber": 1,
    "AcquisitionTime": "",
    "BandwidthPerPixelPhaseEncode": 27.579,
    "BaseResolution": 74,
    "BodyPartExamined": "BRAIN",
    "CogAtlasID": "doi:TODO",
    "CoilString": "HE1-4;NE1_2",
    "ConsistencyInfo": "N4_VE11C_LATEST_20160120",
    "ConversionSoftware": "dcm2niix",
    "ConversionSoftwareVersion": "v1.0.20190410  GCC6.3.0",
    "DerivedVendorReportedEchoSpacing": 0.000489993,
    "DeviceSerialNumber": "166048",
    "DwellTime": 2.9e-06,
    "EchoTime": 0.023,
    "EchoTrainLength": 74,
    "EffectiveEchoSpacing": 0.000489993,
    "FlipAngle": 76,
    "ImageOrientationPatientDICOM": [
      1,
      0,
      0,
      0,
      0.94721,
      -0.320613
    ],
    "ImageType": [
      "ORIGINAL",
      "PRIMARY",
      "M",
      "ND",
      "NORM",
      "MOSAIC"
    ],
    "ImagingFrequency": 123.245,
    "InPlanePhaseEncodingDirectionDICOM": "COL",
    "InstitutionAddress": "North_13th_1701_Philadelphia_PA_US_19122",
    "InstitutionName": "Temple_University_-_Weiss_Hall",
    "InstitutionalDepartmentName": "Department",
    "MRAcquisitionType": "2D",
    "MagneticFieldStrength": 3,
    "Manufacturer": "Siemens",
    "ManufacturersModelName": "Prisma",
    "Modality": "MR",
    "PartialFourier": 1,
    "PatientPosition": "HFS",
    "PercentPhaseFOV": 100,
    "PhaseEncodingDirection": "j-",
    "PhaseEncodingSteps": 74,
    "PhaseResolution": 1,
    "PixelBandwidth": 2330,
    "ProcedureStepDescription": "SMITH_SRNDNA",
    "ProtocolName": "func-bold_trust_run0",
    "PulseSequenceDetails": "%SiemensSeq%_ep2d_bold",
    "ReceiveCoilActiveElements": "HE1-4;NE1,2",
    "ReceiveCoilName": "HeadNeck_20",
    "ReconMatrixPE": 74,
    "RepetitionTime": 2.02,
    "SAR": 0.107389,
    "ScanOptions": "FS",
    "ScanningSequence": "EP",
    "SequenceName": "_epfid2d1_74",
    "SequenceVariant": "SK",
    "SeriesDescription": "func-bold_trust_run0",
    "SeriesNumber": 9,
    "ShimSetting": [
      1481,
      -7497,
      6528,
      399,
      206,
      -89,
      -341,
      129
    ],
    "SliceThickness": 2.8,
    "SliceTiming": [
      1.9425,
      1.8875,
      1.8325,
      1.7775,
      1.7225,
      1.665,
      1.61,
      1.555,
      1.5,
      1.445,
      1.3875,
      1.3325,
      1.2775,
      1.2225,
      1.165,
      1.11,
      1.055,
      1,
      0.945,
      0.8875,
      0.8325,
      0.7775,
      0.7225,
      0.665,
      0.61,
      0.555,
      0.5,
      0.445,
      0.3875,
      0.3325,
      0.2775,
      0.2225,
      0.165,
      0.11,
      0.055,
      0
    ],
    "SoftwareVersions": "syngo_MR_E11",
    "SpacingBetweenSlices": 3.22,
    "StationName": "AWP166048",
    "TaskName": "trust",
    "TotalReadoutTime": 0.0357695,
    "TxRefAmp": 300.213,
    "dataset": "ds003745",
    "modality": "bold",
    "run_id": 1,
    "subject_id": "142",
    "task_id": "trust"
  },
  "dummy_trs": 2,
  "dvars_nstd": 34.19471189042058,
  "dvars_std": 1.2776669990186922,
  "dvars_vstd": 1.0022720266822427,
  "efc": 0.5312238566019662,
  "fber": 1781.968994140625,
  "fd_mean": 0.28655127701581207,
  "fd_num": 138,
  "fd_perc": 64.18604651162791,
  "fwhm_avg": 1.777153149978665,
  "fwhm_x": 1.6988416043687855,
  "fwhm_y": 1.8879687927457216,
  "fwhm_z": 1.7446490528214877,
  "gcor": 0.0114098,
  "gsr_x": -0.029490381479263306,
  "gsr_y": 0.04219197854399681,
  "provenance": {
    "md5sum": "11b6b54b64da478f7918abcb5820d275",
    "settings": {
      "fd_thres": 0.2,
      "testing": false
    },
    "software": "mriqc",
    "version": "22.0.6",
    "webapi_port": null,
    "webapi_url": "https://mriqc.nimh.nih.gov/api/v1"
  },
  "size_t": 215,
  "size_x": 74,
  "size_y": 74,
  "size_z": 36,
  "snr": 6.11223115558283,
  "spacing_tr": 2.0199999809265137,
  "spacing_x": 2.972972869873047,
  "spacing_y": 2.972972869873047,
  "spacing_z": 3.2200000286102295,
  "summary_bg_k": 33.2632538163331,
  "summary_bg_mad": 8.49565502975203,
  "summary_bg_mean": 38.64715576171875,
  "summary_bg_median": 16.493022918701172,
  "summary_bg_n": 120281.0,
  "summary_bg_p05": 8.348836898803711,
  "summary_bg_p95": 132.86045837402344,
  "summary_bg_stdv": 68.05228424072266,
  "summary_fg_k": 1.7943121424908979,
  "summary_fg_mad": 105.2337191495821,
  "summary_fg_mean": 732.1671142578125,
  "summary_fg_median": 715.0999755859375,
  "summary_fg_n": 38776.0,
  "summary_fg_p05": 583.9208984375,
  "summary_fg_p95": 945.4127960205078,
  "summary_fg_stdv": 116.993408203125,
  "tsnr": 68.31300188298337
}