{
  "bids_meta": {
    "AcquisitionMatrixPE": 192,
    "AcquisitionNumber": 1,
    "AcquisitionTime": "17:17:40.570000",
    "BaseResolution": 192,
    "BodyPartExamined": "BRAIN",
    "CoilString": "HE1-4;NE1_2",
    "ConsistencyInfo": "N4_VE11C_LATEST_20160120",
    "ConversionSoftware": "dcm2niix",
    "ConversionSoftwareVersion": "v1.0.20190410  GCC6.3.0",
    "DeviceSerialNumber": "166048",
    "DwellTime": 3.5e-06,
    "EchoTime": 0.567,
    "EchoTrainLength": 314,
    "FlipAngle": 120,
    "ImageOrientationPatientDICOM": [
      0,
      1,
      0,
      0,
      0,
      -1
    ],
    "ImageType": [
      "ORIGINAL",
      "PRIMARY",
      "M",
      "ND",
      "NORM"
    ],
    "ImagingFrequency": 123.246,
    "InPlanePhaseEncodingDirectionDICOM": "ROW",
    "InstitutionAddress": "North_13th_1701_Philadelphia_PA_US_19122",
    "InstitutionName": "Temple_University_-_Weiss_Hall",
    "InstitutionalDepartmentName": "Department",
    "MRAcquisitionType": "3D",
    "MagneticFieldStrength": 3,
    "Manufacturer": "Siemens",
    "ManufacturersModelName": "Prisma",
    "Modality": "MR",
    "PartialFourier": 1,
    "PatientPosition": "HFS",
    "PercentPhaseFOV": 100,
    "PhaseEncodingSteps": 209,
    "PhaseOversampling": 0.1,
    "PhaseResolution": 1,
    "PixelBandwidth": 745,
    "ProcedureStepDescription": "SMITH_SRNDNA",
    "ProtocolName": "T2w-anat_spc_07sag_iso",
    "PulseSequenceDetails": "%SiemensSeq%_tse_vfl",
    "ReceiveCoilActiveElements": "HE1-4;NE1,2",
    "ReceiveCoilName": "HeadNeck_20",
    "ReconMatrixPE": 192,
    "RefLinesPE": 32,
    "RepetitionTime": 3.2,
    "SAR": 0.140318,
    "ScanOptions": "PFP",
    "ScanningSequence": "SE",
    "SequenceName": "_spc_314ns",
    "SequenceVariant": "SK_SP_OSP",
    "SeriesDescription": "T2w-anat_spc_07sag_iso",
    "SeriesNumber": 4,
    "ShimSetting": [
      1414,
      -7404,
      6428,
      369,
      62,
      -302,
      -34,
      28
    ],
    "SliceThickness": 1,
    "SoftwareVersions": "syngo_MR_E11",
    "StationName": "AWP166048",
    "TxRefAmp": 249.625,
    "dataset": "ds003745",
    "modality": "T2w",
    "subject_id": "125"
  },
  "cjv": 0.3630276496973211,
  "cnr": 2.16879163591058,
  "efc": 0.5917366818191431,
  "fber": 6567.647836949375,
  "fwhm_avg": 2.5621333333333336,
  "fwhm_x": 2.46067,
  "fwhm_y": 2.83324,
  "fwhm_z": 2.39249,
  "icvs_csf": 0.32888807440505,
  "icvs_gm": 0.14503395845523226,
  "icvs_wm": 0.5260779671397178,
  "inu_med": 0.9034238159656525,
  "inu_range": 0.21060241460800166,
  "provenance": {
    "md5sum": "8c37b23bb3c21bf690f84605ade69b4e",
    "settings": {
      "testing": false
    },
    "software": "mriqc",
    "version": "22.0.6",
    "warnings": {
      "large_rot_frame": true,
      "small_air_mask": false
    },
    "webapi_port": null,
    "webapi_url": "https://mriqc.nimh.nih.gov/api/v1"
  },
  "qi_1": 0.0010124236960082052,
  "qi_2": 0.0007779953117164529,
  "rpve_csf": 10.377900057709615,
  "rpve_gm": 30.617558116328105,
  "rpve_wm": 7.928700861527928,
  "size_x": 192,
  "size_y": 192,
  "size_z": 192,
  "snr_csf": 8.79555775076239,
  "snr_gm": 3.1838395912945536,
  "snr_total": 7.140968471050123,
  "snr_wm": 9.44350807109343,
  "snrd_csf": 61.52723501245994,
  "snrd_gm": 111.52559514922565,
  "snrd_total": 69.39017289571298,
  "snrd_wm": 35.11768852545337,
  "spacing_x": 1.0,
  "spacing_y": 1.0,
  "spacing_z": 1.0,
  "summary_bg_k": 118.60815296079204,
  "summary_bg_mad": 0.0,
  "summary_bg_mean": 9.273244493019972,
  "summary_bg_median": 0.0,
  "summary_bg_n": 1334810.0,
  "summary_bg_p05": 0.0,
  "summary_bg_p95": 38.80005003511906,
  "summary_bg_stdv": 18.65660984721678,
  "summary_csf_k": 0.9215818503380424,
  "summary_csf_mad": 188.9320811101641,
  "summary_csf_mean": 1763.6538694276173,
  "summary_csf_median": 1752.1383617296815,
  "summary_csf_n": 22543.0,
  "summary_csf_p05": 1467.652180170268,
  "summary_csf_p95": 2105.5473158754407,
  "summary_csf_stdv": 199.2027735829089,
  "summary_gm_k": 1.7423339924782226,
  "summary_gm_mad": 689.3815527667563,
  "summary_gm_mean": 2868.2227669466433,
  "summary_gm_median": 3175.9638400152326,
  "summary_gm_n": 18461.0,
  "summary_gm_p05": 253.13003888726234,
  "summary_gm_p95": 3776.1249973475933,
  "summary_gm_stdv": 997.4993179109325,
  "summary_wm_k": 0.7235014955498036,
  "summary_wm_mad": 100.53098090200365,
  "summary_wm_mean": 1001.3922699801715,
  "summary_wm_median": 1000.0619925186038,
  "summary_wm_n": 203626.0,
  "summary_wm_p05": 831.4119347780943,
  "summary_wm_p95": 1174.538255855441,
  "summary_wm_stdv": 105.89915626190223,
  "tpm_overlap_csf": 0.12117525186007892,
  "tpm_overlap_gm": 0.08781119339287988,
  "tpm_overlap_wm": 0.47165306593495493,
  "wm2max": 0.26777416356877326
}