{
  "aor": 0.007065560747663552,
  "aqi": 0.01375065714953271,
  "bids_meta": {
    "AcquisitionMatrixPE": 74,
    "AcquisitionNumber": 1,
    "AcquisitionTime": "",
    "BandwidthPerPixelPhaseEncode": 27.579,
    "BaseResolution": 74,
    "BodyPartExamined": "BRAIN",
    "CogAtlasID": "doi:TODO",
    "CoilString": "HE1-4;NE1_2",
    "ConsistencyInfo": "N4_VE11C_LATEST_20160120",
    "ConversionSoftware": "dcm2niix",
    "ConversionSoftwareVersion": "v1.0.20190410  GCC6.3.0",
    "DerivedVendorReportedEchoSpacing": 0.000489993,
    "DeviceSerialNumber": "166048",
    "DwellTime": 2.9e-06,
    "EchoTime": 0.023,
    "EchoTrainLength": 74,
    "EffectiveEchoSpacing": 0.000489993,
    "FlipAngle": 76,
    "ImageOrientationPatientDICOM": [
      1,
      0,
      0,
      0,
      0.961262,
      -0.275637
    ],
    "ImageType": [
      "ORIGINAL",
      "PRIMARY",
      "M",
      "ND",
      "NORM",
      "MOSAIC"
    ],
    "ImagingFrequency": 123.245,
    "InPlanePhaseEncodingDirectionDICOM": "COL",
    "InstitutionAddress": "North_13th_1701_Philadelphia_PA_US_19122",
    "InstitutionName": "Temple_University_-_Weiss_Hall",
    "InstitutionalDepartmentName": "Department",
    "MRAcquisitionType": "2D",
    "MagneticFieldStrength": 3,
    "Manufacturer": "Siemens",
    "ManufacturersModelName": "Prisma",
    "Modality": "MR",
    "PartialFourier": 1,
    "PatientPosition": "HFS",
    "PercentPhaseFOV": 100,
    "PhaseEncodingDirection": "j-",
    "PhaseEncodingSteps": 74,
    "PhaseResolution": 1,
    "PixelBandwidth": 2330,
    "ProcedureStepDescription": "SMITH_SRNDNA",
    "ProtocolName": "func-bold_trust_run3",
    "PulseSequenceDetails": "%SiemensSeq%_ep2d_bold",
    "ReceiveCoilActiveElements": "HE1-4;NE1,2",
    "ReceiveCoilName": "HeadNeck_20",
    "ReconMatrixPE": 74,
    "RepetitionTime": 2.02,
    "SAR": 0.138641,
    "ScanOptions": "FS",
    "ScanningSequence": "EP",
    "SequenceName": "_epfid2d1_74",
    "SequenceVariant": "SK",
    "SeriesDescription": "func-bold_trust_run3",
    "SeriesNumber": 12,
    "ShimSetting": [
      1427,
      -7513,
      6612,
      363,
      22,
      -215,
      51,
      63
    ],
    "SliceThickness": 2.8,
    "SliceTiming": [
      1.9425,
      1.8875,
      1.8325,
      1.7775,
      1.72,
      1.665,
      1.61,
      1.555,
      1.5,
      1.4425,
      1.3875,
      1.3325,
      1.2775,
      1.22,
      1.165,
      1.11,
      1.055,
      1,
      0.9425,
      0.8875,
      0.8325,
      0.7775,
      0.72,
      0.665,
      0.61,
      0.555,
      0.5,
      0.4425,
      0.3875,
      0.3325,
      0.2775,
      0.2225,
      0.165,
      0.11,
      0.055,
      0
    ],
    "SoftwareVersions": "syngo_MR_E11",
    "SpacingBetweenSlices": 3.22,
    "StationName": "AWP166048",
    "TaskName": "trust",
    "TotalReadoutTime": 0.0357695,
    "TxRefAmp": 280.286,
    "dataset": "ds003745",
    "modality": "bold",
    "run_id": 4,
    "subject_id": "149",
    "task_id": "trust"
  },
  "dummy_trs": 3,
  "dvars_nstd": 40.007310437699516,
  "dvars_std": 1.2670412855399062,
  "dvars_vstd": 1.028445850938968,
  "efc": 0.5222468689910671,
  "fber": 1834.64697265625,
  "fd_mean": 0.45725498476618914,
  "fd_num": 190,
  "fd_perc": 88.78504672897196,
  "fwhm_avg": 1.8205088621201522,
  "fwhm_x": 1.768065243133033,
  "fwhm_y": 1.90499552060892,
  "fwhm_z": 1.788465822618504,
  "gcor": 0.0196796,
  "gsr_x": -0.021739304065704346,
  "gsr_y": 0.026169847697019577,
  "provenance": {
    "md5sum": "f6c4001371e11407faf44709b225e561",
    "settings": {
      "fd_thres": 0.2,
      "testing": false
    },
    "software": "mriqc",
    "version": "22.0.6",
    "webapi_port": null,
    "webapi_url": "https://mriqc.nimh.nih.gov/api/v1"
  },
  "size_t": 214,
  "size_x": 74,
  "size_y": 74,
  "size_z": 36,
  "snr": 6.066803042105462,
  "spacing_tr": 2.0199999809265137,
  "spacing_x": 2.972972869873047,
  "spacing_y": 2.972972869873047,
  "spacing_z": 3.2200000286102295,
  "summary_bg_k": 20.144642633261896,
  "summary_bg_mad": 6.810269867925338,
  "summary_bg_mean": 32.38684844970703,
  "summary_bg_median": 14.051401138305664,
  "summary_bg_n": 122596.0,
  "summary_bg_p05": 7.831775665283203,
  "summary_bg_p95": 122.98247528076172,
  "summary_bg_stdv": 51.527408599853516,
  "summary_fg_k": 1.5933769380499108,
  "summary_fg_mad": 95.23986353966583,
  "summary_fg_mean": 621.1558227539062,
  "summary_fg_median": 610.3084106445312,
  "summary_fg_n": 36940.0,
  "summary_fg_p05": 487.06960144042966,
  "summary_fg_p95": 804.750891113281,
  "summary_fg_stdv": 100.59666442871094,
  "tsnr": 50.130960679845884
}