{
  "aor": 0.0024389814814814816,
  "aqi": 0.011305610740740742,
  "bids_meta": {
    "AcquisitionMatrixPE": 74,
    "AcquisitionNumber": 1,
    "AcquisitionTime": "",
    "BandwidthPerPixelPhaseEncode": 27.579,
    "BaseResolution": 74,
    "BodyPartExamined": "BRAIN",
    "CogAtlasID": "doi:TODO",
    "CoilString": "HE1-4;NE1_2",
    "ConsistencyInfo": "N4_VE11C_LATEST_20160120",
    "ConversionSoftware": "dcm2niix",
    "ConversionSoftwareVersion": "v1.0.20190410  GCC6.3.0",
    "DerivedVendorReportedEchoSpacing": 0.000489993,
    "DeviceSerialNumber": "166048",
    "DwellTime": 2.9e-06,
    "EchoTime": 0.023,
    "EchoTrainLength": 74,
    "EffectiveEchoSpacing": 0.000489993,
    "FlipAngle": 76,
    "ImageOrientationPatientDICOM": [
      1,
      0,
      0,
      0,
      0.961262,
      -0.275637
    ],
    "ImageType": [
      "ORIGINAL",
      "PRIMARY",
      "M",
      "ND",
      "NORM",
      "MOSAIC"
    ],
    "ImagingFrequency": 123.245,
    "InPlanePhaseEncodingDirectionDICOM": "COL",
    "InstitutionAddress": "North_13th_1701_Philadelphia_PA_US_19122",
    "InstitutionName": "Temple_University_-_Weiss_Hall",
    "InstitutionalDepartmentName": "Department",
    "MRAcquisitionType": "2D",
    "MagneticFieldStrength": 3,
    "Manufacturer": "Siemens",
    "ManufacturersModelName": "Prisma",
    "Modality": "MR",
    "PartialFourier": 1,
    "PatientPosition": "HFS",
    "PercentPhaseFOV": 100,
    "PhaseEncodingDirection": "j-",
    "PhaseEncodingSteps": 74,
    "PhaseResolution": 1,
    "PixelBandwidth": 2330,
    "ProcedureStepDescription": "SMITH_SRNDNA",
    "ProtocolName": "func-bold_trust_run0",
    "PulseSequenceDetails": "%SiemensSeq%_ep2d_bold",
    "ReceiveCoilActiveElements": "HE1-4;NE1,2",
    "ReceiveCoilName": "HeadNeck_20",
    "ReconMatrixPE": 74,
    "RepetitionTime": 2.02,
    "SAR": 0.138641,
    "ScanOptions": "FS",
    "ScanningSequence": "EP",
    "SequenceName": "_epfid2d1_74",
    "SequenceVariant": "SK",
    "SeriesDescription": "func-bold_trust_run0",
    "SeriesNumber": 9,
    "ShimSetting": [
      1427,
      -7513,
      6612,
      363,
      22,
      -215,
      51,
      63
    ],
    "SliceThickness": 2.8,
    "SliceTiming": [
      1.945,
      1.8875,
      1.8325,
      1.7775,
      1.7225,
      1.665,
      1.61,
      1.555,
      1.5,
      1.445,
      1.3875,
      1.3325,
      1.2775,
      1.2225,
      1.165,
      1.11,
      1.055,
      1,
      0.945,
      0.8875,
      0.8325,
      0.7775,
      0.7225,
      0.665,
      0.61,
      0.555,
      0.5,
      0.445,
      0.3875,
      0.3325,
      0.2775,
      0.2225,
      0.165,
      0.11,
      0.055,
      0
    ],
    "SoftwareVersions": "syngo_MR_E11",
    "SpacingBetweenSlices": 3.22,
    "StationName": "AWP166048",
    "TaskName": "trust",
    "TotalReadoutTime": 0.0357695,
    "TxRefAmp": 280.286,
    "dataset": "ds003745",
    "modality": "bold",
    "run_id": 1,
    "subject_id": "149",
    "task_id": "trust"
  },
  "dummy_trs": 1,
  "dvars_nstd": 38.16695066944186,
  "dvars_std": 1.247650762465116,
  "dvars_vstd": 0.98481973944186,
  "efc": 0.5222461022591396,
  "fber": 1816.586181640625,
  "fd_mean": 0.36397874306274425,
  "fd_num": 171,
  "fd_perc": 79.16666666666667,
  "fwhm_avg": 1.836688617019073,
  "fwhm_x": 1.7741534251623476,
  "fwhm_y": 1.918890702908974,
  "fwhm_z": 1.817021722985898,
  "gcor": 0.0163834,
  "gsr_x": -0.019881591200828552,
  "gsr_y": 0.026650918647646904,
  "provenance": {
    "md5sum": "a1f99983a8a585949c39430f3142c717",
    "settings": {
      "fd_thres": 0.2,
      "testing": false
    },
    "software": "mriqc",
    "version": "22.0.6",
    "webapi_port": null,
    "webapi_url": "https://mriqc.nimh.nih.gov/api/v1"
  },
  "size_t": 216,
  "size_x": 74,
  "size_y": 74,
  "size_z": 36,
  "snr": 6.044605926248013,
  "spacing_tr": 2.0199999809265137,
  "spacing_x": 2.972972869873047,
  "spacing_y": 2.972972869873047,
  "spacing_z": 3.2200000286102295,
  "summary_bg_k": 23.468775158328437,
  "summary_bg_mad": 6.6648468172589865,
  "summary_bg_mean": 31.577077865600586,
  "summary_bg_median": 14.097222328186035,
  "summary_bg_n": 122014.0,
  "summary_bg_p05": 7.893518447875977,
  "summary_bg_p95": 116.18518829345703,
  "summary_bg_stdv": 50.831478118896484,
  "summary_fg_k": 1.6437365184890584,
  "summary_fg_mad": 94.94490858780921,
  "summary_fg_mean": 618.1976928710938,
  "summary_fg_median": 607.2199096679688,
  "summary_fg_n": 37326.0,
  "summary_fg_p05": 485.5023193359375,
  "summary_fg_p95": 801.6087799072266,
  "summary_fg_stdv": 100.45514678955078,
  "tsnr": 55.5876889731735
}