{
  "bids_meta": {
    "AcquisitionMatrixPE": 192,
    "AcquisitionNumber": 1,
    "AcquisitionTime": "20:45:46.265000",
    "BaseResolution": 192,
    "BodyPartExamined": "BRAIN",
    "CoilString": "HE1-4;NE1_2",
    "ConsistencyInfo": "N4_VE11C_LATEST_20160120",
    "ConversionSoftware": "dcm2niix",
    "ConversionSoftwareVersion": "v1.0.20190410  GCC6.3.0",
    "DeviceSerialNumber": "166048",
    "DwellTime": 1.24e-05,
    "EchoTime": 0.0022,
    "FlipAngle": 8,
    "ImageOrientationPatientDICOM": [
      0,
      1,
      0,
      0,
      0,
      -1
    ],
    "ImageType": [
      "ORIGINAL",
      "PRIMARY",
      "M",
      "ND",
      "NORM",
      "FM3",
      "2",
      "FIL"
    ],
    "ImagingFrequency": 123.246,
    "InPlanePhaseEncodingDirectionDICOM": "ROW",
    "InstitutionAddress": "North_13th_1701_Philadelphia_PA_US_19122",
    "InstitutionName": "Temple_University_-_Weiss_Hall",
    "InstitutionalDepartmentName": "Department",
    "InversionTime": 1.15,
    "MRAcquisitionType": "3D",
    "MagneticFieldStrength": 3,
    "Manufacturer": "Siemens",
    "ManufacturersModelName": "Prisma",
    "Modality": "MR",
    "PartialFourier": 1,
    "PatientPosition": "HFS",
    "PercentPhaseFOV": 100,
    "PhaseEncodingSteps": 211,
    "PhaseOversampling": 0.1,
    "PhaseResolution": 1,
    "PixelBandwidth": 210,
    "ProcedureStepDescription": "SMITH_SRNDNA",
    "ProtocolName": "T1w-anat_mpg_07sag_iso",
    "PulseSequenceDetails": "%SiemensSeq%_tfl",
    "ReceiveCoilActiveElements": "HE1-4;NE1,2",
    "ReceiveCoilName": "HeadNeck_20",
    "ReconMatrixPE": 192,
    "RefLinesPE": 32,
    "RepetitionTime": 2.4,
    "SAR": 0.0421849,
    "ScanOptions": "IR_WE",
    "ScanningSequence": "GR_IR",
    "SequenceName": "_tfl3d1_16ns",
    "SequenceVariant": "SK_SP_MP_OSP",
    "SeriesDescription": "T1w-anat_mpg_07sag_iso",
    "SeriesNumber": 5,
    "ShimSetting": [
      1433,
      -7411,
      6433,
      227,
      -47,
      -190,
      -15,
      -26
    ],
    "SliceThickness": 1,
    "SoftwareVersions": "syngo_MR_E11",
    "StationName": "AWP166048",
    "TxRefAmp": 243.917,
    "dataset": "ds003745",
    "modality": "T1w",
    "subject_id": "122"
  },
  "cjv": 0.30252997080973826,
  "cnr": 4.356770949143992,
  "efc": 0.6069944504926112,
  "fber": 29431.765212090788,
  "fwhm_avg": 3.9436633333333333,
  "fwhm_x": 3.99697,
  "fwhm_y": 3.77942,
  "fwhm_z": 4.0546,
  "icvs_csf": 0.19856267255599022,
  "icvs_gm": 0.4483005841346118,
  "icvs_wm": 0.353136743309398,
  "inu_med": 0.4046386182308197,
  "inu_range": 0.13826394677162168,
  "provenance": {
    "md5sum": "6b04ab5ff8763366e8858fae2273b864",
    "settings": {
      "testing": false
    },
    "software": "mriqc",
    "version": "22.0.6",
    "warnings": {
      "large_rot_frame": true,
      "small_air_mask": false
    },
    "webapi_port": null,
    "webapi_url": "https://mriqc.nimh.nih.gov/api/v1"
  },
  "qi_1": 0.0,
  "qi_2": 0.007680363283739028,
  "rpve_csf": 16.667508565718094,
  "rpve_gm": 7.876035798278676,
  "rpve_wm": 11.563579365930522,
  "size_x": 192,
  "size_y": 192,
  "size_z": 192,
  "snr_csf": 2.254480615103345,
  "snr_gm": 13.339206077747281,
  "snr_total": 16.15565514464738,
  "snr_wm": 32.873278741091504,
  "snrd_csf": 36.86028252488381,
  "snrd_gm": 96.39915083584907,
  "snrd_total": 88.60890764261832,
  "snrd_wm": 132.5672895671221,
  "spacing_x": 1.0,
  "spacing_y": 1.0,
  "spacing_z": 1.0,
  "summary_bg_k": 6.3776933614880384,
  "summary_bg_mad": 0.0,
  "summary_bg_mean": 3.4681437612072985,
  "summary_bg_median": 0.0,
  "summary_bg_n": 1277966.0,
  "summary_bg_p05": 0.0,
  "summary_bg_p95": 13.167577739804983,
  "summary_bg_stdv": 4.942112307065216,
  "summary_csf_k": -0.1166629454322039,
  "summary_csf_mad": 128.14813837906362,
  "summary_csf_mean": 295.6868581371097,
  "summary_csf_median": 278.06065409909934,
  "summary_csf_n": 21512.0,
  "summary_csf_p05": 116.45051700389013,
  "summary_csf_p95": 504.22474161069846,
  "summary_csf_stdv": 123.33403500637984,
  "summary_gm_k": 0.14670036589761537,
  "summary_gm_mad": 53.90744378251716,
  "summary_gm_mean": 726.9034308847067,
  "summary_gm_median": 727.2003658115864,
  "summary_gm_n": 46958.0,
  "summary_gm_p05": 636.7548203137703,
  "summary_gm_p95": 815.1794768082909,
  "summary_gm_stdv": 54.51543505951337,
  "summary_wm_k": 0.8513161412063952,
  "summary_wm_mad": 28.6346432783502,
  "summary_wm_mean": 1001.1172683713108,
  "summary_wm_median": 1000.0397371966392,
  "summary_wm_n": 186844.0,
  "summary_wm_p05": 953.5156218893826,
  "summary_wm_p95": 1051.655846312642,
  "summary_wm_stdv": 30.420971054751423,
  "tpm_overlap_csf": 0.13331659686877348,
  "tpm_overlap_gm": 0.46932135825834287,
  "tpm_overlap_wm": 0.49687635965750815,
  "wm2max": 0.8986058981233244
}