{
  "bids_meta": {
    "AcquisitionMatrixPE": 192,
    "AcquisitionNumber": 1,
    "AcquisitionTime": "10:04:25.285000",
    "BaseResolution": 192,
    "BodyPartExamined": "BRAIN",
    "CoilString": "HE1-4;NE1_2",
    "ConsistencyInfo": "N4_VE11C_LATEST_20160120",
    "ConversionSoftware": "dcm2niix",
    "ConversionSoftwareVersion": "v1.0.20190410  GCC6.3.0",
    "DeviceSerialNumber": "166048",
    "DwellTime": 1.24e-05,
    "EchoTime": 0.0022,
    "FlipAngle": 8,
    "ImageOrientationPatientDICOM": [
      0,
      1,
      0,
      0,
      0,
      -1
    ],
    "ImageType": [
      "ORIGINAL",
      "PRIMARY",
      "M",
      "ND",
      "NORM",
      "FM3",
      "2",
      "FIL"
    ],
    "ImagingFrequency": 123.246,
    "InPlanePhaseEncodingDirectionDICOM": "ROW",
    "InstitutionAddress": "North_13th_1701_Philadelphia_PA_US_19122",
    "InstitutionName": "Temple_University_-_Weiss_Hall",
    "InstitutionalDepartmentName": "Department",
    "InversionTime": 1.15,
    "MRAcquisitionType": "3D",
    "MagneticFieldStrength": 3,
    "Manufacturer": "Siemens",
    "ManufacturersModelName": "Prisma",
    "Modality": "MR",
    "PartialFourier": 1,
    "PatientPosition": "HFS",
    "PercentPhaseFOV": 100,
    "PhaseEncodingSteps": 211,
    "PhaseOversampling": 0.1,
    "PhaseResolution": 1,
    "PixelBandwidth": 210,
    "ProcedureStepDescription": "SMITH_SRNDNA",
    "ProtocolName": "T1w-anat_mpg_07sag_iso",
    "PulseSequenceDetails": "%SiemensSeq%_tfl",
    "ReceiveCoilActiveElements": "HE1-4;NE1,2",
    "ReceiveCoilName": "HeadNeck_20",
    "ReconMatrixPE": 192,
    "RefLinesPE": 32,
    "RepetitionTime": 2.4,
    "SAR": 0.0458203,
    "ScanOptions": "IR_WE",
    "ScanningSequence": "GR_IR",
    "SequenceName": "_tfl3d1_16ns",
    "SequenceVariant": "SK_SP_MP_OSP",
    "SeriesDescription": "T1w-anat_mpg_07sag_iso",
    "SeriesNumber": 5,
    "ShimSetting": [
      1414,
      -7450,
      6403,
      223,
      23,
      -130,
      -79,
      101
    ],
    "SliceThickness": 1,
    "SoftwareVersions": "syngo_MR_E11",
    "StationName": "AWP166048",
    "TxRefAmp": 262.666,
    "dataset": "ds003745",
    "modality": "T1w",
    "subject_id": "159"
  },
  "cjv": 0.3168238693771411,
  "cnr": 4.208258794659828,
  "efc": 0.6220879374444063,
  "fber": -1.0,
  "fwhm_avg": 3.9715366666666667,
  "fwhm_x": 3.81301,
  "fwhm_y": 3.97717,
  "fwhm_z": 4.12443,
  "icvs_csf": 0.1979100051608535,
  "icvs_gm": 0.4583841546973592,
  "icvs_wm": 0.3437058401417873,
  "inu_med": 0.39038504660129547,
  "inu_range": 0.1318368852138519,
  "provenance": {
    "md5sum": "748041e533a63f96a3e9de4cb6b26a12",
    "settings": {
      "testing": false
    },
    "software": "mriqc",
    "version": "22.0.6",
    "warnings": {
      "large_rot_frame": true,
      "small_air_mask": false
    },
    "webapi_port": null,
    "webapi_url": "https://mriqc.nimh.nih.gov/api/v1"
  },
  "qi_1": 0.0,
  "qi_2": 0.006874723206302621,
  "rpve_csf": 16.980051168244678,
  "rpve_gm": 7.849845859706879,
  "rpve_wm": 11.733427121539467,
  "size_x": 192,
  "size_y": 192,
  "size_z": 192,
  "snr_csf": 2.5400564977896063,
  "snr_gm": 12.42405603870411,
  "snr_total": 15.384629754359148,
  "snr_wm": 31.189776726583734,
  "snrd_csf": 33.29751534103932,
  "snrd_gm": 102.25026186780335,
  "snrd_total": 92.48957751873013,
  "snrd_wm": 141.92095534734776,
  "spacing_x": 1.0,
  "spacing_y": 1.0,
  "spacing_z": 1.0,
  "summary_bg_k": 15.837170511845134,
  "summary_bg_mad": 0.0,
  "summary_bg_mean": 2.5942496599414193,
  "summary_bg_median": 0.0,
  "summary_bg_n": 1750890.0,
  "summary_bg_p05": 0.0,
  "summary_bg_p95": 12.036698788404465,
  "summary_bg_stdv": 4.616487360830469,
  "summary_csf_k": 2.7673171308462976,
  "summary_csf_mad": 73.80509796355767,
  "summary_csf_mean": 246.55337614014394,
  "summary_csf_median": 234.6344344764948,
  "summary_csf_n": 33322.0,
  "summary_csf_p05": 124.95433008670807,
  "summary_csf_p95": 430.2074471175666,
  "summary_csf_stdv": 92.37232082857192,
  "summary_gm_k": 0.030389220175113252,
  "summary_gm_mad": 57.81023167706189,
  "summary_gm_mean": 719.994630436459,
  "summary_gm_median": 720.5171954333782,
  "summary_gm_n": 55101.0,
  "summary_gm_p05": 624.365690946579,
  "summary_gm_p95": 814.760690331459,
  "summary_gm_stdv": 57.99319119370014,
  "summary_wm_k": 0.88551387867926,
  "summary_wm_mad": 30.755885879207316,
  "summary_wm_mean": 1000.7065729427508,
  "summary_wm_median": 1000.060898154974,
  "summary_wm_n": 178725.0,
  "summary_wm_p05": 949.9249015152454,
  "summary_wm_p95": 1052.5514598190784,
  "summary_wm_stdv": 32.06365050809266,
  "tpm_overlap_csf": 0.16722241020351675,
  "tpm_overlap_gm": 0.4786208594659865,
  "tpm_overlap_wm": 0.5061650456336028,
  "wm2max": 0.8878737092501486
}