{
  "aor": 0.001166851851851852,
  "aqi": 0.009042657407407407,
  "bids_meta": {
    "AcquisitionMatrixPE": 74,
    "AcquisitionNumber": 1,
    "AcquisitionTime": "",
    "BandwidthPerPixelPhaseEncode": 27.579,
    "BaseResolution": 74,
    "BodyPartExamined": "BRAIN",
    "CogAtlasID": "doi:TODO",
    "CoilString": "HE1-4;NE1_2",
    "ConsistencyInfo": "N4_VE11C_LATEST_20160120",
    "ConversionSoftware": "dcm2niix",
    "ConversionSoftwareVersion": "v1.0.20190410  GCC6.3.0",
    "DerivedVendorReportedEchoSpacing": 0.000489993,
    "DeviceSerialNumber": "166048",
    "DwellTime": 2.9e-06,
    "EchoTime": 0.023,
    "EchoTrainLength": 74,
    "EffectiveEchoSpacing": 0.000489993,
    "FlipAngle": 76,
    "ImageOrientationPatientDICOM": [
      1,
      0,
      0,
      0,
      0.937889,
      -0.346936
    ],
    "ImageType": [
      "ORIGINAL",
      "PRIMARY",
      "M",
      "ND",
      "NORM",
      "MOSAIC"
    ],
    "ImagingFrequency": 123.246,
    "InPlanePhaseEncodingDirectionDICOM": "COL",
    "InstitutionAddress": "North_13th_1701_Philadelphia_PA_US_19122",
    "InstitutionName": "Temple_University_-_Weiss_Hall",
    "InstitutionalDepartmentName": "Department",
    "MRAcquisitionType": "2D",
    "MagneticFieldStrength": 3,
    "Manufacturer": "Siemens",
    "ManufacturersModelName": "Prisma",
    "Modality": "MR",
    "PartialFourier": 1,
    "PatientPosition": "HFS",
    "PercentPhaseFOV": 100,
    "PhaseEncodingDirection": "j-",
    "PhaseEncodingSteps": 74,
    "PhaseResolution": 1,
    "PixelBandwidth": 2330,
    "ProcedureStepDescription": "SMITH_SRNDNA",
    "ProtocolName": "func-bold_trust_run1",
    "PulseSequenceDetails": "%SiemensSeq%_ep2d_bold",
    "ReceiveCoilActiveElements": "HE1-4;NE1,2",
    "ReceiveCoilName": "HeadNeck_20",
    "ReconMatrixPE": 74,
    "RepetitionTime": 2.02,
    "SAR": 0.0888203,
    "ScanOptions": "FS",
    "ScanningSequence": "EP",
    "SequenceName": "_epfid2d1_74",
    "SequenceVariant": "SK",
    "SeriesDescription": "func-bold_trust_run1",
    "SeriesNumber": 11,
    "ShimSetting": [
      1418,
      -7392,
      6464,
      311,
      -104,
      249,
      -36,
      65
    ],
    "SliceThickness": 2.8,
    "SliceTiming": [
      1.9425,
      1.8875,
      1.8325,
      1.7775,
      1.7225,
      1.665,
      1.61,
      1.555,
      1.5,
      1.4425,
      1.3875,
      1.3325,
      1.2775,
      1.2225,
      1.165,
      1.11,
      1.055,
      1,
      0.9425,
      0.8875,
      0.8325,
      0.7775,
      0.7225,
      0.665,
      0.61,
      0.555,
      0.5,
      0.4425,
      0.3875,
      0.3325,
      0.2775,
      0.2225,
      0.165,
      0.11,
      0.055,
      0
    ],
    "SoftwareVersions": "syngo_MR_E11",
    "SpacingBetweenSlices": 3.22,
    "StationName": "AWP166048",
    "TaskName": "trust",
    "TotalReadoutTime": 0.0357695,
    "TxRefAmp": 277.551,
    "dataset": "ds003745",
    "modality": "bold",
    "run_id": 2,
    "subject_id": "109",
    "task_id": "trust"
  },
  "dummy_trs": 1,
  "dvars_nstd": 24.971169573999997,
  "dvars_std": 1.3199640496744194,
  "dvars_vstd": 0.9822427979999999,
  "efc": 0.5065801002108725,
  "fber": 2346.69677734375,
  "fd_mean": 0.1596749426441481,
  "fd_num": 51,
  "fd_perc": 23.61111111111111,
  "fwhm_avg": 1.7442580372393133,
  "fwhm_x": 1.6398871477788455,
  "fwhm_y": 1.8881167927508542,
  "fwhm_z": 1.7047701711882404,
  "gcor": 0.0162818,
  "gsr_x": -0.009324111044406891,
  "gsr_y": 0.03586532920598984,
  "provenance": {
    "md5sum": "196c1245744d277e092776e7a6dd9a3c",
    "settings": {
      "fd_thres": 0.2,
      "testing": false
    },
    "software": "mriqc",
    "version": "22.0.6",
    "webapi_port": null,
    "webapi_url": "https://mriqc.nimh.nih.gov/api/v1"
  },
  "size_t": 216,
  "size_x": 74,
  "size_y": 74,
  "size_z": 36,
  "snr": 7.51535368132911,
  "spacing_tr": 2.0199999809265137,
  "spacing_x": 2.972972869873047,
  "spacing_y": 2.972972869873047,
  "spacing_z": 3.2200000286102295,
  "summary_bg_k": 27.08947699852417,
  "summary_bg_mad": 8.119990716021071,
  "summary_bg_mean": 38.39372253417969,
  "summary_bg_median": 16.689815521240234,
  "summary_bg_n": 125126.0,
  "summary_bg_p05": 9.162036895751953,
  "summary_bg_p95": 154.29977416992188,
  "summary_bg_stdv": 64.09577178955078,
  "summary_fg_k": 3.7803489219716866,
  "summary_fg_mad": 96.85643747353384,
  "summary_fg_mean": 829.6350708007812,
  "summary_fg_median": 820.6481323242188,
  "summary_fg_n": 34319.0,
  "summary_fg_p05": 684.4898071289062,
  "summary_fg_p95": 1007.9199157714843,
  "summary_fg_stdv": 109.19461822509766,
  "tsnr": 79.20096428506076
}