{
  "bids_meta": {
    "AcquisitionMatrixPE": 192,
    "AcquisitionNumber": 1,
    "AcquisitionTime": "18:06:52.295000",
    "BaseResolution": 192,
    "BodyPartExamined": "BRAIN",
    "CoilString": "HE1-4;NE1_2",
    "ConsistencyInfo": "N4_VE11C_LATEST_20160120",
    "ConversionSoftware": "dcm2niix",
    "ConversionSoftwareVersion": "v1.0.20190410  GCC6.3.0",
    "DeviceSerialNumber": "166048",
    "DwellTime": 1.24e-05,
    "EchoTime": 0.0022,
    "FlipAngle": 8,
    "ImageOrientationPatientDICOM": [
      0,
      1,
      0,
      0,
      0,
      -1
    ],
    "ImageType": [
      "ORIGINAL",
      "PRIMARY",
      "M",
      "ND",
      "NORM",
      "FM3",
      "2",
      "FIL"
    ],
    "ImagingFrequency": 123.246,
    "InPlanePhaseEncodingDirectionDICOM": "ROW",
    "InstitutionAddress": "North_13th_1701_Philadelphia_PA_US_19122",
    "InstitutionName": "Temple_University_-_Weiss_Hall",
    "InstitutionalDepartmentName": "Department",
    "InversionTime": 1.15,
    "MRAcquisitionType": "3D",
    "MagneticFieldStrength": 3,
    "Manufacturer": "Siemens",
    "ManufacturersModelName": "Prisma",
    "Modality": "MR",
    "PartialFourier": 1,
    "PatientPosition": "HFS",
    "PercentPhaseFOV": 100,
    "PhaseEncodingSteps": 211,
    "PhaseOversampling": 0.1,
    "PhaseResolution": 1,
    "PixelBandwidth": 210,
    "ProcedureStepDescription": "SMITH_SRNDNA",
    "ProtocolName": "T1w-anat_mpg_07sag_iso",
    "PulseSequenceDetails": "%SiemensSeq%_tfl",
    "ReceiveCoilActiveElements": "HE1-4;NE1,2",
    "ReceiveCoilName": "HeadNeck_20",
    "ReconMatrixPE": 192,
    "RefLinesPE": 32,
    "RepetitionTime": 2.4,
    "SAR": 0.0719736,
    "ScanOptions": "IR_WE",
    "ScanningSequence": "GR_IR",
    "SequenceName": "_tfl3d1_16ns",
    "SequenceVariant": "SK_SP_MP_OSP",
    "SeriesDescription": "T1w-anat_mpg_07sag_iso",
    "SeriesNumber": 5,
    "ShimSetting": [
      1393,
      -7562,
      6510,
      36,
      -54,
      -291,
      -155,
      45
    ],
    "SliceThickness": 1,
    "SoftwareVersions": "syngo_MR_E11",
    "StationName": "AWP166048",
    "TxRefAmp": 334.047,
    "dataset": "ds003745",
    "modality": "T1w",
    "subject_id": "152"
  },
  "cjv": 0.45704332334898107,
  "cnr": 2.945586111453277,
  "efc": 0.6888779212013671,
  "fber": 4060.9381007304887,
  "fwhm_avg": 4.269206666666666,
  "fwhm_x": 4.16223,
  "fwhm_y": 4.37153,
  "fwhm_z": 4.27386,
  "icvs_csf": 0.25361736654663625,
  "icvs_gm": 0.3332861227497484,
  "icvs_wm": 0.41309651070361536,
  "inu_med": 0.5888588428497314,
  "inu_range": 0.29078372120857227,
  "provenance": {
    "md5sum": "217f95cc3fdadf37b39397edcd29bfbd",
    "settings": {
      "testing": false
    },
    "software": "mriqc",
    "version": "22.0.6",
    "warnings": {
      "large_rot_frame": true,
      "small_air_mask": false
    },
    "webapi_port": null,
    "webapi_url": "https://mriqc.nimh.nih.gov/api/v1"
  },
  "qi_1": 0.0,
  "qi_2": 0.003993220748223505,
  "rpve_csf": 13.293942381484268,
  "rpve_gm": 8.715235577651038,
  "rpve_wm": 9.015039219279522,
  "size_x": 192,
  "size_y": 192,
  "size_z": 192,
  "snr_csf": 2.1646718991473577,
  "snr_gm": 9.943062216572745,
  "snr_total": 9.695936710303867,
  "snr_wm": 16.980076015191496,
  "snrd_csf": 20.913483768089236,
  "snrd_gm": 61.8750975134895,
  "snrd_total": 56.22574882972115,
  "snrd_wm": 85.88866520758471,
  "spacing_x": 1.0,
  "spacing_y": 1.0,
  "spacing_z": 1.0,
  "summary_bg_k": 8.117927989561533,
  "summary_bg_mad": 7.628353353944453,
  "summary_bg_mean": 11.73903312774797,
  "summary_bg_median": 5.145246148109436,
  "summary_bg_n": 1213920.0,
  "summary_bg_p05": 0.0,
  "summary_bg_p95": 46.57519690319896,
  "summary_bg_stdv": 17.099876490946443,
  "summary_csf_k": 0.04582519799120899,
  "summary_csf_mad": 109.16094187480408,
  "summary_csf_mean": 254.8614556125149,
  "summary_csf_median": 243.5148528534919,
  "summary_csf_n": 45452.0,
  "summary_csf_p05": 84.64331885995344,
  "summary_csf_p95": 460.43119495538986,
  "summary_csf_stdv": 112.4938029274919,
  "summary_gm_k": 0.07152904420401907,
  "summary_gm_mad": 72.11177779900616,
  "summary_gm_mean": 719.447003444941,
  "summary_gm_median": 720.4684515204281,
  "summary_gm_n": 7013.0,
  "summary_gm_p05": 598.1241454549133,
  "summary_gm_p95": 835.5290185075253,
  "summary_gm_stdv": 72.45424672605803,
  "summary_wm_k": 0.6128324268117882,
  "summary_wm_mad": 55.68300638308932,
  "summary_wm_mean": 1003.9493612729235,
  "summary_wm_median": 1000.0804218817502,
  "summary_wm_n": 214698.0,
  "summary_wm_p05": 915.8538143634796,
  "summary_wm_p95": 1108.5593615043908,
  "summary_wm_stdv": 58.897150515957094,
  "tpm_overlap_csf": 0.14737630878565702,
  "tpm_overlap_gm": 0.39871717684930347,
  "tpm_overlap_wm": 0.4834143676634414,
  "wm2max": 0.8138282457564618
}