{
  "bids_meta": {
    "AcquisitionMatrixPE": 192,
    "AcquisitionNumber": 1,
    "AcquisitionTime": "18:02:44.492500",
    "BaseResolution": 192,
    "BodyPartExamined": "BRAIN",
    "CoilString": "HE1-4;NE1_2",
    "ConsistencyInfo": "N4_VE11C_LATEST_20160120",
    "ConversionSoftware": "dcm2niix",
    "ConversionSoftwareVersion": "v1.0.20190410  GCC6.3.0",
    "DeviceSerialNumber": "166048",
    "DwellTime": 3.5e-06,
    "EchoTime": 0.567,
    "EchoTrainLength": 314,
    "FlipAngle": 120,
    "ImageOrientationPatientDICOM": [
      0,
      1,
      0,
      0,
      0,
      -1
    ],
    "ImageType": [
      "ORIGINAL",
      "PRIMARY",
      "M",
      "ND",
      "NORM"
    ],
    "ImagingFrequency": 123.246,
    "InPlanePhaseEncodingDirectionDICOM": "ROW",
    "InstitutionAddress": "North_13th_1701_Philadelphia_PA_US_19122",
    "InstitutionName": "Temple_University_-_Weiss_Hall",
    "InstitutionalDepartmentName": "Department",
    "MRAcquisitionType": "3D",
    "MagneticFieldStrength": 3,
    "Manufacturer": "Siemens",
    "ManufacturersModelName": "Prisma",
    "Modality": "MR",
    "PartialFourier": 1,
    "PatientPosition": "HFS",
    "PercentPhaseFOV": 100,
    "PhaseEncodingSteps": 209,
    "PhaseOversampling": 0.1,
    "PhaseResolution": 1,
    "PixelBandwidth": 745,
    "ProcedureStepDescription": "SMITH_SRNDNA",
    "ProtocolName": "T2w-anat_spc_07sag_iso",
    "PulseSequenceDetails": "%SiemensSeq%_tse_vfl",
    "ReceiveCoilActiveElements": "HE1-4;NE1,2",
    "ReceiveCoilName": "HeadNeck_20",
    "ReconMatrixPE": 192,
    "RefLinesPE": 32,
    "RepetitionTime": 3.2,
    "SAR": 0.26438,
    "ScanOptions": "PFP",
    "ScanningSequence": "SE",
    "SequenceName": "_spc_314ns",
    "SequenceVariant": "SK_SP_OSP",
    "SeriesDescription": "T2w-anat_spc_07sag_iso",
    "SeriesNumber": 3,
    "ShimSetting": [
      1394,
      -7563,
      6520,
      58,
      -60,
      -301,
      -164,
      46
    ],
    "SliceThickness": 1,
    "SoftwareVersions": "syngo_MR_E11",
    "StationName": "AWP166048",
    "TxRefAmp": 334.047,
    "dataset": "ds003745",
    "modality": "T2w",
    "subject_id": "152"
  },
  "cjv": 0.5152729132940577,
  "cnr": 2.699022715113069,
  "efc": 0.6533577966464555,
  "fber": 502.6472177893744,
  "fwhm_avg": 2.715385376344086,
  "fwhm_x": 2.58084,
  "fwhm_y": 2.949594838709677,
  "fwhm_z": 2.615721290322581,
  "icvs_csf": 0.297231165553863,
  "icvs_gm": 0.6286535225012643,
  "icvs_wm": 0.07411531194487272,
  "inu_med": 0.877816915512085,
  "inu_range": 0.36731332540512085,
  "provenance": {
    "md5sum": "786ff8638332eb4fbdcb38fbcfc90308",
    "settings": {
      "testing": false
    },
    "software": "mriqc",
    "version": "22.0.6",
    "warnings": {
      "large_rot_frame": true,
      "small_air_mask": false
    },
    "webapi_port": null,
    "webapi_url": "https://mriqc.nimh.nih.gov/api/v1"
  },
  "qi_1": 0.0,
  "qi_2": 0.0005554551066729677,
  "rpve_csf": 9.12914869457565,
  "rpve_gm": 5.484548736576522,
  "rpve_wm": 40.85316399932761,
  "size_x": 192,
  "size_y": 192,
  "size_z": 192,
  "snr_csf": 5.378966036222231,
  "snr_gm": 6.041702370866438,
  "snr_total": 4.38898636368339,
  "snr_wm": 1.7462906839615013,
  "snrd_csf": 37.68344082593371,
  "snrd_gm": 14.48263473994079,
  "snrd_total": 18.939114859830756,
  "snrd_wm": 4.651269013617773,
  "spacing_x": 1.0,
  "spacing_y": 0.96875,
  "spacing_z": 0.96875,
  "summary_bg_k": 7.499716442943948,
  "summary_bg_mad": 0.0,
  "summary_bg_mean": 89.00974803024455,
  "summary_bg_median": 0.0,
  "summary_bg_n": 1124572.0,
  "summary_bg_p05": 0.0,
  "summary_bg_p95": 380.8930487334728,
  "summary_bg_stdv": 140.86573781342824,
  "summary_csf_k": 0.1931648028936377,
  "summary_csf_mad": 1683.053760617568,
  "summary_csf_mean": 8087.413673054301,
  "summary_csf_median": 8102.596184998751,
  "summary_csf_n": 53587.0,
  "summary_csf_p05": 5631.0696652889255,
  "summary_csf_p95": 10273.458110024034,
  "summary_csf_stdv": 1506.3342151311701,
  "summary_gm_k": -0.008587482229571286,
  "summary_gm_mad": 517.910066842069,
  "summary_gm_mean": 3130.51537367434,
  "summary_gm_median": 3114.0187419354916,
  "summary_gm_n": 258282.0,
  "summary_gm_p05": 2312.149570092559,
  "summary_gm_p95": 4002.2845922261477,
  "summary_gm_stdv": 515.4197480191565,
  "summary_wm_k": 0.4995978353120827,
  "summary_wm_mad": 571.3330136893336,
  "summary_wm_mean": 1074.0052454434633,
  "summary_wm_median": 1000.1038583293557,
  "summary_wm_n": 5254.0,
  "summary_wm_p05": 254.09138520881544,
  "summary_wm_p95": 2121.360366592556,
  "summary_wm_stdv": 572.6473189788795,
  "tpm_overlap_csf": 0.1434802278990555,
  "tpm_overlap_gm": 0.39827964687646167,
  "tpm_overlap_wm": 0.044518712586578746,
  "wm2max": 0.09562912066089443
}