{
  "bids_meta": {
    "AcquisitionMatrixPE": 192,
    "AcquisitionNumber": 1,
    "AcquisitionTime": "13:45:47.555000",
    "BaseResolution": 192,
    "BodyPartExamined": "BRAIN",
    "CoilString": "HE1-4;NE1_2",
    "ConsistencyInfo": "N4_VE11C_LATEST_20160120",
    "ConversionSoftware": "dcm2niix",
    "ConversionSoftwareVersion": "v1.0.20190410  GCC6.3.0",
    "DeviceSerialNumber": "166048",
    "DwellTime": 3.5e-06,
    "EchoTime": 0.567,
    "EchoTrainLength": 314,
    "FlipAngle": 120,
    "ImageOrientationPatientDICOM": [
      0,
      1,
      0,
      0,
      0,
      -1
    ],
    "ImageType": [
      "ORIGINAL",
      "PRIMARY",
      "M",
      "ND",
      "NORM"
    ],
    "ImagingFrequency": 123.246,
    "InPlanePhaseEncodingDirectionDICOM": "ROW",
    "InstitutionAddress": "North_13th_1701_Philadelphia_PA_US_19122",
    "InstitutionName": "Temple_University_-_Weiss_Hall",
    "InstitutionalDepartmentName": "Department",
    "MRAcquisitionType": "3D",
    "MagneticFieldStrength": 3,
    "Manufacturer": "Siemens",
    "ManufacturersModelName": "Prisma",
    "Modality": "MR",
    "PartialFourier": 1,
    "PatientPosition": "HFS",
    "PercentPhaseFOV": 100,
    "PhaseEncodingSteps": 209,
    "PhaseOversampling": 0.1,
    "PhaseResolution": 1,
    "PixelBandwidth": 745,
    "ProcedureStepDescription": "SMITH_SRNDNA",
    "ProtocolName": "T2w-anat_spc_07sag_iso",
    "PulseSequenceDetails": "%SiemensSeq%_tse_vfl",
    "ReceiveCoilActiveElements": "HE1-4;NE1,2",
    "ReceiveCoilName": "HeadNeck_20",
    "ReconMatrixPE": 192,
    "RefLinesPE": 32,
    "RepetitionTime": 3.2,
    "SAR": 0.175459,
    "ScanOptions": "PFP",
    "ScanningSequence": "SE",
    "SequenceName": "_spc_314ns",
    "SequenceVariant": "SK_SP_OSP",
    "SeriesDescription": "T2w-anat_spc_07sag_iso",
    "SeriesNumber": 3,
    "ShimSetting": [
      1444,
      -7413,
      6462,
      170,
      30,
      -238,
      19,
      37
    ],
    "SliceThickness": 1,
    "SoftwareVersions": "syngo_MR_E11",
    "StationName": "AWP166048",
    "TxRefAmp": 266.623,
    "dataset": "ds003745",
    "modality": "T2w",
    "subject_id": "118"
  },
  "cjv": 0.33339547324530655,
  "cnr": 1.8198098414328114,
  "efc": 0.6396489530397916,
  "fber": 1310.8010220916046,
  "fwhm_avg": 2.62026,
  "fwhm_x": 2.46192,
  "fwhm_y": 2.91716,
  "fwhm_z": 2.4817,
  "icvs_csf": 0.4283775336037401,
  "icvs_gm": 0.43941208585134856,
  "icvs_wm": 0.13221038054491135,
  "inu_med": 0.9573243260383606,
  "inu_range": 0.3302008867263795,
  "provenance": {
    "md5sum": "9761e276e7f1710d5d5128251fedf288",
    "settings": {
      "testing": false
    },
    "software": "mriqc",
    "version": "22.0.6",
    "warnings": {
      "large_rot_frame": true,
      "small_air_mask": false
    },
    "webapi_port": null,
    "webapi_url": "https://mriqc.nimh.nih.gov/api/v1"
  },
  "qi_1": 0.0,
  "qi_2": 0.0006129235893794292,
  "rpve_csf": 8.224698615513164,
  "rpve_gm": 8.411307381200457,
  "rpve_wm": 27.89300821050549,
  "size_x": 192,
  "size_y": 192,
  "size_z": 192,
  "snr_csf": 9.617997345278113,
  "snr_gm": 7.603126711353116,
  "snr_total": 6.61228138845546,
  "snr_wm": 2.6157201087351507,
  "snrd_csf": 56.03271225888612,
  "snrd_gm": 31.38848957492894,
  "snrd_total": 63.999768388508926,
  "snrd_wm": 104.57810333171173,
  "spacing_x": 1.0,
  "spacing_y": 1.0,
  "spacing_z": 1.0,
  "summary_bg_k": 6.172472023387028,
  "summary_bg_mad": 6.26390040773101,
  "summary_bg_mean": 10.32972292188214,
  "summary_bg_median": 4.224936621263623,
  "summary_bg_n": 1540404.0,
  "summary_bg_p05": 0.0,
  "summary_bg_p95": 36.98589768446982,
  "summary_bg_stdv": 13.947146992639706,
  "summary_csf_k": 0.26873801175827206,
  "summary_csf_mad": 54.24047839096684,
  "summary_csf_mean": 536.4609029724592,
  "summary_csf_median": 535.7408459745347,
  "summary_csf_n": 72992.0,
  "summary_csf_p05": 446.7811469491571,
  "summary_csf_p95": 629.0907026063651,
  "summary_csf_stdv": 55.70153087689882,
  "summary_gm_k": -0.11110098420967418,
  "summary_gm_mad": 40.20794172336833,
  "summary_gm_mean": 299.87623265292035,
  "summary_gm_median": 300.1121180970222,
  "summary_gm_n": 193841.0,
  "summary_gm_p05": 234.66100496426225,
  "summary_gm_p95": 364.2650663461536,
  "summary_gm_stdv": 39.472095543086695,
  "summary_wm_k": 0.20977149762443537,
  "summary_wm_mad": 193.09610307184198,
  "summary_wm_mean": 873.610226382002,
  "summary_wm_median": 999.8937993664294,
  "summary_wm_n": 14373.0,
  "summary_wm_p05": 45.22334394603968,
  "summary_wm_p95": 1337.4166691098362,
  "summary_wm_stdv": 382.25000131632527,
  "tpm_overlap_csf": 0.11021976196905417,
  "tpm_overlap_gm": 0.26487717617196893,
  "tpm_overlap_wm": 0.0318819444910494,
  "wm2max": 0.856942481698186
}