{
  "aor": 0.0016946082949308755,
  "aqi": 0.015010958847926269,
  "bids_meta": {
    "AcquisitionMatrixPE": 74,
    "AcquisitionNumber": 1,
    "AcquisitionTime": "",
    "BandwidthPerPixelPhaseEncode": 27.579,
    "BaseResolution": 74,
    "BodyPartExamined": "BRAIN",
    "CogAtlasID": "doi:TODO",
    "CoilString": "HE1-4;NE1_2",
    "ConsistencyInfo": "N4_VE11C_LATEST_20160120",
    "ConversionSoftware": "dcm2niix",
    "ConversionSoftwareVersion": "v1.0.20190410  GCC6.3.0",
    "DerivedVendorReportedEchoSpacing": 0.000489993,
    "DeviceSerialNumber": "166048",
    "DwellTime": 2.9e-06,
    "EchoTime": 0.023,
    "EchoTrainLength": 74,
    "EffectiveEchoSpacing": 0.000489993,
    "FlipAngle": 76,
    "ImageOrientationPatientDICOM": [
      1,
      0,
      0,
      0,
      0.957823,
      -0.287361
    ],
    "ImageType": [
      "ORIGINAL",
      "PRIMARY",
      "M",
      "ND",
      "NORM",
      "MOSAIC"
    ],
    "ImagingFrequency": 123.246,
    "InPlanePhaseEncodingDirectionDICOM": "COL",
    "InstitutionAddress": "North_13th_1701_Philadelphia_PA_US_19122",
    "InstitutionName": "Temple_University_-_Weiss_Hall",
    "InstitutionalDepartmentName": "Department",
    "MRAcquisitionType": "2D",
    "MagneticFieldStrength": 3,
    "Manufacturer": "Siemens",
    "ManufacturersModelName": "Prisma",
    "Modality": "MR",
    "PartialFourier": 1,
    "PatientPosition": "HFS",
    "PercentPhaseFOV": 100,
    "PhaseEncodingDirection": "j-",
    "PhaseEncodingSteps": 74,
    "PhaseResolution": 1,
    "PixelBandwidth": 2330,
    "ProcedureStepDescription": "SMITH_SRNDNA",
    "ProtocolName": "func-bold_trust_run2",
    "PulseSequenceDetails": "%SiemensSeq%_ep2d_bold",
    "ReceiveCoilActiveElements": "HE1-4;NE1,2",
    "ReceiveCoilName": "HeadNeck_20",
    "ReconMatrixPE": 74,
    "RepetitionTime": 2.02,
    "SAR": 0.104281,
    "ScanOptions": "FS",
    "ScanningSequence": "EP",
    "SequenceName": "_epfid2d1_74",
    "SequenceVariant": "SK",
    "SeriesDescription": "func-bold_trust_run2",
    "SeriesNumber": 11,
    "ShimSetting": [
      1417,
      -7391,
      6619,
      431,
      90,
      115,
      108,
      57
    ],
    "SliceThickness": 2.8,
    "SliceTiming": [
      1.945,
      1.8875,
      1.8325,
      1.7775,
      1.7225,
      1.6675,
      1.61,
      1.555,
      1.5,
      1.445,
      1.3875,
      1.3325,
      1.2775,
      1.2225,
      1.1675,
      1.11,
      1.055,
      1,
      0.945,
      0.8875,
      0.8325,
      0.7775,
      0.7225,
      0.6675,
      0.61,
      0.555,
      0.5,
      0.445,
      0.3875,
      0.3325,
      0.2775,
      0.2225,
      0.1675,
      0.11,
      0.055,
      0
    ],
    "SoftwareVersions": "syngo_MR_E11",
    "SpacingBetweenSlices": 3.22,
    "StationName": "AWP166048",
    "TaskName": "trust",
    "TotalReadoutTime": 0.0357695,
    "TxRefAmp": 295.882,
    "dataset": "ds003745",
    "modality": "bold",
    "run_id": 3,
    "subject_id": "153",
    "task_id": "trust"
  },
  "dummy_trs": 0,
  "dvars_nstd": 27.1533633600463,
  "dvars_std": 1.317282110601853,
  "dvars_vstd": 0.9565561740740743,
  "efc": 0.5902719119230776,
  "fber": 1261.10595703125,
  "fd_mean": 0.2298151230241326,
  "fd_num": 92,
  "fd_perc": 42.3963133640553,
  "fwhm_avg": 1.7702022877383718,
  "fwhm_x": 1.6946101496765882,
  "fwhm_y": 1.8868756108896294,
  "fwhm_z": 1.729121102648897,
  "gcor": 0.0200518,
  "gsr_x": -0.026048636063933372,
  "gsr_y": 0.038620952516794205,
  "provenance": {
    "md5sum": "10252739fa4469f228d4a8013b1bc157",
    "settings": {
      "fd_thres": 0.2,
      "testing": false
    },
    "software": "mriqc",
    "version": "22.0.6",
    "webapi_port": null,
    "webapi_url": "https://mriqc.nimh.nih.gov/api/v1"
  },
  "size_t": 217,
  "size_x": 74,
  "size_y": 74,
  "size_z": 36,
  "snr": 6.486104720956111,
  "spacing_tr": 2.0199999809265137,
  "spacing_x": 2.972972869873047,
  "spacing_y": 2.972972869873047,
  "spacing_z": 3.2200000286102295,
  "summary_bg_k": 15.900826549917035,
  "summary_bg_mad": 12.967645367086195,
  "summary_bg_mean": 57.766700744628906,
  "summary_bg_median": 22.493087768554688,
  "summary_bg_n": 108741.0,
  "summary_bg_p05": 11.631336212158203,
  "summary_bg_p95": 222.33180236816406,
  "summary_bg_stdv": 89.43392944335938,
  "summary_fg_k": 2.7695696289206815,
  "summary_fg_mad": 115.63953439083055,
  "summary_fg_mean": 837.9429931640625,
  "summary_fg_median": 822.6474609375,
  "summary_fg_n": 47008.0,
  "summary_fg_p05": 672.815673828125,
  "summary_fg_p95": 1058.2007141113281,
  "summary_fg_stdv": 126.8309326171875,
  "tsnr": 56.83548821252771
}