{
  "aor": 0.0008440465116279069,
  "aqi": 0.010068096790697674,
  "bids_meta": {
    "AcquisitionMatrixPE": 74,
    "AcquisitionNumber": 1,
    "AcquisitionTime": "",
    "BandwidthPerPixelPhaseEncode": 27.579,
    "BaseResolution": 74,
    "BodyPartExamined": "BRAIN",
    "CogAtlasID": "doi:TODO",
    "CoilString": "HE1-4;NE1_2",
    "ConsistencyInfo": "N4_VE11C_LATEST_20160120",
    "ConversionSoftware": "dcm2niix",
    "ConversionSoftwareVersion": "v1.0.20190410  GCC6.3.0",
    "DerivedVendorReportedEchoSpacing": 0.000489993,
    "DeviceSerialNumber": "166048",
    "DwellTime": 2.9e-06,
    "EchoTime": 0.023,
    "EchoTrainLength": 74,
    "EffectiveEchoSpacing": 0.000489993,
    "FlipAngle": 76,
    "ImageOrientationPatientDICOM": [
      0.999932,
      -0.0029286,
      -0.0112996,
      -4.66118e-08,
      0.968015,
      -0.250892
    ],
    "ImageType": [
      "ORIGINAL",
      "PRIMARY",
      "M",
      "ND",
      "NORM",
      "MOSAIC"
    ],
    "ImagingFrequency": 123.246,
    "InPlanePhaseEncodingDirectionDICOM": "COL",
    "InstitutionAddress": "North_13th_1701_Philadelphia_PA_US_19122",
    "InstitutionName": "Temple_University_-_Weiss_Hall",
    "InstitutionalDepartmentName": "Department",
    "MRAcquisitionType": "2D",
    "MagneticFieldStrength": 3,
    "Manufacturer": "Siemens",
    "ManufacturersModelName": "Prisma",
    "Modality": "MR",
    "PartialFourier": 1,
    "PatientPosition": "HFS",
    "PercentPhaseFOV": 100,
    "PhaseEncodingDirection": "j-",
    "PhaseEncodingSteps": 74,
    "PhaseResolution": 1,
    "PixelBandwidth": 2330,
    "ProcedureStepDescription": "SMITH_SRNDNA",
    "ProtocolName": "func-bold_trust_run0",
    "PulseSequenceDetails": "%SiemensSeq%_ep2d_bold",
    "ReceiveCoilActiveElements": "HE1-4;NE1,2",
    "ReceiveCoilName": "HeadNeck_20",
    "ReconMatrixPE": 74,
    "RepetitionTime": 2.02,
    "SAR": 0.0951582,
    "ScanOptions": "FS",
    "ScanningSequence": "EP",
    "SequenceName": "_epfid2d1_74",
    "SequenceVariant": "SK",
    "SeriesDescription": "func-bold_trust_run0",
    "SeriesNumber": 9,
    "ShimSetting": [
      1404,
      -7358,
      6484,
      300,
      79,
      -34,
      -98,
      22
    ],
    "SliceThickness": 2.8,
    "SliceTiming": [
      1.945,
      1.8875,
      1.8325,
      1.7775,
      1.7225,
      1.6675,
      1.61,
      1.555,
      1.5,
      1.445,
      1.3875,
      1.3325,
      1.2775,
      1.2225,
      1.1675,
      1.11,
      1.055,
      1,
      0.945,
      0.8875,
      0.8325,
      0.7775,
      0.7225,
      0.6675,
      0.61,
      0.555,
      0.5,
      0.445,
      0.3875,
      0.3325,
      0.2775,
      0.2225,
      0.1675,
      0.11,
      0.055,
      0
    ],
    "SoftwareVersions": "syngo_MR_E11",
    "SpacingBetweenSlices": 3.22,
    "StationName": "AWP166048",
    "TaskName": "trust",
    "TotalReadoutTime": 0.0357695,
    "TxRefAmp": 266.322,
    "dataset": "ds003745",
    "modality": "bold",
    "run_id": 1,
    "subject_id": "128",
    "task_id": "trust"
  },
  "dummy_trs": 2,
  "dvars_nstd": 27.63068295845795,
  "dvars_std": 1.1502873167289716,
  "dvars_vstd": 0.9673595323831771,
  "efc": 0.5587392044690512,
  "fber": 1438.9757080078125,
  "fd_mean": 0.29405196239490794,
  "fd_num": 155,
  "fd_perc": 72.09302325581395,
  "fwhm_avg": 1.6869728665540842,
  "fwhm_x": 1.6098027830991843,
  "fwhm_y": 1.7813953345043991,
  "fwhm_z": 1.6697204820586689,
  "gcor": 0.0178533,
  "gsr_x": -0.005446082446724176,
  "gsr_y": 0.03973915055394173,
  "provenance": {
    "md5sum": "86d38540128f02b7b38be97e39c29e24",
    "settings": {
      "fd_thres": 0.2,
      "testing": false
    },
    "software": "mriqc",
    "version": "22.0.6",
    "webapi_port": null,
    "webapi_url": "https://mriqc.nimh.nih.gov/api/v1"
  },
  "size_t": 215,
  "size_x": 74,
  "size_y": 74,
  "size_z": 36,
  "snr": 6.209655963550176,
  "spacing_tr": 2.0199999809265137,
  "spacing_x": 2.972972869873047,
  "spacing_y": 2.972972869873047,
  "spacing_z": 3.2200000286102295,
  "summary_bg_k": 20.613175202320264,
  "summary_bg_mad": 16.33620997607429,
  "summary_bg_mean": 65.84963989257812,
  "summary_bg_median": 24.739534378051758,
  "summary_bg_n": 116687.0,
  "summary_bg_p05": 10.325581550598145,
  "summary_bg_p95": 263.16140441894515,
  "summary_bg_stdv": 108.99173736572266,
  "summary_fg_k": 2.0718084359901825,
  "summary_fg_mad": 135.8649650947948,
  "summary_fg_mean": 970.9212646484375,
  "summary_fg_median": 949.6348876953125,
  "summary_fg_n": 41356.0,
  "summary_fg_p05": 774.720947265625,
  "summary_fg_p95": 1244.7941589355469,
  "summary_fg_stdv": 152.92689514160156,
  "tsnr": 67.02821818576194
}