{
  "aor": 0.000622037037037037,
  "aqi": 0.008481065601851853,
  "bids_meta": {
    "AcquisitionMatrixPE": 74,
    "AcquisitionNumber": 1,
    "AcquisitionTime": "",
    "BandwidthPerPixelPhaseEncode": 27.579,
    "BaseResolution": 74,
    "BodyPartExamined": "BRAIN",
    "CogAtlasID": "doi:TODO",
    "CoilString": "HE1-4;NE1_2",
    "ConsistencyInfo": "N4_VE11C_LATEST_20160120",
    "ConversionSoftware": "dcm2niix",
    "ConversionSoftwareVersion": "v1.0.20190410  GCC6.3.0",
    "DerivedVendorReportedEchoSpacing": 0.000489993,
    "DeviceSerialNumber": "166048",
    "DwellTime": 2.9e-06,
    "EchoTime": 0.023,
    "EchoTrainLength": 74,
    "EffectiveEchoSpacing": 0.000489993,
    "FlipAngle": 76,
    "ImageOrientationPatientDICOM": [
      0.999932,
      -0.0029286,
      -0.0112996,
      -4.66118e-08,
      0.968015,
      -0.250892
    ],
    "ImageType": [
      "ORIGINAL",
      "PRIMARY",
      "M",
      "ND",
      "NORM",
      "MOSAIC"
    ],
    "ImagingFrequency": 123.246,
    "InPlanePhaseEncodingDirectionDICOM": "COL",
    "InstitutionAddress": "North_13th_1701_Philadelphia_PA_US_19122",
    "InstitutionName": "Temple_University_-_Weiss_Hall",
    "InstitutionalDepartmentName": "Department",
    "MRAcquisitionType": "2D",
    "MagneticFieldStrength": 3,
    "Manufacturer": "Siemens",
    "ManufacturersModelName": "Prisma",
    "Modality": "MR",
    "PartialFourier": 1,
    "PatientPosition": "HFS",
    "PercentPhaseFOV": 100,
    "PhaseEncodingDirection": "j-",
    "PhaseEncodingSteps": 74,
    "PhaseResolution": 1,
    "PixelBandwidth": 2330,
    "ProcedureStepDescription": "SMITH_SRNDNA",
    "ProtocolName": "func-bold_trust_run1",
    "PulseSequenceDetails": "%SiemensSeq%_ep2d_bold",
    "ReceiveCoilActiveElements": "HE1-4;NE1,2",
    "ReceiveCoilName": "HeadNeck_20",
    "ReconMatrixPE": 74,
    "RepetitionTime": 2.02,
    "SAR": 0.0951582,
    "ScanOptions": "FS",
    "ScanningSequence": "EP",
    "SequenceName": "_epfid2d1_74",
    "SequenceVariant": "SK",
    "SeriesDescription": "func-bold_trust_run1",
    "SeriesNumber": 10,
    "ShimSetting": [
      1404,
      -7358,
      6484,
      300,
      79,
      -34,
      -98,
      22
    ],
    "SliceThickness": 2.8,
    "SliceTiming": [
      1.945,
      1.89,
      1.835,
      1.7775,
      1.7225,
      1.6675,
      1.6125,
      1.5575,
      1.5,
      1.445,
      1.39,
      1.335,
      1.2775,
      1.2225,
      1.1675,
      1.1125,
      1.0575,
      1,
      0.945,
      0.89,
      0.835,
      0.7775,
      0.7225,
      0.6675,
      0.6125,
      0.5575,
      0.5,
      0.445,
      0.39,
      0.335,
      0.28,
      0.2225,
      0.1675,
      0.1125,
      0.0575,
      0
    ],
    "SoftwareVersions": "syngo_MR_E11",
    "SpacingBetweenSlices": 3.22,
    "StationName": "AWP166048",
    "TaskName": "trust",
    "TotalReadoutTime": 0.0357695,
    "TxRefAmp": 266.322,
    "dataset": "ds003745",
    "modality": "bold",
    "run_id": 2,
    "subject_id": "128",
    "task_id": "trust"
  },
  "dummy_trs": 1,
  "dvars_nstd": 28.77326869488371,
  "dvars_std": 1.1619236884186044,
  "dvars_vstd": 0.9773951564186049,
  "efc": 0.5592887708535548,
  "fber": 1428.050537109375,
  "fd_mean": 0.2966215536857844,
  "fd_num": 150,
  "fd_perc": 69.44444444444444,
  "fwhm_avg": 1.687180150111517,
  "fwhm_x": 1.6117974195319928,
  "fwhm_y": 1.7865349710462735,
  "fwhm_z": 1.6632080597562844,
  "gcor": 0.0279263,
  "gsr_x": -0.005619084928184748,
  "gsr_y": 0.040787648409605026,
  "provenance": {
    "md5sum": "5144e1f2fcc22272d0d180f168501b0a",
    "settings": {
      "fd_thres": 0.2,
      "testing": false
    },
    "software": "mriqc",
    "version": "22.0.6",
    "webapi_port": null,
    "webapi_url": "https://mriqc.nimh.nih.gov/api/v1"
  },
  "size_t": 216,
  "size_x": 74,
  "size_y": 74,
  "size_z": 36,
  "snr": 6.218876502457017,
  "spacing_tr": 2.0199999809265137,
  "spacing_x": 2.972972869873047,
  "spacing_y": 2.972972869873047,
  "spacing_z": 3.2200000286102295,
  "summary_bg_k": 20.346025157419678,
  "summary_bg_mad": 16.459631022954397,
  "summary_bg_mean": 66.29006958007812,
  "summary_bg_median": 24.83333396911621,
  "summary_bg_n": 116697.0,
  "summary_bg_p05": 10.287036895751953,
  "summary_bg_p95": 267.71296386718734,
  "summary_bg_stdv": 109.24534606933594,
  "summary_fg_k": 1.9747156340273309,
  "summary_fg_mad": 135.9257749514132,
  "summary_fg_mean": 969.7041015625,
  "summary_fg_median": 948.5601806640625,
  "summary_fg_n": 41362.0,
  "summary_fg_p05": 773.7199066162109,
  "summary_fg_p95": 1243.5458312988274,
  "summary_fg_stdv": 152.52734375,
  "tsnr": 70.42923338944092
}