{
  "bids_meta": {
    "AcquisitionMatrixPE": 192,
    "AcquisitionNumber": 1,
    "AcquisitionTime": "17:06:24.302500",
    "BaseResolution": 192,
    "BodyPartExamined": "BRAIN",
    "CoilString": "HE1-4;NE1_2",
    "ConsistencyInfo": "N4_VE11C_LATEST_20160120",
    "ConversionSoftware": "dcm2niix",
    "ConversionSoftwareVersion": "v1.0.20190410  GCC6.3.0",
    "DeviceSerialNumber": "166048",
    "DwellTime": 1.24e-05,
    "EchoTime": 0.0022,
    "FlipAngle": 8,
    "ImageOrientationPatientDICOM": [
      0,
      1,
      0,
      0.101056,
      0,
      -0.994881
    ],
    "ImageType": [
      "ORIGINAL",
      "PRIMARY",
      "M",
      "ND",
      "NORM",
      "FM3",
      "2",
      "FIL"
    ],
    "ImagingFrequency": 123.246,
    "InPlanePhaseEncodingDirectionDICOM": "ROW",
    "InstitutionAddress": "North_13th_1701_Philadelphia_PA_US_19122",
    "InstitutionName": "Temple_University_-_Weiss_Hall",
    "InstitutionalDepartmentName": "Department",
    "InversionTime": 1.15,
    "MRAcquisitionType": "3D",
    "MagneticFieldStrength": 3,
    "Manufacturer": "Siemens",
    "ManufacturersModelName": "Prisma",
    "Modality": "MR",
    "PartialFourier": 1,
    "PatientPosition": "HFS",
    "PercentPhaseFOV": 100,
    "PhaseEncodingSteps": 211,
    "PhaseOversampling": 0.1,
    "PhaseResolution": 1,
    "PixelBandwidth": 210,
    "ProcedureStepDescription": "SMITH_SRNDNA",
    "ProtocolName": "T1w-anat_mpg_07sag_iso",
    "PulseSequenceDetails": "%SiemensSeq%_tfl",
    "ReceiveCoilActiveElements": "HE1-4;NE1,2",
    "ReceiveCoilName": "HeadNeck_20",
    "ReconMatrixPE": 192,
    "RefLinesPE": 32,
    "RepetitionTime": 2.4,
    "SAR": 0.0665573,
    "ScanOptions": "IR_WE",
    "ScanningSequence": "GR_IR",
    "SequenceName": "_tfl3d1_16ns",
    "SequenceVariant": "SK_SP_MP_OSP",
    "SeriesDescription": "T1w-anat_mpg_07sag_iso",
    "SeriesNumber": 5,
    "ShimSetting": [
      1408,
      -7447,
      6539,
      91,
      -58,
      -101,
      90,
      33
    ],
    "SliceThickness": 1,
    "SoftwareVersions": "syngo_MR_E11",
    "StationName": "AWP166048",
    "TxRefAmp": 359.52,
    "dataset": "ds003745",
    "modality": "T1w",
    "subject_id": "145"
  },
  "cjv": 0.46573147870648324,
  "cnr": 2.887753474536773,
  "efc": 0.7274985103988842,
  "fber": 4617.286389269929,
  "fwhm_avg": 4.481023333333334,
  "fwhm_x": 4.30564,
  "fwhm_y": 4.73521,
  "fwhm_z": 4.40222,
  "icvs_csf": 0.24473656495967164,
  "icvs_gm": 0.34406804576718786,
  "icvs_wm": 0.41119538927314053,
  "inu_med": 0.7623251080513,
  "inu_range": 0.4874756336212158,
  "provenance": {
    "md5sum": "25d13bef02973aeb18fbafa95a9c154d",
    "settings": {
      "testing": false
    },
    "software": "mriqc",
    "version": "22.0.6",
    "warnings": {
      "large_rot_frame": true,
      "small_air_mask": false
    },
    "webapi_port": null,
    "webapi_url": "https://mriqc.nimh.nih.gov/api/v1"
  },
  "qi_1": 0.0,
  "qi_2": 0.0037508947525045364,
  "rpve_csf": 11.798819170869843,
  "rpve_gm": 7.228902065598266,
  "rpve_wm": 7.621469511320236,
  "size_x": 192,
  "size_y": 192,
  "size_z": 192,
  "snr_csf": 2.679102057938116,
  "snr_gm": 11.17962940551571,
  "snr_total": 9.759131398288224,
  "snr_wm": 15.418662731410842,
  "snrd_csf": 16.07325132510008,
  "snrd_gm": 44.915034835868404,
  "snrd_total": 40.860995311194124,
  "snrd_wm": 61.59469977261387,
  "spacing_x": 1.0,
  "spacing_y": 1.0,
  "spacing_z": 1.0,
  "summary_bg_k": 400.9879081257571,
  "summary_bg_mad": 10.63689605500985,
  "summary_bg_mean": 12.562586057332231,
  "summary_bg_median": 7.1744773630052805,
  "summary_bg_n": 1243418.0,
  "summary_bg_p05": 0.0,
  "summary_bg_p95": 45.76400666870177,
  "summary_bg_stdv": 18.252487256479558,
  "summary_csf_k": 0.7119704715082693,
  "summary_csf_mad": 87.17728426361263,
  "summary_csf_mean": 268.53873559852343,
  "summary_csf_median": 260.9677978679538,
  "summary_csf_n": 84499.0,
  "summary_csf_p05": 121.38605104386806,
  "summary_csf_p95": 447.93467794787114,
  "summary_csf_stdv": 97.40810466093315,
  "summary_gm_k": 0.19996876264158736,
  "summary_gm_mad": 63.934534798729416,
  "summary_gm_mean": 729.16147986033,
  "summary_gm_median": 729.2474618358538,
  "summary_gm_n": 15692.0,
  "summary_gm_p05": 621.9203334543854,
  "summary_gm_p95": 836.4219417627901,
  "summary_gm_stdv": 65.22794260284398,
  "summary_wm_k": 0.4157001095699311,
  "summary_wm_mad": 62.191894381206524,
  "summary_wm_mean": 1007.2307245380965,
  "summary_wm_median": 1000.0610850211233,
  "summary_wm_n": 233227.0,
  "summary_wm_p05": 914.0284160468727,
  "summary_wm_p95": 1124.7443426828831,
  "summary_wm_stdv": 64.86029031664555,
  "tpm_overlap_csf": 0.15570516286442823,
  "tpm_overlap_gm": 0.37306523611901354,
  "tpm_overlap_wm": 0.4496468554495176,
  "wm2max": 0.6185110752086305
}