{
  "aor": 0.0036951388888888884,
  "aqi": 0.004889744166666666,
  "bids_meta": {
    "AcquisitionMatrixPE": 74,
    "AcquisitionNumber": 1,
    "AcquisitionTime": "",
    "BandwidthPerPixelPhaseEncode": 27.579,
    "BaseResolution": 74,
    "BodyPartExamined": "BRAIN",
    "CogAtlasID": "doi:TODO",
    "CoilString": "HE1-4;NE1_2",
    "ConsistencyInfo": "N4_VE11C_LATEST_20160120",
    "ConversionSoftware": "dcm2niix",
    "ConversionSoftwareVersion": "v1.0.20190410  GCC6.3.0",
    "DerivedVendorReportedEchoSpacing": 0.000489993,
    "DeviceSerialNumber": "166048",
    "DwellTime": 2.9e-06,
    "EchoTime": 0.023,
    "EchoTrainLength": 74,
    "EffectiveEchoSpacing": 0.000489993,
    "FlipAngle": 76,
    "ImageOrientationPatientDICOM": [
      1,
      0,
      0,
      0,
      0.961262,
      -0.275637
    ],
    "ImageType": [
      "ORIGINAL",
      "PRIMARY",
      "M",
      "ND",
      "NORM",
      "MOSAIC"
    ],
    "ImagingFrequency": 123.246,
    "InPlanePhaseEncodingDirectionDICOM": "COL",
    "InstitutionAddress": "North_13th_1701_Philadelphia_PA_US_19122",
    "InstitutionName": "Temple_University_-_Weiss_Hall",
    "InstitutionalDepartmentName": "Department",
    "MRAcquisitionType": "2D",
    "MagneticFieldStrength": 3,
    "Manufacturer": "Siemens",
    "ManufacturersModelName": "Prisma",
    "Modality": "MR",
    "PartialFourier": 1,
    "PatientPosition": "HFS",
    "PercentPhaseFOV": 100,
    "PhaseEncodingDirection": "j-",
    "PhaseEncodingSteps": 74,
    "PhaseResolution": 1,
    "PixelBandwidth": 2330,
    "ProcedureStepDescription": "SMITH_SRNDNA",
    "ProtocolName": "func-bold_trust_run3",
    "PulseSequenceDetails": "%SiemensSeq%_ep2d_bold",
    "ReceiveCoilActiveElements": "HE1-4;NE1,2",
    "ReceiveCoilName": "HeadNeck_20",
    "ReconMatrixPE": 74,
    "RepetitionTime": 2.02,
    "SAR": 0.0905091,
    "ScanOptions": "FS",
    "ScanningSequence": "EP",
    "SequenceName": "_epfid2d1_74",
    "SequenceVariant": "SK",
    "SeriesDescription": "func-bold_trust_run3",
    "SeriesNumber": 12,
    "ShimSetting": [
      1415,
      -7425,
      6510,
      260,
      -101,
      137,
      -62,
      84
    ],
    "SliceThickness": 2.8,
    "SliceTiming": [
      1.945,
      1.89,
      1.8325,
      1.7775,
      1.7225,
      1.6675,
      1.61,
      1.555,
      1.5,
      1.445,
      1.39,
      1.3325,
      1.2775,
      1.2225,
      1.1675,
      1.11,
      1.055,
      1,
      0.945,
      0.89,
      0.8325,
      0.7775,
      0.7225,
      0.6675,
      0.6125,
      0.555,
      0.5,
      0.445,
      0.39,
      0.3325,
      0.2775,
      0.2225,
      0.1675,
      0.1125,
      0.055,
      0
    ],
    "SoftwareVersions": "syngo_MR_E11",
    "SpacingBetweenSlices": 3.22,
    "StationName": "AWP166048",
    "TaskName": "trust",
    "TotalReadoutTime": 0.0357695,
    "TxRefAmp": 247.797,
    "dataset": "ds003745",
    "modality": "bold",
    "run_id": 4,
    "subject_id": "133",
    "task_id": "trust"
  },
  "dummy_trs": 1,
  "dvars_nstd": 26.337528965209298,
  "dvars_std": 1.3429170347906987,
  "dvars_vstd": 1.0276826404651165,
  "efc": 0.5027954663148657,
  "fber": 2106.53759765625,
  "fd_mean": 0.26923678099206777,
  "fd_num": 153,
  "fd_perc": 70.83333333333333,
  "fwhm_avg": 1.6696012168630776,
  "fwhm_x": 1.6293825110509181,
  "fwhm_y": 1.7666323339924321,
  "fwhm_z": 1.6127888055458826,
  "gcor": 0.0269726,
  "gsr_x": -0.018963800743222237,
  "gsr_y": 0.029646646231412888,
  "provenance": {
    "md5sum": "4599f00d441590dc552d5d0534715ca3",
    "settings": {
      "fd_thres": 0.2,
      "testing": false
    },
    "software": "mriqc",
    "version": "22.0.6",
    "webapi_port": null,
    "webapi_url": "https://mriqc.nimh.nih.gov/api/v1"
  },
  "size_t": 216,
  "size_x": 74,
  "size_y": 74,
  "size_z": 36,
  "snr": 6.53120916539777,
  "spacing_tr": 2.0199999809265137,
  "spacing_x": 2.972972869873047,
  "spacing_y": 2.972972869873047,
  "spacing_z": 3.2200000286102295,
  "summary_bg_k": 51.25494621669105,
  "summary_bg_mad": 10.350758623715354,
  "summary_bg_mean": 43.07620620727539,
  "summary_bg_median": 19.578702926635742,
  "summary_bg_n": 125296.0,
  "summary_bg_p05": 9.453703880310059,
  "summary_bg_p95": 167.46759033203125,
  "summary_bg_stdv": 72.5190658569336,
  "summary_fg_k": 2.0573583667681836,
  "summary_fg_mad": 128.85599568351847,
  "summary_fg_mean": 925.3402099609375,
  "summary_fg_median": 908.9768676757812,
  "summary_fg_n": 33787.0,
  "summary_fg_p05": 743.1101989746094,
  "summary_fg_p95": 1169.1046264648435,
  "summary_fg_stdv": 139.17230224609375,
  "tsnr": 93.13133255112916
}