{
  "bids_meta": {
    "AcquisitionMatrixPE": 192,
    "AcquisitionNumber": 1,
    "AcquisitionTime": "11:17:8.312500",
    "BaseResolution": 192,
    "BodyPartExamined": "BRAIN",
    "CoilString": "HE1-4;NE1_2",
    "ConsistencyInfo": "N4_VE11C_LATEST_20160120",
    "ConversionSoftware": "dcm2niix",
    "ConversionSoftwareVersion": "v1.0.20190410  GCC6.3.0",
    "DeviceSerialNumber": "166048",
    "DwellTime": 1.24e-05,
    "EchoTime": 0.0022,
    "FlipAngle": 8,
    "ImageOrientationPatientDICOM": [
      0,
      1,
      0,
      0,
      0,
      -1
    ],
    "ImageType": [
      "ORIGINAL",
      "PRIMARY",
      "M",
      "ND",
      "NORM",
      "FM3",
      "2",
      "FIL"
    ],
    "ImagingFrequency": 123.245,
    "InPlanePhaseEncodingDirectionDICOM": "ROW",
    "InstitutionAddress": "North_13th_1701_Philadelphia_PA_US_19122",
    "InstitutionName": "Temple_University_-_Weiss_Hall",
    "InstitutionalDepartmentName": "Department",
    "InversionTime": 1.15,
    "MRAcquisitionType": "3D",
    "MagneticFieldStrength": 3,
    "Manufacturer": "Siemens",
    "ManufacturersModelName": "Prisma",
    "Modality": "MR",
    "PartialFourier": 1,
    "PatientPosition": "HFS",
    "PercentPhaseFOV": 100,
    "PhaseEncodingSteps": 211,
    "PhaseOversampling": 0.1,
    "PhaseResolution": 1,
    "PixelBandwidth": 210,
    "ProcedureStepDescription": "SMITH_SRNDNA",
    "ProtocolName": "T1w-anat_mpg_07sag_iso",
    "PulseSequenceDetails": "%SiemensSeq%_tfl",
    "ReceiveCoilActiveElements": "HE1-4;NE1,2",
    "ReceiveCoilName": "HeadNeck_20",
    "ReconMatrixPE": 192,
    "RefLinesPE": 32,
    "RepetitionTime": 2.4,
    "SAR": 0.0520904,
    "ScanOptions": "IR_WE",
    "ScanningSequence": "GR_IR",
    "SequenceName": "_tfl3d1_16ns",
    "SequenceVariant": "SK_SP_MP_OSP",
    "SeriesDescription": "T1w-anat_mpg_07sag_iso",
    "SeriesNumber": 5,
    "ShimSetting": [
      1443,
      -7517,
      6535,
      528,
      63,
      -161,
      -421,
      -8
    ],
    "SliceThickness": 1,
    "SoftwareVersions": "syngo_MR_E11",
    "StationName": "AWP166048",
    "TxRefAmp": 300.213,
    "dataset": "ds003745",
    "modality": "T1w",
    "subject_id": "142"
  },
  "cjv": 0.4166264793630335,
  "cnr": 3.1691386270220536,
  "efc": 0.6547872848987611,
  "fber": 26645.352648257132,
  "fwhm_avg": 4.054860000000001,
  "fwhm_x": 3.946,
  "fwhm_y": 4.0373,
  "fwhm_z": 4.18128,
  "icvs_csf": 0.25287320523583956,
  "icvs_gm": 0.3650270625264142,
  "icvs_wm": 0.38209973223774624,
  "inu_med": 0.46030306816101074,
  "inu_range": 0.19271778464317318,
  "provenance": {
    "md5sum": "2e2e11799ff4d492c15a81b76f1411a1",
    "settings": {
      "testing": false
    },
    "software": "mriqc",
    "version": "22.0.6",
    "warnings": {
      "large_rot_frame": true,
      "small_air_mask": false
    },
    "webapi_port": null,
    "webapi_url": "https://mriqc.nimh.nih.gov/api/v1"
  },
  "qi_1": 0.004503920224784094,
  "qi_2": 0.0016439453315887722,
  "rpve_csf": 13.970667775537434,
  "rpve_gm": 8.946025851520268,
  "rpve_wm": 10.439064375442651,
  "size_x": 192,
  "size_y": 192,
  "size_z": 192,
  "snr_csf": 2.545240128329205,
  "snr_gm": 12.183871528632089,
  "snr_total": 13.294764081290445,
  "snr_wm": 25.155180586910042,
  "snrd_csf": 13.8642479693805,
  "snrd_gm": 42.88680713258088,
  "snrd_total": 37.67217453893412,
  "snrd_wm": 56.26546851484099,
  "spacing_x": 1.0,
  "spacing_y": 1.0,
  "spacing_z": 1.0,
  "summary_bg_k": 1026.2612487726753,
  "summary_bg_mad": 0.0,
  "summary_bg_mean": 2.988837349460742,
  "summary_bg_median": 0.0,
  "summary_bg_n": 990444.0,
  "summary_bg_p05": 0.0,
  "summary_bg_p95": 14.30287335626781,
  "summary_bg_stdv": 11.644184916409303,
  "summary_csf_k": 1.6449047996502548,
  "summary_csf_mad": 74.6643671617925,
  "summary_csf_mean": 262.8240367926542,
  "summary_csf_median": 246.41871079429984,
  "summary_csf_n": 61350.0,
  "summary_csf_p05": 134.4203167837113,
  "summary_csf_p95": 457.9711092366836,
  "summary_csf_stdv": 96.81471690666059,
  "summary_gm_k": 0.10990455817697153,
  "summary_gm_mad": 62.3302358373621,
  "summary_gm_mean": 760.4581037724482,
  "summary_gm_median": 762.2563984021544,
  "summary_gm_n": 14147.0,
  "summary_gm_p05": 654.08396740444,
  "summary_gm_p95": 859.1444629089907,
  "summary_gm_stdv": 62.56052976001661,
  "summary_wm_k": 0.7691562114815973,
  "summary_wm_mad": 36.73856228720708,
  "summary_wm_mean": 1002.0907229178073,
  "summary_wm_median": 1000.0444484464824,
  "summary_wm_n": 198666.0,
  "summary_wm_p05": 940.7197777759284,
  "summary_wm_p95": 1070.4466166775674,
  "summary_wm_stdv": 39.754909653277096,
  "tpm_overlap_csf": 0.16212741338946668,
  "tpm_overlap_gm": 0.42524914866197017,
  "tpm_overlap_wm": 0.502831576665067,
  "wm2max": 0.8740051443206399
}