{
  "bids_meta": {
    "AcquisitionMatrixPE": 192,
    "AcquisitionNumber": 1,
    "AcquisitionTime": "10:38:7.547500",
    "BaseResolution": 192,
    "BodyPartExamined": "BRAIN",
    "CoilString": "HE1-4;NE1_2",
    "ConsistencyInfo": "N4_VE11C_LATEST_20160120",
    "ConversionSoftware": "dcm2niix",
    "ConversionSoftwareVersion": "v1.0.20190410  GCC6.3.0",
    "DeviceSerialNumber": "166048",
    "DwellTime": 3.5e-06,
    "EchoTime": 0.567,
    "EchoTrainLength": 314,
    "FlipAngle": 120,
    "ImageOrientationPatientDICOM": [
      0,
      1,
      0,
      0,
      0,
      -1
    ],
    "ImageType": [
      "ORIGINAL",
      "PRIMARY",
      "M",
      "ND",
      "NORM"
    ],
    "ImagingFrequency": 123.246,
    "InPlanePhaseEncodingDirectionDICOM": "ROW",
    "InstitutionAddress": "North_13th_1701_Philadelphia_PA_US_19122",
    "InstitutionName": "Temple_University_-_Weiss_Hall",
    "InstitutionalDepartmentName": "Department",
    "MRAcquisitionType": "3D",
    "MagneticFieldStrength": 3,
    "Manufacturer": "Siemens",
    "ManufacturersModelName": "Prisma",
    "Modality": "MR",
    "PartialFourier": 1,
    "PatientPosition": "HFS",
    "PercentPhaseFOV": 100,
    "PhaseEncodingSteps": 209,
    "PhaseOversampling": 0.1,
    "PhaseResolution": 1,
    "PixelBandwidth": 745,
    "ProcedureStepDescription": "SMITH_SRNDNA",
    "ProtocolName": "T2w-anat_spc_07sag_iso",
    "PulseSequenceDetails": "%SiemensSeq%_tse_vfl",
    "ReceiveCoilActiveElements": "HE1-4;NE1,2",
    "ReceiveCoilName": "HeadNeck_20",
    "ReconMatrixPE": 192,
    "RefLinesPE": 32,
    "RepetitionTime": 3.2,
    "SAR": 0.170695,
    "ScanOptions": "PFP",
    "ScanningSequence": "SE",
    "SequenceName": "_spc_314ns",
    "SequenceVariant": "SK_SP_OSP",
    "SeriesDescription": "T2w-anat_spc_07sag_iso",
    "SeriesNumber": 3,
    "ShimSetting": [
      1434,
      -7476,
      6486,
      65,
      44,
      -404,
      -36,
      19
    ],
    "SliceThickness": 1,
    "SoftwareVersions": "syngo_MR_E11",
    "StationName": "AWP166048",
    "TxRefAmp": 257.693,
    "dataset": "ds003745",
    "modality": "T2w",
    "subject_id": "130"
  },
  "cjv": 0.49753293583199376,
  "cnr": 2.751945808562858,
  "efc": 0.6050738831490899,
  "fber": 1221.660989627537,
  "fwhm_avg": 2.85925,
  "fwhm_x": 2.82924,
  "fwhm_y": 3.02319,
  "fwhm_z": 2.72532,
  "icvs_csf": 0.28621287506393034,
  "icvs_gm": 0.6459042582066965,
  "icvs_wm": 0.06788286672937321,
  "inu_med": 0.8903108835220337,
  "inu_range": 0.23256167769432068,
  "provenance": {
    "md5sum": "ebea8e2f194a0904be4dc0aa2439f7dc",
    "settings": {
      "testing": false
    },
    "software": "mriqc",
    "version": "22.0.6",
    "warnings": {
      "large_rot_frame": true,
      "small_air_mask": false
    },
    "webapi_port": null,
    "webapi_url": "https://mriqc.nimh.nih.gov/api/v1"
  },
  "qi_1": 0.0,
  "qi_2": 0.0007470269977154177,
  "rpve_csf": 11.628689987655557,
  "rpve_gm": 6.779361182714768,
  "rpve_wm": 56.43595085940062,
  "size_x": 192,
  "size_y": 192,
  "size_z": 192,
  "snr_csf": 5.98418410191943,
  "snr_gm": 6.308721561855625,
  "snr_total": 4.648103954462478,
  "snr_wm": 1.6514061996123772,
  "snrd_csf": 99.82197456243232,
  "snrd_gm": 34.8151393683009,
  "snrd_total": 48.52076163348025,
  "snrd_wm": 10.925170969707528,
  "spacing_x": 1.0,
  "spacing_y": 1.0,
  "spacing_z": 1.0,
  "summary_bg_k": 5.226261920585774,
  "summary_bg_mad": 60.29011402414552,
  "summary_bg_mean": 73.44013613528345,
  "summary_bg_median": 40.665063947439194,
  "summary_bg_n": 1540067.0,
  "summary_bg_p05": 0.0,
  "summary_bg_p95": 281.85096046328545,
  "summary_bg_stdv": 98.98718655873267,
  "summary_csf_k": 0.8150206637756412,
  "summary_csf_mad": 1558.3360999245888,
  "summary_csf_mean": 9118.86801923358,
  "summary_csf_median": 9186.29804188013,
  "summary_csf_n": 53549.0,
  "summary_csf_p05": 6331.049655336142,
  "summary_csf_p95": 11289.102521038054,
  "summary_csf_stdv": 1535.081827419124,
  "summary_gm_k": -0.001611302596747688,
  "summary_gm_mad": 510.8324932095088,
  "summary_gm_mean": 3226.098408553407,
  "summary_gm_median": 3203.926269829273,
  "summary_gm_n": 247964.0,
  "summary_gm_p05": 2429.4871702194214,
  "summary_gm_p95": 4093.71993630677,
  "summary_gm_stdv": 507.855637301861,
  "summary_wm_k": 10.681054057584234,
  "summary_wm_mad": 583.0024326571313,
  "summary_wm_mean": 1063.1687867964297,
  "summary_wm_median": 1005.4086500108242,
  "summary_wm_n": 2593.0,
  "summary_wm_p05": 223.9583324790001,
  "summary_wm_p95": 2023.1570435643198,
  "summary_wm_stdv": 608.7023058149613,
  "tpm_overlap_csf": 0.14987436885703123,
  "tpm_overlap_gm": 0.40548564720663594,
  "tpm_overlap_wm": 0.03580886580282003,
  "wm2max": 0.08842018575937688
}