{
  "aor": 0.002584537037037037,
  "aqi": 0.007586365925925926,
  "bids_meta": {
    "AcquisitionMatrixPE": 74,
    "AcquisitionNumber": 1,
    "AcquisitionTime": "",
    "BandwidthPerPixelPhaseEncode": 27.579,
    "BaseResolution": 74,
    "BodyPartExamined": "BRAIN",
    "CogAtlasID": "doi:TODO",
    "CoilString": "HE1-4;NE1_2",
    "ConsistencyInfo": "N4_VE11C_LATEST_20160120",
    "ConversionSoftware": "dcm2niix",
    "ConversionSoftwareVersion": "v1.0.20190410  GCC6.3.0",
    "DerivedVendorReportedEchoSpacing": 0.000489993,
    "DeviceSerialNumber": "166048",
    "DwellTime": 2.9e-06,
    "EchoTime": 0.023,
    "EchoTrainLength": 74,
    "EffectiveEchoSpacing": 0.000489993,
    "FlipAngle": 76,
    "ImageOrientationPatientDICOM": [
      1,
      0,
      0,
      0,
      0.961262,
      -0.275637
    ],
    "ImageType": [
      "ORIGINAL",
      "PRIMARY",
      "M",
      "ND",
      "NORM",
      "MOSAIC"
    ],
    "ImagingFrequency": 123.246,
    "InPlanePhaseEncodingDirectionDICOM": "COL",
    "InstitutionAddress": "North_13th_1701_Philadelphia_PA_US_19122",
    "InstitutionName": "Temple_University_-_Weiss_Hall",
    "InstitutionalDepartmentName": "Department",
    "MRAcquisitionType": "2D",
    "MagneticFieldStrength": 3,
    "Manufacturer": "Siemens",
    "ManufacturersModelName": "Prisma",
    "Modality": "MR",
    "PartialFourier": 1,
    "PatientPosition": "HFS",
    "PercentPhaseFOV": 100,
    "PhaseEncodingDirection": "j-",
    "PhaseEncodingSteps": 74,
    "PhaseResolution": 1,
    "PixelBandwidth": 2330,
    "ProcedureStepDescription": "SMITH_SRNDNA",
    "ProtocolName": "func-bold_trust_run3",
    "PulseSequenceDetails": "%SiemensSeq%_ep2d_bold",
    "ReceiveCoilActiveElements": "HE1-4;NE1,2",
    "ReceiveCoilName": "HeadNeck_20",
    "ReconMatrixPE": 74,
    "RepetitionTime": 2.02,
    "SAR": 0.0935324,
    "ScanOptions": "FS",
    "ScanningSequence": "EP",
    "SequenceName": "_epfid2d1_74",
    "SequenceVariant": "SK",
    "SeriesDescription": "func-bold_trust_run3",
    "SeriesNumber": 12,
    "ShimSetting": [
      1425,
      -7413,
      6502,
      420,
      -56,
      181,
      54,
      95
    ],
    "SliceThickness": 2.8,
    "SliceTiming": [
      1.9425,
      1.8875,
      1.8325,
      1.7775,
      1.72,
      1.665,
      1.61,
      1.555,
      1.5,
      1.4425,
      1.3875,
      1.3325,
      1.2775,
      1.22,
      1.165,
      1.11,
      1.055,
      1,
      0.9425,
      0.8875,
      0.8325,
      0.7775,
      0.72,
      0.665,
      0.61,
      0.555,
      0.5,
      0.4425,
      0.3875,
      0.3325,
      0.2775,
      0.22,
      0.165,
      0.11,
      0.055,
      0
    ],
    "SoftwareVersions": "syngo_MR_E11",
    "SpacingBetweenSlices": 3.22,
    "StationName": "AWP166048",
    "TaskName": "trust",
    "TotalReadoutTime": 0.0357695,
    "TxRefAmp": 244.219,
    "dataset": "ds003745",
    "modality": "bold",
    "run_id": 4,
    "subject_id": "115",
    "task_id": "trust"
  },
  "dummy_trs": 1,
  "dvars_nstd": 21.28349774390697,
  "dvars_std": 1.209274288325581,
  "dvars_vstd": 1.0105493096744185,
  "efc": 0.49925880254458743,
  "fber": 2643.163330078125,
  "fd_mean": 0.20059393397640535,
  "fd_num": 76,
  "fd_perc": 35.18518518518518,
  "fwhm_avg": 1.7273321325823912,
  "fwhm_x": 1.6455447843386835,
  "fwhm_y": 1.8663708829058174,
  "fwhm_z": 1.6700807305026728,
  "gcor": 0.0172022,
  "gsr_x": -0.011196130886673927,
  "gsr_y": 0.0407540462911129,
  "provenance": {
    "md5sum": "189cc4dcfc0b1bfeb889a459e57cb7f6",
    "settings": {
      "fd_thres": 0.2,
      "testing": false
    },
    "software": "mriqc",
    "version": "22.0.6",
    "webapi_port": null,
    "webapi_url": "https://mriqc.nimh.nih.gov/api/v1"
  },
  "size_t": 216,
  "size_x": 74,
  "size_y": 74,
  "size_z": 36,
  "snr": 7.0666960230036855,
  "spacing_tr": 2.0199999809265137,
  "spacing_x": 2.972972869873047,
  "spacing_y": 2.972972869873047,
  "spacing_z": 3.2200000286102295,
  "summary_bg_k": 34.1918792946246,
  "summary_bg_mad": 8.497507264503009,
  "summary_bg_mean": 35.518211364746094,
  "summary_bg_median": 17.412036895751953,
  "summary_bg_n": 124935.0,
  "summary_bg_p05": 8.703703880310059,
  "summary_bg_p95": 144.8592544555663,
  "summary_bg_stdv": 57.055843353271484,
  "summary_fg_k": 2.5143967270100775,
  "summary_fg_mad": 125.12207140726134,
  "summary_fg_mean": 911.184814453125,
  "summary_fg_median": 901.620361328125,
  "summary_fg_n": 35439.0,
  "summary_fg_p05": 733.1527709960938,
  "summary_fg_p95": 1111.8893798828126,
  "summary_fg_stdv": 127.58545684814453,
  "tsnr": 79.7387405304471
}