{
  "aor": 0.0024509216589861755,
  "aqi": 0.007914517603686635,
  "bids_meta": {
    "AcquisitionMatrixPE": 74,
    "AcquisitionNumber": 1,
    "AcquisitionTime": "",
    "BandwidthPerPixelPhaseEncode": 27.579,
    "BaseResolution": 74,
    "BodyPartExamined": "BRAIN",
    "CogAtlasID": "doi:TODO",
    "CoilString": "HE1-4;NE1_2",
    "ConsistencyInfo": "N4_VE11C_LATEST_20160120",
    "ConversionSoftware": "dcm2niix",
    "ConversionSoftwareVersion": "v1.0.20190410  GCC6.3.0",
    "DerivedVendorReportedEchoSpacing": 0.000489993,
    "DeviceSerialNumber": "166048",
    "DwellTime": 2.9e-06,
    "EchoTime": 0.023,
    "EchoTrainLength": 74,
    "EffectiveEchoSpacing": 0.000489993,
    "FlipAngle": 76,
    "ImageOrientationPatientDICOM": [
      1,
      0,
      0,
      0,
      0.97437,
      -0.224951
    ],
    "ImageType": [
      "ORIGINAL",
      "PRIMARY",
      "M",
      "ND",
      "NORM",
      "MOSAIC"
    ],
    "ImagingFrequency": 123.246,
    "InPlanePhaseEncodingDirectionDICOM": "COL",
    "InstitutionAddress": "North_13th_1701_Philadelphia_PA_US_19122",
    "InstitutionName": "Temple_University_-_Weiss_Hall",
    "InstitutionalDepartmentName": "Department",
    "MRAcquisitionType": "2D",
    "MagneticFieldStrength": 3,
    "Manufacturer": "Siemens",
    "ManufacturersModelName": "Prisma",
    "Modality": "MR",
    "PartialFourier": 1,
    "PatientPosition": "HFS",
    "PercentPhaseFOV": 100,
    "PhaseEncodingDirection": "j-",
    "PhaseEncodingSteps": 74,
    "PhaseResolution": 1,
    "PixelBandwidth": 2330,
    "ProcedureStepDescription": "SMITH_SRNDNA",
    "ProtocolName": "func-bold_trust_run0",
    "PulseSequenceDetails": "%SiemensSeq%_ep2d_bold",
    "ReceiveCoilActiveElements": "HE1-4;NE1,2",
    "ReceiveCoilName": "HeadNeck_20",
    "ReconMatrixPE": 74,
    "RepetitionTime": 2.02,
    "SAR": 0.0897715,
    "ScanOptions": "FS",
    "ScanningSequence": "EP",
    "SequenceName": "_epfid2d1_74",
    "SequenceVariant": "SK",
    "SeriesDescription": "func-bold_trust_run0",
    "SeriesNumber": 9,
    "ShimSetting": [
      1445,
      -7463,
      6514,
      538,
      73,
      -39,
      73,
      40
    ],
    "SliceThickness": 2.8,
    "SliceTiming": [
      1.945,
      1.89,
      1.835,
      1.7775,
      1.7225,
      1.6675,
      1.6125,
      1.555,
      1.5,
      1.445,
      1.39,
      1.335,
      1.2775,
      1.2225,
      1.1675,
      1.1125,
      1.0575,
      1,
      0.945,
      0.89,
      0.835,
      0.7775,
      0.7225,
      0.6675,
      0.6125,
      0.5575,
      0.5,
      0.445,
      0.39,
      0.335,
      0.2775,
      0.2225,
      0.1675,
      0.1125,
      0.0575,
      0
    ],
    "SoftwareVersions": "syngo_MR_E11",
    "SpacingBetweenSlices": 3.22,
    "StationName": "AWP166048",
    "TaskName": "trust",
    "TotalReadoutTime": 0.0357695,
    "TxRefAmp": 251.034,
    "dataset": "ds003745",
    "modality": "bold",
    "run_id": 1,
    "subject_id": "105",
    "task_id": "trust"
  },
  "dummy_trs": 0,
  "dvars_nstd": 25.357751731435194,
  "dvars_std": 1.4377801619907407,
  "dvars_vstd": 0.9954149312962963,
  "efc": 0.5263458178754697,
  "fber": 2569.5107421875,
  "fd_mean": 0.08590818003066555,
  "fd_num": 4,
  "fd_perc": 1.8433179723502304,
  "fwhm_avg": 1.7387239965022525,
  "fwhm_x": 1.6904190586221541,
  "fwhm_y": 1.854470337038572,
  "fwhm_z": 1.6712825938460314,
  "gcor": 0.0174956,
  "gsr_x": -0.00792709831148386,
  "gsr_y": 0.027694277465343475,
  "provenance": {
    "md5sum": "dadf00da49ec8c619cf07b746a7ef4ff",
    "settings": {
      "fd_thres": 0.2,
      "testing": false
    },
    "software": "mriqc",
    "version": "22.0.6",
    "webapi_port": null,
    "webapi_url": "https://mriqc.nimh.nih.gov/api/v1"
  },
  "size_t": 217,
  "size_x": 74,
  "size_y": 74,
  "size_z": 36,
  "snr": 6.803572319752248,
  "spacing_tr": 2.0199999809265137,
  "spacing_x": 2.972972869873047,
  "spacing_y": 2.972972869873047,
  "spacing_z": 3.2200000286102295,
  "summary_bg_k": 41.72319778911439,
  "summary_bg_mad": 9.544678785366298,
  "summary_bg_mean": 40.41734313964844,
  "summary_bg_median": 18.686635971069336,
  "summary_bg_n": 117871.0,
  "summary_bg_p05": 9.631336212158203,
  "summary_bg_p95": 145.53916931152344,
  "summary_bg_stdv": 72.67302703857422,
  "summary_fg_k": 3.418265975586767,
  "summary_fg_mad": 128.80875945560953,
  "summary_fg_mean": 972.2431640625,
  "summary_fg_median": 958.8202514648438,
  "summary_fg_n": 40449.0,
  "summary_fg_p05": 785.4746704101562,
  "summary_fg_p95": 1202.3050292968749,
  "summary_fg_stdv": 140.9272003173828,
  "tsnr": 87.01444785948843
}