{
  "bids_meta": {
    "AcquisitionMatrixPE": 192,
    "AcquisitionNumber": 1,
    "AcquisitionTime": "15:51:17.570000",
    "BaseResolution": 192,
    "BodyPartExamined": "BRAIN",
    "CoilString": "HE1-4;NE1_2",
    "ConsistencyInfo": "N4_VE11C_LATEST_20160120",
    "ConversionSoftware": "dcm2niix",
    "ConversionSoftwareVersion": "v1.0.20190410  GCC6.3.0",
    "DeviceSerialNumber": "166048",
    "DwellTime": 3.5e-06,
    "EchoTime": 0.567,
    "EchoTrainLength": 314,
    "FlipAngle": 120,
    "ImageOrientationPatientDICOM": [
      0,
      1,
      0,
      0,
      0,
      -1
    ],
    "ImageType": [
      "ORIGINAL",
      "PRIMARY",
      "M",
      "ND",
      "NORM"
    ],
    "ImagingFrequency": 123.245,
    "InPlanePhaseEncodingDirectionDICOM": "ROW",
    "InstitutionAddress": "North_13th_1701_Philadelphia_PA_US_19122",
    "InstitutionName": "Temple_University_-_Weiss_Hall",
    "InstitutionalDepartmentName": "Department",
    "MRAcquisitionType": "3D",
    "MagneticFieldStrength": 3,
    "Manufacturer": "Siemens",
    "ManufacturersModelName": "Prisma",
    "Modality": "MR",
    "PartialFourier": 1,
    "PatientPosition": "HFS",
    "PercentPhaseFOV": 100,
    "PhaseEncodingSteps": 209,
    "PhaseOversampling": 0.1,
    "PhaseResolution": 1,
    "PixelBandwidth": 745,
    "ProcedureStepDescription": "SMITH_SRNDNA",
    "ProtocolName": "T2w-anat_spc_07sag_iso",
    "PulseSequenceDetails": "%SiemensSeq%_tse_vfl",
    "ReceiveCoilActiveElements": "HE1-4;NE1,2",
    "ReceiveCoilName": "HeadNeck_20",
    "ReconMatrixPE": 192,
    "RefLinesPE": 32,
    "RepetitionTime": 3.2,
    "SAR": 0.152157,
    "ScanOptions": "PFP",
    "ScanningSequence": "SE",
    "SequenceName": "_spc_314ns",
    "SequenceVariant": "SK_SP_OSP",
    "SeriesDescription": "T2w-anat_spc_07sag_iso",
    "SeriesNumber": 3,
    "ShimSetting": [
      1418,
      -7469,
      6468,
      199,
      14,
      -216,
      -101,
      36
    ],
    "SliceThickness": 1,
    "SoftwareVersions": "syngo_MR_E11",
    "StationName": "AWP166048",
    "TxRefAmp": 259.454,
    "dataset": "ds003745",
    "modality": "T2w",
    "subject_id": "107"
  },
  "cjv": 0.23388687796834726,
  "cnr": 1.5368747712482682,
  "efc": 0.5726750745884359,
  "fber": 6003.877785297793,
  "fwhm_avg": 2.46495,
  "fwhm_x": 2.42983,
  "fwhm_y": 2.64035,
  "fwhm_z": 2.32467,
  "icvs_csf": 0.31882994458815717,
  "icvs_gm": 0.5939004293984934,
  "icvs_wm": 0.08726962601334948,
  "inu_med": 0.8766885995864868,
  "inu_range": 0.17895865440368652,
  "provenance": {
    "md5sum": "5020f92b14e321a518a1595d81a9012c",
    "settings": {
      "testing": false
    },
    "software": "mriqc",
    "version": "22.0.6",
    "warnings": {
      "large_rot_frame": true,
      "small_air_mask": false
    },
    "webapi_port": null,
    "webapi_url": "https://mriqc.nimh.nih.gov/api/v1"
  },
  "qi_1": 0.0,
  "qi_2": 0.0031721044947986264,
  "rpve_csf": 8.481375830899463,
  "rpve_gm": 5.824752092006986,
  "rpve_wm": 41.417614718690835,
  "size_x": 192,
  "size_y": 192,
  "size_z": 192,
  "snr_csf": 4.520578171865626,
  "snr_gm": 7.122149604518227,
  "snr_total": 4.6044935962755185,
  "snr_wm": 2.170753012442702,
  "snrd_csf": 119.22800678836525,
  "snrd_gm": 56.170290046934284,
  "snrd_total": 123.19087604848296,
  "snrd_wm": 194.17433131014937,
  "spacing_x": 1.0,
  "spacing_y": 1.0,
  "spacing_z": 1.0,
  "summary_bg_k": 129.15176020861256,
  "summary_bg_mad": 0.0,
  "summary_bg_mean": 2.161128331899365,
  "summary_bg_median": 0.0,
  "summary_bg_n": 1725894.0,
  "summary_bg_p05": 0.0,
  "summary_bg_p95": 7.935432773083448,
  "summary_bg_stdv": 3.3746129237790634,
  "summary_csf_k": -0.15566096367404203,
  "summary_csf_mad": 141.35325486231443,
  "summary_csf_mean": 642.8208746166832,
  "summary_csf_median": 614.1444324944168,
  "summary_csf_n": 26683.0,
  "summary_csf_p05": 463.49507997594776,
  "summary_csf_p95": 878.0633782273158,
  "summary_csf_stdv": 135.85273849468234,
  "summary_gm_k": 0.8773204264221737,
  "summary_gm_mad": 36.730037804255474,
  "summary_gm_mean": 292.7328499859071,
  "summary_gm_median": 289.3336207922548,
  "summary_gm_n": 289312.0,
  "summary_gm_p05": 232.33398782461882,
  "summary_gm_p95": 366.6557035446167,
  "summary_gm_stdv": 40.62440931750529,
  "summary_wm_k": -1.5271502187517065,
  "summary_wm_mad": 129.5307739440697,
  "summary_wm_mean": 697.1068254113769,
  "summary_wm_median": 1000.1935595478863,
  "summary_wm_n": 10189.0,
  "summary_wm_p05": 19.834710989892486,
  "summary_wm_p95": 1103.907730420679,
  "summary_wm_stdv": 460.7361918113575,
  "tpm_overlap_csf": 0.12458400089100953,
  "tpm_overlap_gm": 0.3599694543304598,
  "tpm_overlap_wm": 0.025914732258762608,
  "wm2max": 0.9018813258069125
}