{
  "aor": 0.003053287037037037,
  "aqi": 0.019291079027777776,
  "bids_meta": {
    "AcquisitionMatrixPE": 74,
    "AcquisitionNumber": 1,
    "AcquisitionTime": "",
    "BandwidthPerPixelPhaseEncode": 27.579,
    "BaseResolution": 74,
    "BodyPartExamined": "BRAIN",
    "CogAtlasID": "doi:TODO",
    "CoilString": "HE1-4;NE1_2",
    "ConsistencyInfo": "N4_VE11C_LATEST_20160120",
    "ConversionSoftware": "dcm2niix",
    "ConversionSoftwareVersion": "v1.0.20190410  GCC6.3.0",
    "DerivedVendorReportedEchoSpacing": 0.000489993,
    "DeviceSerialNumber": "166048",
    "DwellTime": 2.9e-06,
    "EchoTime": 0.023,
    "EchoTrainLength": 74,
    "EffectiveEchoSpacing": 0.000489993,
    "FlipAngle": 76,
    "ImageOrientationPatientDICOM": [
      1,
      0,
      0,
      0,
      0.92521,
      -0.379456
    ],
    "ImageType": [
      "ORIGINAL",
      "PRIMARY",
      "M",
      "ND",
      "NORM",
      "MOSAIC"
    ],
    "ImagingFrequency": 123.246,
    "InPlanePhaseEncodingDirectionDICOM": "COL",
    "InstitutionAddress": "North_13th_1701_Philadelphia_PA_US_19122",
    "InstitutionName": "Temple_University_-_Weiss_Hall",
    "InstitutionalDepartmentName": "Department",
    "MRAcquisitionType": "2D",
    "MagneticFieldStrength": 3,
    "Manufacturer": "Siemens",
    "ManufacturersModelName": "Prisma",
    "Modality": "MR",
    "PartialFourier": 1,
    "PatientPosition": "HFS",
    "PercentPhaseFOV": 100,
    "PhaseEncodingDirection": "j-",
    "PhaseEncodingSteps": 74,
    "PhaseResolution": 1,
    "PixelBandwidth": 2330,
    "ProcedureStepDescription": "SMITH_SRNDNA",
    "ProtocolName": "func-bold_trust_run2",
    "PulseSequenceDetails": "%SiemensSeq%_ep2d_bold",
    "ReceiveCoilActiveElements": "HE1-4;NE1,2",
    "ReceiveCoilName": "HeadNeck_20",
    "ReconMatrixPE": 74,
    "RepetitionTime": 2.02,
    "SAR": 0.105227,
    "ScanOptions": "FS",
    "ScanningSequence": "EP",
    "SequenceName": "_epfid2d1_74",
    "SequenceVariant": "SK",
    "SeriesDescription": "func-bold_trust_run2",
    "SeriesNumber": 11,
    "ShimSetting": [
      1422,
      -7369,
      6500,
      229,
      -66,
      39,
      -145,
      2
    ],
    "SliceThickness": 2.8,
    "SliceTiming": [
      1.945,
      1.89,
      1.8325,
      1.7775,
      1.7225,
      1.6675,
      1.61,
      1.555,
      1.5,
      1.445,
      1.39,
      1.3325,
      1.2775,
      1.2225,
      1.1675,
      1.11,
      1.055,
      1,
      0.945,
      0.89,
      0.8325,
      0.7775,
      0.7225,
      0.6675,
      0.61,
      0.555,
      0.5,
      0.445,
      0.39,
      0.3325,
      0.2775,
      0.2225,
      0.1675,
      0.1125,
      0.055,
      0
    ],
    "SoftwareVersions": "syngo_MR_E11",
    "SpacingBetweenSlices": 3.22,
    "StationName": "AWP166048",
    "TaskName": "trust",
    "TotalReadoutTime": 0.0357695,
    "TxRefAmp": 316.624,
    "dataset": "ds003745",
    "modality": "bold",
    "run_id": 3,
    "subject_id": "138",
    "task_id": "trust"
  },
  "dummy_trs": 1,
  "dvars_nstd": 51.309581135999984,
  "dvars_std": 1.2639019450697675,
  "dvars_vstd": 1.0000383141860458,
  "efc": 0.5524599405941137,
  "fber": 1449.7357177734375,
  "fd_mean": 0.7095485808248259,
  "fd_num": 208,
  "fd_perc": 96.29629629629629,
  "fwhm_avg": 1.9232792043236966,
  "fwhm_x": 1.8296870634518385,
  "fwhm_y": 2.081408330009637,
  "fwhm_z": 1.8587422195096144,
  "gcor": 0.0177109,
  "gsr_x": -0.012048685923218727,
  "gsr_y": 0.04842159152030945,
  "provenance": {
    "md5sum": "517f3187e5ea96ed51a69d802808fa34",
    "settings": {
      "fd_thres": 0.2,
      "testing": false
    },
    "software": "mriqc",
    "version": "22.0.6",
    "webapi_port": null,
    "webapi_url": "https://mriqc.nimh.nih.gov/api/v1"
  },
  "size_t": 216,
  "size_x": 74,
  "size_y": 74,
  "size_z": 36,
  "snr": 5.52320034828678,
  "spacing_tr": 2.0199999809265137,
  "spacing_x": 2.972972869873047,
  "spacing_y": 2.9729726314544678,
  "spacing_z": 3.2200000286102295,
  "summary_bg_k": 28.49459216904631,
  "summary_bg_mad": 11.45584853549799,
  "summary_bg_mean": 55.66203308105469,
  "summary_bg_median": 21.259260177612305,
  "summary_bg_n": 118238.0,
  "summary_bg_p05": 11.142824077606203,
  "summary_bg_p95": 214.01527481079097,
  "summary_bg_stdv": 89.87187194824219,
  "summary_fg_k": 1.6921948348982685,
  "summary_fg_mad": 126.31293109937155,
  "summary_fg_mean": 841.1256713867188,
  "summary_fg_median": 817.8125,
  "summary_fg_n": 40346.0,
  "summary_fg_p05": 647.8345184326172,
  "summary_fg_p95": 1116.6447143554688,
  "summary_fg_stdv": 148.06675720214844,
  "tsnr": 40.333657026756555
}