{
  "aor": 0.002080509259259259,
  "aqi": 0.02392519675925926,
  "bids_meta": {
    "AcquisitionMatrixPE": 74,
    "AcquisitionNumber": 1,
    "AcquisitionTime": "",
    "BandwidthPerPixelPhaseEncode": 27.579,
    "BaseResolution": 74,
    "BodyPartExamined": "BRAIN",
    "CogAtlasID": "doi:TODO",
    "CoilString": "HE1-4;NE1_2",
    "ConsistencyInfo": "N4_VE11C_LATEST_20160120",
    "ConversionSoftware": "dcm2niix",
    "ConversionSoftwareVersion": "v1.0.20190410  GCC6.3.0",
    "DerivedVendorReportedEchoSpacing": 0.000489993,
    "DeviceSerialNumber": "166048",
    "DwellTime": 2.9e-06,
    "EchoTime": 0.023,
    "EchoTrainLength": 74,
    "EffectiveEchoSpacing": 0.000489993,
    "FlipAngle": 76,
    "ImageOrientationPatientDICOM": [
      1,
      0,
      0,
      0,
      0.92521,
      -0.379456
    ],
    "ImageType": [
      "ORIGINAL",
      "PRIMARY",
      "M",
      "ND",
      "NORM",
      "MOSAIC"
    ],
    "ImagingFrequency": 123.246,
    "InPlanePhaseEncodingDirectionDICOM": "COL",
    "InstitutionAddress": "North_13th_1701_Philadelphia_PA_US_19122",
    "InstitutionName": "Temple_University_-_Weiss_Hall",
    "InstitutionalDepartmentName": "Department",
    "MRAcquisitionType": "2D",
    "MagneticFieldStrength": 3,
    "Manufacturer": "Siemens",
    "ManufacturersModelName": "Prisma",
    "Modality": "MR",
    "PartialFourier": 1,
    "PatientPosition": "HFS",
    "PercentPhaseFOV": 100,
    "PhaseEncodingDirection": "j-",
    "PhaseEncodingSteps": 74,
    "PhaseResolution": 1,
    "PixelBandwidth": 2330,
    "ProcedureStepDescription": "SMITH_SRNDNA",
    "ProtocolName": "func-bold_trust_run4",
    "PulseSequenceDetails": "%SiemensSeq%_ep2d_bold",
    "ReceiveCoilActiveElements": "HE1-4;NE1,2",
    "ReceiveCoilName": "HeadNeck_20",
    "ReconMatrixPE": 74,
    "RepetitionTime": 2.02,
    "SAR": 0.105227,
    "ScanOptions": "FS",
    "ScanningSequence": "EP",
    "SequenceName": "_epfid2d1_74",
    "SequenceVariant": "SK",
    "SeriesDescription": "func-bold_trust_run4",
    "SeriesNumber": 13,
    "ShimSetting": [
      1422,
      -7369,
      6500,
      229,
      -66,
      39,
      -145,
      2
    ],
    "SliceThickness": 2.8,
    "SliceTiming": [
      1.945,
      1.89,
      1.835,
      1.7775,
      1.7225,
      1.6675,
      1.6125,
      1.5575,
      1.5,
      1.445,
      1.39,
      1.335,
      1.2775,
      1.2225,
      1.1675,
      1.1125,
      1.0575,
      1,
      0.945,
      0.89,
      0.835,
      0.7775,
      0.7225,
      0.6675,
      0.6125,
      0.5575,
      0.5,
      0.445,
      0.39,
      0.335,
      0.28,
      0.2225,
      0.1675,
      0.1125,
      0.0575,
      0
    ],
    "SoftwareVersions": "syngo_MR_E11",
    "SpacingBetweenSlices": 3.22,
    "StationName": "AWP166048",
    "TaskName": "trust",
    "TotalReadoutTime": 0.0357695,
    "TxRefAmp": 316.624,
    "dataset": "ds003745",
    "modality": "bold",
    "run_id": 5,
    "subject_id": "138",
    "task_id": "trust"
  },
  "dummy_trs": 1,
  "dvars_nstd": 50.70302335148837,
  "dvars_std": 1.2127321427906976,
  "dvars_vstd": 0.9822347376744188,
  "efc": 0.5495036928929511,
  "fber": 1502.2183837890625,
  "fd_mean": 0.7501855171475553,
  "fd_num": 208,
  "fd_perc": 96.29629629629629,
  "fwhm_avg": 1.9040317625950642,
  "fwhm_x": 1.8383114273872871,
  "fwhm_y": 2.0974764227645406,
  "fwhm_z": 1.7763074376333654,
  "gcor": 0.0194814,
  "gsr_x": -0.008691752329468727,
  "gsr_y": 0.0498284287750721,
  "provenance": {
    "md5sum": "36d5608339701fd05019acfa64f0c56c",
    "settings": {
      "fd_thres": 0.2,
      "testing": false
    },
    "software": "mriqc",
    "version": "22.0.6",
    "webapi_port": null,
    "webapi_url": "https://mriqc.nimh.nih.gov/api/v1"
  },
  "size_t": 216,
  "size_x": 74,
  "size_y": 74,
  "size_z": 36,
  "snr": 5.459905890743099,
  "spacing_tr": 2.0199999809265137,
  "spacing_x": 2.972972869873047,
  "spacing_y": 2.9729726314544678,
  "spacing_z": 3.2200000286102295,
  "summary_bg_k": 28.201302646556368,
  "summary_bg_mad": 11.902002399820777,
  "summary_bg_mean": 56.065513610839844,
  "summary_bg_median": 21.15277862548828,
  "summary_bg_n": 118718.0,
  "summary_bg_p05": 10.63888931274414,
  "summary_bg_p95": 218.49212722778316,
  "summary_bg_stdv": 91.46212768554688,
  "summary_fg_k": 1.8105461976392023,
  "summary_fg_mad": 127.7234573494299,
  "summary_fg_mean": 847.1519165039062,
  "summary_fg_median": 822.460693359375,
  "summary_fg_n": 39930.0,
  "summary_fg_p05": 651.6122772216797,
  "summary_fg_p95": 1129.4308288574216,
  "summary_fg_stdv": 150.63453674316406,
  "tsnr": 36.88793915929273
}