{
  "bids_meta": {
    "AcquisitionMatrixPE": 192,
    "AcquisitionNumber": 1,
    "AcquisitionTime": "10:25:44.075000",
    "BaseResolution": 192,
    "BodyPartExamined": "BRAIN",
    "CoilString": "HE1-4;NE1_2",
    "ConsistencyInfo": "N4_VE11C_LATEST_20160120",
    "ConversionSoftware": "dcm2niix",
    "ConversionSoftwareVersion": "v1.0.20190410  GCC6.3.0",
    "DeviceSerialNumber": "166048",
    "DwellTime": 1.24e-05,
    "EchoTime": 0.0022,
    "FlipAngle": 8,
    "ImageOrientationPatientDICOM": [
      0,
      1,
      0,
      0,
      0,
      -1
    ],
    "ImageType": [
      "ORIGINAL",
      "PRIMARY",
      "M",
      "ND",
      "NORM",
      "FM3",
      "2",
      "FIL"
    ],
    "ImagingFrequency": 123.246,
    "InPlanePhaseEncodingDirectionDICOM": "ROW",
    "InstitutionAddress": "North_13th_1701_Philadelphia_PA_US_19122",
    "InstitutionName": "Temple_University_-_Weiss_Hall",
    "InstitutionalDepartmentName": "Department",
    "InversionTime": 1.15,
    "MRAcquisitionType": "3D",
    "MagneticFieldStrength": 3,
    "Manufacturer": "Siemens",
    "ManufacturersModelName": "Prisma",
    "Modality": "MR",
    "PartialFourier": 1,
    "PatientPosition": "HFS",
    "PercentPhaseFOV": 100,
    "PhaseEncodingSteps": 211,
    "PhaseOversampling": 0.1,
    "PhaseResolution": 1,
    "PixelBandwidth": 210,
    "ProcedureStepDescription": "SMITH_SRNDNA",
    "ProtocolName": "T1w-anat_mpg_07sag_iso",
    "PulseSequenceDetails": "%SiemensSeq%_tfl",
    "ReceiveCoilActiveElements": "HE1-4;NE1,2",
    "ReceiveCoilName": "HeadNeck_20",
    "ReconMatrixPE": 192,
    "RefLinesPE": 32,
    "RepetitionTime": 2.4,
    "SAR": 0.0430832,
    "ScanOptions": "IR_WE",
    "ScanningSequence": "GR_IR",
    "SequenceName": "_tfl3d1_16ns",
    "SequenceVariant": "SK_SP_MP_OSP",
    "SeriesDescription": "T1w-anat_mpg_07sag_iso",
    "SeriesNumber": 5,
    "ShimSetting": [
      1418,
      -7394,
      6445,
      227,
      -95,
      -280,
      -3,
      45
    ],
    "SliceThickness": 1,
    "SoftwareVersions": "syngo_MR_E11",
    "StationName": "AWP166048",
    "TxRefAmp": 277.551,
    "dataset": "ds003745",
    "modality": "T1w",
    "subject_id": "109"
  },
  "cjv": 0.3362179451328877,
  "cnr": 3.9307993279775646,
  "efc": 0.6256378189267612,
  "fber": 70924.90837647929,
  "fwhm_avg": 3.797136666666667,
  "fwhm_x": 3.69313,
  "fwhm_y": 3.81512,
  "fwhm_z": 3.88316,
  "icvs_csf": 0.18092527273768153,
  "icvs_gm": 0.4605308882080732,
  "icvs_wm": 0.35854383905424525,
  "inu_med": 0.3675205707550049,
  "inu_range": 0.12491776049137115,
  "provenance": {
    "md5sum": "998dd9c8d6370b4f1749703dd9899eb2",
    "settings": {
      "testing": false
    },
    "software": "mriqc",
    "version": "22.0.6",
    "warnings": {
      "large_rot_frame": true,
      "small_air_mask": false
    },
    "webapi_port": null,
    "webapi_url": "https://mriqc.nimh.nih.gov/api/v1"
  },
  "qi_1": 4.373514266739962e-05,
  "qi_2": 0.0034835806322145676,
  "rpve_csf": 18.063236264983185,
  "rpve_gm": 7.84050605560797,
  "rpve_wm": 11.550970909816638,
  "size_x": 192,
  "size_y": 192,
  "size_z": 192,
  "snr_csf": 2.6379466306362955,
  "snr_gm": 12.08875778325846,
  "snr_total": 15.22101711586319,
  "snr_wm": 30.93634693369482,
  "snrd_csf": 21.813188667735457,
  "snrd_gm": 57.235772014466214,
  "snrd_total": 52.51886191430384,
  "snrd_wm": 78.50762506070984,
  "spacing_x": 1.0,
  "spacing_y": 1.0,
  "spacing_z": 1.0,
  "summary_bg_k": 203.12127911578136,
  "summary_bg_mad": 0.0,
  "summary_bg_mean": 3.0132425564090384,
  "summary_bg_median": 0.0,
  "summary_bg_n": 1317756.0,
  "summary_bg_p05": 0.0,
  "summary_bg_p95": 12.091993488371372,
  "summary_bg_stdv": 8.345205458749735,
  "summary_csf_k": 1.5914597983025676,
  "summary_csf_mad": 80.7768008918799,
  "summary_csf_mean": 289.58552406813976,
  "summary_csf_median": 277.85899416171014,
  "summary_csf_n": 17108.0,
  "summary_csf_p05": 135.84426050698386,
  "summary_csf_p95": 493.2545435290783,
  "summary_csf_stdv": 105.32846649865628,
  "summary_gm_k": 0.11772345596199862,
  "summary_gm_mad": 59.46578633200951,
  "summary_gm_mean": 726.9649046975769,
  "summary_gm_median": 729.0760779753327,
  "summary_gm_n": 36311.0,
  "summary_gm_p05": 624.0614613238722,
  "summary_gm_p95": 822.7692693509161,
  "summary_gm_stdv": 60.30942563742029,
  "summary_wm_k": 0.6582211051781575,
  "summary_wm_mad": 31.636970068261217,
  "summary_wm_mean": 1001.3488422655676,
  "summary_wm_median": 1000.039474543184,
  "summary_wm_n": 169456.0,
  "summary_wm_p05": 950.8614160586149,
  "summary_wm_p95": 1054.2163473293185,
  "summary_wm_stdv": 32.325617693235166,
  "tpm_overlap_csf": 0.15619092920803532,
  "tpm_overlap_gm": 0.46821404361692476,
  "tpm_overlap_wm": 0.5035327150566661,
  "wm2max": 0.9038375685280094
}