{
  "aor": 0.002395462962962963,
  "aqi": 0.01923313111111111,
  "bids_meta": {
    "AcquisitionMatrixPE": 74,
    "AcquisitionNumber": 1,
    "AcquisitionTime": "",
    "BandwidthPerPixelPhaseEncode": 27.579,
    "BaseResolution": 74,
    "BodyPartExamined": "BRAIN",
    "CogAtlasID": "doi:TODO",
    "CoilString": "HE1-4;NE1_2",
    "ConsistencyInfo": "N4_VE11C_LATEST_20160120",
    "ConversionSoftware": "dcm2niix",
    "ConversionSoftwareVersion": "v1.0.20190410  GCC6.3.0",
    "DerivedVendorReportedEchoSpacing": 0.000489993,
    "DeviceSerialNumber": "166048",
    "DwellTime": 2.9e-06,
    "EchoTime": 0.023,
    "EchoTrainLength": 74,
    "EffectiveEchoSpacing": 0.000489993,
    "FlipAngle": 76,
    "ImageOrientationPatientDICOM": [
      1,
      0,
      0,
      0,
      0.954761,
      -0.297375
    ],
    "ImageType": [
      "ORIGINAL",
      "PRIMARY",
      "M",
      "ND",
      "NORM",
      "MOSAIC"
    ],
    "ImagingFrequency": 123.246,
    "InPlanePhaseEncodingDirectionDICOM": "COL",
    "InstitutionAddress": "North_13th_1701_Philadelphia_PA_US_19122",
    "InstitutionName": "Temple_University_-_Weiss_Hall",
    "InstitutionalDepartmentName": "Department",
    "MRAcquisitionType": "2D",
    "MagneticFieldStrength": 3,
    "Manufacturer": "Siemens",
    "ManufacturersModelName": "Prisma",
    "Modality": "MR",
    "PartialFourier": 1,
    "PatientPosition": "HFS",
    "PercentPhaseFOV": 100,
    "PhaseEncodingDirection": "j-",
    "PhaseEncodingSteps": 74,
    "PhaseResolution": 1,
    "PixelBandwidth": 2330,
    "ProcedureStepDescription": "SMITH_SRNDNA",
    "ProtocolName": "func-bold_trust_run4",
    "PulseSequenceDetails": "%SiemensSeq%_ep2d_bold",
    "ReceiveCoilActiveElements": "HE1-4;NE1,2",
    "ReceiveCoilName": "HeadNeck_20",
    "ReconMatrixPE": 74,
    "RepetitionTime": 2.02,
    "SAR": 0.0958013,
    "ScanOptions": "FS",
    "ScanningSequence": "EP",
    "SequenceName": "_epfid2d1_74",
    "SequenceVariant": "SK",
    "SeriesDescription": "func-bold_trust_run4",
    "SeriesNumber": 13,
    "ShimSetting": [
      1450,
      -7409,
      6556,
      526,
      104,
      87,
      -106,
      53
    ],
    "SliceThickness": 2.8,
    "SliceTiming": [
      1.945,
      1.8875,
      1.8325,
      1.7775,
      1.7225,
      1.665,
      1.61,
      1.555,
      1.5,
      1.445,
      1.3875,
      1.3325,
      1.2775,
      1.2225,
      1.165,
      1.11,
      1.055,
      1,
      0.945,
      0.8875,
      0.8325,
      0.7775,
      0.7225,
      0.6675,
      0.61,
      0.555,
      0.5,
      0.445,
      0.3875,
      0.3325,
      0.2775,
      0.2225,
      0.1675,
      0.11,
      0.055,
      0
    ],
    "SoftwareVersions": "syngo_MR_E11",
    "SpacingBetweenSlices": 3.22,
    "StationName": "AWP166048",
    "TaskName": "trust",
    "TotalReadoutTime": 0.0357695,
    "TxRefAmp": 257.693,
    "dataset": "ds003745",
    "modality": "bold",
    "run_id": 5,
    "subject_id": "130",
    "task_id": "trust"
  },
  "dummy_trs": 1,
  "dvars_nstd": 32.700647380697674,
  "dvars_std": 1.1742971917209302,
  "dvars_vstd": 0.985579572511628,
  "efc": 0.4963945626747246,
  "fber": 1868.630859375,
  "fd_mean": 0.4102299002673151,
  "fd_num": 176,
  "fd_perc": 81.48148148148148,
  "fwhm_avg": 1.687453224557571,
  "fwhm_x": 1.6589959666233398,
  "fwhm_y": 1.7723202432805925,
  "fwhm_z": 1.6310434637687803,
  "gcor": 0.0340495,
  "gsr_x": -0.007137257605791092,
  "gsr_y": 0.02362656407058239,
  "provenance": {
    "md5sum": "c2ec219f6a8b5e915ce23ca251eaf3fa",
    "settings": {
      "fd_thres": 0.2,
      "testing": false
    },
    "software": "mriqc",
    "version": "22.0.6",
    "webapi_port": null,
    "webapi_url": "https://mriqc.nimh.nih.gov/api/v1"
  },
  "size_t": 216,
  "size_x": 74,
  "size_y": 74,
  "size_z": 36,
  "snr": 6.380774856620098,
  "spacing_tr": 2.0199999809265137,
  "spacing_x": 2.972972869873047,
  "spacing_y": 2.972972869873047,
  "spacing_z": 3.2200000286102295,
  "summary_bg_k": 48.567833230663744,
  "summary_bg_mad": 9.039756764410164,
  "summary_bg_mean": 34.74477767944336,
  "summary_bg_median": 17.824073791503906,
  "summary_bg_n": 126941.0,
  "summary_bg_p05": 9.111111640930176,
  "summary_bg_p95": 116.11111450195312,
  "summary_bg_stdv": 49.48426055908203,
  "summary_fg_k": 2.5717418941187518,
  "summary_fg_mad": 110.80397440851343,
  "summary_fg_mean": 796.5194091796875,
  "summary_fg_median": 779.49072265625,
  "summary_fg_n": 33343.0,
  "summary_fg_p05": 639.8435180664062,
  "summary_fg_p95": 1009.8546508789062,
  "summary_fg_stdv": 122.16056060791016,
  "tsnr": 46.22884233901277
}