{
  "aor": 0.001123239436619718,
  "aqi": 0.0059436123004694835,
  "bids_meta": {
    "AcquisitionMatrixPE": 74,
    "AcquisitionNumber": 1,
    "AcquisitionTime": "",
    "BandwidthPerPixelPhaseEncode": 27.579,
    "BaseResolution": 74,
    "BodyPartExamined": "BRAIN",
    "CogAtlasID": "doi:TODO",
    "CoilString": "HE1-4;NE1_2",
    "ConsistencyInfo": "N4_VE11C_LATEST_20160120",
    "ConversionSoftware": "dcm2niix",
    "ConversionSoftwareVersion": "v1.0.20190410  GCC6.3.0",
    "DerivedVendorReportedEchoSpacing": 0.000489993,
    "DeviceSerialNumber": "166048",
    "DwellTime": 2.9e-06,
    "EchoTime": 0.023,
    "EchoTrainLength": 74,
    "EffectiveEchoSpacing": 0.000489993,
    "FlipAngle": 76,
    "ImageOrientationPatientDICOM": [
      1,
      0,
      0,
      0,
      0.964557,
      -0.263873
    ],
    "ImageType": [
      "ORIGINAL",
      "PRIMARY",
      "M",
      "ND",
      "NORM",
      "MOSAIC"
    ],
    "ImagingFrequency": 123.246,
    "InPlanePhaseEncodingDirectionDICOM": "COL",
    "InstitutionAddress": "North_13th_1701_Philadelphia_PA_US_19122",
    "InstitutionName": "Temple_University_-_Weiss_Hall",
    "InstitutionalDepartmentName": "Department",
    "MRAcquisitionType": "2D",
    "MagneticFieldStrength": 3,
    "Manufacturer": "Siemens",
    "ManufacturersModelName": "Prisma",
    "Modality": "MR",
    "PartialFourier": 1,
    "PatientPosition": "HFS",
    "PercentPhaseFOV": 100,
    "PhaseEncodingDirection": "j-",
    "PhaseEncodingSteps": 74,
    "PhaseResolution": 1,
    "PixelBandwidth": 2330,
    "ProcedureStepDescription": "SMITH_SRNDNA",
    "ProtocolName": "func-bold_trust_run3",
    "PulseSequenceDetails": "%SiemensSeq%_ep2d_bold",
    "ReceiveCoilActiveElements": "HE1-4;NE1,2",
    "ReceiveCoilName": "HeadNeck_20",
    "ReconMatrixPE": 74,
    "RepetitionTime": 2.02,
    "SAR": 0.0787523,
    "ScanOptions": "FS",
    "ScanningSequence": "EP",
    "SequenceName": "_epfid2d1_74",
    "SequenceVariant": "SK",
    "SeriesDescription": "func-bold_trust_run3",
    "SeriesNumber": 13,
    "ShimSetting": [
      1412,
      -7375,
      6449,
      347,
      36,
      20,
      -142,
      27
    ],
    "SliceThickness": 2.8,
    "SliceTiming": [
      1.9425,
      1.8875,
      1.8325,
      1.7775,
      1.7225,
      1.665,
      1.61,
      1.555,
      1.5,
      1.4425,
      1.3875,
      1.3325,
      1.2775,
      1.2225,
      1.165,
      1.11,
      1.055,
      1,
      0.9425,
      0.8875,
      0.8325,
      0.7775,
      0.7225,
      0.665,
      0.61,
      0.555,
      0.5,
      0.445,
      0.3875,
      0.3325,
      0.2775,
      0.2225,
      0.165,
      0.11,
      0.055,
      0
    ],
    "SoftwareVersions": "syngo_MR_E11",
    "SpacingBetweenSlices": 3.22,
    "StationName": "AWP166048",
    "TaskName": "trust",
    "TotalReadoutTime": 0.0357695,
    "TxRefAmp": 249.625,
    "dataset": "ds003745",
    "modality": "bold",
    "run_id": 4,
    "subject_id": "125",
    "task_id": "trust"
  },
  "dummy_trs": 4,
  "dvars_nstd": 22.085163512264153,
  "dvars_std": 1.2855059033962273,
  "dvars_vstd": 0.9892331505660377,
  "efc": 0.5102226631909017,
  "fber": 1934.6339111328125,
  "fd_mean": 0.11337565321072837,
  "fd_num": 19,
  "fd_perc": 8.92018779342723,
  "fwhm_avg": 1.7286608160701327,
  "fwhm_x": 1.7078561501359473,
  "fwhm_y": 1.787157243795126,
  "fwhm_z": 1.690969054279325,
  "gcor": 0.020338,
  "gsr_x": -0.020670965313911438,
  "gsr_y": 0.036380499601364136,
  "provenance": {
    "md5sum": "bc572901b2ceec8050c3b5b25dc54fbb",
    "settings": {
      "fd_thres": 0.2,
      "testing": false
    },
    "software": "mriqc",
    "version": "22.0.6",
    "webapi_port": null,
    "webapi_url": "https://mriqc.nimh.nih.gov/api/v1"
  },
  "size_t": 213,
  "size_x": 74,
  "size_y": 74,
  "size_z": 36,
  "snr": 7.286409973572152,
  "spacing_tr": 2.0199999809265137,
  "spacing_x": 2.972972869873047,
  "spacing_y": 2.972972869873047,
  "spacing_z": 3.2199997901916504,
  "summary_bg_k": 29.03530015293415,
  "summary_bg_mad": 8.97217988831224,
  "summary_bg_mean": 44.367549896240234,
  "summary_bg_median": 18.821596145629883,
  "summary_bg_n": 126232.0,
  "summary_bg_p05": 10.2910795211792,
  "summary_bg_p95": 171.11737060546875,
  "summary_bg_stdv": 76.03816223144531,
  "summary_fg_k": 1.8883155310492041,
  "summary_fg_mad": 112.46891570601615,
  "summary_fg_mean": 845.0101318359375,
  "summary_fg_median": 834.7418212890625,
  "summary_fg_n": 33865.0,
  "summary_fg_p05": 688.977490234375,
  "summary_fg_p95": 1034.3145263671875,
  "summary_fg_stdv": 114.55977630615234,
  "tsnr": 87.80026637599804
}