{
  "bids_meta": {
    "AcquisitionMatrixPE": 192,
    "AcquisitionNumber": 1,
    "AcquisitionTime": "13:23:8.260000",
    "BaseResolution": 192,
    "BodyPartExamined": "BRAIN",
    "CoilString": "HE1-4;NE1_2",
    "ConsistencyInfo": "N4_VE11C_LATEST_20160120",
    "ConversionSoftware": "dcm2niix",
    "ConversionSoftwareVersion": "v1.0.20190410  GCC6.3.0",
    "DeviceSerialNumber": "166048",
    "DwellTime": 1.24e-05,
    "EchoTime": 0.0022,
    "FlipAngle": 8,
    "ImageOrientationPatientDICOM": [
      0,
      1,
      0,
      0,
      0,
      -1
    ],
    "ImageType": [
      "ORIGINAL",
      "PRIMARY",
      "M",
      "ND",
      "NORM",
      "FM3",
      "2",
      "FIL"
    ],
    "ImagingFrequency": 123.246,
    "InPlanePhaseEncodingDirectionDICOM": "ROW",
    "InstitutionAddress": "North_13th_1701_Philadelphia_PA_US_19122",
    "InstitutionName": "Temple_University_-_Weiss_Hall",
    "InstitutionalDepartmentName": "Department",
    "InversionTime": 1.15,
    "MRAcquisitionType": "3D",
    "MagneticFieldStrength": 3,
    "Manufacturer": "Siemens",
    "ManufacturersModelName": "Prisma",
    "Modality": "MR",
    "PartialFourier": 1,
    "PatientPosition": "HFS",
    "PercentPhaseFOV": 100,
    "PhaseEncodingSteps": 211,
    "PhaseOversampling": 0.1,
    "PhaseResolution": 1,
    "PixelBandwidth": 210,
    "ProcedureStepDescription": "SMITH_SRNDNA",
    "ProtocolName": "T1w-anat_mpg_07sag_iso",
    "PulseSequenceDetails": "%SiemensSeq%_tfl",
    "ReceiveCoilActiveElements": "HE1-4;NE1,2",
    "ReceiveCoilName": "HeadNeck_20",
    "ReconMatrixPE": 192,
    "RefLinesPE": 32,
    "RepetitionTime": 2.4,
    "SAR": 0.0365861,
    "ScanOptions": "IR_WE",
    "ScanningSequence": "GR_IR",
    "SequenceName": "_tfl3d1_16ns",
    "SequenceVariant": "SK_SP_MP_OSP",
    "SeriesDescription": "T1w-anat_mpg_07sag_iso",
    "SeriesNumber": 5,
    "ShimSetting": [
      1426,
      -7381,
      6191,
      59,
      146,
      425,
      -800,
      170
    ],
    "SliceThickness": 1,
    "SoftwareVersions": "syngo_MR_E11",
    "StationName": "AWP166048",
    "TxRefAmp": 262.506,
    "dataset": "ds003745",
    "modality": "T1w",
    "subject_id": "106"
  },
  "cjv": 0.2957272548191736,
  "cnr": 4.4024778188013745,
  "efc": 0.6301190751192702,
  "fber": 25502.093789062503,
  "fwhm_avg": 3.84341,
  "fwhm_x": 3.77732,
  "fwhm_y": 3.73387,
  "fwhm_z": 4.01904,
  "icvs_csf": 0.18536570749681985,
  "icvs_gm": 0.46439973843056315,
  "icvs_wm": 0.350234554072617,
  "inu_med": 0.4436990022659302,
  "inu_range": 0.16629487276077265,
  "provenance": {
    "md5sum": "3a3a03a9f38738d42adaa960f851f3e7",
    "settings": {
      "testing": false
    },
    "software": "mriqc",
    "version": "22.0.6",
    "warnings": {
      "large_rot_frame": true,
      "small_air_mask": false
    },
    "webapi_port": null,
    "webapi_url": "https://mriqc.nimh.nih.gov/api/v1"
  },
  "qi_1": 0.0,
  "qi_2": 0.009766580774310462,
  "rpve_csf": 16.763987947078196,
  "rpve_gm": 7.421528827073965,
  "rpve_wm": 11.043498418325349,
  "size_x": 192,
  "size_y": 192,
  "size_z": 192,
  "snr_csf": 1.5900375534861098,
  "snr_gm": 13.905500570774274,
  "snr_total": 15.024816477253198,
  "snr_wm": 29.57891130749921,
  "snrd_csf": 33.22068254076703,
  "snrd_gm": 87.93325820184795,
  "snrd_total": 80.79601765240595,
  "snrd_wm": 121.23411221460289,
  "spacing_x": 1.0,
  "spacing_y": 1.0,
  "spacing_z": 1.0,
  "summary_bg_k": 5.4772151461456104,
  "summary_bg_mad": 0.0,
  "summary_bg_mean": 3.9568815174035774,
  "summary_bg_median": 0.0,
  "summary_bg_n": 1341314.0,
  "summary_bg_p05": 0.0,
  "summary_bg_p95": 14.549195777624846,
  "summary_bg_stdv": 5.404159761516047,
  "summary_csf_k": 12.912764128750615,
  "summary_csf_mad": 106.98180746720259,
  "summary_csf_mean": 310.4966473291182,
  "summary_csf_median": 274.0343474075198,
  "summary_csf_n": 20813.0,
  "summary_csf_p05": 129.57601936496795,
  "summary_csf_p95": 553.0653883144257,
  "summary_csf_stdv": 172.34043527969175,
  "summary_gm_k": 0.2664390400350829,
  "summary_gm_mad": 50.83996281537122,
  "summary_gm_mean": 724.7584746923626,
  "summary_gm_median": 725.3533396609128,
  "summary_gm_n": 61605.0,
  "summary_gm_p05": 638.6949984803796,
  "summary_gm_p95": 808.7540326286107,
  "summary_gm_stdv": 52.16262793380396,
  "summary_wm_k": 0.9739944023180391,
  "summary_wm_mad": 30.395034911761222,
  "summary_wm_mean": 1001.3199624934851,
  "summary_wm_median": 1000.0490141492337,
  "summary_wm_n": 198138.0,
  "summary_wm_p05": 948.294046677649,
  "summary_wm_p95": 1058.8336435537785,
  "summary_wm_stdv": 33.80944214383887,
  "tpm_overlap_csf": 0.15259716129595166,
  "tpm_overlap_gm": 0.4767606763386335,
  "tpm_overlap_wm": 0.5086397290275831,
  "wm2max": 0.7640864008443603
}