{
  "bids_meta": {
    "AcquisitionMatrixPE": 192,
    "AcquisitionNumber": 1,
    "AcquisitionTime": "16:09:34.537500",
    "BaseResolution": 192,
    "BodyPartExamined": "BRAIN",
    "CoilString": "HE1-4;NE1_2",
    "ConsistencyInfo": "N4_VE11C_LATEST_20160120",
    "ConversionSoftware": "dcm2niix",
    "ConversionSoftwareVersion": "v1.0.20190410  GCC6.3.0",
    "DeviceSerialNumber": "166048",
    "DwellTime": 3.5e-06,
    "EchoTime": 0.567,
    "EchoTrainLength": 314,
    "FlipAngle": 120,
    "ImageOrientationPatientDICOM": [
      0,
      1,
      0,
      0,
      0,
      -1
    ],
    "ImageType": [
      "ORIGINAL",
      "PRIMARY",
      "M",
      "ND",
      "NORM"
    ],
    "ImagingFrequency": 123.246,
    "InPlanePhaseEncodingDirectionDICOM": "ROW",
    "InstitutionAddress": "North_13th_1701_Philadelphia_PA_US_19122",
    "InstitutionName": "Temple_University_-_Weiss_Hall",
    "InstitutionalDepartmentName": "Department",
    "MRAcquisitionType": "3D",
    "MagneticFieldStrength": 3,
    "Manufacturer": "Siemens",
    "ManufacturersModelName": "Prisma",
    "Modality": "MR",
    "PartialFourier": 1,
    "PatientPosition": "HFS",
    "PercentPhaseFOV": 100,
    "PhaseEncodingSteps": 209,
    "PhaseOversampling": 0.1,
    "PhaseResolution": 1,
    "PixelBandwidth": 745,
    "ProcedureStepDescription": "SMITH_SRNDNA",
    "ProtocolName": "T2w-anat_spc_07sag_iso",
    "PulseSequenceDetails": "%SiemensSeq%_tse_vfl",
    "ReceiveCoilActiveElements": "HE1-4;NE1,2",
    "ReceiveCoilName": "HeadNeck_20",
    "ReconMatrixPE": 192,
    "RefLinesPE": 32,
    "RepetitionTime": 3.2,
    "SAR": 0.194051,
    "ScanOptions": "PFP",
    "ScanningSequence": "SE",
    "SequenceName": "_spc_314ns",
    "SequenceVariant": "SK_SP_OSP",
    "SeriesDescription": "T2w-anat_spc_07sag_iso",
    "SeriesNumber": 3,
    "ShimSetting": [
      1422,
      -7449,
      6471,
      49,
      39,
      -264,
      -32,
      45
    ],
    "SliceThickness": 1,
    "SoftwareVersions": "syngo_MR_E11",
    "StationName": "AWP166048",
    "TxRefAmp": 295.87,
    "dataset": "ds003745",
    "modality": "T2w",
    "subject_id": "131"
  },
  "cjv": 0.5044554048465311,
  "cnr": 2.4634521870794885,
  "efc": 0.6475061152796678,
  "fber": 341.514077621841,
  "fwhm_avg": 2.78206,
  "fwhm_x": 2.53752,
  "fwhm_y": 3.0894,
  "fwhm_z": 2.71926,
  "icvs_csf": 0.3256270563203827,
  "icvs_gm": 0.591779171396907,
  "icvs_wm": 0.08259377228271027,
  "inu_med": 0.8809808790683746,
  "inu_range": 0.248123535513878,
  "provenance": {
    "md5sum": "8c155f23176469ea04e5669d325508ef",
    "settings": {
      "testing": false
    },
    "software": "mriqc",
    "version": "22.0.6",
    "warnings": {
      "large_rot_frame": true,
      "small_air_mask": false
    },
    "webapi_port": null,
    "webapi_url": "https://mriqc.nimh.nih.gov/api/v1"
  },
  "qi_1": 0.0,
  "qi_2": 0.0005883305907450184,
  "rpve_csf": 9.1502894823607,
  "rpve_gm": 5.882607310378434,
  "rpve_wm": 37.67223568558849,
  "size_x": 192,
  "size_y": 192,
  "size_z": 192,
  "snr_csf": 5.226856796761033,
  "snr_gm": 5.669394210209623,
  "snr_total": 4.085395917070689,
  "snr_wm": 1.3599367442414123,
  "snrd_csf": 93.63561554750726,
  "snrd_gm": 37.13774495201835,
  "snrd_total": 47.26331849802808,
  "snrd_wm": 11.016594994558636,
  "spacing_x": 1.0,
  "spacing_y": 1.0,
  "spacing_z": 1.0,
  "summary_bg_k": 3.449553064248547,
  "summary_bg_mad": 59.427041227385274,
  "summary_bg_mean": 134.22102313237596,
  "summary_bg_median": 40.08293019235134,
  "summary_bg_n": 1522900.0,
  "summary_bg_p05": 0.0,
  "summary_bg_p95": 497.97610810399055,
  "summary_bg_stdv": 179.5203559294631,
  "summary_csf_k": -0.44740019651885987,
  "summary_csf_mad": 1836.6761411852965,
  "summary_csf_mean": 8518.978148427777,
  "summary_csf_median": 8493.632143616676,
  "summary_csf_n": 59297.0,
  "summary_csf_p05": 5820.9102565050125,
  "summary_csf_p95": 10903.583767181633,
  "summary_csf_stdv": 1624.984355639778,
  "summary_gm_k": 0.0382030160555753,
  "summary_gm_mad": 591.0502277738466,
  "summary_gm_mean": 3380.041315191833,
  "summary_gm_median": 3368.7432118803263,
  "summary_gm_n": 142266.0,
  "summary_gm_p05": 2421.956757336855,
  "summary_gm_p95": 4377.480500649661,
  "summary_gm_stdv": 594.1960017879027,
  "summary_wm_k": 70.41998997353343,
  "summary_wm_mad": 604.2237098193261,
  "summary_wm_mean": 1103.149712229891,
  "summary_wm_median": 999.3089147955179,
  "summary_wm_n": 4131.0,
  "summary_wm_p05": 217.69177604466677,
  "summary_wm_p95": 2198.0452162623405,
  "summary_wm_stdv": 734.7311992880042,
  "tpm_overlap_csf": 0.14714222297352642,
  "tpm_overlap_gm": 0.38073481882996,
  "tpm_overlap_wm": 0.06287823779772922,
  "wm2max": 0.09008695259949773
}