{
  "bids_meta": {
    "AcquisitionMatrixPE": 192,
    "AcquisitionNumber": 1,
    "AcquisitionTime": "16:13:38.285000",
    "BaseResolution": 192,
    "BodyPartExamined": "BRAIN",
    "CoilString": "HE1-4;NE1_2",
    "ConsistencyInfo": "N4_VE11C_LATEST_20160120",
    "ConversionSoftware": "dcm2niix",
    "ConversionSoftwareVersion": "v1.0.20190410  GCC6.3.0",
    "DeviceSerialNumber": "166048",
    "DwellTime": 1.24e-05,
    "EchoTime": 0.0022,
    "FlipAngle": 8,
    "ImageOrientationPatientDICOM": [
      0,
      1,
      0,
      0,
      0,
      -1
    ],
    "ImageType": [
      "ORIGINAL",
      "PRIMARY",
      "M",
      "ND",
      "NORM",
      "FM3",
      "2",
      "FIL"
    ],
    "ImagingFrequency": 123.246,
    "InPlanePhaseEncodingDirectionDICOM": "ROW",
    "InstitutionAddress": "North_13th_1701_Philadelphia_PA_US_19122",
    "InstitutionName": "Temple_University_-_Weiss_Hall",
    "InstitutionalDepartmentName": "Department",
    "InversionTime": 1.15,
    "MRAcquisitionType": "3D",
    "MagneticFieldStrength": 3,
    "Manufacturer": "Siemens",
    "ManufacturersModelName": "Prisma",
    "Modality": "MR",
    "PartialFourier": 1,
    "PatientPosition": "HFS",
    "PercentPhaseFOV": 100,
    "PhaseEncodingSteps": 211,
    "PhaseOversampling": 0.1,
    "PhaseResolution": 1,
    "PixelBandwidth": 210,
    "ProcedureStepDescription": "SMITH_SRNDNA",
    "ProtocolName": "T1w-anat_mpg_07sag_iso",
    "PulseSequenceDetails": "%SiemensSeq%_tfl",
    "ReceiveCoilActiveElements": "HE1-4;NE1,2",
    "ReceiveCoilName": "HeadNeck_20",
    "ReconMatrixPE": 192,
    "RefLinesPE": 32,
    "RepetitionTime": 2.4,
    "SAR": 0.0528277,
    "ScanOptions": "IR_WE",
    "ScanningSequence": "GR_IR",
    "SequenceName": "_tfl3d1_16ns",
    "SequenceVariant": "SK_SP_MP_OSP",
    "SeriesDescription": "T1w-anat_mpg_07sag_iso",
    "SeriesNumber": 5,
    "ShimSetting": [
      1422,
      -7449,
      6471,
      49,
      39,
      -264,
      -32,
      45
    ],
    "SliceThickness": 1,
    "SoftwareVersions": "syngo_MR_E11",
    "StationName": "AWP166048",
    "TxRefAmp": 295.87,
    "dataset": "ds003745",
    "modality": "T1w",
    "subject_id": "131"
  },
  "cjv": 0.5059996612668826,
  "cnr": 2.6214338390175715,
  "efc": 0.6991654343133685,
  "fber": 4046.6670171176597,
  "fwhm_avg": 4.184336666666667,
  "fwhm_x": 3.97032,
  "fwhm_y": 4.35849,
  "fwhm_z": 4.2242,
  "icvs_csf": 0.18200796091693403,
  "icvs_gm": 0.3687267049229612,
  "icvs_wm": 0.4492653341601047,
  "inu_med": 0.7418078780174255,
  "inu_range": 0.38848860561847687,
  "provenance": {
    "md5sum": "83dead0c2b51e0ec56254e04d1c23d46",
    "settings": {
      "testing": false
    },
    "software": "mriqc",
    "version": "22.0.6",
    "warnings": {
      "large_rot_frame": true,
      "small_air_mask": false
    },
    "webapi_port": null,
    "webapi_url": "https://mriqc.nimh.nih.gov/api/v1"
  },
  "qi_1": 6.906632518463919e-05,
  "qi_2": 0.0027547453009899663,
  "rpve_csf": 17.348424099989845,
  "rpve_gm": 8.001549573576867,
  "rpve_wm": 8.078525960971488,
  "size_x": 192,
  "size_y": 192,
  "size_z": 192,
  "snr_csf": 2.5205529351128577,
  "snr_gm": 11.028046815985364,
  "snr_total": 8.940325077544264,
  "snr_wm": 13.272375481534565,
  "snrd_csf": 20.94524409338907,
  "snrd_gm": 50.143876682086876,
  "snrd_total": 46.683279820431046,
  "snrd_wm": 68.96071868581721,
  "spacing_x": 1.0,
  "spacing_y": 1.0,
  "spacing_z": 1.0,
  "summary_bg_k": 8.074652399387451,
  "summary_bg_mad": 9.50081502094981,
  "summary_bg_mean": 18.590715691120803,
  "summary_bg_median": 6.408202350139618,
  "summary_bg_n": 1581527.0,
  "summary_bg_p05": 0.0,
  "summary_bg_p95": 78.60728216171265,
  "summary_bg_stdv": 28.47568631604532,
  "summary_csf_k": 0.07256083237505706,
  "summary_csf_mad": 122.87720760428421,
  "summary_csf_mean": 306.63999571405964,
  "summary_csf_median": 303.7487913966179,
  "summary_csf_n": 29203.0,
  "summary_csf_p05": 112.07589899152518,
  "summary_csf_p95": 507.4192626461386,
  "summary_csf_stdv": 120.50672948666852,
  "summary_gm_k": 0.03691768702365161,
  "summary_gm_mad": 64.86945367081842,
  "summary_gm_mean": 727.1620896133857,
  "summary_gm_median": 727.1885622441769,
  "summary_gm_n": 11388.0,
  "summary_gm_p05": 617.5638006515801,
  "summary_gm_p95": 836.8863061413168,
  "summary_gm_stdv": 65.93702818215881,
  "summary_wm_k": 0.3434728373220155,
  "summary_wm_mad": 73.20905796698548,
  "summary_wm_mean": 1007.9085704585164,
  "summary_wm_median": 1000.0711789876223,
  "summary_wm_n": 193821.0,
  "summary_wm_p05": 900.2812279462814,
  "summary_wm_p95": 1146.7122094333172,
  "summary_wm_stdv": 75.3496313069361,
  "tpm_overlap_csf": 0.1664339903316613,
  "tpm_overlap_gm": 0.3899006157495761,
  "tpm_overlap_wm": 0.47205940573897326,
  "wm2max": 0.622624838125245
}