{
  "aor": 0.007952304147465438,
  "aqi": 0.03827578479262673,
  "bids_meta": {
    "AcquisitionMatrixPE": 74,
    "AcquisitionNumber": 1,
    "AcquisitionTime": "",
    "BandwidthPerPixelPhaseEncode": 27.579,
    "BaseResolution": 74,
    "BodyPartExamined": "BRAIN",
    "CogAtlasID": "doi:TODO",
    "CoilString": "HE1-4;NE1_2",
    "ConsistencyInfo": "N4_VE11C_LATEST_20160120",
    "ConversionSoftware": "dcm2niix",
    "ConversionSoftwareVersion": "v1.0.20190410  GCC6.3.0",
    "DerivedVendorReportedEchoSpacing": 0.000489993,
    "DeviceSerialNumber": "166048",
    "DwellTime": 2.9e-06,
    "EchoTime": 0.023,
    "EchoTrainLength": 74,
    "EffectiveEchoSpacing": 0.000489993,
    "FlipAngle": 76,
    "ImageOrientationPatientDICOM": [
      1,
      0,
      0,
      0,
      0.998806,
      0.0488498
    ],
    "ImageType": [
      "ORIGINAL",
      "PRIMARY",
      "M",
      "ND",
      "NORM",
      "MOSAIC"
    ],
    "ImagingFrequency": 123.246,
    "InPlanePhaseEncodingDirectionDICOM": "COL",
    "InstitutionAddress": "North_13th_1701_Philadelphia_PA_US_19122",
    "InstitutionName": "Temple_University_-_Weiss_Hall",
    "InstitutionalDepartmentName": "Department",
    "MRAcquisitionType": "2D",
    "MagneticFieldStrength": 3,
    "Manufacturer": "Siemens",
    "ManufacturersModelName": "Prisma",
    "Modality": "MR",
    "PartialFourier": 1,
    "PatientPosition": "HFS",
    "PercentPhaseFOV": 100,
    "PhaseEncodingDirection": "j-",
    "PhaseEncodingSteps": 74,
    "PhaseResolution": 1,
    "PixelBandwidth": 2330,
    "ProcedureStepDescription": "SMITH_SRNDNA",
    "ProtocolName": "func-bold_trust_run1",
    "PulseSequenceDetails": "%SiemensSeq%_ep2d_bold",
    "ReceiveCoilActiveElements": "HE1-4;NE1,2",
    "ReceiveCoilName": "HeadNeck_20",
    "ReconMatrixPE": 74,
    "RepetitionTime": 2.02,
    "SAR": 0.11881,
    "ScanOptions": "FS",
    "ScanningSequence": "EP",
    "SequenceName": "_epfid2d1_74",
    "SequenceVariant": "SK",
    "SeriesDescription": "func-bold_trust_run1",
    "SeriesNumber": 11,
    "ShimSetting": [
      1421,
      -7521,
      6561,
      273,
      36,
      -146,
      -129,
      84
    ],
    "SliceThickness": 2.8,
    "SliceTiming": [
      1.945,
      1.89,
      1.835,
      1.7775,
      1.7225,
      1.6675,
      1.6125,
      1.555,
      1.5,
      1.445,
      1.39,
      1.335,
      1.2775,
      1.2225,
      1.1675,
      1.1125,
      1.0575,
      1,
      0.945,
      0.89,
      0.835,
      0.7775,
      0.7225,
      0.6675,
      0.6125,
      0.5575,
      0.5,
      0.445,
      0.39,
      0.335,
      0.2775,
      0.2225,
      0.1675,
      0.1125,
      0.0575,
      0
    ],
    "SoftwareVersions": "syngo_MR_E11",
    "SpacingBetweenSlices": 3.22,
    "StationName": "AWP166048",
    "TaskName": "trust",
    "TotalReadoutTime": 0.0357695,
    "TxRefAmp": 262.205,
    "dataset": "ds003745",
    "modality": "bold",
    "run_id": 2,
    "subject_id": "156",
    "task_id": "trust"
  },
  "dummy_trs": 0,
  "dvars_nstd": 34.29143424412037,
  "dvars_std": 1.044921525185185,
  "dvars_vstd": 0.9159433507870374,
  "efc": 0.4862582763894489,
  "fber": 2050.0859375,
  "fd_mean": 0.533978549899374,
  "fd_num": 112,
  "fd_perc": 51.61290322580645,
  "fwhm_avg": 1.7881981830358697,
  "fwhm_x": 1.710469695681128,
  "fwhm_y": 1.9561093405633176,
  "fwhm_z": 1.6980155128631633,
  "gcor": 0.0175556,
  "gsr_x": -0.017278045415878296,
  "gsr_y": 0.03890271484851837,
  "provenance": {
    "md5sum": "f7056437edeafe4b9020ae7005016611",
    "settings": {
      "fd_thres": 0.2,
      "testing": false
    },
    "software": "mriqc",
    "version": "22.0.6",
    "webapi_port": null,
    "webapi_url": "https://mriqc.nimh.nih.gov/api/v1"
  },
  "size_t": 217,
  "size_x": 74,
  "size_y": 74,
  "size_z": 36,
  "snr": 7.161938715117537,
  "spacing_tr": 2.0199999809265137,
  "spacing_x": 2.972972869873047,
  "spacing_y": 2.972972869873047,
  "spacing_z": 3.2200000286102295,
  "summary_bg_k": 24.473780048812497,
  "summary_bg_mad": 7.064566146118496,
  "summary_bg_mean": 29.581552505493164,
  "summary_bg_median": 13.677419662475586,
  "summary_bg_n": 130561.0,
  "summary_bg_p05": 7.447004795074463,
  "summary_bg_p95": 109.57142639160156,
  "summary_bg_stdv": 46.92071533203125,
  "summary_fg_k": 2.065922494535002,
  "summary_fg_mad": 83.27507179570654,
  "summary_fg_mean": 628.0205078125,
  "summary_fg_median": 620.6129150390625,
  "summary_fg_n": 30570.0,
  "summary_fg_p05": 511.00668182373045,
  "summary_fg_p95": 772.6502105712891,
  "summary_fg_stdv": 86.65290069580078,
  "tsnr": 34.69733898458071
}