{
  "bids_meta": {
    "AcquisitionMatrixPE": 192,
    "AcquisitionNumber": 1,
    "AcquisitionTime": "17:21:43.275000",
    "BaseResolution": 192,
    "BodyPartExamined": "BRAIN",
    "CoilString": "HE1-4;NE1_2",
    "ConsistencyInfo": "N4_VE11C_LATEST_20160120",
    "ConversionSoftware": "dcm2niix",
    "ConversionSoftwareVersion": "v1.0.20190410  GCC6.3.0",
    "DeviceSerialNumber": "166048",
    "DwellTime": 1.24e-05,
    "EchoTime": 0.0022,
    "FlipAngle": 8,
    "ImageOrientationPatientDICOM": [
      0,
      1,
      0,
      0,
      0,
      -1
    ],
    "ImageType": [
      "ORIGINAL",
      "PRIMARY",
      "M",
      "ND",
      "NORM",
      "FM3",
      "2",
      "FIL"
    ],
    "ImagingFrequency": 123.246,
    "InPlanePhaseEncodingDirectionDICOM": "ROW",
    "InstitutionAddress": "North_13th_1701_Philadelphia_PA_US_19122",
    "InstitutionName": "Temple_University_-_Weiss_Hall",
    "InstitutionalDepartmentName": "Department",
    "InversionTime": 1.15,
    "MRAcquisitionType": "3D",
    "MagneticFieldStrength": 3,
    "Manufacturer": "Siemens",
    "ManufacturersModelName": "Prisma",
    "Modality": "MR",
    "PartialFourier": 1,
    "PatientPosition": "HFS",
    "PercentPhaseFOV": 100,
    "PhaseEncodingSteps": 211,
    "PhaseOversampling": 0.1,
    "PhaseResolution": 1,
    "PixelBandwidth": 210,
    "ProcedureStepDescription": "SMITH_SRNDNA",
    "ProtocolName": "T1w-anat_mpg_07sag_iso",
    "PulseSequenceDetails": "%SiemensSeq%_tfl",
    "ReceiveCoilActiveElements": "HE1-4;NE1,2",
    "ReceiveCoilName": "HeadNeck_20",
    "ReconMatrixPE": 192,
    "RefLinesPE": 32,
    "RepetitionTime": 2.4,
    "SAR": 0.0381996,
    "ScanOptions": "IR_WE",
    "ScanningSequence": "GR_IR",
    "SequenceName": "_tfl3d1_16ns",
    "SequenceVariant": "SK_SP_MP_OSP",
    "SeriesDescription": "T1w-anat_mpg_07sag_iso",
    "SeriesNumber": 6,
    "ShimSetting": [
      1414,
      -7404,
      6428,
      369,
      62,
      -302,
      -34,
      28
    ],
    "SliceThickness": 1,
    "SoftwareVersions": "syngo_MR_E11",
    "StationName": "AWP166048",
    "TxRefAmp": 249.625,
    "dataset": "ds003745",
    "modality": "T1w",
    "subject_id": "125"
  },
  "cjv": 0.31448323595114114,
  "cnr": 4.10450435319694,
  "efc": 0.6129478228241004,
  "fber": 37890.44298949329,
  "fwhm_avg": 3.9885,
  "fwhm_x": 3.85654,
  "fwhm_y": 4.05904,
  "fwhm_z": 4.04992,
  "icvs_csf": 0.20907991064056763,
  "icvs_gm": 0.4417715867700806,
  "icvs_wm": 0.34914850258935176,
  "inu_med": 0.3694598078727722,
  "inu_range": 0.11584758758544922,
  "provenance": {
    "md5sum": "0a8e882ef86fcec5851ea40c0cf44747",
    "settings": {
      "testing": false
    },
    "software": "mriqc",
    "version": "22.0.6",
    "warnings": {
      "large_rot_frame": true,
      "small_air_mask": false
    },
    "webapi_port": null,
    "webapi_url": "https://mriqc.nimh.nih.gov/api/v1"
  },
  "qi_1": 0.0,
  "qi_2": 0.008299650980859847,
  "rpve_csf": 17.17476770697982,
  "rpve_gm": 8.588703949794233,
  "rpve_wm": 12.60994369930285,
  "size_x": 192,
  "size_y": 192,
  "size_z": 192,
  "snr_csf": 2.401788166783717,
  "snr_gm": 12.24277146397949,
  "snr_total": 15.444125496266532,
  "snr_wm": 31.687816858036385,
  "snrd_csf": 32.82994391049342,
  "snrd_gm": 98.80642276096046,
  "snrd_total": 89.36145704813471,
  "snrd_wm": 136.44800447295026,
  "spacing_x": 1.0,
  "spacing_y": 1.0,
  "spacing_z": 1.0,
  "summary_bg_k": 760.2863053806158,
  "summary_bg_mad": 0.0,
  "summary_bg_mean": 2.9560771506911094,
  "summary_bg_median": 0.0,
  "summary_bg_n": 1361483.0,
  "summary_bg_p05": 0.0,
  "summary_bg_p95": 12.26171699538827,
  "summary_bg_stdv": 4.801555219713699,
  "summary_csf_k": 1.1702090318358014,
  "summary_csf_mad": 82.11800975973868,
  "summary_csf_mean": 257.623993261553,
  "summary_csf_median": 240.6136928834021,
  "summary_csf_n": 24621.0,
  "summary_csf_p05": 123.9973632209003,
  "summary_csf_p95": 459.14429349452257,
  "summary_csf_stdv": 100.17902902946335,
  "summary_gm_k": 0.2347350965409598,
  "summary_gm_mad": 56.9547265235024,
  "summary_gm_mean": 723.9729125264967,
  "summary_gm_median": 724.1614035628736,
  "summary_gm_n": 37672.0,
  "summary_gm_p05": 625.1075331531465,
  "summary_gm_p95": 820.3948790356517,
  "summary_gm_stdv": 59.149335118162625,
  "summary_wm_k": 0.8463344639891797,
  "summary_wm_mad": 29.804478081811983,
  "summary_wm_mean": 1000.7826083181396,
  "summary_wm_median": 1000.040034558624,
  "summary_wm_n": 171562.0,
  "summary_wm_p05": 950.7531329654157,
  "summary_wm_p95": 1052.5473871082067,
  "summary_wm_stdv": 31.559041271907198,
  "tpm_overlap_csf": 0.1619477395242679,
  "tpm_overlap_gm": 0.4784060306192976,
  "tpm_overlap_wm": 0.5251139388509714,
  "wm2max": 0.9049851567591051
}