{
  "aor": 0.0012143055555555557,
  "aqi": 0.012672575601851853,
  "bids_meta": {
    "AcquisitionMatrixPE": 74,
    "AcquisitionNumber": 1,
    "AcquisitionTime": "",
    "BandwidthPerPixelPhaseEncode": 27.579,
    "BaseResolution": 74,
    "BodyPartExamined": "BRAIN",
    "CogAtlasID": "doi:TODO",
    "CoilString": "HE1-4;NE1_2",
    "ConsistencyInfo": "N4_VE11C_LATEST_20160120",
    "ConversionSoftware": "dcm2niix",
    "ConversionSoftwareVersion": "v1.0.20190410  GCC6.3.0",
    "DerivedVendorReportedEchoSpacing": 0.000489993,
    "DeviceSerialNumber": "166048",
    "DwellTime": 2.9e-06,
    "EchoTime": 0.023,
    "EchoTrainLength": 74,
    "EffectiveEchoSpacing": 0.000489993,
    "FlipAngle": 76,
    "ImageOrientationPatientDICOM": [
      1,
      0,
      0,
      0,
      0.96363,
      -0.267238
    ],
    "ImageType": [
      "ORIGINAL",
      "PRIMARY",
      "M",
      "ND",
      "NORM",
      "MOSAIC"
    ],
    "ImagingFrequency": 123.246,
    "InPlanePhaseEncodingDirectionDICOM": "COL",
    "InstitutionAddress": "North_13th_1701_Philadelphia_PA_US_19122",
    "InstitutionName": "Temple_University_-_Weiss_Hall",
    "InstitutionalDepartmentName": "Department",
    "MRAcquisitionType": "2D",
    "MagneticFieldStrength": 3,
    "Manufacturer": "Siemens",
    "ManufacturersModelName": "Prisma",
    "Modality": "MR",
    "PartialFourier": 1,
    "PatientPosition": "HFS",
    "PercentPhaseFOV": 100,
    "PhaseEncodingDirection": "j-",
    "PhaseEncodingSteps": 74,
    "PhaseResolution": 1,
    "PixelBandwidth": 2330,
    "ProcedureStepDescription": "SMITH_SRNDNA",
    "ProtocolName": "func-bold_trust_run2",
    "PulseSequenceDetails": "%SiemensSeq%_ep2d_bold",
    "ReceiveCoilActiveElements": "HE1-4;NE1,2",
    "ReceiveCoilName": "HeadNeck_20",
    "ReconMatrixPE": 74,
    "RepetitionTime": 2.02,
    "SAR": 0.122885,
    "ScanOptions": "FS",
    "ScanningSequence": "EP",
    "SequenceName": "_epfid2d1_74",
    "SequenceVariant": "SK",
    "SeriesDescription": "func-bold_trust_run2",
    "SeriesNumber": 11,
    "ShimSetting": [
      1441,
      -7503,
      6605,
      351,
      82,
      -239,
      0,
      21
    ],
    "SliceThickness": 2.8,
    "SliceTiming": [
      1.945,
      1.89,
      1.835,
      1.7775,
      1.7225,
      1.6675,
      1.6125,
      1.5575,
      1.5,
      1.445,
      1.39,
      1.335,
      1.2775,
      1.2225,
      1.1675,
      1.1125,
      1.0575,
      1,
      0.945,
      0.89,
      0.835,
      0.7775,
      0.7225,
      0.6675,
      0.6125,
      0.5575,
      0.5,
      0.445,
      0.39,
      0.335,
      0.2775,
      0.2225,
      0.1675,
      0.1125,
      0.0575,
      0
    ],
    "SoftwareVersions": "syngo_MR_E11",
    "SpacingBetweenSlices": 3.22,
    "StationName": "AWP166048",
    "TaskName": "trust",
    "TotalReadoutTime": 0.0357695,
    "TxRefAmp": 290.758,
    "dataset": "ds003745",
    "modality": "bold",
    "run_id": 3,
    "subject_id": "147",
    "task_id": "trust"
  },
  "dummy_trs": 1,
  "dvars_nstd": 38.232858896883705,
  "dvars_std": 1.3890976522325575,
  "dvars_vstd": 0.962683687581395,
  "efc": 0.5001721155758715,
  "fber": 1810.5855712890625,
  "fd_mean": 0.31151666903034,
  "fd_num": 158,
  "fd_perc": 73.14814814814815,
  "fwhm_avg": 1.7570054500955141,
  "fwhm_x": 1.7016536044663033,
  "fwhm_y": 1.8147726992982587,
  "fwhm_z": 1.7545900465219801,
  "gcor": 0.0122993,
  "gsr_x": -0.019815336912870407,
  "gsr_y": 0.017309850081801414,
  "provenance": {
    "md5sum": "c316c5ec6849329d20eaa70b63ed97fd",
    "settings": {
      "fd_thres": 0.2,
      "testing": false
    },
    "software": "mriqc",
    "version": "22.0.6",
    "webapi_port": null,
    "webapi_url": "https://mriqc.nimh.nih.gov/api/v1"
  },
  "size_t": 216,
  "size_x": 74,
  "size_y": 74,
  "size_z": 36,
  "snr": 6.081561392330929,
  "spacing_tr": 2.0199999809265137,
  "spacing_x": 2.972972869873047,
  "spacing_y": 2.972972869873047,
  "spacing_z": 3.2200000286102295,
  "summary_bg_k": 58.94321101154138,
  "summary_bg_mad": 6.1706465490636715,
  "summary_bg_mean": 25.517791748046875,
  "summary_bg_median": 12.995370864868164,
  "summary_bg_n": 125582.0,
  "summary_bg_p05": 7.375,
  "summary_bg_p95": 78.70787277221677,
  "summary_bg_stdv": 40.82012939453125,
  "summary_fg_k": 2.622986149561507,
  "summary_fg_mad": 82.37369235854014,
  "summary_fg_mean": 573.9822998046875,
  "summary_fg_median": 558.5416870117188,
  "summary_fg_n": 34499.0,
  "summary_fg_p05": 460.9939727783203,
  "summary_fg_p95": 742.0004577636718,
  "summary_fg_stdv": 91.84049224853516,
  "tsnr": 62.03023426432628
}