{
  "aor": 0.006128425925925925,
  "aqi": 0.010445346666666666,
  "bids_meta": {
    "AcquisitionMatrixPE": 74,
    "AcquisitionNumber": 1,
    "AcquisitionTime": "",
    "BandwidthPerPixelPhaseEncode": 27.579,
    "BaseResolution": 74,
    "BodyPartExamined": "BRAIN",
    "CogAtlasID": "doi:TODO",
    "CoilString": "HE1-4;NE1_2",
    "ConsistencyInfo": "N4_VE11C_LATEST_20160120",
    "ConversionSoftware": "dcm2niix",
    "ConversionSoftwareVersion": "v1.0.20190410  GCC6.3.0",
    "DerivedVendorReportedEchoSpacing": 0.000489993,
    "DeviceSerialNumber": "166048",
    "DwellTime": 2.9e-06,
    "EchoTime": 0.023,
    "EchoTrainLength": 74,
    "EffectiveEchoSpacing": 0.000489993,
    "FlipAngle": 76,
    "ImageOrientationPatientDICOM": [
      1,
      0,
      0,
      0,
      0.96363,
      -0.267238
    ],
    "ImageType": [
      "ORIGINAL",
      "PRIMARY",
      "M",
      "ND",
      "NORM",
      "MOSAIC"
    ],
    "ImagingFrequency": 123.246,
    "InPlanePhaseEncodingDirectionDICOM": "COL",
    "InstitutionAddress": "North_13th_1701_Philadelphia_PA_US_19122",
    "InstitutionName": "Temple_University_-_Weiss_Hall",
    "InstitutionalDepartmentName": "Department",
    "MRAcquisitionType": "2D",
    "MagneticFieldStrength": 3,
    "Manufacturer": "Siemens",
    "ManufacturersModelName": "Prisma",
    "Modality": "MR",
    "PartialFourier": 1,
    "PatientPosition": "HFS",
    "PercentPhaseFOV": 100,
    "PhaseEncodingDirection": "j-",
    "PhaseEncodingSteps": 74,
    "PhaseResolution": 1,
    "PixelBandwidth": 2330,
    "ProcedureStepDescription": "SMITH_SRNDNA",
    "ProtocolName": "func-bold_trust_run4",
    "PulseSequenceDetails": "%SiemensSeq%_ep2d_bold",
    "ReceiveCoilActiveElements": "HE1-4;NE1,2",
    "ReceiveCoilName": "HeadNeck_20",
    "ReconMatrixPE": 74,
    "RepetitionTime": 2.02,
    "SAR": 0.122885,
    "ScanOptions": "FS",
    "ScanningSequence": "EP",
    "SequenceName": "_epfid2d1_74",
    "SequenceVariant": "SK",
    "SeriesDescription": "func-bold_trust_run4",
    "SeriesNumber": 13,
    "ShimSetting": [
      1441,
      -7503,
      6605,
      351,
      82,
      -239,
      0,
      21
    ],
    "SliceThickness": 2.8,
    "SliceTiming": [
      1.945,
      1.89,
      1.8325,
      1.7775,
      1.7225,
      1.6675,
      1.6125,
      1.555,
      1.5,
      1.445,
      1.39,
      1.3325,
      1.2775,
      1.2225,
      1.1675,
      1.1125,
      1.055,
      1,
      0.945,
      0.89,
      0.835,
      0.7775,
      0.7225,
      0.6675,
      0.6125,
      0.555,
      0.5,
      0.445,
      0.39,
      0.335,
      0.2775,
      0.2225,
      0.1675,
      0.1125,
      0.055,
      0
    ],
    "SoftwareVersions": "syngo_MR_E11",
    "SpacingBetweenSlices": 3.22,
    "StationName": "AWP166048",
    "TaskName": "trust",
    "TotalReadoutTime": 0.0357695,
    "TxRefAmp": 290.758,
    "dataset": "ds003745",
    "modality": "bold",
    "run_id": 5,
    "subject_id": "147",
    "task_id": "trust"
  },
  "dummy_trs": 1,
  "dvars_nstd": 38.53166052358139,
  "dvars_std": 1.4844112873023259,
  "dvars_vstd": 1.0490381148372094,
  "efc": 0.5011142036053757,
  "fber": 1789.5399169921875,
  "fd_mean": 0.2975870896137633,
  "fd_num": 136,
  "fd_perc": 62.96296296296296,
  "fwhm_avg": 1.761812322846783,
  "fwhm_x": 1.7058009682464934,
  "fwhm_y": 1.8126266992238373,
  "fwhm_z": 1.7670093010700183,
  "gcor": 0.0122999,
  "gsr_x": -0.019928764551877975,
  "gsr_y": 0.0175145473331213,
  "provenance": {
    "md5sum": "6cb67891590d17ce404f750fb12db248",
    "settings": {
      "fd_thres": 0.2,
      "testing": false
    },
    "software": "mriqc",
    "version": "22.0.6",
    "webapi_port": null,
    "webapi_url": "https://mriqc.nimh.nih.gov/api/v1"
  },
  "size_t": 216,
  "size_x": 74,
  "size_y": 74,
  "size_z": 36,
  "snr": 6.088788031320386,
  "spacing_tr": 2.0199999809265137,
  "spacing_x": 2.972972869873047,
  "spacing_y": 2.972972869873047,
  "spacing_z": 3.2200000286102295,
  "summary_bg_k": 57.86512661631664,
  "summary_bg_mad": 6.033367675622999,
  "summary_bg_mean": 26.01983642578125,
  "summary_bg_median": 13.060185432434082,
  "summary_bg_n": 125677.0,
  "summary_bg_p05": 7.611111164093018,
  "summary_bg_p95": 80.90833587646483,
  "summary_bg_stdv": 42.15169906616211,
  "summary_fg_k": 2.5993499194939567,
  "summary_fg_mad": 82.32561909019412,
  "summary_fg_mean": 575.3673706054688,
  "summary_fg_median": 560.25927734375,
  "summary_fg_n": 34426.0,
  "summary_fg_p05": 461.5254669189453,
  "summary_fg_p95": 743.3125152587891,
  "summary_fg_stdv": 92.0135726928711,
  "tsnr": 67.81621960026678
}