{
  "aor": 0.0012269302325581394,
  "aqi": 0.004116376325581395,
  "bids_meta": {
    "AcquisitionMatrixPE": 74,
    "AcquisitionNumber": 1,
    "AcquisitionTime": "",
    "BandwidthPerPixelPhaseEncode": 27.579,
    "BaseResolution": 74,
    "BodyPartExamined": "HEAD",
    "CogAtlasID": "doi:TODO",
    "CoilString": "HE1-4;NE1_2",
    "ConsistencyInfo": "N4_VE11C_LATEST_20160120",
    "ConversionSoftware": "dcm2niix",
    "ConversionSoftwareVersion": "v1.0.20190410  GCC6.3.0",
    "DerivedVendorReportedEchoSpacing": 0.000489993,
    "DeviceSerialNumber": "166048",
    "DwellTime": 2.9e-06,
    "EchoTime": 0.023,
    "EchoTrainLength": 74,
    "EffectiveEchoSpacing": 0.000489993,
    "FlipAngle": 76,
    "ImageOrientationPatientDICOM": [
      1,
      0,
      0,
      0,
      0.920505,
      -0.390731
    ],
    "ImageType": [
      "ORIGINAL",
      "PRIMARY",
      "M",
      "ND",
      "NORM",
      "MOSAIC"
    ],
    "ImagingFrequency": 123.245,
    "InPlanePhaseEncodingDirectionDICOM": "COL",
    "InstitutionAddress": "North_13th_1701_Philadelphia_PA_US_19122",
    "InstitutionName": "Temple_University_-_Weiss_Hall",
    "InstitutionalDepartmentName": "Department",
    "MRAcquisitionType": "2D",
    "MagneticFieldStrength": 3,
    "Manufacturer": "Siemens",
    "ManufacturersModelName": "Prisma",
    "Modality": "MR",
    "PartialFourier": 1,
    "PatientPosition": "HFS",
    "PercentPhaseFOV": 100,
    "PhaseEncodingDirection": "j-",
    "PhaseEncodingSteps": 74,
    "PhaseResolution": 1,
    "PixelBandwidth": 2330,
    "ProcedureStepDescription": "SMITH_SRNDNA",
    "ProtocolName": "func-bold_trust_run1",
    "PulseSequenceDetails": "%SiemensSeq%_ep2d_bold",
    "ReceiveCoilActiveElements": "HE1-4;NE1,2",
    "ReceiveCoilName": "HeadNeck_20",
    "ReconMatrixPE": 74,
    "RepetitionTime": 2.02,
    "SAR": 0.100637,
    "ScanOptions": "FS",
    "ScanningSequence": "EP",
    "SequenceName": "_epfid2d1_74",
    "SequenceVariant": "SK",
    "SeriesDescription": "func-bold_trust_run1",
    "SeriesNumber": 10,
    "ShimSetting": [
      1415,
      -7344,
      6565,
      338,
      1,
      173,
      -91,
      17
    ],
    "SliceThickness": 2.8,
    "SliceTiming": [
      1.9425,
      1.8875,
      1.8325,
      1.7775,
      1.7225,
      1.665,
      1.61,
      1.555,
      1.5,
      1.445,
      1.3875,
      1.3325,
      1.2775,
      1.2225,
      1.165,
      1.11,
      1.055,
      1,
      0.945,
      0.8875,
      0.8325,
      0.7775,
      0.7225,
      0.665,
      0.61,
      0.555,
      0.5,
      0.445,
      0.3875,
      0.3325,
      0.2775,
      0.2225,
      0.165,
      0.11,
      0.055,
      0
    ],
    "SoftwareVersions": "syngo_MR_E11",
    "SpacingBetweenSlices": 3.22,
    "StationName": "AWP166048",
    "TaskName": "trust",
    "TotalReadoutTime": 0.0357695,
    "TxRefAmp": 278.284,
    "dataset": "ds003745",
    "modality": "bold",
    "run_id": 2,
    "subject_id": "120",
    "task_id": "trust"
  },
  "dummy_trs": 2,
  "dvars_nstd": 19.37972304537383,
  "dvars_std": 1.2387853960280373,
  "dvars_vstd": 1.0109220355607476,
  "efc": 0.5324505825840845,
  "fber": 2635.82470703125,
  "fd_mean": 0.0841945055225871,
  "fd_num": 4,
  "fd_perc": 1.8604651162790697,
  "fwhm_avg": 1.8117354599719981,
  "fwhm_x": 1.7287207872231496,
  "fwhm_y": 1.918063248334824,
  "fwhm_z": 1.7884223443580207,
  "gcor": 0.0256572,
  "gsr_x": 0.00913174171000719,
  "gsr_y": 0.04563635215163231,
  "provenance": {
    "md5sum": "63870d5253a01e62dbb6ecf55746e071",
    "settings": {
      "fd_thres": 0.2,
      "testing": false
    },
    "software": "mriqc",
    "version": "22.0.6",
    "webapi_port": null,
    "webapi_url": "https://mriqc.nimh.nih.gov/api/v1"
  },
  "size_t": 215,
  "size_x": 74,
  "size_y": 74,
  "size_z": 36,
  "snr": 6.212978704361279,
  "spacing_tr": 2.0199999809265137,
  "spacing_x": 2.972972869873047,
  "spacing_y": 2.972972869873047,
  "spacing_z": 3.2200000286102295,
  "summary_bg_k": 15.32129211520212,
  "summary_bg_mad": 10.819547927830827,
  "summary_bg_mean": 48.36930847167969,
  "summary_bg_median": 18.595348358154297,
  "summary_bg_n": 119593.0,
  "summary_bg_p05": 9.162790298461914,
  "summary_bg_p95": 217.62232360839826,
  "summary_bg_stdv": 79.79308319091797,
  "summary_fg_k": 4.782247255431792,
  "summary_fg_mad": 140.4093254958649,
  "summary_fg_mean": 974.8675537109375,
  "summary_fg_median": 959.3023681640625,
  "summary_fg_n": 41444.0,
  "summary_fg_p05": 774.7609100341797,
  "summary_fg_p95": 1229.332501220703,
  "summary_fg_stdv": 154.40110778808594,
  "tsnr": 97.4230736643076
}