{
  "bids_meta": {
    "AcquisitionMatrixPE": 192,
    "AcquisitionNumber": 1,
    "AcquisitionTime": "13:52:50.255000",
    "BaseResolution": 192,
    "BodyPartExamined": "BRAIN",
    "CoilString": "HE1-4;NE1_2",
    "ConsistencyInfo": "N4_VE11C_LATEST_20160120",
    "ConversionSoftware": "dcm2niix",
    "ConversionSoftwareVersion": "v1.0.20190410  GCC6.3.0",
    "DeviceSerialNumber": "166048",
    "DwellTime": 1.24e-05,
    "EchoTime": 0.0022,
    "FlipAngle": 8,
    "ImageOrientationPatientDICOM": [
      0,
      1,
      0,
      0,
      0,
      -1
    ],
    "ImageType": [
      "ORIGINAL",
      "PRIMARY",
      "M",
      "ND",
      "NORM",
      "FM3",
      "2",
      "FIL"
    ],
    "ImagingFrequency": 123.246,
    "InPlanePhaseEncodingDirectionDICOM": "ROW",
    "InstitutionAddress": "North_13th_1701_Philadelphia_PA_US_19122",
    "InstitutionName": "Temple_University_-_Weiss_Hall",
    "InstitutionalDepartmentName": "Department",
    "InversionTime": 1.15,
    "MRAcquisitionType": "3D",
    "MagneticFieldStrength": 3,
    "Manufacturer": "Siemens",
    "ManufacturersModelName": "Prisma",
    "Modality": "MR",
    "PartialFourier": 1,
    "PatientPosition": "HFS",
    "PercentPhaseFOV": 100,
    "PhaseEncodingSteps": 211,
    "PhaseOversampling": 0.1,
    "PhaseResolution": 1,
    "PixelBandwidth": 210,
    "ProcedureStepDescription": "SMITH_SRNDNA",
    "ProtocolName": "T1w-anat_mpg_07sag_iso",
    "PulseSequenceDetails": "%SiemensSeq%_tfl",
    "ReceiveCoilActiveElements": "HE1-4;NE1,2",
    "ReceiveCoilName": "HeadNeck_20",
    "ReconMatrixPE": 192,
    "RefLinesPE": 32,
    "RepetitionTime": 2.4,
    "SAR": 0.0422761,
    "ScanOptions": "IR_WE",
    "ScanningSequence": "GR_IR",
    "SequenceName": "_tfl3d1_16ns",
    "SequenceVariant": "SK_SP_MP_OSP",
    "SeriesDescription": "T1w-anat_mpg_07sag_iso",
    "SeriesNumber": 5,
    "ShimSetting": [
      1431,
      -7440,
      6453,
      302,
      115,
      -288,
      -37,
      18
    ],
    "SliceThickness": 1,
    "SoftwareVersions": "syngo_MR_E11",
    "StationName": "AWP166048",
    "TxRefAmp": 263.168,
    "dataset": "ds003745",
    "modality": "T1w",
    "subject_id": "110"
  },
  "cjv": 0.31665241677441,
  "cnr": 4.236663343708376,
  "efc": 0.6733214368626155,
  "fber": 42279.05186066974,
  "fwhm_avg": 4.130616666666667,
  "fwhm_x": 3.97922,
  "fwhm_y": 4.32231,
  "fwhm_z": 4.09032,
  "icvs_csf": 0.19546657359070416,
  "icvs_gm": 0.4397958350699206,
  "icvs_wm": 0.3647375913393752,
  "inu_med": 0.40174800157546997,
  "inu_range": 0.1534358710050583,
  "provenance": {
    "md5sum": "8846a26bc7ae045d6e0ec05316abc345",
    "settings": {
      "testing": false
    },
    "software": "mriqc",
    "version": "22.0.6",
    "warnings": {
      "large_rot_frame": true,
      "small_air_mask": false
    },
    "webapi_port": null,
    "webapi_url": "https://mriqc.nimh.nih.gov/api/v1"
  },
  "qi_1": 0.0,
  "qi_2": 0.009407362554104438,
  "rpve_csf": 13.507805932508706,
  "rpve_gm": 6.620056653196564,
  "rpve_wm": 9.515501339899066,
  "size_x": 192,
  "size_y": 192,
  "size_z": 192,
  "snr_csf": 2.651074566445421,
  "snr_gm": 11.920640538448163,
  "snr_total": 14.817658516736294,
  "snr_wm": 29.8812604453153,
  "snrd_csf": 37.32998331757126,
  "snrd_gm": 99.73444599562434,
  "snrd_total": 92.51756302415983,
  "snrd_wm": 140.48825975928386,
  "spacing_x": 1.0,
  "spacing_y": 1.0,
  "spacing_z": 1.0,
  "summary_bg_k": 842.7502102563399,
  "summary_bg_mad": 0.0,
  "summary_bg_mean": 2.5650176903091566,
  "summary_bg_median": 0.0,
  "summary_bg_n": 1286357.0,
  "summary_bg_p05": 0.0,
  "summary_bg_p95": 11.399860717356205,
  "summary_bg_stdv": 4.663577550201419,
  "summary_csf_k": 1.1039305016531937,
  "summary_csf_mad": 85.79055285918122,
  "summary_csf_mean": 281.74030853612254,
  "summary_csf_median": 265.73286440689117,
  "summary_csf_n": 28182.0,
  "summary_csf_p05": 143.17380626872182,
  "summary_csf_p95": 473.7264898230321,
  "summary_csf_stdv": 100.23412888624942,
  "summary_gm_k": -0.003832196984955516,
  "summary_gm_mad": 60.031477702995105,
  "summary_gm_mean": 710.2750198576707,
  "summary_gm_median": 709.9579924531281,
  "summary_gm_n": 54021.0,
  "summary_gm_p05": 613.2069523278624,
  "summary_gm_p95": 808.2501248605549,
  "summary_gm_stdv": 59.556482640610156,
  "summary_wm_k": 0.8168097713540989,
  "summary_wm_mad": 31.83108072155684,
  "summary_wm_mean": 1000.639964067013,
  "summary_wm_median": 1000.0633368566632,
  "summary_wm_n": 237607.0,
  "summary_wm_p05": 946.8006542827934,
  "summary_wm_p95": 1053.995233476348,
  "summary_wm_stdv": 33.4678396259836,
  "tpm_overlap_csf": 0.18262363337936055,
  "tpm_overlap_gm": 0.4698803112106426,
  "tpm_overlap_wm": 0.5191147242735894,
  "wm2max": 0.8917576449624093
}