{
  "aor": 0.0014926851851851854,
  "aqi": 0.009569109166666666,
  "bids_meta": {
    "AcquisitionMatrixPE": 74,
    "AcquisitionNumber": 1,
    "AcquisitionTime": "",
    "BandwidthPerPixelPhaseEncode": 27.579,
    "BaseResolution": 74,
    "BodyPartExamined": "BRAIN",
    "CogAtlasID": "doi:TODO",
    "CoilString": "HE1-4;NE1_2",
    "ConsistencyInfo": "N4_VE11C_LATEST_20160120",
    "ConversionSoftware": "dcm2niix",
    "ConversionSoftwareVersion": "v1.0.20190410  GCC6.3.0",
    "DerivedVendorReportedEchoSpacing": 0.000489993,
    "DeviceSerialNumber": "166048",
    "DwellTime": 2.9e-06,
    "EchoTime": 0.023,
    "EchoTrainLength": 74,
    "EffectiveEchoSpacing": 0.000489993,
    "FlipAngle": 76,
    "ImageOrientationPatientDICOM": [
      1,
      0,
      0,
      0,
      0.95424,
      -0.299041
    ],
    "ImageType": [
      "ORIGINAL",
      "PRIMARY",
      "M",
      "ND",
      "NORM",
      "MOSAIC"
    ],
    "ImagingFrequency": 123.246,
    "InPlanePhaseEncodingDirectionDICOM": "COL",
    "InstitutionAddress": "North_13th_1701_Philadelphia_PA_US_19122",
    "InstitutionName": "Temple_University_-_Weiss_Hall",
    "InstitutionalDepartmentName": "Department",
    "MRAcquisitionType": "2D",
    "MagneticFieldStrength": 3,
    "Manufacturer": "Siemens",
    "ManufacturersModelName": "Prisma",
    "Modality": "MR",
    "PartialFourier": 1,
    "PatientPosition": "HFS",
    "PercentPhaseFOV": 100,
    "PhaseEncodingDirection": "j-",
    "PhaseEncodingSteps": 74,
    "PhaseResolution": 1,
    "PixelBandwidth": 2330,
    "ProcedureStepDescription": "SMITH_SRNDNA",
    "ProtocolName": "func-bold_trust_run4",
    "PulseSequenceDetails": "%SiemensSeq%_ep2d_bold",
    "ReceiveCoilActiveElements": "HE1-4;NE1,2",
    "ReceiveCoilName": "HeadNeck_20",
    "ReconMatrixPE": 74,
    "RepetitionTime": 2.02,
    "SAR": 0.106607,
    "ScanOptions": "FS",
    "ScanningSequence": "EP",
    "SequenceName": "_epfid2d1_74",
    "SequenceVariant": "SK",
    "SeriesDescription": "func-bold_trust_run4",
    "SeriesNumber": 13,
    "ShimSetting": [
      1408,
      -7388,
      6486,
      252,
      14,
      -186,
      47,
      -12
    ],
    "SliceThickness": 2.8,
    "SliceTiming": [
      1.945,
      1.89,
      1.8325,
      1.7775,
      1.7225,
      1.6675,
      1.61,
      1.555,
      1.5,
      1.445,
      1.39,
      1.3325,
      1.2775,
      1.2225,
      1.1675,
      1.11,
      1.055,
      1,
      0.945,
      0.89,
      0.8325,
      0.7775,
      0.7225,
      0.6675,
      0.61,
      0.555,
      0.5,
      0.445,
      0.39,
      0.3325,
      0.2775,
      0.2225,
      0.1675,
      0.11,
      0.055,
      0
    ],
    "SoftwareVersions": "syngo_MR_E11",
    "SpacingBetweenSlices": 3.22,
    "StationName": "AWP166048",
    "TaskName": "trust",
    "TotalReadoutTime": 0.0357695,
    "TxRefAmp": 288.874,
    "dataset": "ds003745",
    "modality": "bold",
    "run_id": 5,
    "subject_id": "151",
    "task_id": "trust"
  },
  "dummy_trs": 1,
  "dvars_nstd": 35.23881697553491,
  "dvars_std": 1.2134062037209306,
  "dvars_vstd": 0.9872404686976746,
  "efc": 0.5401993107490104,
  "fber": 1269.0513916015625,
  "fd_mean": 0.3867588638230005,
  "fd_num": 202,
  "fd_perc": 93.51851851851852,
  "fwhm_avg": 1.745665801672606,
  "fwhm_x": 1.6844721493250117,
  "fwhm_y": 1.8240966996216064,
  "fwhm_z": 1.7284285560711996,
  "gcor": 0.0080277,
  "gsr_x": -0.030117178335785866,
  "gsr_y": 0.05596553161740303,
  "provenance": {
    "md5sum": "59894f67a0701956ee598b23b5bbe8f2",
    "settings": {
      "fd_thres": 0.2,
      "testing": false
    },
    "software": "mriqc",
    "version": "22.0.6",
    "webapi_port": null,
    "webapi_url": "https://mriqc.nimh.nih.gov/api/v1"
  },
  "size_t": 216,
  "size_x": 74,
  "size_y": 74,
  "size_z": 36,
  "snr": 6.042566026542017,
  "spacing_tr": 2.0199999809265137,
  "spacing_x": 2.972972869873047,
  "spacing_y": 2.972972869873047,
  "spacing_z": 3.2200000286102295,
  "summary_bg_k": 27.3899712420714,
  "summary_bg_mad": 12.650165261170143,
  "summary_bg_mean": 46.22151565551758,
  "summary_bg_median": 20.287036895751953,
  "summary_bg_n": 121529.0,
  "summary_bg_p05": 8.824073791503906,
  "summary_bg_p95": 172.90741271972635,
  "summary_bg_stdv": 73.45964050292969,
  "summary_fg_k": 1.8974839100975194,
  "summary_fg_mad": 108.15440208442627,
  "summary_fg_mean": 746.684814453125,
  "summary_fg_median": 729.138916015625,
  "summary_fg_n": 38191.0,
  "summary_fg_p05": 592.2430725097656,
  "summary_fg_p95": 968.1064758300781,
  "summary_fg_stdv": 120.66551971435547,
  "tsnr": 63.59491166146472
}