{
  "bids_meta": {
    "AcquisitionMatrixPE": 192,
    "AcquisitionNumber": 1,
    "AcquisitionTime": "14:41:39.275000",
    "BaseResolution": 192,
    "BodyPartExamined": "BRAIN",
    "CoilString": "HE1-4;NE1_2",
    "ConsistencyInfo": "N4_VE11C_LATEST_20160120",
    "ConversionSoftware": "dcm2niix",
    "ConversionSoftwareVersion": "v1.0.20190410  GCC6.3.0",
    "DeviceSerialNumber": "166048",
    "DwellTime": 1.24e-05,
    "EchoTime": 0.0022,
    "FlipAngle": 8,
    "ImageOrientationPatientDICOM": [
      0,
      1,
      0,
      0,
      0,
      -1
    ],
    "ImageType": [
      "ORIGINAL",
      "PRIMARY",
      "M",
      "ND",
      "NORM",
      "FM3",
      "2",
      "FIL"
    ],
    "ImagingFrequency": 123.246,
    "InPlanePhaseEncodingDirectionDICOM": "ROW",
    "InstitutionAddress": "North_13th_1701_Philadelphia_PA_US_19122",
    "InstitutionName": "Temple_University_-_Weiss_Hall",
    "InstitutionalDepartmentName": "Department",
    "InversionTime": 1.15,
    "MRAcquisitionType": "3D",
    "MagneticFieldStrength": 3,
    "Manufacturer": "Siemens",
    "ManufacturersModelName": "Prisma",
    "Modality": "MR",
    "PartialFourier": 1,
    "PatientPosition": "HFS",
    "PercentPhaseFOV": 100,
    "PhaseEncodingSteps": 211,
    "PhaseOversampling": 0.1,
    "PhaseResolution": 1,
    "PixelBandwidth": 210,
    "ProcedureStepDescription": "SMITH_SRNDNA",
    "ProtocolName": "T1w-anat_mpg_07sag_iso",
    "PulseSequenceDetails": "%SiemensSeq%_tfl",
    "ReceiveCoilActiveElements": "HE1-4;NE1,2",
    "ReceiveCoilName": "HeadNeck_20",
    "ReconMatrixPE": 192,
    "RefLinesPE": 32,
    "RepetitionTime": 2.4,
    "SAR": 0.0497991,
    "ScanOptions": "IR_WE",
    "ScanningSequence": "GR_IR",
    "SequenceName": "_tfl3d1_16ns",
    "SequenceVariant": "SK_SP_MP_OSP",
    "SeriesDescription": "T1w-anat_mpg_07sag_iso",
    "SeriesNumber": 5,
    "ShimSetting": [
      1407,
      -7364,
      6406,
      211,
      73,
      -347,
      -99,
      29
    ],
    "SliceThickness": 1,
    "SoftwareVersions": "syngo_MR_E11",
    "StationName": "AWP166048",
    "TxRefAmp": 257.362,
    "dataset": "ds003745",
    "modality": "T1w",
    "subject_id": "137"
  },
  "cjv": 0.39097274633743406,
  "cnr": 3.4514841373033622,
  "efc": 0.6231063488317726,
  "fber": 57842.49768538736,
  "fwhm_avg": 3.8697933333333334,
  "fwhm_x": 3.75156,
  "fwhm_y": 3.93178,
  "fwhm_z": 3.92604,
  "icvs_csf": 0.2369297173591581,
  "icvs_gm": 0.39890178772383356,
  "icvs_wm": 0.3641684949170083,
  "inu_med": 0.3896917998790741,
  "inu_range": 0.1334487438201904,
  "provenance": {
    "md5sum": "00120827d06a6204c0834e41743e287f",
    "settings": {
      "testing": false
    },
    "software": "mriqc",
    "version": "22.0.6",
    "warnings": {
      "large_rot_frame": true,
      "small_air_mask": false
    },
    "webapi_port": null,
    "webapi_url": "https://mriqc.nimh.nih.gov/api/v1"
  },
  "qi_1": 0.0,
  "qi_2": 0.008581429385393573,
  "rpve_csf": 14.341803651378177,
  "rpve_gm": 8.363827325387087,
  "rpve_wm": 10.91943257989088,
  "size_x": 192,
  "size_y": 192,
  "size_z": 192,
  "snr_csf": 2.7731499967050164,
  "snr_gm": 12.57123019424219,
  "snr_total": 14.617966657029962,
  "snr_wm": 28.50951978014268,
  "snrd_csf": 33.336423132361446,
  "snrd_gm": 100.59267804250669,
  "snrd_total": 88.8489829793125,
  "snrd_wm": 132.61784776306936,
  "spacing_x": 1.0,
  "spacing_y": 1.0,
  "spacing_z": 1.0,
  "summary_bg_k": 9.350830683255609,
  "summary_bg_mad": 0.0,
  "summary_bg_mean": 2.928043653269331,
  "summary_bg_median": 0.0,
  "summary_bg_n": 1264849.0,
  "summary_bg_p05": 0.0,
  "summary_bg_p95": 13.411352537572384,
  "summary_bg_stdv": 4.940137361454445,
  "summary_csf_k": 3.3248589741559753,
  "summary_csf_mad": 59.14451196717014,
  "summary_csf_mean": 266.9975099408543,
  "summary_csf_median": 251.37743745185435,
  "summary_csf_n": 46745.0,
  "summary_csf_p05": 153.38487016856672,
  "summary_csf_p95": 451.99247843585863,
  "summary_csf_stdv": 90.64592572339545,
  "summary_gm_k": 0.13496111371637642,
  "summary_gm_mad": 60.18935612933107,
  "summary_gm_mean": 755.9439797766996,
  "summary_gm_median": 758.5315776783973,
  "summary_gm_n": 22354.0,
  "summary_gm_p05": 654.1504656313919,
  "summary_gm_p95": 850.5317476335913,
  "summary_gm_stdv": 60.33734164584908,
  "summary_wm_k": 0.4931706113065153,
  "summary_wm_mad": 34.22656179684739,
  "summary_wm_mean": 1001.3156390568726,
  "summary_wm_median": 1000.0213459823281,
  "summary_wm_n": 198840.0,
  "summary_wm_p05": 946.1623792629689,
  "summary_wm_p95": 1059.176515614614,
  "summary_wm_stdv": 35.07666348127786,
  "tpm_overlap_csf": 0.1634770599315492,
  "tpm_overlap_gm": 0.4369792894304378,
  "tpm_overlap_wm": 0.5013993143340337,
  "wm2max": 0.8920787929589271
}