{
  "aor": 0.004188657407407407,
  "aqi": 0.010316375787037037,
  "bids_meta": {
    "AcquisitionMatrixPE": 74,
    "AcquisitionNumber": 1,
    "AcquisitionTime": "",
    "BandwidthPerPixelPhaseEncode": 27.579,
    "BaseResolution": 74,
    "BodyPartExamined": "HEAD",
    "CogAtlasID": "doi:TODO",
    "CoilString": "HE1-4;NE1_2",
    "ConsistencyInfo": "N4_VE11C_LATEST_20160120",
    "ConversionSoftware": "dcm2niix",
    "ConversionSoftwareVersion": "v1.0.20190410  GCC6.3.0",
    "DerivedVendorReportedEchoSpacing": 0.000489993,
    "DeviceSerialNumber": "166048",
    "DwellTime": 2.9e-06,
    "EchoTime": 0.023,
    "EchoTrainLength": 74,
    "EffectiveEchoSpacing": 0.000489993,
    "FlipAngle": 76,
    "ImageOrientationPatientDICOM": [
      1,
      0,
      0,
      0,
      0.929776,
      -0.368125
    ],
    "ImageType": [
      "ORIGINAL",
      "PRIMARY",
      "M",
      "ND",
      "NORM",
      "MOSAIC"
    ],
    "ImagingFrequency": 123.246,
    "InPlanePhaseEncodingDirectionDICOM": "COL",
    "InstitutionAddress": "North_13th_1701_Philadelphia_PA_US_19122",
    "InstitutionName": "Temple_University_-_Weiss_Hall",
    "InstitutionalDepartmentName": "Department",
    "MRAcquisitionType": "2D",
    "MagneticFieldStrength": 3,
    "Manufacturer": "Siemens",
    "ManufacturersModelName": "Prisma",
    "Modality": "MR",
    "PartialFourier": 1,
    "PatientPosition": "HFS",
    "PercentPhaseFOV": 100,
    "PhaseEncodingDirection": "j-",
    "PhaseEncodingSteps": 74,
    "PhaseResolution": 1,
    "PixelBandwidth": 2330,
    "ProcedureStepDescription": "SMITH_SRNDNA",
    "ProtocolName": "func-bold_trust_run1",
    "PulseSequenceDetails": "%SiemensSeq%_ep2d_bold",
    "ReceiveCoilActiveElements": "HE1-4;NE1,2",
    "ReceiveCoilName": "HeadNeck_20",
    "ReconMatrixPE": 74,
    "RepetitionTime": 2.02,
    "SAR": 0.115907,
    "ScanOptions": "FS",
    "ScanningSequence": "EP",
    "SequenceName": "_epfid2d1_74",
    "SequenceVariant": "SK",
    "SeriesDescription": "func-bold_trust_run1",
    "SeriesNumber": 10,
    "ShimSetting": [
      1449,
      -7382,
      6469,
      197,
      -23,
      124,
      -13,
      90
    ],
    "SliceThickness": 2.8,
    "SliceTiming": [
      1.945,
      1.8875,
      1.8325,
      1.7775,
      1.7225,
      1.6675,
      1.61,
      1.555,
      1.5,
      1.445,
      1.3875,
      1.3325,
      1.2775,
      1.2225,
      1.1675,
      1.11,
      1.055,
      1,
      0.945,
      0.8875,
      0.8325,
      0.7775,
      0.7225,
      0.6675,
      0.61,
      0.555,
      0.5,
      0.445,
      0.3875,
      0.3325,
      0.2775,
      0.2225,
      0.1675,
      0.11,
      0.055,
      0
    ],
    "SoftwareVersions": "syngo_MR_E11",
    "SpacingBetweenSlices": 3.22,
    "StationName": "AWP166048",
    "TaskName": "trust",
    "TotalReadoutTime": 0.0357695,
    "TxRefAmp": 285.422,
    "dataset": "ds003745",
    "modality": "bold",
    "run_id": 2,
    "subject_id": "111",
    "task_id": "trust"
  },
  "dummy_trs": 1,
  "dvars_nstd": 26.59849483125582,
  "dvars_std": 1.0983387160000002,
  "dvars_vstd": 0.9799972241395342,
  "efc": 0.5464320745876392,
  "fber": 1748.7857666015625,
  "fd_mean": 0.30428590981210385,
  "fd_num": 128,
  "fd_perc": 59.25925925925926,
  "fwhm_avg": 1.795149451562952,
  "fwhm_x": 1.7208465142228047,
  "fwhm_y": 1.8681267011485256,
  "fwhm_z": 1.796475139317526,
  "gcor": 0.026695,
  "gsr_x": 0.002776428358629346,
  "gsr_y": 0.05519191175699234,
  "provenance": {
    "md5sum": "c4f7c43c11d0dcc6c7935d4513f0bd96",
    "settings": {
      "fd_thres": 0.2,
      "testing": false
    },
    "software": "mriqc",
    "version": "22.0.6",
    "webapi_port": null,
    "webapi_url": "https://mriqc.nimh.nih.gov/api/v1"
  },
  "size_t": 216,
  "size_x": 74,
  "size_y": 74,
  "size_z": 36,
  "snr": 5.385395626679879,
  "spacing_tr": 2.0199999809265137,
  "spacing_x": 2.972972869873047,
  "spacing_y": 2.972972869873047,
  "spacing_z": 3.2200000286102295,
  "summary_bg_k": 17.601726619434075,
  "summary_bg_mad": 10.70081826637343,
  "summary_bg_mean": 45.96051788330078,
  "summary_bg_median": 19.393518447875977,
  "summary_bg_n": 117184.0,
  "summary_bg_p05": 9.615740776062012,
  "summary_bg_p95": 187.59375686645487,
  "summary_bg_stdv": 68.6220932006836,
  "summary_fg_k": 1.468014339258355,
  "summary_fg_mad": 136.27927748843663,
  "summary_fg_mean": 844.4915161132812,
  "summary_fg_median": 817.1458740234375,
  "summary_fg_n": 42432.0,
  "summary_fg_p05": 653.0328735351562,
  "summary_fg_p95": 1126.6601989746093,
  "summary_fg_stdv": 151.7318878173828,
  "tsnr": 56.369269631337374
}