{
  "aor": 0.0019274766355140188,
  "aqi": 0.01108048303738318,
  "bids_meta": {
    "AcquisitionMatrixPE": 74,
    "AcquisitionNumber": 1,
    "AcquisitionTime": "",
    "BandwidthPerPixelPhaseEncode": 27.579,
    "BaseResolution": 74,
    "BodyPartExamined": "HEAD",
    "CogAtlasID": "doi:TODO",
    "CoilString": "HE1-4;NE1_2",
    "ConsistencyInfo": "N4_VE11C_LATEST_20160120",
    "ConversionSoftware": "dcm2niix",
    "ConversionSoftwareVersion": "v1.0.20190410  GCC6.3.0",
    "DerivedVendorReportedEchoSpacing": 0.000489993,
    "DeviceSerialNumber": "166048",
    "DwellTime": 2.9e-06,
    "EchoTime": 0.023,
    "EchoTrainLength": 74,
    "EffectiveEchoSpacing": 0.000489993,
    "FlipAngle": 76,
    "ImageOrientationPatientDICOM": [
      1,
      0,
      0,
      0,
      0.929776,
      -0.368125
    ],
    "ImageType": [
      "ORIGINAL",
      "PRIMARY",
      "M",
      "ND",
      "NORM",
      "MOSAIC"
    ],
    "ImagingFrequency": 123.246,
    "InPlanePhaseEncodingDirectionDICOM": "COL",
    "InstitutionAddress": "North_13th_1701_Philadelphia_PA_US_19122",
    "InstitutionName": "Temple_University_-_Weiss_Hall",
    "InstitutionalDepartmentName": "Department",
    "MRAcquisitionType": "2D",
    "MagneticFieldStrength": 3,
    "Manufacturer": "Siemens",
    "ManufacturersModelName": "Prisma",
    "Modality": "MR",
    "PartialFourier": 1,
    "PatientPosition": "HFS",
    "PercentPhaseFOV": 100,
    "PhaseEncodingDirection": "j-",
    "PhaseEncodingSteps": 74,
    "PhaseResolution": 1,
    "PixelBandwidth": 2330,
    "ProcedureStepDescription": "SMITH_SRNDNA",
    "ProtocolName": "func-bold_trust_run2",
    "PulseSequenceDetails": "%SiemensSeq%_ep2d_bold",
    "ReceiveCoilActiveElements": "HE1-4;NE1,2",
    "ReceiveCoilName": "HeadNeck_20",
    "ReconMatrixPE": 74,
    "RepetitionTime": 2.02,
    "SAR": 0.115907,
    "ScanOptions": "FS",
    "ScanningSequence": "EP",
    "SequenceName": "_epfid2d1_74",
    "SequenceVariant": "SK",
    "SeriesDescription": "func-bold_trust_run2",
    "SeriesNumber": 11,
    "ShimSetting": [
      1449,
      -7382,
      6469,
      197,
      -23,
      124,
      -13,
      90
    ],
    "SliceThickness": 2.8,
    "SliceTiming": [
      1.9425,
      1.8875,
      1.8325,
      1.7775,
      1.72,
      1.665,
      1.61,
      1.555,
      1.5,
      1.4425,
      1.3875,
      1.3325,
      1.2775,
      1.22,
      1.165,
      1.11,
      1.055,
      1,
      0.9425,
      0.8875,
      0.8325,
      0.7775,
      0.72,
      0.665,
      0.61,
      0.555,
      0.5,
      0.4425,
      0.3875,
      0.3325,
      0.2775,
      0.22,
      0.165,
      0.11,
      0.055,
      0
    ],
    "SoftwareVersions": "syngo_MR_E11",
    "SpacingBetweenSlices": 3.22,
    "StationName": "AWP166048",
    "TaskName": "trust",
    "TotalReadoutTime": 0.0357695,
    "TxRefAmp": 285.422,
    "dataset": "ds003745",
    "modality": "bold",
    "run_id": 3,
    "subject_id": "111",
    "task_id": "trust"
  },
  "dummy_trs": 3,
  "dvars_nstd": 26.82604277530515,
  "dvars_std": 1.1212539544131457,
  "dvars_vstd": 0.9687093943192483,
  "efc": 0.5454712241768503,
  "fber": 1731.784423828125,
  "fd_mean": 0.2812370787536408,
  "fd_num": 134,
  "fd_perc": 62.61682242990654,
  "fwhm_avg": 1.790527430874296,
  "fwhm_x": 1.7199013323718446,
  "fwhm_y": 1.8672958829378956,
  "fwhm_z": 1.784385077313147,
  "gcor": 0.0166561,
  "gsr_x": 0.0034733698703348637,
  "gsr_y": 0.05541836842894554,
  "provenance": {
    "md5sum": "d7b35d92e098f0c8543f40c2b70a3138",
    "settings": {
      "fd_thres": 0.2,
      "testing": false
    },
    "software": "mriqc",
    "version": "22.0.6",
    "webapi_port": null,
    "webapi_url": "https://mriqc.nimh.nih.gov/api/v1"
  },
  "size_t": 214,
  "size_x": 74,
  "size_y": 74,
  "size_z": 36,
  "snr": 5.354035229911715,
  "spacing_tr": 2.0199999809265137,
  "spacing_x": 2.972972869873047,
  "spacing_y": 2.972972869873047,
  "spacing_z": 3.2200000286102295,
  "summary_bg_k": 18.25974429977811,
  "summary_bg_mad": 10.980956754141886,
  "summary_bg_mean": 46.427947998046875,
  "summary_bg_median": 19.58878517150879,
  "summary_bg_n": 117574.0,
  "summary_bg_p05": 9.5,
  "summary_bg_p95": 189.34182128906212,
  "summary_bg_stdv": 69.35685729980469,
  "summary_fg_k": 1.5807056549345138,
  "summary_fg_mad": 136.29203669942353,
  "summary_fg_mean": 846.0069580078125,
  "summary_fg_median": 818.6986083984375,
  "summary_fg_n": 42148.0,
  "summary_fg_p05": 654.4158935546875,
  "summary_fg_p95": 1127.1015747070314,
  "summary_fg_stdv": 152.91062927246094,
  "tsnr": 57.462815088336356
}