{
  "bids_meta": {
    "AcquisitionMatrixPE": 192,
    "AcquisitionNumber": 1,
    "AcquisitionTime": "14:56:25.312500",
    "BaseResolution": 192,
    "BodyPartExamined": "BRAIN",
    "CoilString": "HE1-4;NE1_2",
    "ConsistencyInfo": "N4_VE11C_LATEST_20160120",
    "ConversionSoftware": "dcm2niix",
    "ConversionSoftwareVersion": "v1.0.20190410  GCC6.3.0",
    "DeviceSerialNumber": "166048",
    "DwellTime": 1.24e-05,
    "EchoTime": 0.0022,
    "FlipAngle": 8,
    "ImageOrientationPatientDICOM": [
      0,
      1,
      0,
      0,
      0,
      -1
    ],
    "ImageType": [
      "ORIGINAL",
      "PRIMARY",
      "M",
      "ND",
      "NORM",
      "FM3",
      "2",
      "FIL"
    ],
    "ImagingFrequency": 123.246,
    "InPlanePhaseEncodingDirectionDICOM": "ROW",
    "InstitutionAddress": "North_13th_1701_Philadelphia_PA_US_19122",
    "InstitutionName": "Temple_University_-_Weiss_Hall",
    "InstitutionalDepartmentName": "Department",
    "InversionTime": 1.15,
    "MRAcquisitionType": "3D",
    "MagneticFieldStrength": 3,
    "Manufacturer": "Siemens",
    "ManufacturersModelName": "Prisma",
    "Modality": "MR",
    "PartialFourier": 1,
    "PatientPosition": "HFS",
    "PercentPhaseFOV": 100,
    "PhaseEncodingSteps": 211,
    "PhaseOversampling": 0.1,
    "PhaseResolution": 1,
    "PixelBandwidth": 210,
    "ProcedureStepDescription": "SMITH_SRNDNA",
    "ProtocolName": "T1w-anat_mpg_07sag_iso",
    "PulseSequenceDetails": "%SiemensSeq%_tfl",
    "ReceiveCoilActiveElements": "HE1-4;NE1,2",
    "ReceiveCoilName": "HeadNeck_20",
    "ReconMatrixPE": 192,
    "RefLinesPE": 32,
    "RepetitionTime": 2.4,
    "SAR": 0.0734189,
    "ScanOptions": "IR_WE",
    "ScanningSequence": "GR_IR",
    "SequenceName": "_tfl3d1_16ns",
    "SequenceVariant": "SK_SP_MP_OSP",
    "SeriesDescription": "T1w-anat_mpg_07sag_iso",
    "SeriesNumber": 5,
    "ShimSetting": [
      1364,
      -7571,
      6376,
      -213,
      2,
      -201,
      43,
      -82
    ],
    "SliceThickness": 1,
    "SoftwareVersions": "syngo_MR_E11",
    "StationName": "AWP166048",
    "TxRefAmp": 304.996,
    "dataset": "ds003745",
    "modality": "T1w",
    "subject_id": "154"
  },
  "cjv": 0.39295759718006273,
  "cnr": 3.4030250220633564,
  "efc": 0.6874964472775699,
  "fber": 11743.370748213429,
  "fwhm_avg": 4.266433333333333,
  "fwhm_x": 4.11533,
  "fwhm_y": 4.38751,
  "fwhm_z": 4.29646,
  "icvs_csf": 0.24729348934123582,
  "icvs_gm": 0.37546582534239675,
  "icvs_wm": 0.3772406853163674,
  "inu_med": 0.5127798914909363,
  "inu_range": 0.21414531469345088,
  "provenance": {
    "md5sum": "08366d07a88cf5eab93fed2f936358db",
    "settings": {
      "testing": false
    },
    "software": "mriqc",
    "version": "22.0.6",
    "warnings": {
      "large_rot_frame": true,
      "small_air_mask": false
    },
    "webapi_port": null,
    "webapi_url": "https://mriqc.nimh.nih.gov/api/v1"
  },
  "qi_1": 0.0,
  "qi_2": 0.004481141275727144,
  "rpve_csf": 16.737052111241265,
  "rpve_gm": 10.207183903401603,
  "rpve_wm": 12.24726678550208,
  "size_x": 192,
  "size_y": 192,
  "size_z": 192,
  "snr_csf": 1.966139570918264,
  "snr_gm": 11.108266405654744,
  "snr_total": 12.364671131295829,
  "snr_wm": 24.01960741731448,
  "snrd_csf": 19.037865527382294,
  "snrd_gm": 66.65032174352717,
  "snrd_total": 58.86021695529769,
  "snrd_wm": 90.89246359498361,
  "spacing_x": 1.0,
  "spacing_y": 1.0,
  "spacing_z": 1.0,
  "summary_bg_k": 215.40865929644406,
  "summary_bg_mad": 0.0,
  "summary_bg_mean": 3.5986048805490825,
  "summary_bg_median": 0.0,
  "summary_bg_n": 646089.0,
  "summary_bg_p05": 0.0,
  "summary_bg_p95": 17.912200592458248,
  "summary_bg_stdv": 7.208171362870704,
  "summary_csf_k": 1.0359037147145163,
  "summary_csf_mad": 86.49057010202617,
  "summary_csf_mean": 230.32492285930795,
  "summary_csf_median": 209.46507796645164,
  "summary_csf_n": 48561.0,
  "summary_csf_p05": 89.85464559495449,
  "summary_csf_p95": 443.93872014805675,
  "summary_csf_stdv": 106.53512310741233,
  "summary_gm_k": 0.030109198776222534,
  "summary_gm_mad": 65.92003602155266,
  "summary_gm_mean": 730.7728197663432,
  "summary_gm_median": 733.3235346376896,
  "summary_gm_n": 17001.0,
  "summary_gm_p05": 618.9497292153537,
  "summary_gm_p95": 834.9728259779513,
  "summary_gm_stdv": 66.01407820725659,
  "summary_wm_k": 0.9039014416590332,
  "summary_wm_mad": 38.891732864669486,
  "summary_wm_mean": 1001.6528182380509,
  "summary_wm_median": 1000.048925973475,
  "summary_wm_n": 169584.0,
  "summary_wm_p05": 936.7726091674529,
  "summary_wm_p95": 1071.8164089073427,
  "summary_wm_stdv": 41.63456796186588,
  "tpm_overlap_csf": 0.15289272769104023,
  "tpm_overlap_gm": 0.42974318545075024,
  "tpm_overlap_wm": 0.48232618463166427,
  "wm2max": 0.7972523937348042
}