{
  "bids_meta": {
    "AcquisitionMatrixPE": 192,
    "AcquisitionNumber": 1,
    "AcquisitionTime": "14:52:22.567500",
    "BaseResolution": 192,
    "BodyPartExamined": "BRAIN",
    "CoilString": "HE1-4;NE1_2",
    "ConsistencyInfo": "N4_VE11C_LATEST_20160120",
    "ConversionSoftware": "dcm2niix",
    "ConversionSoftwareVersion": "v1.0.20190410  GCC6.3.0",
    "DeviceSerialNumber": "166048",
    "DwellTime": 3.5e-06,
    "EchoTime": 0.567,
    "EchoTrainLength": 314,
    "FlipAngle": 120,
    "ImageOrientationPatientDICOM": [
      0,
      1,
      0,
      0,
      0,
      -1
    ],
    "ImageType": [
      "ORIGINAL",
      "PRIMARY",
      "M",
      "ND",
      "NORM"
    ],
    "ImagingFrequency": 123.246,
    "InPlanePhaseEncodingDirectionDICOM": "ROW",
    "InstitutionAddress": "North_13th_1701_Philadelphia_PA_US_19122",
    "InstitutionName": "Temple_University_-_Weiss_Hall",
    "InstitutionalDepartmentName": "Department",
    "MRAcquisitionType": "3D",
    "MagneticFieldStrength": 3,
    "Manufacturer": "Siemens",
    "ManufacturersModelName": "Prisma",
    "Modality": "MR",
    "PartialFourier": 1,
    "PatientPosition": "HFS",
    "PercentPhaseFOV": 100,
    "PhaseEncodingSteps": 209,
    "PhaseOversampling": 0.1,
    "PhaseResolution": 1,
    "PixelBandwidth": 745,
    "ProcedureStepDescription": "SMITH_SRNDNA",
    "ProtocolName": "T2w-anat_spc_07sag_iso",
    "PulseSequenceDetails": "%SiemensSeq%_tse_vfl",
    "ReceiveCoilActiveElements": "HE1-4;NE1,2",
    "ReceiveCoilName": "HeadNeck_20",
    "ReconMatrixPE": 192,
    "RefLinesPE": 32,
    "RepetitionTime": 3.2,
    "SAR": 0.269688,
    "ScanOptions": "PFP",
    "ScanningSequence": "SE",
    "SequenceName": "_spc_314ns",
    "SequenceVariant": "SK_SP_OSP",
    "SeriesDescription": "T2w-anat_spc_07sag_iso",
    "SeriesNumber": 3,
    "ShimSetting": [
      1364,
      -7571,
      6376,
      -213,
      2,
      -201,
      43,
      -82
    ],
    "SliceThickness": 1,
    "SoftwareVersions": "syngo_MR_E11",
    "StationName": "AWP166048",
    "TxRefAmp": 304.996,
    "dataset": "ds003745",
    "modality": "T2w",
    "subject_id": "154"
  },
  "cjv": 0.20406750173748217,
  "cnr": 2.1058298659656094,
  "efc": 0.6726540164029495,
  "fber": 4135.919012345679,
  "fwhm_avg": 2.6852466666666666,
  "fwhm_x": 2.54324,
  "fwhm_y": 2.96885,
  "fwhm_z": 2.54365,
  "icvs_csf": 0.2699302261588569,
  "icvs_gm": 0.6076270223704467,
  "icvs_wm": 0.1224427514706963,
  "inu_med": 0.9516899585723877,
  "inu_range": 0.24544262886047363,
  "provenance": {
    "md5sum": "58758a9d486a78bca4e40ec49f5c4a17",
    "settings": {
      "testing": false
    },
    "software": "mriqc",
    "version": "22.0.6",
    "warnings": {
      "large_rot_frame": true,
      "small_air_mask": false
    },
    "webapi_port": null,
    "webapi_url": "https://mriqc.nimh.nih.gov/api/v1"
  },
  "qi_1": 0.0,
  "qi_2": 0.0005692701914613695,
  "rpve_csf": 12.885713255498315,
  "rpve_gm": 7.572893320161371,
  "rpve_wm": 37.95776108496142,
  "size_x": 192,
  "size_y": 192,
  "size_z": 192,
  "snr_csf": 6.150422653522283,
  "snr_gm": 6.648032718695702,
  "snr_total": 5.24231923605656,
  "snr_wm": 2.928502335951696,
  "snrd_csf": 62.06319866332293,
  "snrd_gm": 30.239966700382848,
  "snrd_total": 67.34874582771853,
  "snrd_wm": 109.7430721194498,
  "spacing_x": 1.0,
  "spacing_y": 1.0,
  "spacing_z": 1.0,
  "summary_bg_k": 36.85266182065991,
  "summary_bg_mad": 0.0,
  "summary_bg_mean": 3.343405205467897,
  "summary_bg_median": 0.0,
  "summary_bg_n": 618653.0,
  "summary_bg_p05": 0.0,
  "summary_bg_p95": 15.66850388981402,
  "summary_bg_stdv": 5.963862287320237,
  "summary_csf_k": 0.2499782940610733,
  "summary_csf_mad": 96.61695475702737,
  "summary_csf_mean": 564.2801146046431,
  "summary_csf_median": 564.9760415367782,
  "summary_csf_n": 13151.0,
  "summary_csf_p05": 419.5555832516402,
  "summary_csf_p95": 708.8769643111154,
  "summary_csf_stdv": 91.85621746817664,
  "summary_gm_k": 0.030161695044580217,
  "summary_gm_mad": 41.41497502151271,
  "summary_gm_mean": 276.3285339612968,
  "summary_gm_median": 275.2816008608788,
  "summary_gm_n": 223607.0,
  "summary_gm_p05": 209.96887094154954,
  "summary_gm_p95": 346.06647842209753,
  "summary_gm_stdv": 41.40788665769129,
  "summary_wm_k": 0.6823377923736915,
  "summary_wm_mad": 106.27595218875477,
  "summary_wm_mean": 834.1180573097062,
  "summary_wm_median": 999.0172567237169,
  "summary_wm_n": 17595.0,
  "summary_wm_p05": 62.200866777449846,
  "summary_wm_p95": 1086.2458742557094,
  "summary_wm_stdv": 341.1261977902763,
  "tpm_overlap_csf": 0.12565425845229378,
  "tpm_overlap_gm": 0.379202614521175,
  "tpm_overlap_wm": 0.04210299991392356,
  "wm2max": 0.9349899512893006
}