{
  "aor": 0.002954907407407408,
  "aqi": 0.022499760833333337,
  "bids_meta": {
    "AcquisitionMatrixPE": 74,
    "AcquisitionNumber": 1,
    "AcquisitionTime": "",
    "BandwidthPerPixelPhaseEncode": 27.579,
    "BaseResolution": 74,
    "BodyPartExamined": "BRAIN",
    "CogAtlasID": "doi:TODO",
    "CoilString": "HE1-4;NE1_2",
    "ConsistencyInfo": "N4_VE11C_LATEST_20160120",
    "ConversionSoftware": "dcm2niix",
    "ConversionSoftwareVersion": "v1.0.20190410  GCC6.3.0",
    "DerivedVendorReportedEchoSpacing": 0.000489993,
    "DeviceSerialNumber": "166048",
    "DwellTime": 2.9e-06,
    "EchoTime": 0.023,
    "EchoTrainLength": 74,
    "EffectiveEchoSpacing": 0.000489993,
    "FlipAngle": 76,
    "ImageOrientationPatientDICOM": [
      1,
      0,
      0,
      0,
      0.965016,
      -0.262189
    ],
    "ImageType": [
      "ORIGINAL",
      "PRIMARY",
      "M",
      "ND",
      "NORM",
      "MOSAIC"
    ],
    "ImagingFrequency": 123.246,
    "InPlanePhaseEncodingDirectionDICOM": "COL",
    "InstitutionAddress": "North_13th_1701_Philadelphia_PA_US_19122",
    "InstitutionName": "Temple_University_-_Weiss_Hall",
    "InstitutionalDepartmentName": "Department",
    "MRAcquisitionType": "2D",
    "MagneticFieldStrength": 3,
    "Manufacturer": "Siemens",
    "ManufacturersModelName": "Prisma",
    "Modality": "MR",
    "PartialFourier": 1,
    "PatientPosition": "HFS",
    "PercentPhaseFOV": 100,
    "PhaseEncodingDirection": "j-",
    "PhaseEncodingSteps": 74,
    "PhaseResolution": 1,
    "PixelBandwidth": 2330,
    "ProcedureStepDescription": "SMITH_SRNDNA",
    "ProtocolName": "func-bold_trust_run0",
    "PulseSequenceDetails": "%SiemensSeq%_ep2d_bold",
    "ReceiveCoilActiveElements": "HE1-4;NE1,2",
    "ReceiveCoilName": "HeadNeck_20",
    "ReconMatrixPE": 74,
    "RepetitionTime": 2.02,
    "SAR": 0.137214,
    "ScanOptions": "FS",
    "ScanningSequence": "EP",
    "SequenceName": "_epfid2d1_74",
    "SequenceVariant": "SK",
    "SeriesDescription": "func-bold_trust_run0",
    "SeriesNumber": 9,
    "ShimSetting": [
      1415,
      -7378,
      6588,
      263,
      -32,
      12,
      133,
      41
    ],
    "SliceThickness": 2.8,
    "SliceTiming": [
      1.945,
      1.89,
      1.835,
      1.78,
      1.7225,
      1.6675,
      1.6125,
      1.5575,
      1.5,
      1.445,
      1.39,
      1.335,
      1.28,
      1.2225,
      1.1675,
      1.1125,
      1.0575,
      1,
      0.945,
      0.89,
      0.835,
      0.78,
      0.7225,
      0.6675,
      0.6125,
      0.5575,
      0.5,
      0.445,
      0.39,
      0.335,
      0.28,
      0.2225,
      0.1675,
      0.1125,
      0.0575,
      0
    ],
    "SoftwareVersions": "syngo_MR_E11",
    "SpacingBetweenSlices": 3.22,
    "StationName": "AWP166048",
    "TaskName": "trust",
    "TotalReadoutTime": 0.0357695,
    "TxRefAmp": 359.52,
    "dataset": "ds003745",
    "modality": "bold",
    "run_id": 1,
    "subject_id": "145",
    "task_id": "trust"
  },
  "dummy_trs": 1,
  "dvars_nstd": 52.21241368158139,
  "dvars_std": 1.2938697118139542,
  "dvars_vstd": 1.0091760600465112,
  "efc": 0.5821287227323931,
  "fber": 1354.7105712890625,
  "fd_mean": 0.7631112477028571,
  "fd_num": 215,
  "fd_perc": 99.53703703703704,
  "fwhm_avg": 1.8589345301819629,
  "fwhm_x": 1.799979426057969,
  "fwhm_y": 2.0704359808916952,
  "fwhm_z": 1.7063881835962245,
  "gcor": 0.0201124,
  "gsr_x": -0.029575124382972717,
  "gsr_y": 0.06176592409610748,
  "provenance": {
    "md5sum": "fa7877d6d69b33ed20491f182d599446",
    "settings": {
      "fd_thres": 0.2,
      "testing": false
    },
    "software": "mriqc",
    "version": "22.0.6",
    "webapi_port": null,
    "webapi_url": "https://mriqc.nimh.nih.gov/api/v1"
  },
  "size_t": 216,
  "size_x": 74,
  "size_y": 74,
  "size_z": 36,
  "snr": 6.245116314811248,
  "spacing_tr": 2.0199999809265137,
  "spacing_x": 2.972972869873047,
  "spacing_y": 2.972972869873047,
  "spacing_z": 3.2200000286102295,
  "summary_bg_k": 20.194276780156507,
  "summary_bg_mad": 12.197148230831134,
  "summary_bg_mean": 44.65889358520508,
  "summary_bg_median": 18.810184478759766,
  "summary_bg_n": 109445.0,
  "summary_bg_p05": 8.879630088806152,
  "summary_bg_p95": 162.41574401855462,
  "summary_bg_stdv": 64.41249084472656,
  "summary_fg_k": 2.5318667897439546,
  "summary_fg_mad": 100.83409887598388,
  "summary_fg_mean": 713.958984375,
  "summary_fg_median": 703.2060546875,
  "summary_fg_n": 47232.0,
  "summary_fg_p05": 565.6932983398438,
  "summary_fg_p95": 909.9002197265625,
  "summary_fg_stdv": 112.59976196289062,
  "tsnr": 40.99799701629672
}