{
  "aor": 0.00736557603686636,
  "aqi": 0.009406477050691243,
  "bids_meta": {
    "AcquisitionMatrixPE": 74,
    "AcquisitionNumber": 1,
    "AcquisitionTime": "",
    "BandwidthPerPixelPhaseEncode": 27.579,
    "BaseResolution": 74,
    "BodyPartExamined": "BRAIN",
    "CogAtlasID": "doi:TODO",
    "CoilString": "HE1-4;NE1_2",
    "ConsistencyInfo": "N4_VE11C_LATEST_20160120",
    "ConversionSoftware": "dcm2niix",
    "ConversionSoftwareVersion": "v1.0.20190410  GCC6.3.0",
    "DerivedVendorReportedEchoSpacing": 0.000489993,
    "DeviceSerialNumber": "166048",
    "DwellTime": 2.9e-06,
    "EchoTime": 0.023,
    "EchoTrainLength": 74,
    "EffectiveEchoSpacing": 0.000489993,
    "FlipAngle": 76,
    "ImageOrientationPatientDICOM": [
      1,
      0,
      0,
      0,
      0.953717,
      -0.300706
    ],
    "ImageType": [
      "ORIGINAL",
      "PRIMARY",
      "M",
      "ND",
      "NORM",
      "MOSAIC"
    ],
    "ImagingFrequency": 123.246,
    "InPlanePhaseEncodingDirectionDICOM": "COL",
    "InstitutionAddress": "North_13th_1701_Philadelphia_PA_US_19122",
    "InstitutionName": "Temple_University_-_Weiss_Hall",
    "InstitutionalDepartmentName": "Department",
    "MRAcquisitionType": "2D",
    "MagneticFieldStrength": 3,
    "Manufacturer": "Siemens",
    "ManufacturersModelName": "Prisma",
    "Modality": "MR",
    "PartialFourier": 1,
    "PatientPosition": "HFS",
    "PercentPhaseFOV": 100,
    "PhaseEncodingDirection": "j-",
    "PhaseEncodingSteps": 74,
    "PhaseResolution": 1,
    "PixelBandwidth": 2330,
    "ProcedureStepDescription": "SMITH_SRNDNA",
    "ProtocolName": "func-bold_trust_run2",
    "PulseSequenceDetails": "%SiemensSeq%_ep2d_bold",
    "ReceiveCoilActiveElements": "HE1-4;NE1,2",
    "ReceiveCoilName": "HeadNeck_20",
    "ReconMatrixPE": 74,
    "RepetitionTime": 2.02,
    "SAR": 0.102666,
    "ScanOptions": "FS",
    "ScanningSequence": "EP",
    "SequenceName": "_epfid2d1_74",
    "SequenceVariant": "SK",
    "SeriesDescription": "func-bold_trust_run2",
    "SeriesNumber": 11,
    "ShimSetting": [
      1407,
      -7355,
      6440,
      254,
      12,
      -81,
      -172,
      59
    ],
    "SliceThickness": 2.8,
    "SliceTiming": [
      1.945,
      1.89,
      1.8325,
      1.7775,
      1.7225,
      1.6675,
      1.61,
      1.555,
      1.5,
      1.445,
      1.39,
      1.3325,
      1.2775,
      1.2225,
      1.1675,
      1.11,
      1.055,
      1,
      0.945,
      0.89,
      0.8325,
      0.7775,
      0.7225,
      0.6675,
      0.6125,
      0.555,
      0.5,
      0.445,
      0.39,
      0.3325,
      0.2775,
      0.2225,
      0.1675,
      0.1125,
      0.055,
      0
    ],
    "SoftwareVersions": "syngo_MR_E11",
    "SpacingBetweenSlices": 3.22,
    "StationName": "AWP166048",
    "TaskName": "trust",
    "TotalReadoutTime": 0.0357695,
    "TxRefAmp": 257.362,
    "dataset": "ds003745",
    "modality": "bold",
    "run_id": 3,
    "subject_id": "137",
    "task_id": "trust"
  },
  "dummy_trs": 0,
  "dvars_nstd": 31.810992611620353,
  "dvars_std": 1.4401192412037038,
  "dvars_vstd": 1.0590138042592596,
  "efc": 0.5315862952942823,
  "fber": 1702.6962890625,
  "fd_mean": 0.2964932282979413,
  "fd_num": 133,
  "fd_perc": 61.29032258064516,
  "fwhm_avg": 1.7778192577720977,
  "fwhm_x": 1.658905148438372,
  "fwhm_y": 1.9504315221845983,
  "fwhm_z": 1.7241211026933227,
  "gcor": 0.0559395,
  "gsr_x": -0.014265420846641064,
  "gsr_y": 0.04771888256072998,
  "provenance": {
    "md5sum": "bec59f02f293f2ed64623fe57d0c1c15",
    "settings": {
      "fd_thres": 0.2,
      "testing": false
    },
    "software": "mriqc",
    "version": "22.0.6",
    "webapi_port": null,
    "webapi_url": "https://mriqc.nimh.nih.gov/api/v1"
  },
  "size_t": 217,
  "size_x": 74,
  "size_y": 74,
  "size_z": 36,
  "snr": 6.404542668537188,
  "spacing_tr": 2.0199999809265137,
  "spacing_x": 2.972972869873047,
  "spacing_y": 2.972972869873047,
  "spacing_z": 3.2200000286102295,
  "summary_bg_k": 24.558104680807084,
  "summary_bg_mad": 11.66609838852894,
  "summary_bg_mean": 54.050357818603516,
  "summary_bg_median": 21.63364028930664,
  "summary_bg_n": 121654.0,
  "summary_bg_p05": 10.364055633544922,
  "summary_bg_p95": 216.1852478027339,
  "summary_bg_stdv": 93.72911834716797,
  "summary_fg_k": 3.9461655144000405,
  "summary_fg_mad": 109.21377855977082,
  "summary_fg_mean": 921.582763671875,
  "summary_fg_median": 902.4423828125,
  "summary_fg_n": 37099.0,
  "summary_fg_p05": 749.1967956542969,
  "summary_fg_p95": 1169.9607788085937,
  "summary_fg_stdv": 140.9047088623047,
  "tsnr": 71.51820302940905
}