{
  "aor": 0.0014996296296296296,
  "aqi": 0.007970690972222224,
  "bids_meta": {
    "AcquisitionMatrixPE": 74,
    "AcquisitionNumber": 1,
    "AcquisitionTime": "",
    "BandwidthPerPixelPhaseEncode": 27.579,
    "BaseResolution": 74,
    "BodyPartExamined": "BRAIN",
    "CogAtlasID": "doi:TODO",
    "CoilString": "HE1-4;NE1_2",
    "ConsistencyInfo": "N4_VE11C_LATEST_20160120",
    "ConversionSoftware": "dcm2niix",
    "ConversionSoftwareVersion": "v1.0.20190410  GCC6.3.0",
    "DerivedVendorReportedEchoSpacing": 0.000489993,
    "DeviceSerialNumber": "166048",
    "DwellTime": 2.9e-06,
    "EchoTime": 0.023,
    "EchoTrainLength": 74,
    "EffectiveEchoSpacing": 0.000489993,
    "FlipAngle": 76,
    "ImageOrientationPatientDICOM": [
      1,
      0,
      0,
      0,
      0.96363,
      -0.267238
    ],
    "ImageType": [
      "ORIGINAL",
      "PRIMARY",
      "M",
      "ND",
      "NORM",
      "MOSAIC"
    ],
    "ImagingFrequency": 123.246,
    "InPlanePhaseEncodingDirectionDICOM": "COL",
    "InstitutionAddress": "North_13th_1701_Philadelphia_PA_US_19122",
    "InstitutionName": "Temple_University_-_Weiss_Hall",
    "InstitutionalDepartmentName": "Department",
    "MRAcquisitionType": "2D",
    "MagneticFieldStrength": 3,
    "Manufacturer": "Siemens",
    "ManufacturersModelName": "Prisma",
    "Modality": "MR",
    "PartialFourier": 1,
    "PatientPosition": "HFS",
    "PercentPhaseFOV": 100,
    "PhaseEncodingDirection": "j-",
    "PhaseEncodingSteps": 74,
    "PhaseResolution": 1,
    "PixelBandwidth": 2330,
    "ProcedureStepDescription": "SMITH_SRNDNA",
    "ProtocolName": "func-bold_trust_run3",
    "PulseSequenceDetails": "%SiemensSeq%_ep2d_bold",
    "ReceiveCoilActiveElements": "HE1-4;NE1,2",
    "ReceiveCoilName": "HeadNeck_20",
    "ReconMatrixPE": 74,
    "RepetitionTime": 2.02,
    "SAR": 0.122885,
    "ScanOptions": "FS",
    "ScanningSequence": "EP",
    "SequenceName": "_epfid2d1_74",
    "SequenceVariant": "SK",
    "SeriesDescription": "func-bold_trust_run3",
    "SeriesNumber": 12,
    "ShimSetting": [
      1441,
      -7503,
      6605,
      351,
      82,
      -239,
      0,
      21
    ],
    "SliceThickness": 2.8,
    "SliceTiming": [
      1.945,
      1.89,
      1.8325,
      1.7775,
      1.7225,
      1.6675,
      1.6125,
      1.555,
      1.5,
      1.445,
      1.39,
      1.335,
      1.2775,
      1.2225,
      1.1675,
      1.1125,
      1.055,
      1,
      0.945,
      0.89,
      0.835,
      0.7775,
      0.7225,
      0.6675,
      0.6125,
      0.555,
      0.5,
      0.445,
      0.39,
      0.335,
      0.2775,
      0.2225,
      0.1675,
      0.1125,
      0.055,
      0
    ],
    "SoftwareVersions": "syngo_MR_E11",
    "SpacingBetweenSlices": 3.22,
    "StationName": "AWP166048",
    "TaskName": "trust",
    "TotalReadoutTime": 0.0357695,
    "TxRefAmp": 290.758,
    "dataset": "ds003745",
    "modality": "bold",
    "run_id": 4,
    "subject_id": "147",
    "task_id": "trust"
  },
  "dummy_trs": 1,
  "dvars_nstd": 37.4758720308372,
  "dvars_std": 1.4315079880000006,
  "dvars_vstd": 0.9990649471162791,
  "efc": 0.5005854291866708,
  "fber": 1834.4449462890625,
  "fd_mean": 0.3025819031325538,
  "fd_num": 147,
  "fd_perc": 68.05555555555556,
  "fwhm_avg": 1.7507379777914946,
  "fwhm_x": 1.6967897861158123,
  "fwhm_y": 1.798287516908386,
  "fwhm_z": 1.7571366303502851,
  "gcor": 0.0156521,
  "gsr_x": -0.019829750061035156,
  "gsr_y": 0.017340660095214844,
  "provenance": {
    "md5sum": "7f15c596e739f47f7ebf76adbd577283",
    "settings": {
      "fd_thres": 0.2,
      "testing": false
    },
    "software": "mriqc",
    "version": "22.0.6",
    "webapi_port": null,
    "webapi_url": "https://mriqc.nimh.nih.gov/api/v1"
  },
  "size_t": 216,
  "size_x": 74,
  "size_y": 74,
  "size_z": 36,
  "snr": 6.070593826308635,
  "spacing_tr": 2.0199999809265137,
  "spacing_x": 2.972972869873047,
  "spacing_y": 2.972972869873047,
  "spacing_z": 3.2200000286102295,
  "summary_bg_k": 59.05232655661825,
  "summary_bg_mad": 5.896090216101983,
  "summary_bg_mean": 25.961692810058594,
  "summary_bg_median": 12.907407760620117,
  "summary_bg_n": 125659.0,
  "summary_bg_p05": 7.592592716217041,
  "summary_bg_p95": 81.03287277221676,
  "summary_bg_stdv": 42.39569854736328,
  "summary_fg_k": 2.7428373500604835,
  "summary_fg_mad": 82.24664319381958,
  "summary_fg_mean": 575.0090942382812,
  "summary_fg_median": 559.9444580078125,
  "summary_fg_n": 34420.0,
  "summary_fg_p05": 461.4435317993164,
  "summary_fg_p95": 743.1597259521484,
  "summary_fg_stdv": 92.23748779296875,
  "tsnr": 75.98452822305262
}