{
  "aor": 0.001161203703703704,
  "aqi": 0.01129197347222222,
  "bids_meta": {
    "AcquisitionMatrixPE": 74,
    "AcquisitionNumber": 1,
    "AcquisitionTime": "",
    "BandwidthPerPixelPhaseEncode": 27.579,
    "BaseResolution": 74,
    "BodyPartExamined": "BRAIN",
    "CogAtlasID": "doi:TODO",
    "CoilString": "HE1-4;NE1_2",
    "ConsistencyInfo": "N4_VE11C_LATEST_20160120",
    "ConversionSoftware": "dcm2niix",
    "ConversionSoftwareVersion": "v1.0.20190410  GCC6.3.0",
    "DerivedVendorReportedEchoSpacing": 0.000489993,
    "DeviceSerialNumber": "166048",
    "DwellTime": 2.9e-06,
    "EchoTime": 0.023,
    "EchoTrainLength": 74,
    "EffectiveEchoSpacing": 0.000489993,
    "FlipAngle": 76,
    "ImageOrientationPatientDICOM": [
      1,
      0,
      0,
      0,
      0.968583,
      -0.24869
    ],
    "ImageType": [
      "ORIGINAL",
      "PRIMARY",
      "M",
      "ND",
      "NORM",
      "MOSAIC"
    ],
    "ImagingFrequency": 123.246,
    "InPlanePhaseEncodingDirectionDICOM": "COL",
    "InstitutionAddress": "North_13th_1701_Philadelphia_PA_US_19122",
    "InstitutionName": "Temple_University_-_Weiss_Hall",
    "InstitutionalDepartmentName": "Department",
    "MRAcquisitionType": "2D",
    "MagneticFieldStrength": 3,
    "Manufacturer": "Siemens",
    "ManufacturersModelName": "Prisma",
    "Modality": "MR",
    "PartialFourier": 1,
    "PatientPosition": "HFS",
    "PercentPhaseFOV": 100,
    "PhaseEncodingDirection": "j-",
    "PhaseEncodingSteps": 74,
    "PhaseResolution": 1,
    "PixelBandwidth": 2330,
    "ProcedureStepDescription": "SMITH_SRNDNA",
    "ProtocolName": "func-bold_trust_run2",
    "PulseSequenceDetails": "%SiemensSeq%_ep2d_bold",
    "ReceiveCoilActiveElements": "HE1-4;NE1,2",
    "ReceiveCoilName": "HeadNeck_20",
    "ReconMatrixPE": 74,
    "RepetitionTime": 2.02,
    "SAR": 0.0966437,
    "ScanOptions": "FS",
    "ScanningSequence": "EP",
    "SequenceName": "_epfid2d1_74",
    "SequenceVariant": "SK",
    "SeriesDescription": "func-bold_trust_run2",
    "SeriesNumber": 11,
    "ShimSetting": [
      1439,
      -7450,
      6574,
      435,
      24,
      -162,
      -30,
      32
    ],
    "SliceThickness": 2.8,
    "SliceTiming": [
      1.945,
      1.89,
      1.8325,
      1.7775,
      1.7225,
      1.6675,
      1.6125,
      1.555,
      1.5,
      1.445,
      1.39,
      1.3325,
      1.2775,
      1.2225,
      1.1675,
      1.1125,
      1.055,
      1,
      0.945,
      0.89,
      0.8325,
      0.7775,
      0.7225,
      0.6675,
      0.6125,
      0.555,
      0.5,
      0.445,
      0.39,
      0.3325,
      0.2775,
      0.2225,
      0.1675,
      0.1125,
      0.055,
      0
    ],
    "SoftwareVersions": "syngo_MR_E11",
    "SpacingBetweenSlices": 3.22,
    "StationName": "AWP166048",
    "TaskName": "trust",
    "TotalReadoutTime": 0.0357695,
    "TxRefAmp": 270.936,
    "dataset": "ds003745",
    "modality": "bold",
    "run_id": 3,
    "subject_id": "143",
    "task_id": "trust"
  },
  "dummy_trs": 1,
  "dvars_nstd": 23.886885585348843,
  "dvars_std": 1.267959949720931,
  "dvars_vstd": 0.9642706397209307,
  "efc": 0.5061537972591837,
  "fber": 1715.6207275390625,
  "fd_mean": 0.2287470370138037,
  "fd_num": 119,
  "fd_perc": 55.092592592592595,
  "fwhm_avg": 1.6801951644339486,
  "fwhm_x": 1.6218311471526803,
  "fwhm_y": 1.7475369696938592,
  "fwhm_z": 1.6712173764553064,
  "gcor": 0.0146498,
  "gsr_x": -0.016427867114543915,
  "gsr_y": 0.01524208765476942,
  "provenance": {
    "md5sum": "992a9b8fe127ce1937dc4eed06ad9ae7",
    "settings": {
      "fd_thres": 0.2,
      "testing": false
    },
    "software": "mriqc",
    "version": "22.0.6",
    "webapi_port": null,
    "webapi_url": "https://mriqc.nimh.nih.gov/api/v1"
  },
  "size_t": 216,
  "size_x": 74,
  "size_y": 74,
  "size_z": 36,
  "snr": 6.715707460075541,
  "spacing_tr": 2.0199999809265137,
  "spacing_x": 2.972972869873047,
  "spacing_y": 2.972972869873047,
  "spacing_z": 3.2200000286102295,
  "summary_bg_k": 29.822482497653503,
  "summary_bg_mad": 7.186502577358505,
  "summary_bg_mean": 33.76361846923828,
  "summary_bg_median": 15.76388931274414,
  "summary_bg_n": 126883.0,
  "summary_bg_p05": 9.19444465637207,
  "summary_bg_p95": 114.66666412353516,
  "summary_bg_stdv": 56.13097381591797,
  "summary_fg_k": 4.078612980310293,
  "summary_fg_mad": 71.19241570912007,
  "summary_fg_mean": 667.3094482421875,
  "summary_fg_median": 655.74072265625,
  "summary_fg_n": 33362.0,
  "summary_fg_p05": 543.6905151367188,
  "summary_fg_p95": 839.2891387939452,
  "summary_fg_stdv": 97.64137268066406,
  "tsnr": 71.9225292885676
}