{
  "aor": 0.005489398148148147,
  "aqi": 0.018837443055555552,
  "bids_meta": {
    "AcquisitionMatrixPE": 74,
    "AcquisitionNumber": 1,
    "AcquisitionTime": "",
    "BandwidthPerPixelPhaseEncode": 27.579,
    "BaseResolution": 74,
    "BodyPartExamined": "BRAIN",
    "CogAtlasID": "doi:TODO",
    "CoilString": "HE1-4;NE1_2",
    "ConsistencyInfo": "N4_VE11C_LATEST_20160120",
    "ConversionSoftware": "dcm2niix",
    "ConversionSoftwareVersion": "v1.0.20190410  GCC6.3.0",
    "DerivedVendorReportedEchoSpacing": 0.000489993,
    "DeviceSerialNumber": "166048",
    "DwellTime": 2.9e-06,
    "EchoTime": 0.023,
    "EchoTrainLength": 74,
    "EffectiveEchoSpacing": 0.000489993,
    "FlipAngle": 76,
    "ImageOrientationPatientDICOM": [
      0.996783,
      0.0231059,
      0.0767457,
      -4.3291e-08,
      0.957544,
      -0.288288
    ],
    "ImageType": [
      "ORIGINAL",
      "PRIMARY",
      "M",
      "ND",
      "NORM",
      "MOSAIC"
    ],
    "ImagingFrequency": 123.246,
    "InPlanePhaseEncodingDirectionDICOM": "COL",
    "InstitutionAddress": "North_13th_1701_Philadelphia_PA_US_19122",
    "InstitutionName": "Temple_University_-_Weiss_Hall",
    "InstitutionalDepartmentName": "Department",
    "MRAcquisitionType": "2D",
    "MagneticFieldStrength": 3,
    "Manufacturer": "Siemens",
    "ManufacturersModelName": "Prisma",
    "Modality": "MR",
    "PartialFourier": 1,
    "PatientPosition": "HFS",
    "PercentPhaseFOV": 100,
    "PhaseEncodingDirection": "j-",
    "PhaseEncodingSteps": 74,
    "PhaseResolution": 1,
    "PixelBandwidth": 2330,
    "ProcedureStepDescription": "SMITH_SRNDNA",
    "ProtocolName": "func-bold_trust_run2",
    "PulseSequenceDetails": "%SiemensSeq%_ep2d_bold",
    "ReceiveCoilActiveElements": "HE1-4;NE1,2",
    "ReceiveCoilName": "HeadNeck_20",
    "ReconMatrixPE": 74,
    "RepetitionTime": 2.02,
    "SAR": 0.0954612,
    "ScanOptions": "FS",
    "ScanningSequence": "EP",
    "SequenceName": "_epfid2d1_74",
    "SequenceVariant": "SK",
    "SeriesDescription": "func-bold_trust_run2",
    "SeriesNumber": 11,
    "ShimSetting": [
      1423,
      -7459,
      6584,
      214,
      -22,
      -76,
      -132,
      83
    ],
    "SliceThickness": 2.8,
    "SliceTiming": [
      1.945,
      1.89,
      1.835,
      1.7775,
      1.7225,
      1.6675,
      1.6125,
      1.5575,
      1.5,
      1.445,
      1.39,
      1.335,
      1.28,
      1.2225,
      1.1675,
      1.1125,
      1.0575,
      1,
      0.945,
      0.89,
      0.835,
      0.78,
      0.7225,
      0.6675,
      0.6125,
      0.5575,
      0.5,
      0.445,
      0.39,
      0.335,
      0.28,
      0.2225,
      0.1675,
      0.1125,
      0.0575,
      0
    ],
    "SoftwareVersions": "syngo_MR_E11",
    "SpacingBetweenSlices": 3.22,
    "StationName": "AWP166048",
    "TaskName": "trust",
    "TotalReadoutTime": 0.0357695,
    "TxRefAmp": 276.4,
    "dataset": "ds003745",
    "modality": "bold",
    "run_id": 3,
    "subject_id": "129",
    "task_id": "trust"
  },
  "dummy_trs": 1,
  "dvars_nstd": 46.985423828651186,
  "dvars_std": 1.26560285227907,
  "dvars_vstd": 1.0432745560000003,
  "efc": 0.5373372357692958,
  "fber": 1349.5869140625,
  "fd_mean": 0.6477169233531823,
  "fd_num": 210,
  "fd_perc": 97.22222222222223,
  "fwhm_avg": 1.8792901452031234,
  "fwhm_x": 1.8316682453387259,
  "fwhm_y": 1.9424227037250417,
  "fwhm_z": 1.8637794865456028,
  "gcor": 0.0202409,
  "gsr_x": -0.010743671096861362,
  "gsr_y": 0.026311654597520828,
  "provenance": {
    "md5sum": "7f5a3ad7dd7f76c07a32eebd06ee9993",
    "settings": {
      "fd_thres": 0.2,
      "testing": false
    },
    "software": "mriqc",
    "version": "22.0.6",
    "webapi_port": null,
    "webapi_url": "https://mriqc.nimh.nih.gov/api/v1"
  },
  "size_t": 216,
  "size_x": 74,
  "size_y": 74,
  "size_z": 36,
  "snr": 6.088361231144778,
  "spacing_tr": 2.0199999809265137,
  "spacing_x": 2.972972869873047,
  "spacing_y": 2.972972869873047,
  "spacing_z": 3.2200000286102295,
  "summary_bg_k": 33.3959650706441,
  "summary_bg_mad": 10.522357568996108,
  "summary_bg_mean": 41.829803466796875,
  "summary_bg_median": 18.68055534362793,
  "summary_bg_n": 120818.0,
  "summary_bg_p05": 9.523148536682129,
  "summary_bg_p95": 148.0736106872557,
  "summary_bg_stdv": 66.36238861083984,
  "summary_fg_k": 2.245867972047538,
  "summary_fg_mad": 100.91992945485673,
  "summary_fg_mean": 713.6539916992188,
  "summary_fg_median": 698.9768676757812,
  "summary_fg_n": 38193.0,
  "summary_fg_p05": 561.4426025390625,
  "summary_fg_p95": 920.2046142578126,
  "summary_fg_stdv": 114.80391693115234,
  "tsnr": 42.60221878392622
}