{
  "bids_meta": {
    "AcquisitionMatrixPE": 192,
    "AcquisitionNumber": 1,
    "AcquisitionTime": "11:43:58.192500",
    "BaseResolution": 192,
    "BodyPartExamined": "BRAIN",
    "CoilString": "HE1-4;NE1_2",
    "ConsistencyInfo": "N4_VE11C_LATEST_20160120",
    "ConversionSoftware": "dcm2niix",
    "ConversionSoftwareVersion": "v1.0.20190410  GCC6.3.0",
    "DeviceSerialNumber": "166048",
    "DwellTime": 3.5e-06,
    "EchoTime": 0.567,
    "EchoTrainLength": 314,
    "FlipAngle": 120,
    "ImageOrientationPatientDICOM": [
      0,
      1,
      0,
      0,
      0,
      -1
    ],
    "ImageType": [
      "ORIGINAL",
      "PRIMARY",
      "M",
      "ND",
      "NORM"
    ],
    "ImagingFrequency": 123.246,
    "InPlanePhaseEncodingDirectionDICOM": "ROW",
    "InstitutionAddress": "North_13th_1701_Philadelphia_PA_US_19122",
    "InstitutionName": "Temple_University_-_Weiss_Hall",
    "InstitutionalDepartmentName": "Department",
    "MRAcquisitionType": "3D",
    "MagneticFieldStrength": 3,
    "Manufacturer": "Siemens",
    "ManufacturersModelName": "Prisma",
    "Modality": "MR",
    "PartialFourier": 1,
    "PatientPosition": "HFS",
    "PercentPhaseFOV": 100,
    "PhaseEncodingSteps": 209,
    "PhaseOversampling": 0.1,
    "PhaseResolution": 1,
    "PixelBandwidth": 745,
    "ProcedureStepDescription": "SMITH_SRNDNA",
    "ProtocolName": "T2w-anat_spc_07sag_iso",
    "PulseSequenceDetails": "%SiemensSeq%_tse_vfl",
    "ReceiveCoilActiveElements": "HE1-4;NE1,2",
    "ReceiveCoilName": "HeadNeck_20",
    "ReconMatrixPE": 192,
    "RefLinesPE": 32,
    "RepetitionTime": 3.2,
    "SAR": 0.172196,
    "ScanOptions": "PFP",
    "ScanningSequence": "SE",
    "SequenceName": "_spc_314ns",
    "SequenceVariant": "SK_SP_OSP",
    "SeriesDescription": "T2w-anat_spc_07sag_iso",
    "SeriesNumber": 3,
    "ShimSetting": [
      1429,
      -7514,
      6482,
      124,
      -13,
      -439,
      -84,
      -18
    ],
    "SliceThickness": 1,
    "SoftwareVersions": "syngo_MR_E11",
    "StationName": "AWP166048",
    "TxRefAmp": 270.936,
    "dataset": "ds003745",
    "modality": "T2w",
    "subject_id": "143"
  },
  "cjv": 0.45432560868597177,
  "cnr": 3.027788158849002,
  "efc": 0.5913254903048316,
  "fber": 5865.931900394408,
  "fwhm_avg": 2.61384,
  "fwhm_x": 2.49257,
  "fwhm_y": 2.75104,
  "fwhm_z": 2.59791,
  "icvs_csf": 0.2614823926338189,
  "icvs_gm": 0.6793958902532228,
  "icvs_wm": 0.05912171711295828,
  "inu_med": 0.9255310893058777,
  "inu_range": 0.2328765094280244,
  "provenance": {
    "md5sum": "de3949ce0122a24f228c3527736e5ef8",
    "settings": {
      "testing": false
    },
    "software": "mriqc",
    "version": "22.0.6",
    "warnings": {
      "large_rot_frame": true,
      "small_air_mask": false
    },
    "webapi_port": null,
    "webapi_url": "https://mriqc.nimh.nih.gov/api/v1"
  },
  "qi_1": 0.0,
  "qi_2": 0.0018167279724996444,
  "rpve_csf": 13.752604309823539,
  "rpve_gm": 7.120851517717561,
  "rpve_wm": 71.10114123543265,
  "size_x": 192,
  "size_y": 192,
  "size_z": 192,
  "snr_csf": 5.495061292930704,
  "snr_gm": 9.673598738402086,
  "snr_total": 5.494503523849086,
  "snr_wm": 1.314850540214466,
  "snrd_csf": 143.95451838059458,
  "snrd_gm": 59.1000087042828,
  "snrd_total": 73.21736336674516,
  "snrd_wm": 16.5975630153581,
  "spacing_x": 1.0,
  "spacing_y": 1.0,
  "spacing_z": 1.0,
  "summary_bg_k": 5.865573135636696,
  "summary_bg_mad": 0.0,
  "summary_bg_mean": 25.33385246247834,
  "summary_bg_median": 0.0,
  "summary_bg_n": 1012149.0,
  "summary_bg_p05": 0.0,
  "summary_bg_p95": 96.68208998441696,
  "summary_bg_stdv": 39.46018391059217,
  "summary_csf_k": 1.351076934465019,
  "summary_csf_mad": 1052.724925557966,
  "summary_csf_mean": 8875.433046295371,
  "summary_csf_median": 8670.670367360115,
  "summary_csf_n": 66411.0,
  "summary_csf_p05": 6310.623138219118,
  "summary_csf_p95": 11568.573255956173,
  "summary_csf_stdv": 1577.890513776605,
  "summary_gm_k": 0.07504772766543466,
  "summary_gm_mad": 362.5857896680515,
  "summary_gm_mean": 3572.6105036943,
  "summary_gm_median": 3559.712469935417,
  "summary_gm_n": 331489.0,
  "summary_gm_p05": 2989.465356707573,
  "summary_gm_p95": 4200.6497467160225,
  "summary_gm_stdv": 367.98167847537337,
  "summary_wm_k": 3.3319669327484647,
  "summary_wm_mad": 800.4913327454085,
  "summary_wm_mean": 1135.9491183631337,
  "summary_wm_median": 999.7046249508858,
  "summary_wm_n": 3328.0,
  "summary_wm_p05": 164.68445205390455,
  "summary_wm_p95": 2361.9769327700137,
  "summary_wm_stdv": 760.2038308445651,
  "tpm_overlap_csf": 0.1697488469309339,
  "tpm_overlap_gm": 0.4153767233031538,
  "tpm_overlap_wm": 0.021814345486855586,
  "wm2max": 0.08542240424057214
}